{
  "bids_meta": {
    "AcquisitionMatrixPE": 256,
    "AcquisitionNumber": 1,
    "AcquisitionTime": "11:44:44.200000",
    "BaseResolution": 256,
    "BodyPartExamined": "HEAD",
    "ConsistencyInfo": "N4_VE11C_LATEST_20160120",
    "ConversionSoftware": "dcm2niix",
    "ConversionSoftwareVersion": "v1.0.20180622 GCC7.3.0",
    "DeviceSerialNumber": "45250",
    "DwellTime": 9.2e-06,
    "EchoTime": 0.00218,
    "FlipAngle": 8,
    "ImageOrientationPatientDICOM": [
      -0.0303959,
      0.998733,
      0.0401119,
      -0.032703,
      0.0391153,
      -0.998699
    ],
    "ImageType": [
      "ORIGINAL",
      "PRIMARY",
      "M",
      "NORM",
      "DIS3D",
      "DIS2D"
    ],
    "InPlanePhaseEncodingDirectionDICOM": "ROW",
    "InstitutionAddress": "Kopernikusstr._26_Graz_Graz_AT_8010",
    "InstitutionName": "KFU",
    "InstitutionalDepartmentName": "Department",
    "InversionTime": 1,
    "MRAcquisitionType": "3D",
    "MagneticFieldStrength": 3,
    "Manufacturer": "Siemens",
    "ManufacturersModelName": "Skyra",
    "Modality": "MR",
    "ParallelReductionFactorInPlane": 2,
    "PartialFourier": 1,
    "PatientPosition": "HFS",
    "PercentPhaseFOV": 100,
    "PhaseEncodingSteps": 294,
    "PhaseOversampling": 0.15,
    "PhaseResolution": 1,
    "PixelBandwidth": 210,
    "ProcedureStepDescription": "BioPsy_2018",
    "ProtocolName": "anat-T1w",
    "PulseSequenceDetails": "%SiemensSeq%_tfl",
    "ReceiveCoilActiveElements": "HEA;HEP",
    "ReceiveCoilName": "Head_32",
    "ReconMatrixPE": 256,
    "RepetitionTime": 2.2,
    "SAR": 0.0624442,
    "ScanOptions": "IR_WE",
    "ScanningSequence": "GR_IR",
    "SequenceName": "_tfl3d1_16ns",
    "SequenceVariant": "SK_SP_MP_OSP",
    "SeriesDescription": "anat-T1w",
    "SeriesNumber": 5,
    "ShimSetting": [
      -1114,
      -3132,
      -4334,
      292,
      986,
      267,
      219,
      -829
    ],
    "SliceThickness": 0.88,
    "SoftwareVersions": "syngo_MR_E11",
    "StationName": "FBMTMR1",
    "TxRefAmp": 327.074,
    "dataset": "ds002878",
    "modality": "T1w",
    "session_id": "1",
    "subject_id": "094BPAF1211014"
  },
  "cjv": 0.3106827701450759,
  "cnr": 4.2513690540169335,
  "efc": 0.6032722069372644,
  "fber": 38349.81231738495,
  "fwhm_avg": 4.6789317287820165,
  "fwhm_x": 4.5994237577746215,
  "fwhm_y": 4.7357828571428575,
  "fwhm_z": 4.701588571428571,
  "icvs_csf": 0.1694142228012172,
  "icvs_gm": 0.46710732364121105,
  "icvs_wm": 0.36347845355757175,
  "inu_med": 0.3870644122362137,
  "inu_range": 0.14723636209964752,
  "provenance": {
    "md5sum": "6570403985397fcb57b2ff5a4292e9fb",
    "settings": {
      "testing": false
    },
    "software": "mriqc",
    "version": "22.0.6",
    "warnings": {
      "large_rot_frame": true,
      "small_air_mask": false
    },
    "webapi_port": null,
    "webapi_url": "https://mriqc.nimh.nih.gov/api/v1"
  },
  "qi_1": 0.0,
  "qi_2": 0.0025501130698731157,
  "rpve_csf": 23.26193226019268,
  "rpve_gm": 9.71954967206485,
  "rpve_wm": 14.01405550021894,
  "size_x": 224,
  "size_y": 256,
  "size_z": 256,
  "snr_csf": 2.3458235143268955,
  "snr_gm": 14.653126610522746,
  "snr_total": 15.414186139220066,
  "snr_wm": 29.243608292810556,
  "snrd_csf": 57.02856681735496,
  "snrd_gm": 145.0926611081572,
  "snrd_total": 132.7077599548812,
  "snrd_wm": 196.0020519391314,
  "spacing_x": 0.879997193813324,
  "spacing_y": 0.875,
  "spacing_z": 0.875,
  "summary_bg_k": 17.571808672545984,
  "summary_bg_mad": 0.0,
  "summary_bg_mean": 1.6684481882361797,
  "summary_bg_median": 0.0,
  "summary_bg_n": 2638988.0,
  "summary_bg_p05": 0.0,
  "summary_bg_p95": 8.469144813716412,
  "summary_bg_stdv": 3.3426506644824485,
  "summary_csf_k": 0.42235217881692755,
  "summary_csf_mad": 107.61150927869069,
  "summary_csf_mean": 296.709316489645,
  "summary_csf_median": 290.97234830260277,
  "summary_csf_n": 47334.0,
  "summary_csf_p05": 77.92299916036427,
  "summary_csf_p95": 511.9483591988683,
  "summary_csf_stdv": 124.03715492705452,
  "summary_gm_k": 0.2633095197708175,
  "summary_gm_mad": 48.73230126906333,
  "summary_gm_mean": 739.0567589409927,
  "summary_gm_median": 740.2948150411248,
  "summary_gm_n": 120018.0,
  "summary_gm_p05": 654.6648941002786,
  "summary_gm_p95": 820.5914637073874,
  "summary_gm_stdv": 50.5210765328381,
  "summary_wm_k": 0.7199751445761469,
  "summary_wm_mad": 31.967846654218423,
  "summary_wm_mean": 1000.9860023246791,
  "summary_wm_median": 1000.0457754358649,
  "summary_wm_n": 363697.0,
  "summary_wm_p05": 946.8275005929172,
  "summary_wm_p95": 1058.2768684253097,
  "summary_wm_stdv": 34.19702488789968,
  "tpm_overlap_csf": 0.1461189724616468,
  "tpm_overlap_gm": 0.4724944815782654,
  "tpm_overlap_wm": 0.5233763370945945,
  "wm2max": 0.8585526458970126
}