{
  "aor": 0.0003750709219858156,
  "aqi": 0.019095189479905433,
  "bids_meta": {
    "AcquisitionMatrixPE": 96,
    "AcquisitionNumber": 1,
    "AcquisitionTime": "11:06:53.117500",
    "BandwidthPerPixelPhaseEncode": 31.566,
    "BaseResolution": 96,
    "BodyPartExamined": "HEAD",
    "CogAtlasID": "TODO",
    "ConsistencyInfo": "N4_VE11C_LATEST_20160120",
    "ConversionSoftware": "dcm2niix",
    "ConversionSoftwareVersion": "v1.0.20180622 GCC7.3.0",
    "DerivedVendorReportedEchoSpacing": 0.000659993,
    "DeviceSerialNumber": "45250",
    "DwellTime": 2.9e-06,
    "EchoTime": 0.03,
    "EchoTrainLength": 48,
    "EffectiveEchoSpacing": 0.000329996,
    "FlipAngle": 65,
    "ImageComments": "Unaliased_MB4_PE4_LB_D",
    "ImageOrientationPatientDICOM": [
      0.997712,
      0.0674749,
      -0.00414291,
      -0.066268,
      0.964072,
      -0.257241
    ],
    "ImageType": [
      "ORIGINAL",
      "PRIMARY",
      "M",
      "MB",
      "ND",
      "NORM",
      "MOSAIC"
    ],
    "InPlanePhaseEncodingDirectionDICOM": "COL",
    "InstitutionAddress": "Kopernikusstr._26_Graz_Graz_AT_8010",
    "InstitutionName": "KFU",
    "InstitutionalDepartmentName": "Department",
    "MRAcquisitionType": "2D",
    "MagneticFieldStrength": 3,
    "Manufacturer": "Siemens",
    "ManufacturersModelName": "Skyra",
    "Modality": "MR",
    "MultibandAccelerationFactor": 4,
    "ParallelReductionFactorInPlane": 2,
    "PartialFourier": 1,
    "PatientPosition": "HFS",
    "PercentPhaseFOV": 100,
    "PhaseEncodingDirection": "j",
    "PhaseEncodingSteps": 96,
    "PhaseResolution": 1,
    "PixelBandwidth": 1795,
    "ProcedureStepDescription": "BioPsy_2018",
    "ProtocolName": "func_task-soccer_acq-multiband_soccer",
    "PulseSequenceDetails": "%CustomerSeq%_cmrr_mbep2d_bold",
    "ReceiveCoilActiveElements": "HEA;HEP",
    "ReceiveCoilName": "Head_32",
    "ReconMatrixPE": 96,
    "RepetitionTime": 1.4,
    "SAR": 0.0995674,
    "ScanOptions": "FS_EXT",
    "ScanningSequence": "EP",
    "SequenceName": "epfid2d1_96",
    "SequenceVariant": "SK_SS",
    "SeriesDescription": "func_task-soccer_acq-multiband_soccer",
    "SeriesNumber": 13,
    "ShimSetting": [
      -1107,
      -3158,
      -4151,
      687,
      885,
      363,
      -48,
      -804
    ],
    "SliceThickness": 2.5,
    "SliceTiming": [
      0,
      0.735,
      0.0925,
      0.8275,
      0.185,
      0.92,
      0.275,
      1.0125,
      0.3675,
      1.105,
      0.46,
      1.195,
      0.5525,
      1.2875,
      0.645,
      0,
      0.735,
      0.0925,
      0.8275,
      0.185,
      0.92,
      0.275,
      1.0125,
      0.3675,
      1.105,
      0.46,
      1.195,
      0.5525,
      1.2875,
      0.645,
      0,
      0.735,
      0.0925,
      0.8275,
      0.185,
      0.92,
      0.275,
      1.0125,
      0.3675,
      1.105,
      0.46,
      1.195,
      0.5525,
      1.2875,
      0.645,
      0,
      0.735,
      0.0925,
      0.8275,
      0.185,
      0.92,
      0.275,
      1.0125,
      0.3675,
      1.105,
      0.46,
      1.195,
      0.5525,
      1.2875,
      0.645
    ],
    "SoftwareVersions": "syngo_MR_E11",
    "SpacingBetweenSlices": 2.5,
    "StationName": "FBMTMR1",
    "TaskName": "soccer",
    "TotalReadoutTime": 0.0313497,
    "TxRefAmp": 348.995,
    "acq_id": "multiband",
    "dataset": "ds002878",
    "modality": "bold",
    "session_id": "1",
    "subject_id": "094BPAF1211013",
    "task_id": "soccer"
  },
  "dummy_trs": 0,
  "dvars_nstd": 38.49269105584613,
  "dvars_std": 1.3459461130650883,
  "dvars_vstd": 0.9777412992426021,
  "efc": 0.45130227661232186,
  "fber": 21527.1640625,
  "fd_mean": 0.1266943509957749,
  "fd_num": 126,
  "fd_perc": 14.893617021276595,
  "fwhm_avg": 1.7769706666666665,
  "fwhm_x": 1.662472,
  "fwhm_y": 1.941164,
  "fwhm_z": 1.7272760000000003,
  "gcor": 0.0160568,
  "gsr_x": -0.005753713194280863,
  "gsr_y": 0.021044379100203514,
  "provenance": {
    "md5sum": "d60cd058904d45c5a48f59700c2a09a9",
    "settings": {
      "fd_thres": 0.2,
      "testing": false
    },
    "software": "mriqc",
    "version": "22.0.6",
    "webapi_port": null,
    "webapi_url": "https://mriqc.nimh.nih.gov/api/v1"
  },
  "size_t": 846,
  "size_x": 96,
  "size_y": 96,
  "size_z": 60,
  "snr": 7.001294420047405,
  "spacing_tr": 1.399999976158142,
  "spacing_x": 2.5,
  "spacing_y": 2.5,
  "spacing_z": 2.5,
  "summary_bg_k": 20.727423063037065,
  "summary_bg_mad": 33.77564207606401,
  "summary_bg_mean": 252.4164276123047,
  "summary_bg_median": 41.620567321777344,
  "summary_bg_n": 397565.0,
  "summary_bg_p05": 15.932623863220215,
  "summary_bg_p95": 1513.6858154296872,
  "summary_bg_stdv": 590.0914306640625,
  "summary_fg_k": 3.9602907469418405,
  "summary_fg_mad": 781.2683875152403,
  "summary_fg_mean": 6095.134765625,
  "summary_fg_median": 6072.9111328125,
  "summary_fg_n": 83260.0,
  "summary_fg_p05": 4938.407299804688,
  "summary_fg_p95": 7450.106127929688,
  "summary_fg_stdv": 867.3931274414062,
  "tsnr": 45.08922988548875
}