{
  "bids_meta": {
    "AcquisitionMatrixPE": 256,
    "AcquisitionNumber": 1,
    "AcquisitionTime": "09:25:0.242500",
    "BaseResolution": 256,
    "BodyPartExamined": "HEAD",
    "ConsistencyInfo": "N4_VE11C_LATEST_20160120",
    "ConversionSoftware": "dcm2niix",
    "ConversionSoftwareVersion": "v1.0.20180622 GCC7.3.0",
    "DeviceSerialNumber": "45250",
    "DwellTime": 9.2e-06,
    "EchoTime": 0.00218,
    "FlipAngle": 8,
    "ImageOrientationPatientDICOM": [
      -0.00112384,
      0.989283,
      0.146009,
      -0.0322555,
      0.145898,
      -0.988774
    ],
    "ImageType": [
      "ORIGINAL",
      "PRIMARY",
      "M",
      "NORM",
      "DIS3D",
      "DIS2D"
    ],
    "InPlanePhaseEncodingDirectionDICOM": "ROW",
    "InstitutionAddress": "Kopernikusstr._26_Graz_Graz_AT_8010",
    "InstitutionName": "KFU",
    "InstitutionalDepartmentName": "Department",
    "InversionTime": 1,
    "MRAcquisitionType": "3D",
    "MagneticFieldStrength": 3,
    "Manufacturer": "Siemens",
    "ManufacturersModelName": "Skyra",
    "Modality": "MR",
    "ParallelReductionFactorInPlane": 2,
    "PartialFourier": 1,
    "PatientPosition": "HFS",
    "PercentPhaseFOV": 100,
    "PhaseEncodingSteps": 294,
    "PhaseOversampling": 0.15,
    "PhaseResolution": 1,
    "PixelBandwidth": 210,
    "ProcedureStepDescription": "BioPsy_2018",
    "ProtocolName": "anat-T1w",
    "PulseSequenceDetails": "%SiemensSeq%_tfl",
    "ReceiveCoilActiveElements": "HEA;HEP",
    "ReceiveCoilName": "Head_32",
    "ReconMatrixPE": 256,
    "RepetitionTime": 2.2,
    "SAR": 0.0642574,
    "ScanOptions": "IR_WE",
    "ScanningSequence": "GR_IR",
    "SequenceName": "_tfl3d1_16ns",
    "SequenceVariant": "SK_SP_MP_OSP",
    "SeriesDescription": "anat-T1w",
    "SeriesNumber": 5,
    "ShimSetting": [
      -1134,
      -3180,
      -4337,
      270,
      996,
      289,
      508,
      -872
    ],
    "SliceThickness": 0.88,
    "SoftwareVersions": "syngo_MR_E11",
    "StationName": "FBMTMR1",
    "TxRefAmp": 337.055,
    "dataset": "ds002878",
    "modality": "T1w",
    "session_id": "1",
    "subject_id": "094BPAF1211001"
  },
  "cjv": 0.31564473188531433,
  "cnr": 4.183833624955032,
  "efc": 0.604643798966807,
  "fber": 23584.658027757487,
  "fwhm_avg": 4.76465632883017,
  "fwhm_x": 4.735294700776223,
  "fwhm_y": 4.771485714285714,
  "fwhm_z": 4.787188571428572,
  "icvs_csf": 0.2227770521174379,
  "icvs_gm": 0.45484780942485153,
  "icvs_wm": 0.3223751384577106,
  "inu_med": 0.43306897580623627,
  "inu_range": 0.14318251609802246,
  "provenance": {
    "md5sum": "9051bc2ec1e0b4191eca5ae31529f0db",
    "settings": {
      "testing": false
    },
    "software": "mriqc",
    "version": "22.0.6",
    "warnings": {
      "large_rot_frame": true,
      "small_air_mask": false
    },
    "webapi_port": null,
    "webapi_url": "https://mriqc.nimh.nih.gov/api/v1"
  },
  "qi_1": 0.0,
  "qi_2": 0.0015382203527419956,
  "rpve_csf": 22.59930918584389,
  "rpve_gm": 11.689839451300497,
  "rpve_wm": 18.216535521610822,
  "size_x": 224,
  "size_y": 256,
  "size_z": 256,
  "snr_csf": 2.3625884186911765,
  "snr_gm": 14.059513869737907,
  "snr_total": 14.708299128464489,
  "snr_wm": 27.702795096964383,
  "snrd_csf": 33.01365081354405,
  "snrd_gm": 88.24377966475419,
  "snrd_total": 80.5166402581228,
  "snrd_wm": 120.29249029607018,
  "spacing_x": 0.8799980282783508,
  "spacing_y": 0.875,
  "spacing_z": 0.875,
  "summary_bg_k": 12.036715699490145,
  "summary_bg_mad": 0.0,
  "summary_bg_mean": 3.53719816887143,
  "summary_bg_median": 0.0,
  "summary_bg_n": 2687825.0,
  "summary_bg_p05": 0.0,
  "summary_bg_p95": 14.185893774032593,
  "summary_bg_stdv": 5.446310097282591,
  "summary_csf_k": 0.5166616677006193,
  "summary_csf_mad": 101.84263435734587,
  "summary_csf_mean": 279.4378341860463,
  "summary_csf_median": 274.4506026133895,
  "summary_csf_n": 84947.0,
  "summary_csf_p05": 73.73709367960691,
  "summary_csf_p95": 478.52903932631006,
  "summary_csf_stdv": 116.16453590257635,
  "summary_gm_k": 0.21715802164315878,
  "summary_gm_mad": 50.48314972907157,
  "summary_gm_mean": 732.357081681118,
  "summary_gm_median": 733.5922537818551,
  "summary_gm_n": 86950.0,
  "summary_gm_p05": 644.9610271375626,
  "summary_gm_p95": 816.7655000165105,
  "summary_gm_stdv": 52.177339991596504,
  "summary_wm_k": 0.7949882743356254,
  "summary_wm_mad": 33.61370291941901,
  "summary_wm_mean": 1000.0100214296666,
  "summary_wm_median": 1000.0210712254047,
  "summary_wm_n": 257787.0,
  "summary_wm_p05": 941.3775996416807,
  "summary_wm_p95": 1058.9600822627544,
  "summary_wm_stdv": 36.09813118483674,
  "tpm_overlap_csf": 0.14927147431206175,
  "tpm_overlap_gm": 0.48024824786245296,
  "tpm_overlap_wm": 0.5026550603254731,
  "wm2max": 0.905912950355695
}