{
  "bids_meta": {
    "AcquisitionMatrixPE": 256,
    "AcquisitionNumber": 1,
    "AcquisitionTime": "12:46:34.195000",
    "BaseResolution": 256,
    "BodyPartExamined": "HEAD",
    "ConsistencyInfo": "N4_VE11C_LATEST_20160120",
    "ConversionSoftware": "dcm2niix",
    "ConversionSoftwareVersion": "v1.0.20180622 GCC7.3.0",
    "DeviceSerialNumber": "45250",
    "DwellTime": 9.2e-06,
    "EchoTime": 0.00218,
    "FlipAngle": 8,
    "ImageOrientationPatientDICOM": [
      0.032306,
      0.998985,
      0.0314056,
      -0.0171865,
      0.0319726,
      -0.999341
    ],
    "ImageType": [
      "ORIGINAL",
      "PRIMARY",
      "M",
      "NORM",
      "DIS3D",
      "DIS2D"
    ],
    "InPlanePhaseEncodingDirectionDICOM": "ROW",
    "InstitutionAddress": "Kopernikusstr._26_Graz_Graz_AT_8010",
    "InstitutionName": "KFU",
    "InstitutionalDepartmentName": "Department",
    "InversionTime": 1,
    "MRAcquisitionType": "3D",
    "MagneticFieldStrength": 3,
    "Manufacturer": "Siemens",
    "ManufacturersModelName": "Skyra",
    "Modality": "MR",
    "ParallelReductionFactorInPlane": 2,
    "PartialFourier": 1,
    "PatientPosition": "HFS",
    "PercentPhaseFOV": 100,
    "PhaseEncodingSteps": 294,
    "PhaseOversampling": 0.15,
    "PhaseResolution": 1,
    "PixelBandwidth": 210,
    "ProcedureStepDescription": "BioPsy_2018",
    "ProtocolName": "anat-T1w",
    "PulseSequenceDetails": "%SiemensSeq%_tfl",
    "ReceiveCoilActiveElements": "HEA;HEP",
    "ReceiveCoilName": "Head_32",
    "ReconMatrixPE": 256,
    "RepetitionTime": 2.2,
    "SAR": 0.0527971,
    "ScanOptions": "IR_WE",
    "ScanningSequence": "GR_IR",
    "SequenceName": "_tfl3d1_16ns",
    "SequenceVariant": "SK_SP_MP_OSP",
    "SeriesDescription": "anat-T1w",
    "SeriesNumber": 5,
    "ShimSetting": [
      -1131,
      -3162,
      -4213,
      467,
      987,
      537,
      564,
      -938
    ],
    "SliceThickness": 0.88,
    "SoftwareVersions": "syngo_MR_E11",
    "StationName": "FBMTMR1",
    "TxRefAmp": 338.726,
    "dataset": "ds002878",
    "modality": "T1w",
    "session_id": "1",
    "subject_id": "094BPAF1211007"
  },
  "cjv": 0.3251156141034309,
  "cnr": 4.114297906995515,
  "efc": 0.6154815062708385,
  "fber": 23280.963265815673,
  "fwhm_avg": 4.8666044667041755,
  "fwhm_x": 4.71739054296967,
  "fwhm_y": 5.021325714285714,
  "fwhm_z": 4.861097142857142,
  "icvs_csf": 0.23371840771513794,
  "icvs_gm": 0.42598052204376524,
  "icvs_wm": 0.3403010702410968,
  "inu_med": 0.4237717390060425,
  "inu_range": 0.13484537005424502,
  "provenance": {
    "md5sum": "37ccf9d9fc577ce3dc2f1cdc9ce08ecb",
    "settings": {
      "testing": false
    },
    "software": "mriqc",
    "version": "22.0.6",
    "warnings": {
      "large_rot_frame": true,
      "small_air_mask": false
    },
    "webapi_port": null,
    "webapi_url": "https://mriqc.nimh.nih.gov/api/v1"
  },
  "qi_1": 0.0,
  "qi_2": 0.0012497738058784118,
  "rpve_csf": 17.94060099643882,
  "rpve_gm": 10.021344981903908,
  "rpve_wm": 14.50770132203454,
  "size_x": 224,
  "size_y": 256,
  "size_z": 256,
  "snr_csf": 2.684348477631658,
  "snr_gm": 12.54659757064836,
  "snr_total": 14.606442198027517,
  "snr_wm": 28.588380545802533,
  "snrd_csf": 39.40376230677523,
  "snrd_gm": 101.76416993116466,
  "snrd_total": 94.02457860611939,
  "snrd_wm": 140.90580358041828,
  "spacing_x": 0.8799992203712463,
  "spacing_y": 0.875,
  "spacing_z": 0.875,
  "summary_bg_k": 17.1281193188075,
  "summary_bg_mad": 0.0,
  "summary_bg_mean": 2.7807582653473464,
  "summary_bg_median": 0.0,
  "summary_bg_n": 2663646.0,
  "summary_bg_p05": 0.0,
  "summary_bg_p95": 12.09252342581749,
  "summary_bg_stdv": 4.649655829909418,
  "summary_csf_k": 0.5110994886370488,
  "summary_csf_mad": 85.22886517016036,
  "summary_csf_mean": 281.2203248646738,
  "summary_csf_median": 279.65769132971764,
  "summary_csf_n": 107096.0,
  "summary_csf_p05": 85.51584514975548,
  "summary_csf_p95": 457.1645661816001,
  "summary_csf_stdv": 104.18035810804204,
  "summary_gm_k": 0.03662781508540691,
  "summary_gm_mad": 57.06441817577799,
  "summary_gm_mean": 721.2960373103431,
  "summary_gm_median": 722.2440487146378,
  "summary_gm_n": 85844.0,
  "summary_gm_p05": 625.545203268528,
  "summary_gm_p95": 814.7260141968727,
  "summary_gm_stdv": 57.564597725513536,
  "summary_wm_k": 0.6002777161063997,
  "summary_wm_mad": 33.251822621224015,
  "summary_wm_mean": 999.0343604937311,
  "summary_wm_median": 1000.0413518249989,
  "summary_wm_n": 333330.0,
  "summary_wm_p05": 940.5295997858047,
  "summary_wm_p95": 1054.5093846917152,
  "summary_wm_stdv": 34.980640129112714,
  "tpm_overlap_csf": 0.1578410579226399,
  "tpm_overlap_gm": 0.46624736558170266,
  "tpm_overlap_wm": 0.5018262993764658,
  "wm2max": 0.9120202980175348
}