{
  "bids_meta": {
    "AcquisitionMatrixPE": 256,
    "AcquisitionNumber": 1,
    "AcquisitionTime": "09:52:0.132500",
    "BaseResolution": 256,
    "BodyPartExamined": "HEAD",
    "ConsistencyInfo": "N4_VE11C_LATEST_20160120",
    "ConversionSoftware": "dcm2niix",
    "ConversionSoftwareVersion": "v1.0.20180622 GCC7.3.0",
    "DeviceSerialNumber": "45250",
    "DwellTime": 9.2e-06,
    "EchoTime": 0.00218,
    "FlipAngle": 8,
    "ImageOrientationPatientDICOM": [
      -0.0431064,
      0.998994,
      -0.012389,
      -0.0196424,
      -0.0132455,
      -0.999719
    ],
    "ImageType": [
      "ORIGINAL",
      "PRIMARY",
      "M",
      "NORM",
      "DIS3D",
      "DIS2D"
    ],
    "InPlanePhaseEncodingDirectionDICOM": "ROW",
    "InstitutionAddress": "Kopernikusstr._26_Graz_Graz_AT_8010",
    "InstitutionName": "KFU",
    "InstitutionalDepartmentName": "Department",
    "InversionTime": 1,
    "MRAcquisitionType": "3D",
    "MagneticFieldStrength": 3,
    "Manufacturer": "Siemens",
    "ManufacturersModelName": "Skyra",
    "Modality": "MR",
    "ParallelReductionFactorInPlane": 2,
    "PartialFourier": 1,
    "PatientPosition": "HFS",
    "PercentPhaseFOV": 100,
    "PhaseEncodingSteps": 294,
    "PhaseOversampling": 0.15,
    "PhaseResolution": 1,
    "PixelBandwidth": 210,
    "ProcedureStepDescription": "BioPsy_2018",
    "ProtocolName": "anat-T1w",
    "PulseSequenceDetails": "%SiemensSeq%_tfl",
    "ReceiveCoilActiveElements": "HEA;HEP",
    "ReceiveCoilName": "Head_32",
    "ReconMatrixPE": 256,
    "RepetitionTime": 2.2,
    "SAR": 0.059759,
    "ScanOptions": "IR_WE",
    "ScanningSequence": "GR_IR",
    "SequenceName": "_tfl3d1_16ns",
    "SequenceVariant": "SK_SP_MP_OSP",
    "SeriesDescription": "anat-T1w",
    "SeriesNumber": 5,
    "ShimSetting": [
      -1148,
      -3151,
      -4417,
      227,
      849,
      103,
      297,
      -858
    ],
    "SliceThickness": 0.88,
    "SoftwareVersions": "syngo_MR_E11",
    "StationName": "FBMTMR1",
    "TxRefAmp": 350.137,
    "dataset": "ds002878",
    "modality": "T1w",
    "session_id": "1",
    "subject_id": "094BPAF1211012"
  },
  "cjv": 0.3224569349117554,
  "cnr": 4.118560271853138,
  "efc": 0.6267711768868266,
  "fber": 24484.798185941047,
  "fwhm_avg": 4.678987582622827,
  "fwhm_x": 4.5028256050113376,
  "fwhm_y": 4.782948571428571,
  "fwhm_z": 4.751188571428571,
  "icvs_csf": 0.22095891070460735,
  "icvs_gm": 0.42693308273162733,
  "icvs_wm": 0.3521080065637653,
  "inu_med": 0.4127229154109955,
  "inu_range": 0.13080359995365143,
  "provenance": {
    "md5sum": "71cc2edd2e6c374bb0b8ce7a85590f45",
    "settings": {
      "testing": false
    },
    "software": "mriqc",
    "version": "22.0.6",
    "warnings": {
      "large_rot_frame": true,
      "small_air_mask": false
    },
    "webapi_port": null,
    "webapi_url": "https://mriqc.nimh.nih.gov/api/v1"
  },
  "qi_1": 0.0,
  "qi_2": 0.0018724263222149795,
  "rpve_csf": 19.842615925702937,
  "rpve_gm": 10.616405506938758,
  "rpve_wm": 14.610450899009615,
  "size_x": 224,
  "size_y": 256,
  "size_z": 256,
  "snr_csf": 2.8184415026302263,
  "snr_gm": 14.376175718803333,
  "snr_total": 14.617799787006048,
  "snr_wm": 26.658782139584584,
  "snrd_csf": 38.07648073411497,
  "snrd_gm": 100.08227751762124,
  "snrd_total": 91.28751960428109,
  "snrd_wm": 135.70380056110704,
  "spacing_x": 0.8800007700920105,
  "spacing_y": 0.875,
  "spacing_z": 0.875,
  "summary_bg_k": 13.850867638144777,
  "summary_bg_mad": 0.0,
  "summary_bg_mean": 2.803511666126207,
  "summary_bg_median": 0.0,
  "summary_bg_n": 2735635.0,
  "summary_bg_p05": 0.0,
  "summary_bg_p95": 12.601990438997746,
  "summary_bg_stdv": 4.827899962254948,
  "summary_csf_k": 1.407357704512827,
  "summary_csf_mad": 71.09321019591148,
  "summary_csf_mean": 295.7696227400999,
  "summary_csf_median": 280.59720067307353,
  "summary_csf_n": 89745.0,
  "summary_csf_p05": 141.74035347998142,
  "summary_csf_p95": 484.83488300815225,
  "summary_csf_stdv": 99.55702011347991,
  "summary_gm_k": 0.29413759394505856,
  "summary_gm_mad": 48.79939283380828,
  "summary_gm_mean": 737.0034091311574,
  "summary_gm_median": 737.5368302688003,
  "summary_gm_n": 79616.0,
  "summary_gm_p05": 652.1209662593901,
  "summary_gm_p95": 821.4361835643649,
  "summary_gm_stdv": 51.30239173771285,
  "summary_wm_k": 0.7873572207293176,
  "summary_wm_mad": 35.847444962927305,
  "summary_wm_mean": 999.403832890762,
  "summary_wm_median": 1000.0426989048719,
  "summary_wm_n": 348363.0,
  "summary_wm_p05": 937.6308072730899,
  "summary_wm_p95": 1058.5671968758106,
  "summary_wm_stdv": 37.512638736530114,
  "tpm_overlap_csf": 0.15569140554235658,
  "tpm_overlap_gm": 0.45792201069593724,
  "tpm_overlap_wm": 0.5109883994652458,
  "wm2max": 0.8410274833842285
}