{
  "aor": 0.0010063834672789896,
  "aqi": 0.02388019896670494,
  "bids_meta": {
    "AcquisitionMatrixPE": 96,
    "AcquisitionNumber": 1,
    "AcquisitionTime": "12:12:31.420000",
    "BandwidthPerPixelPhaseEncode": 31.566,
    "BaseResolution": 96,
    "BodyPartExamined": "HEAD",
    "CogAtlasID": "TODO",
    "ConsistencyInfo": "N4_VE11C_LATEST_20160120",
    "ConversionSoftware": "dcm2niix",
    "ConversionSoftwareVersion": "v1.0.20180622 GCC7.3.0",
    "DerivedVendorReportedEchoSpacing": 0.000659993,
    "DeviceSerialNumber": "45250",
    "DwellTime": 2.9e-06,
    "EchoTime": 0.03,
    "EchoTrainLength": 48,
    "EffectiveEchoSpacing": 0.000329996,
    "FlipAngle": 65,
    "ImageComments": "Unaliased_MB4_PE4_LB_D",
    "ImageOrientationPatientDICOM": [
      0.99918,
      0.0369588,
      0.0165422,
      -0.0279096,
      0.924591,
      -0.379938
    ],
    "ImageType": [
      "ORIGINAL",
      "PRIMARY",
      "M",
      "MB",
      "ND",
      "NORM",
      "MOSAIC"
    ],
    "InPlanePhaseEncodingDirectionDICOM": "COL",
    "InstitutionAddress": "Kopernikusstr._26_Graz_Graz_AT_8010",
    "InstitutionName": "KFU",
    "InstitutionalDepartmentName": "Department",
    "MRAcquisitionType": "2D",
    "MagneticFieldStrength": 3,
    "Manufacturer": "Siemens",
    "ManufacturersModelName": "Skyra",
    "Modality": "MR",
    "MultibandAccelerationFactor": 4,
    "ParallelReductionFactorInPlane": 2,
    "PartialFourier": 1,
    "PatientPosition": "HFS",
    "PercentPhaseFOV": 100,
    "PhaseEncodingDirection": "j",
    "PhaseEncodingSteps": 96,
    "PhaseResolution": 1,
    "PixelBandwidth": 1795,
    "ProcedureStepDescription": "BioPsy_2018",
    "ProtocolName": "func_task-soccer_acq-multiband_soccer",
    "PulseSequenceDetails": "%CustomerSeq%_cmrr_mbep2d_bold",
    "ReceiveCoilActiveElements": "HEA;HEP",
    "ReceiveCoilName": "Head_32",
    "ReconMatrixPE": 96,
    "RepetitionTime": 1.4,
    "SAR": 0.0761193,
    "ScanOptions": "FS_EXT",
    "ScanningSequence": "EP",
    "SequenceName": "epfid2d1_96",
    "SequenceVariant": "SK_SS",
    "SeriesDescription": "func_task-soccer_acq-multiband_soccer",
    "SeriesNumber": 13,
    "ShimSetting": [
      -1094,
      -3101,
      -4234,
      323,
      876,
      290,
      138,
      -830
    ],
    "SliceThickness": 2.5,
    "SliceTiming": [
      0,
      0.7375,
      0.0925,
      0.8275,
      0.185,
      0.92,
      0.2775,
      1.0125,
      0.3675,
      1.105,
      0.46,
      1.1975,
      0.5525,
      1.2875,
      0.645,
      0,
      0.7375,
      0.0925,
      0.8275,
      0.185,
      0.92,
      0.2775,
      1.0125,
      0.3675,
      1.105,
      0.46,
      1.1975,
      0.5525,
      1.2875,
      0.645,
      0,
      0.7375,
      0.0925,
      0.8275,
      0.185,
      0.92,
      0.2775,
      1.0125,
      0.3675,
      1.105,
      0.46,
      1.1975,
      0.5525,
      1.2875,
      0.645,
      0,
      0.7375,
      0.0925,
      0.8275,
      0.185,
      0.92,
      0.2775,
      1.0125,
      0.3675,
      1.105,
      0.46,
      1.1975,
      0.5525,
      1.2875,
      0.645
    ],
    "SoftwareVersions": "syngo_MR_E11",
    "SpacingBetweenSlices": 2.5,
    "StationName": "FBMTMR1",
    "TaskName": "soccer",
    "TotalReadoutTime": 0.0313497,
    "TxRefAmp": 350.925,
    "acq_id": "multiband",
    "dataset": "ds002878",
    "modality": "bold",
    "session_id": "1",
    "subject_id": "094BPAF1211010",
    "task_id": "soccer"
  },
  "dummy_trs": 0,
  "dvars_nstd": 42.102366225988455,
  "dvars_std": 1.1725831592183917,
  "dvars_vstd": 0.968435368321839,
  "efc": 0.4297030514750205,
  "fber": 19542.8515625,
  "fd_mean": 0.3052364545221985,
  "fd_num": 510,
  "fd_perc": 58.553386911595865,
  "fwhm_avg": 1.7749386666666667,
  "fwhm_x": 1.7292200000000002,
  "fwhm_y": 1.859168,
  "fwhm_z": 1.736428,
  "gcor": 0.0202328,
  "gsr_x": 0.004550002980977297,
  "gsr_y": 0.012555553577840328,
  "provenance": {
    "md5sum": "61fef83a7c8c172589badfe76b3753ae",
    "settings": {
      "fd_thres": 0.2,
      "testing": false
    },
    "software": "mriqc",
    "version": "22.0.6",
    "webapi_port": null,
    "webapi_url": "https://mriqc.nimh.nih.gov/api/v1"
  },
  "size_t": 871,
  "size_x": 96,
  "size_y": 96,
  "size_z": 60,
  "snr": 6.453147290912181,
  "spacing_tr": 1.399999976158142,
  "spacing_x": 2.5,
  "spacing_y": 2.5,
  "spacing_z": 2.5,
  "summary_bg_k": 27.698399794379135,
  "summary_bg_mad": 34.770509880966834,
  "summary_bg_mean": 208.92022705078125,
  "summary_bg_median": 41.39035415649414,
  "summary_bg_n": 406992.0,
  "summary_bg_p05": 14.13151516914368,
  "summary_bg_p95": 1072.682092285156,
  "summary_bg_stdv": 484.09814453125,
  "summary_fg_k": 2.5640447404413296,
  "summary_fg_mad": 814.491563107954,
  "summary_fg_mean": 5758.29541015625,
  "summary_fg_median": 5704.712890625,
  "summary_fg_n": 76392.0,
  "summary_fg_p05": 4559.311181640625,
  "summary_fg_p95": 7180.190893554687,
  "summary_fg_stdv": 884.0144653320312,
  "tsnr": 35.366970319184475
}