{
  "aor": 0.0009728199791883456,
  "aqi": 0.01359557250780437,
  "bids_meta": {
    "AcquisitionMatrixPE": 96,
    "AcquisitionNumber": 1,
    "AcquisitionTime": "11:31:23.895000",
    "BandwidthPerPixelPhaseEncode": 31.566,
    "BaseResolution": 96,
    "BodyPartExamined": "HEAD",
    "CogAtlasID": "TODO",
    "ConsistencyInfo": "N4_VE11C_LATEST_20160120",
    "ConversionSoftware": "dcm2niix",
    "ConversionSoftwareVersion": "v1.0.20180622 GCC7.3.0",
    "DerivedVendorReportedEchoSpacing": 0.000659993,
    "DeviceSerialNumber": "45250",
    "DwellTime": 2.9e-06,
    "EchoTime": 0.03,
    "EchoTrainLength": 48,
    "EffectiveEchoSpacing": 0.000329996,
    "FlipAngle": 65,
    "ImageComments": "Unaliased_MB4_PE4_LB_D",
    "ImageOrientationPatientDICOM": [
      0.999398,
      -0.0207988,
      0.0277635,
      0.0314073,
      0.882337,
      -0.46957
    ],
    "ImageType": [
      "ORIGINAL",
      "PRIMARY",
      "M",
      "MB",
      "ND",
      "NORM",
      "MOSAIC"
    ],
    "InPlanePhaseEncodingDirectionDICOM": "COL",
    "InstitutionAddress": "Kopernikusstr._26_Graz_Graz_AT_8010",
    "InstitutionName": "KFU",
    "InstitutionalDepartmentName": "Department",
    "MRAcquisitionType": "2D",
    "MagneticFieldStrength": 3,
    "Manufacturer": "Siemens",
    "ManufacturersModelName": "Skyra",
    "Modality": "MR",
    "MultibandAccelerationFactor": 4,
    "ParallelReductionFactorInPlane": 2,
    "PartialFourier": 1,
    "PatientPosition": "HFS",
    "PercentPhaseFOV": 100,
    "PhaseEncodingDirection": "j",
    "PhaseEncodingSteps": 96,
    "PhaseResolution": 1,
    "PixelBandwidth": 1795,
    "ProcedureStepDescription": "BioPsy_2018",
    "ProtocolName": "func_task-soccer_acq-multiband_soccer",
    "PulseSequenceDetails": "%CustomerSeq%_cmrr_mbep2d_bold",
    "ReceiveCoilActiveElements": "HEA;HEP",
    "ReceiveCoilName": "Head_32",
    "ReconMatrixPE": 96,
    "RepetitionTime": 1.4,
    "SAR": 0.08366,
    "ScanOptions": "FS_EXT",
    "ScanningSequence": "EP",
    "SequenceName": "epfid2d1_96",
    "SequenceVariant": "SK_SS",
    "SeriesDescription": "func_task-soccer_acq-multiband_soccer",
    "SeriesNumber": 13,
    "ShimSetting": [
      -1133,
      -3013,
      -4220,
      398,
      970,
      382,
      393,
      -917
    ],
    "SliceThickness": 2.5,
    "SliceTiming": [
      0,
      0.735,
      0.0925,
      0.8275,
      0.1825,
      0.92,
      0.275,
      1.0125,
      0.3675,
      1.1025,
      0.46,
      1.195,
      0.5525,
      1.2875,
      0.6425,
      0,
      0.735,
      0.0925,
      0.8275,
      0.1825,
      0.92,
      0.275,
      1.0125,
      0.3675,
      1.1025,
      0.46,
      1.195,
      0.5525,
      1.2875,
      0.6425,
      0,
      0.735,
      0.0925,
      0.8275,
      0.1825,
      0.92,
      0.275,
      1.0125,
      0.3675,
      1.1025,
      0.46,
      1.195,
      0.5525,
      1.2875,
      0.6425,
      0,
      0.735,
      0.0925,
      0.8275,
      0.1825,
      0.92,
      0.275,
      1.0125,
      0.3675,
      1.1025,
      0.46,
      1.195,
      0.5525,
      1.2875,
      0.6425
    ],
    "SoftwareVersions": "syngo_MR_E11",
    "SpacingBetweenSlices": 2.5,
    "StationName": "FBMTMR1",
    "TaskName": "soccer",
    "TotalReadoutTime": 0.0313497,
    "TxRefAmp": 342.01,
    "acq_id": "multiband",
    "dataset": "ds002878",
    "modality": "bold",
    "session_id": "1",
    "subject_id": "094BPAF1221032",
    "task_id": "soccer"
  },
  "dummy_trs": 0,
  "dvars_nstd": 38.90266348126042,
  "dvars_std": 1.278883275593752,
  "dvars_vstd": 0.9965553946666669,
  "efc": 0.4326001663478362,
  "fber": 20581.431640625,
  "fd_mean": 0.2167975196358221,
  "fd_num": 322,
  "fd_perc": 33.50676378772113,
  "fwhm_avg": 1.768356,
  "fwhm_x": 1.6703800000000002,
  "fwhm_y": 1.894864,
  "fwhm_z": 1.739824,
  "gcor": 0.0158742,
  "gsr_x": -0.029123621061444283,
  "gsr_y": 0.02599349059164524,
  "provenance": {
    "md5sum": "2ee10e230109aa4819c4565ebb6e47ab",
    "settings": {
      "fd_thres": 0.2,
      "testing": false
    },
    "software": "mriqc",
    "version": "22.0.6",
    "webapi_port": null,
    "webapi_url": "https://mriqc.nimh.nih.gov/api/v1"
  },
  "size_t": 961,
  "size_x": 96,
  "size_y": 96,
  "size_z": 60,
  "snr": 6.231653011777629,
  "spacing_tr": 1.399999976158142,
  "spacing_x": 2.5,
  "spacing_y": 2.5,
  "spacing_z": 2.5,
  "summary_bg_k": 24.436749953990873,
  "summary_bg_mad": 27.070987764775207,
  "summary_bg_mean": 211.3182373046875,
  "summary_bg_median": 36.00520324707031,
  "summary_bg_n": 409399.0,
  "summary_bg_p05": 14.670136451721191,
  "summary_bg_p95": 1249.6510864257793,
  "summary_bg_stdv": 488.88458251953125,
  "summary_fg_k": 2.1440299015193505,
  "summary_fg_mad": 793.688438766115,
  "summary_fg_mean": 5153.849609375,
  "summary_fg_median": 5129.80859375,
  "summary_fg_n": 74106.0,
  "summary_fg_p05": 4026.481201171875,
  "summary_fg_p95": 6477.770263671875,
  "summary_fg_stdv": 823.1802978515625,
  "tsnr": 46.35259840730578
}