{
  "bids_meta": {
    "AcquisitionMatrixPE": 256,
    "AcquisitionNumber": 1,
    "AcquisitionTime": "15:56:11.185000",
    "BaseResolution": 256,
    "BodyPartExamined": "HEAD",
    "ConsistencyInfo": "N4_VE11C_LATEST_20160120",
    "ConversionSoftware": "dcm2niix",
    "ConversionSoftwareVersion": "v1.0.20180622 GCC7.3.0",
    "DeviceSerialNumber": "45250",
    "DwellTime": 9.2e-06,
    "EchoTime": 0.00218,
    "FlipAngle": 8,
    "ImageOrientationPatientDICOM": [
      0.0156569,
      0.999072,
      0.0401315,
      0.00431722,
      0.0400685,
      -0.999188
    ],
    "ImageType": [
      "ORIGINAL",
      "PRIMARY",
      "M",
      "NORM",
      "DIS3D",
      "DIS2D"
    ],
    "InPlanePhaseEncodingDirectionDICOM": "ROW",
    "InstitutionAddress": "Kopernikusstr._26_Graz_Graz_AT_8010",
    "InstitutionName": "KFU",
    "InstitutionalDepartmentName": "Department",
    "InversionTime": 1,
    "MRAcquisitionType": "3D",
    "MagneticFieldStrength": 3,
    "Manufacturer": "Siemens",
    "ManufacturersModelName": "Skyra",
    "Modality": "MR",
    "ParallelReductionFactorInPlane": 2,
    "PartialFourier": 1,
    "PatientPosition": "HFS",
    "PercentPhaseFOV": 100,
    "PhaseEncodingSteps": 294,
    "PhaseOversampling": 0.15,
    "PhaseResolution": 1,
    "PixelBandwidth": 210,
    "ProcedureStepDescription": "BioPsy_2018",
    "ProtocolName": "anat-T1w",
    "PulseSequenceDetails": "%SiemensSeq%_tfl",
    "ReceiveCoilActiveElements": "HEA;HEP",
    "ReceiveCoilName": "Head_32",
    "ReconMatrixPE": 256,
    "RepetitionTime": 2.2,
    "SAR": 0.0579305,
    "ScanOptions": "IR_WE",
    "ScanningSequence": "GR_IR",
    "SequenceName": "_tfl3d1_16ns",
    "SequenceVariant": "SK_SP_MP_OSP",
    "SeriesDescription": "anat-T1w",
    "SeriesNumber": 5,
    "ShimSetting": [
      -1090,
      -3140,
      -4333,
      338,
      954,
      199,
      207,
      -890
    ],
    "SliceThickness": 0.88,
    "SoftwareVersions": "syngo_MR_E11",
    "StationName": "FBMTMR1",
    "TxRefAmp": 357.791,
    "dataset": "ds002878",
    "modality": "T1w",
    "session_id": "1",
    "subject_id": "094BPAF1211022"
  },
  "cjv": 0.35926129230095316,
  "cnr": 3.6953520421960184,
  "efc": 0.6210416101419715,
  "fber": 26518.40299371166,
  "fwhm_avg": 4.566102569626213,
  "fwhm_x": 4.4391077088786375,
  "fwhm_y": 4.704811428571429,
  "fwhm_z": 4.5543885714285715,
  "icvs_csf": 0.21335297828028368,
  "icvs_gm": 0.4159132909007291,
  "icvs_wm": 0.37073373081898725,
  "inu_med": 0.39050477743148804,
  "inu_range": 0.13049148917198183,
  "provenance": {
    "md5sum": "4ecdbc5bb0e9dc1114173a7357de7fda",
    "settings": {
      "testing": false
    },
    "software": "mriqc",
    "version": "22.0.6",
    "warnings": {
      "large_rot_frame": true,
      "small_air_mask": false
    },
    "webapi_port": null,
    "webapi_url": "https://mriqc.nimh.nih.gov/api/v1"
  },
  "qi_1": 0.0,
  "qi_2": 0.002142317341300496,
  "rpve_csf": 19.576627060867505,
  "rpve_gm": 10.516778621303784,
  "rpve_wm": 14.010856557992065,
  "size_x": 224,
  "size_y": 256,
  "size_z": 256,
  "snr_csf": 2.6572327893088095,
  "snr_gm": 13.234565990403413,
  "snr_total": 14.761088723739148,
  "snr_wm": 28.391467391505216,
  "snrd_csf": 46.91120813114237,
  "snrd_gm": 114.74159153378513,
  "snrd_total": 104.72029426936264,
  "snrd_wm": 152.50808314316046,
  "spacing_x": 0.8799989223480225,
  "spacing_y": 0.875,
  "spacing_z": 0.875,
  "summary_bg_k": 12.655891673381326,
  "summary_bg_mad": 0.0,
  "summary_bg_mean": 2.5647857216366234,
  "summary_bg_median": 0.0,
  "summary_bg_n": 2570508.0,
  "summary_bg_p05": 0.0,
  "summary_bg_p95": 11.458959318697453,
  "summary_bg_stdv": 4.295939937190683,
  "summary_csf_k": 0.29620347370269506,
  "summary_csf_mad": 99.9551609285997,
  "summary_csf_mean": 311.2383913524807,
  "summary_csf_median": 307.6118690893054,
  "summary_csf_n": 64862.0,
  "summary_csf_p05": 98.76955420523882,
  "summary_csf_p95": 506.7307563573122,
  "summary_csf_stdv": 115.76309724848166,
  "summary_gm_k": 0.18840070747145132,
  "summary_gm_mad": 55.057809765621414,
  "summary_gm_mean": 750.7197832164521,
  "summary_gm_median": 752.3974939063191,
  "summary_gm_n": 63543.0,
  "summary_gm_p05": 653.9861712448298,
  "summary_gm_p95": 842.1333830952644,
  "summary_gm_stdv": 56.85049090751882,
  "summary_wm_k": 0.5201467640245387,
  "summary_wm_mad": 33.9121800114193,
  "summary_wm_mean": 999.6940789089186,
  "summary_wm_median": 1000.0445176288486,
  "summary_wm_n": 375738.0,
  "summary_wm_p05": 941.6817015260458,
  "summary_wm_p95": 1056.182293087244,
  "summary_wm_stdv": 35.22337091859685,
  "tpm_overlap_csf": 0.15442864596152686,
  "tpm_overlap_gm": 0.45091717864595776,
  "tpm_overlap_wm": 0.5118180517809954,
  "wm2max": 0.8855459668203491
}