{
  "aor": 0.0007923586956521741,
  "aqi": 0.01779739285869565,
  "bids_meta": {
    "AcquisitionMatrixPE": 96,
    "AcquisitionNumber": 1,
    "AcquisitionTime": "12:25:10.980000",
    "BandwidthPerPixelPhaseEncode": 31.566,
    "BaseResolution": 96,
    "BodyPartExamined": "HEAD",
    "CogAtlasID": "TODO",
    "ConsistencyInfo": "N4_VE11C_LATEST_20160120",
    "ConversionSoftware": "dcm2niix",
    "ConversionSoftwareVersion": "v1.0.20180622 GCC7.3.0",
    "DerivedVendorReportedEchoSpacing": 0.000659993,
    "DeviceSerialNumber": "45250",
    "DwellTime": 2.9e-06,
    "EchoTime": 0.03,
    "EchoTrainLength": 48,
    "EffectiveEchoSpacing": 0.000329996,
    "FlipAngle": 65,
    "ImageComments": "Unaliased_MB4_PE4_LB_D",
    "ImageOrientationPatientDICOM": [
      0.99773,
      -0.049284,
      -0.0458904,
      0.0330981,
      0.952358,
      -0.30318
    ],
    "ImageType": [
      "ORIGINAL",
      "PRIMARY",
      "M",
      "MB",
      "ND",
      "NORM",
      "MOSAIC"
    ],
    "InPlanePhaseEncodingDirectionDICOM": "COL",
    "InstitutionAddress": "Kopernikusstr._26_Graz_Graz_AT_8010",
    "InstitutionName": "KFU",
    "InstitutionalDepartmentName": "Department",
    "MRAcquisitionType": "2D",
    "MagneticFieldStrength": 3,
    "Manufacturer": "Siemens",
    "ManufacturersModelName": "Skyra",
    "Modality": "MR",
    "MultibandAccelerationFactor": 4,
    "ParallelReductionFactorInPlane": 2,
    "PartialFourier": 1,
    "PatientPosition": "HFS",
    "PercentPhaseFOV": 100,
    "PhaseEncodingDirection": "j",
    "PhaseEncodingSteps": 96,
    "PhaseResolution": 1,
    "PixelBandwidth": 1795,
    "ProcedureStepDescription": "BioPsy_2018",
    "ProtocolName": "func_task-soccer_acq-multiband_soccer",
    "PulseSequenceDetails": "%CustomerSeq%_cmrr_mbep2d_bold",
    "ReceiveCoilActiveElements": "HEA;HEP",
    "ReceiveCoilName": "Head_32",
    "ReconMatrixPE": 96,
    "RepetitionTime": 1.4,
    "SAR": 0.0968739,
    "ScanOptions": "FS_EXT",
    "ScanningSequence": "EP",
    "SequenceName": "epfid2d1_96",
    "SequenceVariant": "SK_SS",
    "SeriesDescription": "func_task-soccer_acq-multiband_soccer",
    "SeriesNumber": 13,
    "ShimSetting": [
      -1136,
      -3066,
      -3999,
      728,
      1000,
      1026,
      110,
      -908
    ],
    "SliceThickness": 2.5,
    "SliceTiming": [
      0,
      0.7375,
      0.0925,
      0.8275,
      0.185,
      0.92,
      0.2775,
      1.0125,
      0.3675,
      1.105,
      0.46,
      1.1975,
      0.5525,
      1.2875,
      0.645,
      0,
      0.7375,
      0.0925,
      0.8275,
      0.185,
      0.92,
      0.2775,
      1.0125,
      0.3675,
      1.105,
      0.46,
      1.1975,
      0.5525,
      1.2875,
      0.645,
      0,
      0.7375,
      0.0925,
      0.8275,
      0.185,
      0.92,
      0.2775,
      1.0125,
      0.3675,
      1.105,
      0.46,
      1.1975,
      0.5525,
      1.2875,
      0.645,
      0,
      0.7375,
      0.0925,
      0.8275,
      0.185,
      0.92,
      0.2775,
      1.0125,
      0.3675,
      1.105,
      0.46,
      1.1975,
      0.5525,
      1.2875,
      0.645
    ],
    "SoftwareVersions": "syngo_MR_E11",
    "SpacingBetweenSlices": 2.5,
    "StationName": "FBMTMR1",
    "TaskName": "soccer",
    "TotalReadoutTime": 0.0313497,
    "TxRefAmp": 334.865,
    "acq_id": "multiband",
    "dataset": "ds002878",
    "modality": "bold",
    "session_id": "1",
    "subject_id": "094BPAF1221033",
    "task_id": "soccer"
  },
  "dummy_trs": 0,
  "dvars_nstd": 41.11285101103371,
  "dvars_std": 1.418981952154519,
  "dvars_vstd": 0.9977544660065294,
  "efc": 0.4385873185884692,
  "fber": 22327.552734375,
  "fd_mean": 0.18644083029516428,
  "fd_num": 305,
  "fd_perc": 33.15217391304348,
  "fwhm_avg": 1.8172973333333335,
  "fwhm_x": 1.7230640000000002,
  "fwhm_y": 1.940992,
  "fwhm_z": 1.787836,
  "gcor": 0.0245255,
  "gsr_x": -0.008393293246626854,
  "gsr_y": 0.012243475764989853,
  "provenance": {
    "md5sum": "07258d3eaf8c3f6db1305e94bc0e2cef",
    "settings": {
      "fd_thres": 0.2,
      "testing": false
    },
    "software": "mriqc",
    "version": "22.0.6",
    "webapi_port": null,
    "webapi_url": "https://mriqc.nimh.nih.gov/api/v1"
  },
  "size_t": 920,
  "size_x": 96,
  "size_y": 96,
  "size_z": 60,
  "snr": 6.482197112026898,
  "spacing_tr": 1.399999976158142,
  "spacing_x": 2.5,
  "spacing_y": 2.5,
  "spacing_z": 2.5,
  "summary_bg_k": 25.888158685975846,
  "summary_bg_mad": 35.32622272385019,
  "summary_bg_mean": 229.8666229248047,
  "summary_bg_median": 40.840213775634766,
  "summary_bg_n": 401474.0,
  "summary_bg_p05": 12.229347229003906,
  "summary_bg_p95": 1308.422387695311,
  "summary_bg_stdv": 569.4190063476562,
  "summary_fg_k": 2.9112182486928493,
  "summary_fg_mad": 870.4413367214956,
  "summary_fg_mean": 6050.6513671875,
  "summary_fg_median": 6024.4189453125,
  "summary_fg_n": 79928.0,
  "summary_fg_p05": 4778.7117919921875,
  "summary_fg_p95": 7533.8260498046875,
  "summary_fg_stdv": 929.3733520507812,
  "tsnr": 43.4339051283896
}