{
  "aor": 0.0003283724978241949,
  "aqi": 0.028452148476936463,
  "bids_meta": {
    "AcquisitionMatrixPE": 96,
    "AcquisitionNumber": 1,
    "AcquisitionTime": "10:10:37.195000",
    "BandwidthPerPixelPhaseEncode": 31.566,
    "BaseResolution": 96,
    "BodyPartExamined": "HEAD",
    "CogAtlasID": "TODO",
    "ConsistencyInfo": "N4_VE11C_LATEST_20160120",
    "ConversionSoftware": "dcm2niix",
    "ConversionSoftwareVersion": "v1.0.20180622 GCC7.3.0",
    "DerivedVendorReportedEchoSpacing": 0.000659993,
    "DeviceSerialNumber": "45250",
    "DwellTime": 2.9e-06,
    "EchoTime": 0.03,
    "EchoTrainLength": 48,
    "EffectiveEchoSpacing": 0.000329996,
    "FlipAngle": 65,
    "ImageComments": "Unaliased_MB4_PE4_LB_D",
    "ImageOrientationPatientDICOM": [
      0.994312,
      0.0731715,
      -0.0773978,
      -0.0904895,
      0.963618,
      -0.251498
    ],
    "ImageType": [
      "ORIGINAL",
      "PRIMARY",
      "M",
      "MB",
      "ND",
      "NORM",
      "MOSAIC"
    ],
    "InPlanePhaseEncodingDirectionDICOM": "COL",
    "InstitutionAddress": "Kopernikusstr._26_Graz_Graz_AT_8010",
    "InstitutionName": "KFU",
    "InstitutionalDepartmentName": "Department",
    "MRAcquisitionType": "2D",
    "MagneticFieldStrength": 3,
    "Manufacturer": "Siemens",
    "ManufacturersModelName": "Skyra",
    "Modality": "MR",
    "MultibandAccelerationFactor": 4,
    "ParallelReductionFactorInPlane": 2,
    "PartialFourier": 1,
    "PatientPosition": "HFS",
    "PercentPhaseFOV": 100,
    "PhaseEncodingDirection": "j",
    "PhaseEncodingSteps": 96,
    "PhaseResolution": 1,
    "PixelBandwidth": 1795,
    "ProcedureStepDescription": "BioPsy_2018",
    "ProtocolName": "func_task-soccer_acq-multiband_soccer",
    "PulseSequenceDetails": "%CustomerSeq%_cmrr_mbep2d_bold",
    "ReceiveCoilActiveElements": "HEA;HEP",
    "ReceiveCoilName": "Head_32",
    "ReconMatrixPE": 96,
    "RepetitionTime": 1.4,
    "SAR": 0.0900557,
    "ScanOptions": "FS_EXT",
    "ScanningSequence": "EP",
    "SequenceName": "epfid2d1_96",
    "SequenceVariant": "SK_SS",
    "SeriesDescription": "func_task-soccer_acq-multiband_soccer",
    "SeriesNumber": 13,
    "ShimSetting": [
      -1127,
      -3040,
      -4109,
      607,
      941,
      883,
      263,
      -786
    ],
    "SliceThickness": 2.5,
    "SliceTiming": [
      0,
      0.7375,
      0.0925,
      0.83,
      0.185,
      0.92,
      0.2775,
      1.0125,
      0.37,
      1.105,
      0.46,
      1.1975,
      0.5525,
      1.29,
      0.645,
      0,
      0.7375,
      0.0925,
      0.83,
      0.185,
      0.92,
      0.2775,
      1.0125,
      0.37,
      1.105,
      0.46,
      1.1975,
      0.5525,
      1.29,
      0.645,
      0,
      0.7375,
      0.0925,
      0.83,
      0.185,
      0.92,
      0.2775,
      1.0125,
      0.37,
      1.105,
      0.46,
      1.1975,
      0.5525,
      1.29,
      0.645,
      0,
      0.7375,
      0.0925,
      0.83,
      0.185,
      0.92,
      0.2775,
      1.0125,
      0.37,
      1.105,
      0.46,
      1.1975,
      0.5525,
      1.29,
      0.645
    ],
    "SoftwareVersions": "syngo_MR_E11",
    "SpacingBetweenSlices": 2.5,
    "StationName": "FBMTMR1",
    "TaskName": "soccer",
    "TotalReadoutTime": 0.0313497,
    "TxRefAmp": 326.293,
    "acq_id": "multiband",
    "dataset": "ds002878",
    "modality": "bold",
    "session_id": "1",
    "subject_id": "094BPAF1211017",
    "task_id": "soccer"
  },
  "dummy_trs": 0,
  "dvars_nstd": 37.89823968221258,
  "dvars_std": 1.294938095130661,
  "dvars_vstd": 0.9449497657404191,
  "efc": 0.41881144690585753,
  "fber": 26101.677734375,
  "fd_mean": 0.15041482274869622,
  "fd_num": 237,
  "fd_perc": 20.626631853785902,
  "fwhm_avg": 1.8207426666666666,
  "fwhm_x": 1.700992,
  "fwhm_y": 1.985088,
  "fwhm_z": 1.7761479999999998,
  "gcor": 0.00569798,
  "gsr_x": -0.01059252955019474,
  "gsr_y": 0.020381994545459747,
  "provenance": {
    "md5sum": "3fff8ca78dc06c55e287c9f38bd417a3",
    "settings": {
      "fd_thres": 0.2,
      "testing": false
    },
    "software": "mriqc",
    "version": "22.0.6",
    "webapi_port": null,
    "webapi_url": "https://mriqc.nimh.nih.gov/api/v1"
  },
  "size_t": 1149,
  "size_x": 96,
  "size_y": 96,
  "size_z": 60,
  "snr": 6.639703270477297,
  "spacing_tr": 1.399999976158142,
  "spacing_x": 2.5,
  "spacing_y": 2.5,
  "spacing_z": 2.5,
  "summary_bg_k": 44.426146200083096,
  "summary_bg_mad": 24.969394143046323,
  "summary_bg_mean": 156.44337463378906,
  "summary_bg_median": 34.355960845947266,
  "summary_bg_n": 404926.0,
  "summary_bg_p05": 14.863359451293945,
  "summary_bg_p95": 774.1048431396484,
  "summary_bg_stdv": 400.9410705566406,
  "summary_fg_k": 2.727218858104859,
  "summary_fg_mad": 713.5363422184527,
  "summary_fg_mean": 5437.412109375,
  "summary_fg_median": 5385.29638671875,
  "summary_fg_n": 77737.0,
  "summary_fg_p05": 4336.64560546875,
  "summary_fg_p95": 6782.8212890625,
  "summary_fg_stdv": 811.0696411132812,
  "tsnr": 36.185853507136926
}