{
  "aor": 0.002737923362175525,
  "aqi": 0.02538193003708282,
  "bids_meta": {
    "AcquisitionMatrixPE": 96,
    "AcquisitionNumber": 1,
    "AcquisitionTime": "14:23:54.385000",
    "BandwidthPerPixelPhaseEncode": 31.566,
    "BaseResolution": 96,
    "BodyPartExamined": "HEAD",
    "CogAtlasID": "TODO",
    "ConsistencyInfo": "N4_VE11C_LATEST_20160120",
    "ConversionSoftware": "dcm2niix",
    "ConversionSoftwareVersion": "v1.0.20180622 GCC7.3.0",
    "DerivedVendorReportedEchoSpacing": 0.000659993,
    "DeviceSerialNumber": "45250",
    "DwellTime": 2.9e-06,
    "EchoTime": 0.03,
    "EchoTrainLength": 48,
    "EffectiveEchoSpacing": 0.000329996,
    "FlipAngle": 65,
    "ImageComments": "Unaliased_MB4_PE4_LB_D",
    "ImageOrientationPatientDICOM": [
      0.995376,
      0.0839795,
      -0.0466306,
      -0.0958438,
      0.900627,
      -0.423893
    ],
    "ImageType": [
      "ORIGINAL",
      "PRIMARY",
      "M",
      "MB",
      "ND",
      "NORM",
      "MOSAIC"
    ],
    "InPlanePhaseEncodingDirectionDICOM": "COL",
    "InstitutionAddress": "Kopernikusstr._26_Graz_Graz_AT_8010",
    "InstitutionName": "KFU",
    "InstitutionalDepartmentName": "Department",
    "MRAcquisitionType": "2D",
    "MagneticFieldStrength": 3,
    "Manufacturer": "Siemens",
    "ManufacturersModelName": "Skyra",
    "Modality": "MR",
    "MultibandAccelerationFactor": 4,
    "ParallelReductionFactorInPlane": 2,
    "PartialFourier": 1,
    "PatientPosition": "HFS",
    "PercentPhaseFOV": 100,
    "PhaseEncodingDirection": "j",
    "PhaseEncodingSteps": 96,
    "PhaseResolution": 1,
    "PixelBandwidth": 1795,
    "ProcedureStepDescription": "BioPsy_2018",
    "ProtocolName": "func_task-soccer_acq-multiband_soccer",
    "PulseSequenceDetails": "%CustomerSeq%_cmrr_mbep2d_bold",
    "ReceiveCoilActiveElements": "HEA;HEP",
    "ReceiveCoilName": "Head_32",
    "ReconMatrixPE": 96,
    "RepetitionTime": 1.4,
    "SAR": 0.093287,
    "ScanOptions": "FS_EXT",
    "ScanningSequence": "EP",
    "SequenceName": "epfid2d1_96",
    "SequenceVariant": "SK_SS",
    "SeriesDescription": "func_task-soccer_acq-multiband_soccer",
    "SeriesNumber": 15,
    "ShimSetting": [
      -1121,
      -3101,
      -4141,
      524,
      947,
      500,
      -100,
      -708
    ],
    "SliceThickness": 2.5,
    "SliceTiming": [
      0,
      0.7375,
      0.0925,
      0.83,
      0.185,
      0.92,
      0.2775,
      1.0125,
      0.37,
      1.105,
      0.46,
      1.1975,
      0.5525,
      1.2875,
      0.645,
      0,
      0.7375,
      0.0925,
      0.83,
      0.185,
      0.92,
      0.2775,
      1.0125,
      0.37,
      1.105,
      0.46,
      1.1975,
      0.5525,
      1.2875,
      0.645,
      0,
      0.7375,
      0.0925,
      0.83,
      0.185,
      0.92,
      0.2775,
      1.0125,
      0.37,
      1.105,
      0.46,
      1.1975,
      0.5525,
      1.2875,
      0.645,
      0,
      0.7375,
      0.0925,
      0.83,
      0.185,
      0.92,
      0.2775,
      1.0125,
      0.37,
      1.105,
      0.46,
      1.1975,
      0.5525,
      1.2875,
      0.645
    ],
    "SoftwareVersions": "syngo_MR_E11",
    "SpacingBetweenSlices": 2.5,
    "StationName": "FBMTMR1",
    "TaskName": "soccer",
    "TotalReadoutTime": 0.0313497,
    "TxRefAmp": 344.438,
    "acq_id": "multiband",
    "dataset": "ds002878",
    "modality": "bold",
    "session_id": "1",
    "subject_id": "094BPAF1221034",
    "task_id": "soccer"
  },
  "dummy_trs": 0,
  "dvars_nstd": 40.536389062772294,
  "dvars_std": 1.2594837172400992,
  "dvars_vstd": 1.0046366494678212,
  "efc": 0.4459604339785218,
  "fber": 19920.359375,
  "fd_mean": 0.34086858350825805,
  "fd_num": 455,
  "fd_perc": 56.24227441285538,
  "fwhm_avg": 1.7672853333333336,
  "fwhm_x": 1.6942080000000002,
  "fwhm_y": 1.8458400000000001,
  "fwhm_z": 1.7618079999999998,
  "gcor": 0.0238386,
  "gsr_x": -0.007694829721003771,
  "gsr_y": 0.01055328082293272,
  "provenance": {
    "md5sum": "09baeb3013b2119c42b535e8e7efbf57",
    "settings": {
      "fd_thres": 0.2,
      "testing": false
    },
    "software": "mriqc",
    "version": "22.0.6",
    "webapi_port": null,
    "webapi_url": "https://mriqc.nimh.nih.gov/api/v1"
  },
  "size_t": 809,
  "size_x": 96,
  "size_y": 96,
  "size_z": 60,
  "snr": 7.184851504829294,
  "spacing_tr": 1.399999976158142,
  "spacing_x": 2.5,
  "spacing_y": 2.5,
  "spacing_z": 2.5,
  "summary_bg_k": 19.977854818454745,
  "summary_bg_mad": 34.19698165040231,
  "summary_bg_mean": 228.32791137695312,
  "summary_bg_median": 41.03090286254883,
  "summary_bg_n": 400555.0,
  "summary_bg_p05": 14.917181968688965,
  "summary_bg_p95": 1281.0554565429686,
  "summary_bg_stdv": 529.8717041015625,
  "summary_fg_k": 3.438323821734099,
  "summary_fg_mad": 734.2507855193899,
  "summary_fg_mean": 5744.126953125,
  "summary_fg_median": 5725.91943359375,
  "summary_fg_n": 81197.0,
  "summary_fg_p05": 4665.18955078125,
  "summary_fg_p95": 7013.0734375,
  "summary_fg_stdv": 796.9384155273438,
  "tsnr": 38.3759996695444
}