{
  "aor": 0.002423870192307692,
  "aqi": 0.012548025216346154,
  "bids_meta": {
    "AcquisitionMatrixPE": 96,
    "AcquisitionNumber": 1,
    "AcquisitionTime": "11:32:3.612500",
    "BandwidthPerPixelPhaseEncode": 31.566,
    "BaseResolution": 96,
    "BodyPartExamined": "HEAD",
    "CogAtlasID": "TODO",
    "ConsistencyInfo": "N4_VE11C_LATEST_20160120",
    "ConversionSoftware": "dcm2niix",
    "ConversionSoftwareVersion": "v1.0.20180622 GCC7.3.0",
    "DerivedVendorReportedEchoSpacing": 0.000659993,
    "DeviceSerialNumber": "45250",
    "DwellTime": 2.9e-06,
    "EchoTime": 0.03,
    "EchoTrainLength": 48,
    "EffectiveEchoSpacing": 0.000329996,
    "FlipAngle": 65,
    "ImageComments": "Unaliased_MB4_PE4_LB_D",
    "ImageOrientationPatientDICOM": [
      0.99906,
      0.0224017,
      0.0371146,
      -0.00871872,
      0.942473,
      -0.334167
    ],
    "ImageType": [
      "ORIGINAL",
      "PRIMARY",
      "M",
      "MB",
      "ND",
      "NORM",
      "MOSAIC"
    ],
    "InPlanePhaseEncodingDirectionDICOM": "COL",
    "InstitutionAddress": "Kopernikusstr._26_Graz_Graz_AT_8010",
    "InstitutionName": "KFU",
    "InstitutionalDepartmentName": "Department",
    "MRAcquisitionType": "2D",
    "MagneticFieldStrength": 3,
    "Manufacturer": "Siemens",
    "ManufacturersModelName": "Skyra",
    "Modality": "MR",
    "MultibandAccelerationFactor": 4,
    "ParallelReductionFactorInPlane": 2,
    "PartialFourier": 1,
    "PatientPosition": "HFS",
    "PercentPhaseFOV": 100,
    "PhaseEncodingDirection": "j",
    "PhaseEncodingSteps": 96,
    "PhaseResolution": 1,
    "PixelBandwidth": 1795,
    "ProcedureStepDescription": "BioPsy_2018",
    "ProtocolName": "func_task-soccer_acq-multiband_soccer",
    "PulseSequenceDetails": "%CustomerSeq%_cmrr_mbep2d_bold",
    "ReceiveCoilActiveElements": "HEA;HEP",
    "ReceiveCoilName": "Head_32",
    "ReconMatrixPE": 96,
    "RepetitionTime": 1.4,
    "SAR": 0.0841575,
    "ScanOptions": "FS_EXT",
    "ScanningSequence": "EP",
    "SequenceName": "epfid2d1_96",
    "SequenceVariant": "SK_SS",
    "SeriesDescription": "func_task-soccer_acq-multiband_soccer",
    "SeriesNumber": 13,
    "ShimSetting": [
      -1052,
      -3118,
      -4015,
      962,
      1009,
      599,
      264,
      -923
    ],
    "SliceThickness": 2.5,
    "SliceTiming": [
      0,
      0.735,
      0.09,
      0.8275,
      0.1825,
      0.92,
      0.275,
      1.01,
      0.3675,
      1.1025,
      0.46,
      1.195,
      0.55,
      1.2875,
      0.6425,
      0,
      0.735,
      0.09,
      0.8275,
      0.1825,
      0.92,
      0.275,
      1.01,
      0.3675,
      1.1025,
      0.46,
      1.195,
      0.55,
      1.2875,
      0.6425,
      0,
      0.735,
      0.09,
      0.8275,
      0.1825,
      0.92,
      0.275,
      1.01,
      0.3675,
      1.1025,
      0.46,
      1.195,
      0.55,
      1.2875,
      0.6425,
      0,
      0.735,
      0.09,
      0.8275,
      0.1825,
      0.92,
      0.275,
      1.01,
      0.3675,
      1.1025,
      0.46,
      1.195,
      0.55,
      1.2875,
      0.6425
    ],
    "SoftwareVersions": "syngo_MR_E11",
    "SpacingBetweenSlices": 2.5,
    "StationName": "FBMTMR1",
    "TaskName": "soccer",
    "TotalReadoutTime": 0.0313497,
    "TxRefAmp": 336.752,
    "acq_id": "multiband",
    "dataset": "ds002878",
    "modality": "bold",
    "session_id": "1",
    "subject_id": "094BPAF1211005",
    "task_id": "soccer"
  },
  "dummy_trs": 0,
  "dvars_nstd": 31.2675985367268,
  "dvars_std": 1.3490743223826704,
  "dvars_vstd": 1.030202386931408,
  "efc": 0.41167472985234427,
  "fber": 28629.521484375,
  "fd_mean": 0.12799813671919372,
  "fd_num": 98,
  "fd_perc": 11.778846153846153,
  "fwhm_avg": 1.77482,
  "fwhm_x": 1.696124,
  "fwhm_y": 1.8762440000000002,
  "fwhm_z": 1.752092,
  "gcor": 0.0154672,
  "gsr_x": -0.015521729364991188,
  "gsr_y": 0.014375236816704273,
  "provenance": {
    "md5sum": "f81b468cba6036bbb02612a945b59742",
    "settings": {
      "fd_thres": 0.2,
      "testing": false
    },
    "software": "mriqc",
    "version": "22.0.6",
    "webapi_port": null,
    "webapi_url": "https://mriqc.nimh.nih.gov/api/v1"
  },
  "size_t": 832,
  "size_x": 96,
  "size_y": 96,
  "size_z": 60,
  "snr": 6.392673238902125,
  "spacing_tr": 1.399999976158142,
  "spacing_x": 2.5,
  "spacing_y": 2.5,
  "spacing_z": 2.5,
  "summary_bg_k": 39.889017084991636,
  "summary_bg_mad": 27.167974169743633,
  "summary_bg_mean": 178.96397399902344,
  "summary_bg_median": 35.787261962890625,
  "summary_bg_n": 410239.0,
  "summary_bg_p05": 14.320914268493652,
  "summary_bg_p95": 900.2851501464843,
  "summary_bg_stdv": 466.94891357421875,
  "summary_fg_k": 2.7944633553099907,
  "summary_fg_mad": 867.9600773934058,
  "summary_fg_mean": 6067.81640625,
  "summary_fg_median": 6018.7802734375,
  "summary_fg_n": 72775.0,
  "summary_fg_p05": 4801.5970703125,
  "summary_fg_p95": 7605.3953125,
  "summary_fg_stdv": 941.5057983398438,
  "tsnr": 52.024636985501274
}