{
  "aor": 0.0009043157894736842,
  "aqi": 0.017367836374269006,
  "bids_meta": {
    "AcquisitionMatrixPE": 96,
    "AcquisitionNumber": 1,
    "AcquisitionTime": "12:23:49.360000",
    "BandwidthPerPixelPhaseEncode": 31.566,
    "BaseResolution": 96,
    "BodyPartExamined": "HEAD",
    "CogAtlasID": "TODO",
    "ConsistencyInfo": "N4_VE11C_LATEST_20160120",
    "ConversionSoftware": "dcm2niix",
    "ConversionSoftwareVersion": "v1.0.20180622 GCC7.3.0",
    "DerivedVendorReportedEchoSpacing": 0.000659993,
    "DeviceSerialNumber": "45250",
    "DwellTime": 2.9e-06,
    "EchoTime": 0.03,
    "EchoTrainLength": 48,
    "EffectiveEchoSpacing": 0.000329996,
    "FlipAngle": 65,
    "ImageComments": "Unaliased_MB4_PE4_LB_D",
    "ImageOrientationPatientDICOM": [
      0.999701,
      -0.0229508,
      0.00837821,
      0.0244322,
      0.939572,
      -0.341479
    ],
    "ImageType": [
      "ORIGINAL",
      "PRIMARY",
      "M",
      "MB",
      "ND",
      "NORM",
      "MOSAIC"
    ],
    "InPlanePhaseEncodingDirectionDICOM": "COL",
    "InstitutionAddress": "Kopernikusstr._26_Graz_Graz_AT_8010",
    "InstitutionName": "KFU",
    "InstitutionalDepartmentName": "Department",
    "MRAcquisitionType": "2D",
    "MagneticFieldStrength": 3,
    "Manufacturer": "Siemens",
    "ManufacturersModelName": "Skyra",
    "Modality": "MR",
    "MultibandAccelerationFactor": 4,
    "ParallelReductionFactorInPlane": 2,
    "PartialFourier": 1,
    "PatientPosition": "HFS",
    "PercentPhaseFOV": 100,
    "PhaseEncodingDirection": "j",
    "PhaseEncodingSteps": 96,
    "PhaseResolution": 1,
    "PixelBandwidth": 1795,
    "ProcedureStepDescription": "BioPsy_2018",
    "ProtocolName": "func_task-soccer_acq-multiband_soccer",
    "PulseSequenceDetails": "%CustomerSeq%_cmrr_mbep2d_bold",
    "ReceiveCoilActiveElements": "HEA;HEP",
    "ReceiveCoilName": "Head_32",
    "ReconMatrixPE": 96,
    "RepetitionTime": 1.4,
    "SAR": 0.0787265,
    "ScanOptions": "FS_EXT",
    "ScanningSequence": "EP",
    "SequenceName": "epfid2d1_96",
    "SequenceVariant": "SK_SS",
    "SeriesDescription": "func_task-soccer_acq-multiband_soccer",
    "SeriesNumber": 13,
    "ShimSetting": [
      -1121,
      -3020,
      -4199,
      466,
      880,
      679,
      258,
      -888
    ],
    "SliceThickness": 2.5,
    "SliceTiming": [
      0,
      0.7375,
      0.0925,
      0.8275,
      0.185,
      0.92,
      0.2775,
      1.0125,
      0.3675,
      1.105,
      0.46,
      1.1975,
      0.5525,
      1.2875,
      0.645,
      0,
      0.7375,
      0.0925,
      0.8275,
      0.185,
      0.92,
      0.2775,
      1.0125,
      0.3675,
      1.105,
      0.46,
      1.1975,
      0.5525,
      1.2875,
      0.645,
      0,
      0.7375,
      0.0925,
      0.8275,
      0.185,
      0.92,
      0.2775,
      1.0125,
      0.3675,
      1.105,
      0.46,
      1.1975,
      0.5525,
      1.2875,
      0.645,
      0,
      0.7375,
      0.0925,
      0.8275,
      0.185,
      0.92,
      0.2775,
      1.0125,
      0.3675,
      1.105,
      0.46,
      1.1975,
      0.5525,
      1.2875,
      0.645
    ],
    "SoftwareVersions": "syngo_MR_E11",
    "SpacingBetweenSlices": 2.5,
    "StationName": "FBMTMR1",
    "TaskName": "soccer",
    "TotalReadoutTime": 0.0313497,
    "TxRefAmp": 338.478,
    "acq_id": "multiband",
    "dataset": "ds002878",
    "modality": "bold",
    "session_id": "1",
    "subject_id": "094BPAF1211006",
    "task_id": "soccer"
  },
  "dummy_trs": 0,
  "dvars_nstd": 41.156614531393444,
  "dvars_std": 1.3470708977517567,
  "dvars_vstd": 0.9849890533723645,
  "efc": 0.4470767525596379,
  "fber": 21539.052734375,
  "fd_mean": 0.16589572851708959,
  "fd_num": 200,
  "fd_perc": 23.391812865497077,
  "fwhm_avg": 1.751284,
  "fwhm_x": 1.6263280000000002,
  "fwhm_y": 1.886704,
  "fwhm_z": 1.74082,
  "gcor": 0.010942,
  "gsr_x": -0.01584281027317047,
  "gsr_y": 0.029009439051151276,
  "provenance": {
    "md5sum": "00011a6982992b68c0d41b77d1900f9e",
    "settings": {
      "fd_thres": 0.2,
      "testing": false
    },
    "software": "mriqc",
    "version": "22.0.6",
    "webapi_port": null,
    "webapi_url": "https://mriqc.nimh.nih.gov/api/v1"
  },
  "size_t": 855,
  "size_x": 96,
  "size_y": 96,
  "size_z": 60,
  "snr": 6.276416314532043,
  "spacing_tr": 1.399999976158142,
  "spacing_x": 2.5,
  "spacing_y": 2.5,
  "spacing_z": 2.5,
  "summary_bg_k": 28.28789108547008,
  "summary_bg_mad": 32.5600246507556,
  "summary_bg_mean": 209.0516815185547,
  "summary_bg_median": 39.22806930541992,
  "summary_bg_n": 395734.0,
  "summary_bg_p05": 14.382455825805664,
  "summary_bg_p95": 1100.0425231933589,
  "summary_bg_stdv": 473.87506103515625,
  "summary_fg_k": 1.9642406366109126,
  "summary_fg_mad": 868.5109857372938,
  "summary_fg_mean": 5774.22265625,
  "summary_fg_median": 5703.2060546875,
  "summary_fg_n": 85538.0,
  "summary_fg_p05": 4550.902319335937,
  "summary_fg_p95": 7291.82431640625,
  "summary_fg_stdv": 908.6670532226562,
  "tsnr": 42.71793554141186
}