{
  "aor": 0.0009803850509626274,
  "aqi": 0.014994671223103056,
  "bids_meta": {
    "AcquisitionMatrixPE": 96,
    "AcquisitionNumber": 1,
    "AcquisitionTime": "10:19:2.365000",
    "BandwidthPerPixelPhaseEncode": 31.566,
    "BaseResolution": 96,
    "BodyPartExamined": "HEAD",
    "CogAtlasID": "TODO",
    "ConsistencyInfo": "N4_VE11C_LATEST_20160120",
    "ConversionSoftware": "dcm2niix",
    "ConversionSoftwareVersion": "v1.0.20180622 GCC7.3.0",
    "DerivedVendorReportedEchoSpacing": 0.000659993,
    "DeviceSerialNumber": "45250",
    "DwellTime": 2.9e-06,
    "EchoTime": 0.03,
    "EchoTrainLength": 48,
    "EffectiveEchoSpacing": 0.000329996,
    "FlipAngle": 65,
    "ImageComments": "Unaliased_MB4_PE4_LB_D",
    "ImageOrientationPatientDICOM": [
      0.996675,
      0.00778746,
      -0.0811103,
      -0.0382884,
      0.923441,
      -0.381824
    ],
    "ImageType": [
      "ORIGINAL",
      "PRIMARY",
      "M",
      "MB",
      "ND",
      "NORM",
      "MOSAIC"
    ],
    "InPlanePhaseEncodingDirectionDICOM": "COL",
    "InstitutionAddress": "Kopernikusstr._26_Graz_Graz_AT_8010",
    "InstitutionName": "KFU",
    "InstitutionalDepartmentName": "Department",
    "MRAcquisitionType": "2D",
    "MagneticFieldStrength": 3,
    "Manufacturer": "Siemens",
    "ManufacturersModelName": "Skyra",
    "Modality": "MR",
    "MultibandAccelerationFactor": 4,
    "ParallelReductionFactorInPlane": 2,
    "PartialFourier": 1,
    "PatientPosition": "HFS",
    "PercentPhaseFOV": 100,
    "PhaseEncodingDirection": "j",
    "PhaseEncodingSteps": 96,
    "PhaseResolution": 1,
    "PixelBandwidth": 1795,
    "ProcedureStepDescription": "BioPsy_2018",
    "ProtocolName": "func_task-soccer_acq-multiband_soccer",
    "PulseSequenceDetails": "%CustomerSeq%_cmrr_mbep2d_bold",
    "ReceiveCoilActiveElements": "HEA;HEP",
    "ReceiveCoilName": "Head_32",
    "ReconMatrixPE": 96,
    "RepetitionTime": 1.4,
    "SAR": 0.0913942,
    "ScanOptions": "FS_EXT",
    "ScanningSequence": "EP",
    "SequenceName": "epfid2d1_96",
    "SequenceVariant": "SK_SS",
    "SeriesDescription": "func_task-soccer_acq-multiband_soccer",
    "SeriesNumber": 13,
    "ShimSetting": [
      -1078,
      -3045,
      -3981,
      867,
      1134,
      904,
      340,
      -849
    ],
    "SliceThickness": 2.5,
    "SliceTiming": [
      0,
      0.7375,
      0.0925,
      0.8275,
      0.185,
      0.92,
      0.2775,
      1.0125,
      0.3675,
      1.105,
      0.46,
      1.1975,
      0.5525,
      1.2875,
      0.645,
      0,
      0.7375,
      0.0925,
      0.8275,
      0.185,
      0.92,
      0.2775,
      1.0125,
      0.3675,
      1.105,
      0.46,
      1.1975,
      0.5525,
      1.2875,
      0.645,
      0,
      0.7375,
      0.0925,
      0.8275,
      0.185,
      0.92,
      0.2775,
      1.0125,
      0.3675,
      1.105,
      0.46,
      1.1975,
      0.5525,
      1.2875,
      0.645,
      0,
      0.7375,
      0.0925,
      0.8275,
      0.185,
      0.92,
      0.2775,
      1.0125,
      0.3675,
      1.105,
      0.46,
      1.1975,
      0.5525,
      1.2875,
      0.645
    ],
    "SoftwareVersions": "syngo_MR_E11",
    "SpacingBetweenSlices": 2.5,
    "StationName": "FBMTMR1",
    "TaskName": "soccer",
    "TotalReadoutTime": 0.0313497,
    "TxRefAmp": 337.289,
    "acq_id": "multiband",
    "dataset": "ds002878",
    "modality": "bold",
    "session_id": "1",
    "subject_id": "094BPAF1221030",
    "task_id": "soccer"
  },
  "dummy_trs": 0,
  "dvars_nstd": 38.644709018503384,
  "dvars_std": 1.3823128252267585,
  "dvars_vstd": 0.9943878863605439,
  "efc": 0.43230047850811043,
  "fber": 24130.939453125,
  "fd_mean": 0.17855173525842208,
  "fd_num": 267,
  "fd_perc": 30.237825594563986,
  "fwhm_avg": 1.768152055862432,
  "fwhm_x": 1.68264,
  "fwhm_y": 1.864536,
  "fwhm_z": 1.7572801675872964,
  "gcor": 0.0157412,
  "gsr_x": -0.009143722243607044,
  "gsr_y": 0.016249163076281548,
  "provenance": {
    "md5sum": "3752a6cedffe274134e77f7e37fe47b8",
    "settings": {
      "fd_thres": 0.2,
      "testing": false
    },
    "software": "mriqc",
    "version": "22.0.6",
    "webapi_port": null,
    "webapi_url": "https://mriqc.nimh.nih.gov/api/v1"
  },
  "size_t": 883,
  "size_x": 96,
  "size_y": 96,
  "size_z": 60,
  "snr": 6.455825588741583,
  "spacing_tr": 1.399999976158142,
  "spacing_x": 2.5,
  "spacing_y": 2.5,
  "spacing_z": 2.499999761581421,
  "summary_bg_k": 22.286153684098757,
  "summary_bg_mad": 32.36874959952475,
  "summary_bg_mean": 238.08274841308594,
  "summary_bg_median": 39.34541320800781,
  "summary_bg_n": 406389.0,
  "summary_bg_p05": 13.622876167297363,
  "summary_bg_p95": 1395.4493164062494,
  "summary_bg_stdv": 583.3517456054688,
  "summary_fg_k": 2.4364851529109144,
  "summary_fg_mad": 878.922139939168,
  "summary_fg_mean": 6084.21875,
  "summary_fg_median": 6039.0048828125,
  "summary_fg_n": 76470.0,
  "summary_fg_p05": 4817.041479492187,
  "summary_fg_p95": 7614.0212890625,
  "summary_fg_stdv": 935.4288330078125,
  "tsnr": 45.25835191295482
}