{
  "aor": 0.0009498738532110092,
  "aqi": 0.021472249655963303,
  "bids_meta": {
    "AcquisitionMatrixPE": 96,
    "AcquisitionNumber": 1,
    "AcquisitionTime": "11:06:44.962500",
    "BandwidthPerPixelPhaseEncode": 31.566,
    "BaseResolution": 96,
    "BodyPartExamined": "HEAD",
    "CogAtlasID": "TODO",
    "ConsistencyInfo": "N4_VE11C_LATEST_20160120",
    "ConversionSoftware": "dcm2niix",
    "ConversionSoftwareVersion": "v1.0.20180622 GCC7.3.0",
    "DerivedVendorReportedEchoSpacing": 0.000659993,
    "DeviceSerialNumber": "45250",
    "DwellTime": 2.9e-06,
    "EchoTime": 0.03,
    "EchoTrainLength": 48,
    "EffectiveEchoSpacing": 0.000329996,
    "FlipAngle": 65,
    "ImageComments": "Unaliased_MB4_PE4_LB_D",
    "ImageOrientationPatientDICOM": [
      0.997074,
      0.0755111,
      0.0118549,
      -0.064478,
      0.914203,
      -0.400095
    ],
    "ImageType": [
      "ORIGINAL",
      "PRIMARY",
      "M",
      "MB",
      "ND",
      "NORM",
      "MOSAIC"
    ],
    "InPlanePhaseEncodingDirectionDICOM": "COL",
    "InstitutionAddress": "Kopernikusstr._26_Graz_Graz_AT_8010",
    "InstitutionName": "KFU",
    "InstitutionalDepartmentName": "Department",
    "MRAcquisitionType": "2D",
    "MagneticFieldStrength": 3,
    "Manufacturer": "Siemens",
    "ManufacturersModelName": "Skyra",
    "Modality": "MR",
    "MultibandAccelerationFactor": 4,
    "ParallelReductionFactorInPlane": 2,
    "PartialFourier": 1,
    "PatientPosition": "HFS",
    "PercentPhaseFOV": 100,
    "PhaseEncodingDirection": "j",
    "PhaseEncodingSteps": 96,
    "PhaseResolution": 1,
    "PixelBandwidth": 1795,
    "ProcedureStepDescription": "BioPsy_2018",
    "ProtocolName": "func_task-soccer_acq-multiband_soccer",
    "PulseSequenceDetails": "%CustomerSeq%_cmrr_mbep2d_bold",
    "ReceiveCoilActiveElements": "HEA;HEP",
    "ReceiveCoilName": "Head_32",
    "ReconMatrixPE": 96,
    "RepetitionTime": 1.4,
    "SAR": 0.0874401,
    "ScanOptions": "FS_EXT",
    "ScanningSequence": "EP",
    "SequenceName": "epfid2d1_96",
    "SequenceVariant": "SK_SS",
    "SeriesDescription": "func_task-soccer_acq-multiband_soccer",
    "SeriesNumber": 13,
    "ShimSetting": [
      -1125,
      -3051,
      -4031,
      780,
      841,
      1076,
      210,
      -790
    ],
    "SliceThickness": 2.5,
    "SliceTiming": [
      0,
      0.735,
      0.0925,
      0.8275,
      0.1825,
      0.92,
      0.275,
      1.0125,
      0.3675,
      1.1025,
      0.46,
      1.195,
      0.5525,
      1.2875,
      0.6425,
      0,
      0.735,
      0.0925,
      0.8275,
      0.1825,
      0.92,
      0.275,
      1.0125,
      0.3675,
      1.1025,
      0.46,
      1.195,
      0.5525,
      1.2875,
      0.6425,
      0,
      0.735,
      0.0925,
      0.8275,
      0.1825,
      0.92,
      0.275,
      1.0125,
      0.3675,
      1.1025,
      0.46,
      1.195,
      0.5525,
      1.2875,
      0.6425,
      0,
      0.735,
      0.0925,
      0.8275,
      0.1825,
      0.92,
      0.275,
      1.0125,
      0.3675,
      1.1025,
      0.46,
      1.195,
      0.5525,
      1.2875,
      0.6425
    ],
    "SoftwareVersions": "syngo_MR_E11",
    "SpacingBetweenSlices": 2.5,
    "StationName": "FBMTMR1",
    "TaskName": "soccer",
    "TotalReadoutTime": 0.0313497,
    "TxRefAmp": 338.649,
    "acq_id": "multiband",
    "dataset": "ds002878",
    "modality": "bold",
    "session_id": "1",
    "subject_id": "094BPAF1211018",
    "task_id": "soccer"
  },
  "dummy_trs": 0,
  "dvars_nstd": 33.050938572215834,
  "dvars_std": 1.181154386394949,
  "dvars_vstd": 0.9885554110332959,
  "efc": 0.4227206972466585,
  "fber": 25415.921875,
  "fd_mean": 0.213943756680781,
  "fd_num": 338,
  "fd_perc": 38.76146788990825,
  "fwhm_avg": 1.763308,
  "fwhm_x": 1.6673559999999998,
  "fwhm_y": 1.8749559999999998,
  "fwhm_z": 1.7476120000000002,
  "gcor": 0.0203368,
  "gsr_x": -0.009194341488182545,
  "gsr_y": 0.01631935127079487,
  "provenance": {
    "md5sum": "912ec144c64601de4f534371393b6a3d",
    "settings": {
      "fd_thres": 0.2,
      "testing": false
    },
    "software": "mriqc",
    "version": "22.0.6",
    "webapi_port": null,
    "webapi_url": "https://mriqc.nimh.nih.gov/api/v1"
  },
  "size_t": 872,
  "size_x": 96,
  "size_y": 96,
  "size_z": 60,
  "snr": 6.916942041507466,
  "spacing_tr": 1.399999976158142,
  "spacing_x": 2.5,
  "spacing_y": 2.5,
  "spacing_z": 2.5,
  "summary_bg_k": 38.84724137476264,
  "summary_bg_mad": 25.55788729926303,
  "summary_bg_mean": 171.05296325683594,
  "summary_bg_median": 33.25,
  "summary_bg_n": 406747.0,
  "summary_bg_p05": 13.108943939208984,
  "summary_bg_p95": 893.2401062011664,
  "summary_bg_stdv": 438.6829833984375,
  "summary_fg_k": 2.975909773123603,
  "summary_fg_mad": 701.8137945015283,
  "summary_fg_mean": 5251.087890625,
  "summary_fg_median": 5215.890625,
  "summary_fg_n": 76256.0,
  "summary_fg_p05": 4225.9462890625,
  "summary_fg_p95": 6478.5587158203125,
  "summary_fg_stdv": 754.0697021484375,
  "tsnr": 39.754444188438356
}