{
  "aor": 0.00033705636743215026,
  "aqi": 0.019876603235908143,
  "bids_meta": {
    "AcquisitionMatrixPE": 96,
    "AcquisitionNumber": 1,
    "AcquisitionTime": "10:27:27.325000",
    "BandwidthPerPixelPhaseEncode": 31.566,
    "BaseResolution": 96,
    "BodyPartExamined": "HEAD",
    "CogAtlasID": "TODO",
    "ConsistencyInfo": "N4_VE11C_LATEST_20160120",
    "ConversionSoftware": "dcm2niix",
    "ConversionSoftwareVersion": "v1.0.20180622 GCC7.3.0",
    "DerivedVendorReportedEchoSpacing": 0.000659993,
    "DeviceSerialNumber": "45250",
    "DwellTime": 2.9e-06,
    "EchoTime": 0.03,
    "EchoTrainLength": 48,
    "EffectiveEchoSpacing": 0.000329996,
    "FlipAngle": 65,
    "ImageComments": "Unaliased_MB4_PE4_LB_D",
    "ImageOrientationPatientDICOM": [
      0.99862,
      -0.0510855,
      -0.0122003,
      0.0453471,
      0.955812,
      -0.290459
    ],
    "ImageType": [
      "ORIGINAL",
      "PRIMARY",
      "M",
      "MB",
      "ND",
      "NORM",
      "MOSAIC"
    ],
    "InPlanePhaseEncodingDirectionDICOM": "COL",
    "InstitutionAddress": "Kopernikusstr._26_Graz_Graz_AT_8010",
    "InstitutionName": "KFU",
    "InstitutionalDepartmentName": "Department",
    "MRAcquisitionType": "2D",
    "MagneticFieldStrength": 3,
    "Manufacturer": "Siemens",
    "ManufacturersModelName": "Skyra",
    "Modality": "MR",
    "MultibandAccelerationFactor": 4,
    "ParallelReductionFactorInPlane": 2,
    "PartialFourier": 1,
    "PatientPosition": "HFS",
    "PercentPhaseFOV": 100,
    "PhaseEncodingDirection": "j",
    "PhaseEncodingSteps": 96,
    "PhaseResolution": 1,
    "PixelBandwidth": 1795,
    "ProcedureStepDescription": "BioPsy_2018",
    "ProtocolName": "func_task-soccer_acq-multiband_soccer",
    "PulseSequenceDetails": "%CustomerSeq%_cmrr_mbep2d_bold",
    "ReceiveCoilActiveElements": "HEA;HEP",
    "ReceiveCoilName": "Head_32",
    "ReconMatrixPE": 96,
    "RepetitionTime": 1.4,
    "SAR": 0.0849184,
    "ScanOptions": "FS_EXT",
    "ScanningSequence": "EP",
    "SequenceName": "epfid2d1_96",
    "SequenceVariant": "SK_SS",
    "SeriesDescription": "func_task-soccer_acq-multiband_soccer",
    "SeriesNumber": 17,
    "ShimSetting": [
      -1082,
      -3019,
      -4247,
      657,
      1041,
      857,
      -63,
      -765
    ],
    "SliceThickness": 2.5,
    "SliceTiming": [
      0,
      0.735,
      0.0925,
      0.8275,
      0.185,
      0.92,
      0.275,
      1.0125,
      0.3675,
      1.1025,
      0.46,
      1.195,
      0.5525,
      1.2875,
      0.645,
      0,
      0.735,
      0.0925,
      0.8275,
      0.185,
      0.92,
      0.275,
      1.0125,
      0.3675,
      1.1025,
      0.46,
      1.195,
      0.5525,
      1.2875,
      0.645,
      0,
      0.735,
      0.0925,
      0.8275,
      0.185,
      0.92,
      0.275,
      1.0125,
      0.3675,
      1.1025,
      0.46,
      1.195,
      0.5525,
      1.2875,
      0.645,
      0,
      0.735,
      0.0925,
      0.8275,
      0.185,
      0.92,
      0.275,
      1.0125,
      0.3675,
      1.1025,
      0.46,
      1.195,
      0.5525,
      1.2875,
      0.645
    ],
    "SoftwareVersions": "syngo_MR_E11",
    "SpacingBetweenSlices": 2.5,
    "StationName": "FBMTMR1",
    "TaskName": "soccer",
    "TotalReadoutTime": 0.0313497,
    "TxRefAmp": 330.585,
    "acq_id": "multiband",
    "dataset": "ds002878",
    "modality": "bold",
    "session_id": "1",
    "subject_id": "094BPAF1211004",
    "task_id": "soccer"
  },
  "dummy_trs": 0,
  "dvars_nstd": 34.417052716395006,
  "dvars_std": 1.2845559484117046,
  "dvars_vstd": 0.9827507473040742,
  "efc": 0.44638585663352276,
  "fber": 21998.931640625,
  "fd_mean": 0.12404680038651844,
  "fd_num": 129,
  "fd_perc": 13.465553235908143,
  "fwhm_avg": 1.8052173333333332,
  "fwhm_x": 1.7044039999999998,
  "fwhm_y": 1.9780280000000001,
  "fwhm_z": 1.73322,
  "gcor": 0.0156288,
  "gsr_x": -0.007216894067823887,
  "gsr_y": 0.019395729526877403,
  "provenance": {
    "md5sum": "a1321fb13e13cc7bbdfba65a831d9be5",
    "settings": {
      "fd_thres": 0.2,
      "testing": false
    },
    "software": "mriqc",
    "version": "22.0.6",
    "webapi_port": null,
    "webapi_url": "https://mriqc.nimh.nih.gov/api/v1"
  },
  "size_t": 958,
  "size_x": 96,
  "size_y": 96,
  "size_z": 60,
  "snr": 7.476713454250981,
  "spacing_tr": 1.399999976158142,
  "spacing_x": 2.5,
  "spacing_y": 2.5,
  "spacing_z": 2.5,
  "summary_bg_k": 28.153918033138698,
  "summary_bg_mad": 31.677857553891716,
  "summary_bg_mean": 208.0482940673828,
  "summary_bg_median": 38.75156784057617,
  "summary_bg_n": 396704.0,
  "summary_bg_p05": 14.727558135986328,
  "summary_bg_p95": 1081.7910644531223,
  "summary_bg_stdv": 484.3226013183594,
  "summary_fg_k": 4.324611229803675,
  "summary_fg_mad": 618.3757939158791,
  "summary_fg_mean": 5763.60791015625,
  "summary_fg_median": 5721.67236328125,
  "summary_fg_n": 83314.0,
  "summary_fg_p05": 4735.101000976562,
  "summary_fg_p95": 7017.153295898434,
  "summary_fg_stdv": 765.2611083984375,
  "tsnr": 49.36522830813192
}