{
  "bids_meta": {
    "AcquisitionMatrixPE": 256,
    "AcquisitionNumber": 1,
    "AcquisitionTime": "11:56:35.210000",
    "BaseResolution": 256,
    "BodyPartExamined": "HEAD",
    "ConsistencyInfo": "N4_VE11C_LATEST_20160120",
    "ConversionSoftware": "dcm2niix",
    "ConversionSoftwareVersion": "v1.0.20180622 GCC7.3.0",
    "DeviceSerialNumber": "45250",
    "DwellTime": 9.2e-06,
    "EchoTime": 0.00218,
    "FlipAngle": 8,
    "ImageOrientationPatientDICOM": [
      -0.0654224,
      0.994896,
      0.0768235,
      0.0375293,
      0.0793872,
      -0.996137
    ],
    "ImageType": [
      "ORIGINAL",
      "PRIMARY",
      "M",
      "NORM",
      "DIS3D",
      "DIS2D"
    ],
    "InPlanePhaseEncodingDirectionDICOM": "ROW",
    "InstitutionAddress": "Kopernikusstr._26_Graz_Graz_AT_8010",
    "InstitutionName": "KFU",
    "InstitutionalDepartmentName": "Department",
    "InversionTime": 1,
    "MRAcquisitionType": "3D",
    "MagneticFieldStrength": 3,
    "Manufacturer": "Siemens",
    "ManufacturersModelName": "Skyra",
    "Modality": "MR",
    "ParallelReductionFactorInPlane": 2,
    "PartialFourier": 1,
    "PatientPosition": "HFS",
    "PercentPhaseFOV": 100,
    "PhaseEncodingSteps": 294,
    "PhaseOversampling": 0.15,
    "PhaseResolution": 1,
    "PixelBandwidth": 210,
    "ProcedureStepDescription": "BioPsy_2018",
    "ProtocolName": "anat-T1w",
    "PulseSequenceDetails": "%SiemensSeq%_tfl",
    "ReceiveCoilActiveElements": "HEA;HEP",
    "ReceiveCoilName": "Head_32",
    "ReconMatrixPE": 256,
    "RepetitionTime": 2.2,
    "SAR": 0.0545234,
    "ScanOptions": "IR_WE",
    "ScanningSequence": "GR_IR",
    "SequenceName": "_tfl3d1_16ns",
    "SequenceVariant": "SK_SP_MP_OSP",
    "SeriesDescription": "anat-T1w",
    "SeriesNumber": 5,
    "ShimSetting": [
      -1111,
      -3175,
      -4357,
      362,
      921,
      -15,
      303,
      -945
    ],
    "SliceThickness": 0.88,
    "SoftwareVersions": "syngo_MR_E11",
    "StationName": "FBMTMR1",
    "TxRefAmp": 339.41,
    "dataset": "ds002878",
    "modality": "T1w",
    "session_id": "1",
    "subject_id": "094BPAF1221029"
  },
  "cjv": 0.32119658487789404,
  "cnr": 4.087796643398715,
  "efc": 0.62134201856449,
  "fber": 23134.751799015277,
  "fwhm_avg": 4.462366312988155,
  "fwhm_x": 4.322504653250179,
  "fwhm_y": 4.563714285714286,
  "fwhm_z": 4.50088,
  "icvs_csf": 0.185001201099056,
  "icvs_gm": 0.47699765708209946,
  "icvs_wm": 0.33800114181884455,
  "inu_med": 0.4212105870246887,
  "inu_range": 0.15905579924583435,
  "provenance": {
    "md5sum": "e43605b42a19e52c285151ed87240c6e",
    "settings": {
      "testing": false
    },
    "software": "mriqc",
    "version": "22.0.6",
    "warnings": {
      "large_rot_frame": true,
      "small_air_mask": false
    },
    "webapi_port": null,
    "webapi_url": "https://mriqc.nimh.nih.gov/api/v1"
  },
  "qi_1": 0.0,
  "qi_2": 0.00202190033581269,
  "rpve_csf": 24.083950201050122,
  "rpve_gm": 10.52921797576769,
  "rpve_wm": 16.268393129732633,
  "size_x": 224,
  "size_y": 256,
  "size_z": 256,
  "snr_csf": 2.3942747274658402,
  "snr_gm": 14.553612460516185,
  "snr_total": 14.783894665852388,
  "snr_wm": 27.40379680957514,
  "snrd_csf": 43.317772947438286,
  "snrd_gm": 106.77996676219239,
  "snrd_total": 97.94783772723007,
  "snrd_wm": 143.74577347205954,
  "spacing_x": 0.8800013661384583,
  "spacing_y": 0.875,
  "spacing_z": 0.875,
  "summary_bg_k": 13.505041826807261,
  "summary_bg_mad": 0.0,
  "summary_bg_mean": 2.758060711103242,
  "summary_bg_median": 0.0,
  "summary_bg_n": 2335916.0,
  "summary_bg_p05": 0.0,
  "summary_bg_p95": 11.735377799719572,
  "summary_bg_stdv": 4.557711790596591,
  "summary_csf_k": 0.34923188910655645,
  "summary_csf_mad": 108.36828131456988,
  "summary_csf_mean": 301.2790612903164,
  "summary_csf_median": 301.35697620362043,
  "summary_csf_n": 47473.0,
  "summary_csf_p05": 76.329343059659,
  "summary_csf_p95": 513.96721560359,
  "summary_csf_stdv": 125.86433743257625,
  "summary_gm_k": 0.33548552465991976,
  "summary_gm_mad": 49.12834889711356,
  "summary_gm_mean": 741.4867160217647,
  "summary_gm_median": 742.8564700596035,
  "summary_gm_n": 107685.0,
  "summary_gm_p05": 656.3580340929329,
  "summary_gm_p95": 823.7576717250049,
  "summary_gm_stdv": 51.042517646833545,
  "summary_wm_k": 0.8709911041838869,
  "summary_wm_mad": 33.47282820527255,
  "summary_wm_mean": 999.2024631536171,
  "summary_wm_median": 1000.0235166326165,
  "summary_wm_n": 284935.0,
  "summary_wm_p05": 938.5009749010205,
  "summary_wm_p95": 1057.0847333770243,
  "summary_wm_stdv": 36.492087893974386,
  "tpm_overlap_csf": 0.15229512651444363,
  "tpm_overlap_gm": 0.4819982517908106,
  "tpm_overlap_wm": 0.5153895971022958,
  "wm2max": 0.8744889983835942
}