{
  "aor": 0.0036907176470588237,
  "aqi": 0.015727232470588236,
  "bids_meta": {
    "AcquisitionMatrixPE": 96,
    "AcquisitionNumber": 1,
    "AcquisitionTime": "10:11:42.252500",
    "BandwidthPerPixelPhaseEncode": 31.566,
    "BaseResolution": 96,
    "BodyPartExamined": "HEAD",
    "CogAtlasID": "TODO",
    "ConsistencyInfo": "N4_VE11C_LATEST_20160120",
    "ConversionSoftware": "dcm2niix",
    "ConversionSoftwareVersion": "v1.0.20180622 GCC7.3.0",
    "DerivedVendorReportedEchoSpacing": 0.000659993,
    "DeviceSerialNumber": "45250",
    "DwellTime": 2.9e-06,
    "EchoTime": 0.03,
    "EchoTrainLength": 48,
    "EffectiveEchoSpacing": 0.000329996,
    "FlipAngle": 65,
    "ImageComments": "Unaliased_MB4_PE4_LB_D",
    "ImageOrientationPatientDICOM": [
      0.998829,
      0.0377734,
      -0.030217,
      -0.045706,
      0.941513,
      -0.333862
    ],
    "ImageType": [
      "ORIGINAL",
      "PRIMARY",
      "M",
      "MB",
      "ND",
      "NORM",
      "MOSAIC"
    ],
    "InPlanePhaseEncodingDirectionDICOM": "COL",
    "InstitutionAddress": "Kopernikusstr._26_Graz_Graz_AT_8010",
    "InstitutionName": "KFU",
    "InstitutionalDepartmentName": "Department",
    "MRAcquisitionType": "2D",
    "MagneticFieldStrength": 3,
    "Manufacturer": "Siemens",
    "ManufacturersModelName": "Skyra",
    "Modality": "MR",
    "MultibandAccelerationFactor": 4,
    "ParallelReductionFactorInPlane": 2,
    "PartialFourier": 1,
    "PatientPosition": "HFS",
    "PercentPhaseFOV": 100,
    "PhaseEncodingDirection": "j",
    "PhaseEncodingSteps": 96,
    "PhaseResolution": 1,
    "PixelBandwidth": 1795,
    "ProcedureStepDescription": "BioPsy_2018",
    "ProtocolName": "func_task-soccer_acq-multiband_soccer",
    "PulseSequenceDetails": "%CustomerSeq%_cmrr_mbep2d_bold",
    "ReceiveCoilActiveElements": "HEA;HEP",
    "ReceiveCoilName": "Head_32",
    "ReconMatrixPE": 96,
    "RepetitionTime": 1.4,
    "SAR": 0.0889386,
    "ScanOptions": "FS_EXT",
    "ScanningSequence": "EP",
    "SequenceName": "epfid2d1_96",
    "SequenceVariant": "SK_SS",
    "SeriesDescription": "func_task-soccer_acq-multiband_soccer",
    "SeriesNumber": 13,
    "ShimSetting": [
      -1143,
      -3109,
      -4284,
      407,
      825,
      463,
      289,
      -856
    ],
    "SliceThickness": 2.5,
    "SliceTiming": [
      0,
      0.735,
      0.0925,
      0.8275,
      0.1825,
      0.92,
      0.275,
      1.0125,
      0.3675,
      1.1025,
      0.46,
      1.195,
      0.5525,
      1.2875,
      0.6425,
      0,
      0.735,
      0.0925,
      0.8275,
      0.1825,
      0.92,
      0.275,
      1.0125,
      0.3675,
      1.1025,
      0.46,
      1.195,
      0.5525,
      1.2875,
      0.6425,
      0,
      0.735,
      0.0925,
      0.8275,
      0.1825,
      0.92,
      0.275,
      1.0125,
      0.3675,
      1.1025,
      0.46,
      1.195,
      0.5525,
      1.2875,
      0.6425,
      0,
      0.735,
      0.0925,
      0.8275,
      0.1825,
      0.92,
      0.275,
      1.0125,
      0.3675,
      1.1025,
      0.46,
      1.195,
      0.5525,
      1.2875,
      0.6425
    ],
    "SoftwareVersions": "syngo_MR_E11",
    "SpacingBetweenSlices": 2.5,
    "StationName": "FBMTMR1",
    "TaskName": "soccer",
    "TotalReadoutTime": 0.0313497,
    "TxRefAmp": 350.146,
    "acq_id": "multiband",
    "dataset": "ds002878",
    "modality": "bold",
    "session_id": "1",
    "subject_id": "094BPAF1211012",
    "task_id": "soccer"
  },
  "dummy_trs": 0,
  "dvars_nstd": 36.50556926696116,
  "dvars_std": 1.3205076946054186,
  "dvars_vstd": 1.0610861148881028,
  "efc": 0.4350173337523918,
  "fber": 19426.1484375,
  "fd_mean": 0.18634540033645441,
  "fd_num": 269,
  "fd_perc": 31.647058823529413,
  "fwhm_avg": 1.7403893333333336,
  "fwhm_x": 1.6581839999999999,
  "fwhm_y": 1.883176,
  "fwhm_z": 1.679808,
  "gcor": 0.00935842,
  "gsr_x": -0.01361969392746687,
  "gsr_y": 0.02114551141858101,
  "provenance": {
    "md5sum": "922beeb68f58394ba91fd7aec5f1a4fa",
    "settings": {
      "fd_thres": 0.2,
      "testing": false
    },
    "software": "mriqc",
    "version": "22.0.6",
    "webapi_port": null,
    "webapi_url": "https://mriqc.nimh.nih.gov/api/v1"
  },
  "size_t": 850,
  "size_x": 96,
  "size_y": 96,
  "size_z": 60,
  "snr": 6.162720418460149,
  "spacing_tr": 1.399999976158142,
  "spacing_x": 2.5,
  "spacing_y": 2.5,
  "spacing_z": 2.5,
  "summary_bg_k": 22.740262131070374,
  "summary_bg_mad": 31.558494456427876,
  "summary_bg_mean": 201.03355407714844,
  "summary_bg_median": 37.876468658447266,
  "summary_bg_n": 404707.0,
  "summary_bg_p05": 12.036470413208008,
  "summary_bg_p95": 1073.0912963867183,
  "summary_bg_stdv": 468.310791015625,
  "summary_fg_k": 2.9963702342470366,
  "summary_fg_mad": 714.3775452350071,
  "summary_fg_mean": 5240.4521484375,
  "summary_fg_median": 5186.5517578125,
  "summary_fg_n": 77443.0,
  "summary_fg_p05": 4130.373095703125,
  "summary_fg_p95": 6656.072705078123,
  "summary_fg_stdv": 841.5955810546875,
  "tsnr": 43.30206683836877
}