{
  "aor": 0.0006475595913734393,
  "aqi": 0.029973345856980707,
  "bids_meta": {
    "AcquisitionMatrixPE": 96,
    "AcquisitionNumber": 1,
    "AcquisitionTime": "12:16:28.612500",
    "BandwidthPerPixelPhaseEncode": 31.566,
    "BaseResolution": 96,
    "BodyPartExamined": "HEAD",
    "CogAtlasID": "TODO",
    "ConsistencyInfo": "N4_VE11C_LATEST_20160120",
    "ConversionSoftware": "dcm2niix",
    "ConversionSoftwareVersion": "v1.0.20180622 GCC7.3.0",
    "DerivedVendorReportedEchoSpacing": 0.000659993,
    "DeviceSerialNumber": "45250",
    "DwellTime": 2.9e-06,
    "EchoTime": 0.03,
    "EchoTrainLength": 48,
    "EffectiveEchoSpacing": 0.000329996,
    "FlipAngle": 65,
    "ImageComments": "Unaliased_MB4_PE4_LB_D",
    "ImageOrientationPatientDICOM": [
      0.997245,
      0.054266,
      0.0505701,
      -0.0330821,
      0.935576,
      -0.351572
    ],
    "ImageType": [
      "ORIGINAL",
      "PRIMARY",
      "M",
      "MB",
      "ND",
      "NORM",
      "MOSAIC"
    ],
    "InPlanePhaseEncodingDirectionDICOM": "COL",
    "InstitutionAddress": "Kopernikusstr._26_Graz_Graz_AT_8010",
    "InstitutionName": "KFU",
    "InstitutionalDepartmentName": "Department",
    "MRAcquisitionType": "2D",
    "MagneticFieldStrength": 3,
    "Manufacturer": "Siemens",
    "ManufacturersModelName": "Skyra",
    "Modality": "MR",
    "MultibandAccelerationFactor": 4,
    "ParallelReductionFactorInPlane": 2,
    "PartialFourier": 1,
    "PatientPosition": "HFS",
    "PercentPhaseFOV": 100,
    "PhaseEncodingDirection": "j",
    "PhaseEncodingSteps": 96,
    "PhaseResolution": 1,
    "PixelBandwidth": 1795,
    "ProcedureStepDescription": "BioPsy_2018",
    "ProtocolName": "func_task-soccer_acq-multiband_soccer",
    "PulseSequenceDetails": "%CustomerSeq%_cmrr_mbep2d_bold",
    "ReceiveCoilActiveElements": "HEA;HEP",
    "ReceiveCoilName": "Head_32",
    "ReconMatrixPE": 96,
    "RepetitionTime": 1.4,
    "SAR": 0.0811754,
    "ScanOptions": "FS_EXT",
    "ScanningSequence": "EP",
    "SequenceName": "epfid2d1_96",
    "SequenceVariant": "SK_SS",
    "SeriesDescription": "func_task-soccer_acq-multiband_soccer",
    "SeriesNumber": 13,
    "ShimSetting": [
      -1091,
      -3126,
      -4187,
      599,
      1005,
      321,
      292,
      -889
    ],
    "SliceThickness": 2.5,
    "SliceTiming": [
      0,
      0.735,
      0.0925,
      0.8275,
      0.185,
      0.92,
      0.275,
      1.0125,
      0.3675,
      1.105,
      0.46,
      1.195,
      0.5525,
      1.2875,
      0.645,
      0,
      0.735,
      0.0925,
      0.8275,
      0.185,
      0.92,
      0.275,
      1.0125,
      0.3675,
      1.105,
      0.46,
      1.195,
      0.5525,
      1.2875,
      0.645,
      0,
      0.735,
      0.0925,
      0.8275,
      0.185,
      0.92,
      0.275,
      1.0125,
      0.3675,
      1.105,
      0.46,
      1.195,
      0.5525,
      1.2875,
      0.645,
      0,
      0.735,
      0.0925,
      0.8275,
      0.185,
      0.92,
      0.275,
      1.0125,
      0.3675,
      1.105,
      0.46,
      1.195,
      0.5525,
      1.2875,
      0.645
    ],
    "SoftwareVersions": "syngo_MR_E11",
    "SpacingBetweenSlices": 2.5,
    "StationName": "FBMTMR1",
    "TaskName": "soccer",
    "TotalReadoutTime": 0.0313497,
    "TxRefAmp": 340.51,
    "acq_id": "multiband",
    "dataset": "ds002878",
    "modality": "bold",
    "session_id": "1",
    "subject_id": "094BPAF1221029",
    "task_id": "soccer"
  },
  "dummy_trs": 0,
  "dvars_nstd": 36.08066620184093,
  "dvars_std": 1.2402283847500015,
  "dvars_vstd": 0.9658010438977271,
  "efc": 0.4100265212213022,
  "fber": 20740.9921875,
  "fd_mean": 0.1912509826684975,
  "fd_num": 267,
  "fd_perc": 30.306469920544835,
  "fwhm_avg": 1.7986266666666666,
  "fwhm_x": 1.666988,
  "fwhm_y": 1.955752,
  "fwhm_z": 1.7731400000000002,
  "gcor": 0.00699412,
  "gsr_x": -0.015001334249973297,
  "gsr_y": 0.014524592086672783,
  "provenance": {
    "md5sum": "09add33c861876897f129acf62629fa2",
    "settings": {
      "fd_thres": 0.2,
      "testing": false
    },
    "software": "mriqc",
    "version": "22.0.6",
    "webapi_port": null,
    "webapi_url": "https://mriqc.nimh.nih.gov/api/v1"
  },
  "size_t": 881,
  "size_x": 96,
  "size_y": 96,
  "size_z": 60,
  "snr": 7.0463217514496685,
  "spacing_tr": 1.399999976158142,
  "spacing_x": 2.5,
  "spacing_y": 2.5,
  "spacing_z": 2.5,
  "summary_bg_k": 23.636348935658273,
  "summary_bg_mad": 30.121564670690304,
  "summary_bg_mean": 181.32376098632812,
  "summary_bg_median": 36.39727783203125,
  "summary_bg_n": 418188.0,
  "summary_bg_p05": 11.726448059082031,
  "summary_bg_p95": 977.8944335937499,
  "summary_bg_stdv": 414.7099914550781,
  "summary_fg_k": 5.111827135744104,
  "summary_fg_mad": 605.7526811795108,
  "summary_fg_mean": 5122.73779296875,
  "summary_fg_median": 5123.5693359375,
  "summary_fg_n": 65912.0,
  "summary_fg_p05": 4096.515844726562,
  "summary_fg_p95": 6210.374169921875,
  "summary_fg_stdv": 727.1212768554688,
  "tsnr": 36.113123228773475
}