{
  "bids_meta": {
    "AcquisitionMatrixPE": 256,
    "AcquisitionNumber": 1,
    "AcquisitionTime": "09:47:42.172500",
    "BaseResolution": 256,
    "BodyPartExamined": "HEAD",
    "ConsistencyInfo": "N4_VE11C_LATEST_20160120",
    "ConversionSoftware": "dcm2niix",
    "ConversionSoftwareVersion": "v1.0.20180622 GCC7.3.0",
    "DeviceSerialNumber": "45250",
    "DwellTime": 9.2e-06,
    "EchoTime": 0.00218,
    "FlipAngle": 8,
    "ImageOrientationPatientDICOM": [
      -0.00696104,
      0.997814,
      0.0657158,
      -0.0334642,
      0.0654481,
      -0.997295
    ],
    "ImageType": [
      "ORIGINAL",
      "PRIMARY",
      "M",
      "NORM",
      "DIS3D",
      "DIS2D"
    ],
    "InPlanePhaseEncodingDirectionDICOM": "ROW",
    "InstitutionAddress": "Kopernikusstr._26_Graz_Graz_AT_8010",
    "InstitutionName": "KFU",
    "InstitutionalDepartmentName": "Department",
    "InversionTime": 1,
    "MRAcquisitionType": "3D",
    "MagneticFieldStrength": 3,
    "Manufacturer": "Siemens",
    "ManufacturersModelName": "Skyra",
    "Modality": "MR",
    "ParallelReductionFactorInPlane": 2,
    "PartialFourier": 1,
    "PatientPosition": "HFS",
    "PercentPhaseFOV": 100,
    "PhaseEncodingSteps": 294,
    "PhaseOversampling": 0.15,
    "PhaseResolution": 1,
    "PixelBandwidth": 210,
    "ProcedureStepDescription": "BioPsy_2018",
    "ProtocolName": "anat-T1w",
    "PulseSequenceDetails": "%SiemensSeq%_tfl",
    "ReceiveCoilActiveElements": "HEA;HEP",
    "ReceiveCoilName": "Head_32",
    "ReconMatrixPE": 256,
    "RepetitionTime": 2.2,
    "SAR": 0.0624838,
    "ScanOptions": "IR_WE",
    "ScanningSequence": "GR_IR",
    "SequenceName": "_tfl3d1_16ns",
    "SequenceVariant": "SK_SP_MP_OSP",
    "SeriesDescription": "anat-T1w",
    "SeriesNumber": 5,
    "ShimSetting": [
      -1110,
      -3106,
      -4301,
      495,
      989,
      404,
      161,
      -995
    ],
    "SliceThickness": 0.88,
    "SoftwareVersions": "syngo_MR_E11",
    "StationName": "FBMTMR1",
    "TxRefAmp": 338.792,
    "dataset": "ds002878",
    "modality": "T1w",
    "session_id": "1",
    "subject_id": "094BPAF1221027"
  },
  "cjv": 0.3464737406169295,
  "cnr": 3.9420296844173652,
  "efc": 0.6097196642345054,
  "fber": 26301.313024632946,
  "fwhm_avg": 4.547556268853821,
  "fwhm_x": 4.360703092275749,
  "fwhm_y": 4.722274285714286,
  "fwhm_z": 4.559691428571429,
  "icvs_csf": 0.19202456213801458,
  "icvs_gm": 0.454154555612512,
  "icvs_wm": 0.3538208822494734,
  "inu_med": 0.4189455211162567,
  "inu_range": 0.1430735155940056,
  "provenance": {
    "md5sum": "c6e4819a70ba0a178307cb44f85ff0d4",
    "settings": {
      "testing": false
    },
    "software": "mriqc",
    "version": "22.0.6",
    "warnings": {
      "large_rot_frame": true,
      "small_air_mask": false
    },
    "webapi_port": null,
    "webapi_url": "https://mriqc.nimh.nih.gov/api/v1"
  },
  "qi_1": 0.0,
  "qi_2": 0.002525468733315618,
  "rpve_csf": 23.12489024868497,
  "rpve_gm": 10.701490856946469,
  "rpve_wm": 15.463951091614021,
  "size_x": 224,
  "size_y": 256,
  "size_z": 256,
  "snr_csf": 2.6913432134021926,
  "snr_gm": 14.340044859101143,
  "snr_total": 14.562907138409443,
  "snr_wm": 26.657333342724993,
  "snrd_csf": 28.20429305210821,
  "snrd_gm": 70.37149575037206,
  "snrd_total": 64.3130572391094,
  "snrd_wm": 94.36338291484793,
  "spacing_x": 0.8800002932548523,
  "spacing_y": 0.875,
  "spacing_z": 0.875,
  "summary_bg_k": 5.936661409739321,
  "summary_bg_mad": 0.0,
  "summary_bg_mean": 4.241939363222672,
  "summary_bg_median": 0.0,
  "summary_bg_n": 2387352.0,
  "summary_bg_p05": 0.0,
  "summary_bg_p95": 19.61925369501114,
  "summary_bg_stdv": 6.9429859209227756,
  "summary_csf_k": 0.6642447218028833,
  "summary_csf_mad": 85.66036691646264,
  "summary_csf_mean": 301.97579810715536,
  "summary_csf_median": 298.90265534073114,
  "summary_csf_n": 57898.0,
  "summary_csf_p05": 96.58429738786076,
  "summary_csf_p95": 494.430132843554,
  "summary_csf_stdv": 111.05981301626916,
  "summary_gm_k": 0.04681918201444368,
  "summary_gm_mad": 52.289799516991756,
  "summary_gm_mean": 744.5613374865156,
  "summary_gm_median": 745.7810377031565,
  "summary_gm_n": 88570.0,
  "summary_gm_p05": 658.0347568765283,
  "summary_gm_p95": 827.7496145814657,
  "summary_gm_stdv": 52.006589581608125,
  "summary_wm_k": 0.5572115084975362,
  "summary_wm_mad": 35.804800847816395,
  "summary_wm_mean": 999.9671279674196,
  "summary_wm_median": 1000.0415776446462,
  "summary_wm_n": 306760.0,
  "summary_wm_p05": 938.7314098477364,
  "summary_wm_p95": 1061.434877872467,
  "summary_wm_stdv": 37.51462814301917,
  "tpm_overlap_csf": 0.16379515677282144,
  "tpm_overlap_gm": 0.4759169983669473,
  "tpm_overlap_wm": 0.5062846723029951,
  "wm2max": 0.8539741401374411
}