{
  "bids_meta": {
    "AcquisitionMatrixPE": 256,
    "AcquisitionNumber": 1,
    "AcquisitionTime": "08:58:37.170000",
    "BaseResolution": 256,
    "BodyPartExamined": "HEAD",
    "ConsistencyInfo": "N4_VE11C_LATEST_20160120",
    "ConversionSoftware": "dcm2niix",
    "ConversionSoftwareVersion": "v1.0.20180622 GCC7.3.0",
    "DeviceSerialNumber": "45250",
    "DwellTime": 9.2e-06,
    "EchoTime": 0.00218,
    "FlipAngle": 8,
    "ImageOrientationPatientDICOM": [
      0.0364271,
      0.980629,
      0.192455,
      0.0340111,
      0.191255,
      -0.980951
    ],
    "ImageType": [
      "ORIGINAL",
      "PRIMARY",
      "M",
      "NORM",
      "DIS3D",
      "DIS2D"
    ],
    "InPlanePhaseEncodingDirectionDICOM": "ROW",
    "InstitutionAddress": "Kopernikusstr._26_Graz_Graz_AT_8010",
    "InstitutionName": "KFU",
    "InstitutionalDepartmentName": "Department",
    "InversionTime": 1,
    "MRAcquisitionType": "3D",
    "MagneticFieldStrength": 3,
    "Manufacturer": "Siemens",
    "ManufacturersModelName": "Skyra",
    "Modality": "MR",
    "ParallelReductionFactorInPlane": 2,
    "PartialFourier": 1,
    "PatientPosition": "HFS",
    "PercentPhaseFOV": 100,
    "PhaseEncodingSteps": 294,
    "PhaseOversampling": 0.15,
    "PhaseResolution": 1,
    "PixelBandwidth": 210,
    "ProcedureStepDescription": "BioPsy_2018",
    "ProtocolName": "anat-T1w",
    "PulseSequenceDetails": "%SiemensSeq%_tfl",
    "ReceiveCoilActiveElements": "HEA;HEP",
    "ReceiveCoilName": "Head_32",
    "ReconMatrixPE": 256,
    "RepetitionTime": 2.2,
    "SAR": 0.0532761,
    "ScanOptions": "IR_WE",
    "ScanningSequence": "GR_IR",
    "SequenceName": "_tfl3d1_16ns",
    "SequenceVariant": "SK_SP_MP_OSP",
    "SeriesDescription": "anat-T1w",
    "SeriesNumber": 5,
    "ShimSetting": [
      -1114,
      -3146,
      -4286,
      522,
      970,
      173,
      -62,
      -848
    ],
    "SliceThickness": 0.88,
    "SoftwareVersions": "syngo_MR_E11",
    "StationName": "FBMTMR1",
    "TxRefAmp": 326.411,
    "dataset": "ds002878",
    "modality": "T1w",
    "session_id": "1",
    "subject_id": "094BPAF1211011"
  },
  "cjv": 0.31689701208312815,
  "cnr": 4.162108153793843,
  "efc": 0.6117598648467213,
  "fber": 29814.471222238353,
  "fwhm_avg": 4.612448999946853,
  "fwhm_x": 4.484706999840558,
  "fwhm_y": 4.697851428571428,
  "fwhm_z": 4.654788571428571,
  "icvs_csf": 0.2215874956619828,
  "icvs_gm": 0.4482487694422043,
  "icvs_wm": 0.33016373489581285,
  "inu_med": 0.4310552328824997,
  "inu_range": 0.1518746316432953,
  "provenance": {
    "md5sum": "3c556967511d6ad8d7a5a06fcee8c61b",
    "settings": {
      "testing": false
    },
    "software": "mriqc",
    "version": "22.0.6",
    "warnings": {
      "large_rot_frame": true,
      "small_air_mask": false
    },
    "webapi_port": null,
    "webapi_url": "https://mriqc.nimh.nih.gov/api/v1"
  },
  "qi_1": 0.0,
  "qi_2": 0.002286738287791975,
  "rpve_csf": 20.229922833308553,
  "rpve_gm": 10.625659396058296,
  "rpve_wm": 16.27430873220934,
  "size_x": 224,
  "size_y": 256,
  "size_z": 256,
  "snr_csf": 2.8272749321811594,
  "snr_gm": 15.119764216021679,
  "snr_total": 15.703181827355827,
  "snr_wm": 29.162506333864645,
  "snrd_csf": 53.254340795578,
  "snrd_gm": 133.50686712355778,
  "snrd_total": 121.68385150056376,
  "snrd_wm": 178.2903465825555,
  "spacing_x": 0.8799995183944702,
  "spacing_y": 0.875,
  "spacing_z": 0.875,
  "summary_bg_k": 14.869481100684371,
  "summary_bg_mad": 0.0,
  "summary_bg_mean": 2.145643264630413,
  "summary_bg_median": 0.0,
  "summary_bg_n": 2124895.0,
  "summary_bg_p05": 0.0,
  "summary_bg_p95": 9.156626872718334,
  "summary_bg_stdv": 3.67470893055025,
  "summary_csf_k": 0.7544178816106974,
  "summary_csf_mad": 84.86395952022565,
  "summary_csf_mean": 308.1090901306468,
  "summary_csf_median": 298.70756946504116,
  "summary_csf_n": 79325.0,
  "summary_csf_p05": 125.45455047860742,
  "summary_csf_p95": 497.6122871786356,
  "summary_csf_stdv": 105.65144664589046,
  "summary_gm_k": 0.26249528519592547,
  "summary_gm_mad": 47.61215639366659,
  "summary_gm_mean": 747.0517768540583,
  "summary_gm_median": 748.8499752245843,
  "summary_gm_n": 86049.0,
  "summary_gm_p05": 663.1544624827802,
  "summary_gm_p95": 825.9146004356444,
  "summary_gm_stdv": 49.52759932054564,
  "summary_wm_k": 0.5891325098519444,
  "summary_wm_mad": 31.99043250188376,
  "summary_wm_mean": 1000.0825278473251,
  "summary_wm_median": 1000.0438516587019,
  "summary_wm_n": 294098.0,
  "summary_wm_p05": 943.9211769029498,
  "summary_wm_p95": 1056.7360773682594,
  "summary_wm_stdv": 34.292050896457006,
  "tpm_overlap_csf": 0.14570667675121302,
  "tpm_overlap_gm": 0.46518031601668325,
  "tpm_overlap_wm": 0.49067054872313304,
  "wm2max": 0.8824370819963661
}