{
  "aor": 0.000493021505376344,
  "aqi": 0.02196814387096774,
  "bids_meta": {
    "AcquisitionMatrixPE": 96,
    "AcquisitionNumber": 1,
    "AcquisitionTime": "10:14:21.302500",
    "BandwidthPerPixelPhaseEncode": 31.566,
    "BaseResolution": 96,
    "BodyPartExamined": "HEAD",
    "CogAtlasID": "TODO",
    "ConsistencyInfo": "N4_VE11C_LATEST_20160120",
    "ConversionSoftware": "dcm2niix",
    "ConversionSoftwareVersion": "v1.0.20180622 GCC7.3.0",
    "DerivedVendorReportedEchoSpacing": 0.000659993,
    "DeviceSerialNumber": "45250",
    "DwellTime": 2.9e-06,
    "EchoTime": 0.03,
    "EchoTrainLength": 48,
    "EffectiveEchoSpacing": 0.000329996,
    "FlipAngle": 65,
    "ImageComments": "Unaliased_MB4_PE4_LB_D",
    "ImageOrientationPatientDICOM": [
      0.999929,
      -0.00148342,
      -0.0117837,
      -0.00296692,
      0.929513,
      -0.368778
    ],
    "ImageType": [
      "ORIGINAL",
      "PRIMARY",
      "M",
      "MB",
      "ND",
      "NORM",
      "MOSAIC"
    ],
    "InPlanePhaseEncodingDirectionDICOM": "COL",
    "InstitutionAddress": "Kopernikusstr._26_Graz_Graz_AT_8010",
    "InstitutionName": "KFU",
    "InstitutionalDepartmentName": "Department",
    "MRAcquisitionType": "2D",
    "MagneticFieldStrength": 3,
    "Manufacturer": "Siemens",
    "ManufacturersModelName": "Skyra",
    "Modality": "MR",
    "MultibandAccelerationFactor": 4,
    "ParallelReductionFactorInPlane": 2,
    "PartialFourier": 1,
    "PatientPosition": "HFS",
    "PercentPhaseFOV": 100,
    "PhaseEncodingDirection": "j",
    "PhaseEncodingSteps": 96,
    "PhaseResolution": 1,
    "PixelBandwidth": 1795,
    "ProcedureStepDescription": "BioPsy_2018",
    "ProtocolName": "func_task-soccer_acq-multiband_soccer",
    "PulseSequenceDetails": "%CustomerSeq%_cmrr_mbep2d_bold",
    "ReceiveCoilActiveElements": "HEA;HEP",
    "ReceiveCoilName": "Head_32",
    "ReconMatrixPE": 96,
    "RepetitionTime": 1.4,
    "SAR": 0.0895749,
    "ScanOptions": "FS_EXT",
    "ScanningSequence": "EP",
    "SequenceName": "epfid2d1_96",
    "SequenceVariant": "SK_SS",
    "SeriesDescription": "func_task-soccer_acq-multiband_soccer",
    "SeriesNumber": 13,
    "ShimSetting": [
      -1140,
      -2995,
      -4204,
      510,
      771,
      666,
      -589,
      -856
    ],
    "SliceThickness": 2.5,
    "SliceTiming": [
      0,
      0.735,
      0.09,
      0.8275,
      0.1825,
      0.92,
      0.275,
      1.01,
      0.3675,
      1.1025,
      0.46,
      1.195,
      0.55,
      1.2875,
      0.6425,
      0,
      0.735,
      0.09,
      0.8275,
      0.1825,
      0.92,
      0.275,
      1.01,
      0.3675,
      1.1025,
      0.46,
      1.195,
      0.55,
      1.2875,
      0.6425,
      0,
      0.735,
      0.09,
      0.8275,
      0.1825,
      0.92,
      0.275,
      1.01,
      0.3675,
      1.1025,
      0.46,
      1.195,
      0.55,
      1.2875,
      0.6425,
      0,
      0.735,
      0.09,
      0.8275,
      0.1825,
      0.92,
      0.275,
      1.01,
      0.3675,
      1.1025,
      0.46,
      1.195,
      0.55,
      1.2875,
      0.6425
    ],
    "SoftwareVersions": "syngo_MR_E11",
    "SpacingBetweenSlices": 2.5,
    "StationName": "FBMTMR1",
    "TaskName": "soccer",
    "TotalReadoutTime": 0.0313497,
    "TxRefAmp": 331.811,
    "acq_id": "multiband",
    "dataset": "ds002878",
    "modality": "bold",
    "session_id": "1",
    "subject_id": "094BPAF1221031",
    "task_id": "soccer"
  },
  "dummy_trs": 0,
  "dvars_nstd": 38.2650954715393,
  "dvars_std": 1.2365592822927858,
  "dvars_vstd": 0.9729548813132407,
  "efc": 0.4445155760854544,
  "fber": 18776.744140625,
  "fd_mean": 0.17005223296748626,
  "fd_num": 255,
  "fd_perc": 27.419354838709676,
  "fwhm_avg": 1.7528480000000002,
  "fwhm_x": 1.6564720000000002,
  "fwhm_y": 1.878472,
  "fwhm_z": 1.7236,
  "gcor": 0.0181166,
  "gsr_x": -0.005289101507514715,
  "gsr_y": 0.010653113946318626,
  "provenance": {
    "md5sum": "e704ba3325cd54d03269d9fd50d17e75",
    "settings": {
      "fd_thres": 0.2,
      "testing": false
    },
    "software": "mriqc",
    "version": "22.0.6",
    "webapi_port": null,
    "webapi_url": "https://mriqc.nimh.nih.gov/api/v1"
  },
  "size_t": 930,
  "size_x": 96,
  "size_y": 96,
  "size_z": 60,
  "snr": 6.296277259552711,
  "spacing_tr": 1.399999976158142,
  "spacing_x": 2.5,
  "spacing_y": 2.5,
  "spacing_z": 2.5,
  "summary_bg_k": 22.474819495597323,
  "summary_bg_mad": 29.612191630653193,
  "summary_bg_mean": 196.46311950683594,
  "summary_bg_median": 36.4612922668457,
  "summary_bg_n": 398897.0,
  "summary_bg_p05": 12.22580623626709,
  "summary_bg_p95": 1083.6922607421873,
  "summary_bg_stdv": 482.21380615234375,
  "summary_fg_k": 2.2919527326278573,
  "summary_fg_mad": 749.3185992771904,
  "summary_fg_mean": 5010.6083984375,
  "summary_fg_median": 4975.83544921875,
  "summary_fg_n": 81397.0,
  "summary_fg_p05": 3926.949755859375,
  "summary_fg_p95": 6279.46953125,
  "summary_fg_stdv": 790.2772827148438,
  "tsnr": 36.14094753796235
}