{
  "bids_meta": {
    "AcquisitionMatrixPE": 256,
    "AcquisitionNumber": 1,
    "AcquisitionTime": "11:12:12.450000",
    "BaseResolution": 256,
    "BodyPartExamined": "HEAD",
    "ConsistencyInfo": "N4_VE11C_LATEST_20160120",
    "ConversionSoftware": "dcm2niix",
    "ConversionSoftwareVersion": "v1.0.20180622 GCC7.3.0",
    "DeviceSerialNumber": "45250",
    "DwellTime": 9.2e-06,
    "EchoTime": 0.00218,
    "FlipAngle": 8,
    "ImageOrientationPatientDICOM": [
      -0.0161599,
      0.993661,
      0.111252,
      0.0608717,
      0.112038,
      -0.991838
    ],
    "ImageType": [
      "ORIGINAL",
      "PRIMARY",
      "M",
      "NORM",
      "DIS3D",
      "DIS2D"
    ],
    "InPlanePhaseEncodingDirectionDICOM": "ROW",
    "InstitutionAddress": "Kopernikusstr._26_Graz_Graz_AT_8010",
    "InstitutionName": "KFU",
    "InstitutionalDepartmentName": "Department",
    "InversionTime": 1,
    "MRAcquisitionType": "3D",
    "MagneticFieldStrength": 3,
    "Manufacturer": "Siemens",
    "ManufacturersModelName": "Skyra",
    "Modality": "MR",
    "ParallelReductionFactorInPlane": 2,
    "PartialFourier": 1,
    "PatientPosition": "HFS",
    "PercentPhaseFOV": 100,
    "PhaseEncodingSteps": 294,
    "PhaseOversampling": 0.15,
    "PhaseResolution": 1,
    "PixelBandwidth": 210,
    "ProcedureStepDescription": "BioPsy_2018",
    "ProtocolName": "anat-T1w",
    "PulseSequenceDetails": "%SiemensSeq%_tfl",
    "ReceiveCoilActiveElements": "HEA;HEP",
    "ReceiveCoilName": "Head_32",
    "ReconMatrixPE": 256,
    "RepetitionTime": 2.2,
    "SAR": 0.0557259,
    "ScanOptions": "IR_WE",
    "ScanningSequence": "GR_IR",
    "SequenceName": "_tfl3d1_16ns",
    "SequenceVariant": "SK_SP_MP_OSP",
    "SeriesDescription": "anat-T1w",
    "SeriesNumber": 5,
    "ShimSetting": [
      -1070,
      -3212,
      -4279,
      597,
      946,
      249,
      338,
      -991
    ],
    "SliceThickness": 0.88,
    "SoftwareVersions": "syngo_MR_E11",
    "StationName": "FBMTMR1",
    "TxRefAmp": 333.575,
    "dataset": "ds002878",
    "modality": "T1w",
    "session_id": "1",
    "subject_id": "094BPAF1211005"
  },
  "cjv": 0.2835082793529552,
  "cnr": 4.630013705155805,
  "efc": 0.6008299129534418,
  "fber": 33625.386754755185,
  "fwhm_avg": 4.874494251956602,
  "fwhm_x": 4.7730827558698055,
  "fwhm_y": 4.985885714285715,
  "fwhm_z": 4.864514285714286,
  "icvs_csf": 0.1994914912275076,
  "icvs_gm": 0.4565354005961201,
  "icvs_wm": 0.34397310817637233,
  "inu_med": 0.3975754380226135,
  "inu_range": 0.14712190628051758,
  "provenance": {
    "md5sum": "4567051399cca0fe14cb3144c8532cf1",
    "settings": {
      "testing": false
    },
    "software": "mriqc",
    "version": "22.0.6",
    "warnings": {
      "large_rot_frame": true,
      "small_air_mask": false
    },
    "webapi_port": null,
    "webapi_url": "https://mriqc.nimh.nih.gov/api/v1"
  },
  "qi_1": 0.00013493025077255372,
  "qi_2": 0.0034071931087366228,
  "rpve_csf": 21.7233429351823,
  "rpve_gm": 10.36293225896425,
  "rpve_wm": 15.54464701037439,
  "size_x": 224,
  "size_y": 256,
  "size_z": 256,
  "snr_csf": 2.6440510956721344,
  "snr_gm": 14.547319430851882,
  "snr_total": 16.80925673695882,
  "snr_wm": 33.23639968435244,
  "snrd_csf": 58.34814137248916,
  "snrd_gm": 156.54003880708024,
  "snrd_total": 143.20658199829023,
  "snrd_wm": 214.73156581530128,
  "spacing_x": 0.8799973130226135,
  "spacing_y": 0.875,
  "spacing_z": 0.875,
  "summary_bg_k": 10.978803165429552,
  "summary_bg_mad": 0.0,
  "summary_bg_mean": 1.754519266601107,
  "summary_bg_median": 0.0,
  "summary_bg_n": 2631322.0,
  "summary_bg_p05": 0.0,
  "summary_bg_p95": 7.98595642670989,
  "summary_bg_stdv": 3.0510306316913347,
  "summary_csf_k": 0.9390097360224461,
  "summary_csf_mad": 83.19155586682852,
  "summary_csf_mean": 279.86684130251876,
  "summary_csf_median": 271.7326752562076,
  "summary_csf_n": 73636.0,
  "summary_csf_p05": 98.79221483599395,
  "summary_csf_p95": 465.3364888764918,
  "summary_csf_stdv": 102.7706425897733,
  "summary_gm_k": 0.2600697294816001,
  "summary_gm_mad": 48.42302062131768,
  "summary_gm_mean": 728.7764764566768,
  "summary_gm_median": 729.0213968977332,
  "summary_gm_n": 113840.0,
  "summary_gm_p05": 646.9860921800137,
  "summary_gm_p95": 811.5017394348979,
  "summary_gm_stdv": 50.113575796539024,
  "summary_wm_k": 0.6859319777619959,
  "summary_wm_mad": 28.4086608489941,
  "summary_wm_mean": 999.5255027165132,
  "summary_wm_median": 1000.0247046165168,
  "summary_wm_n": 316804.0,
  "summary_wm_p05": 949.9826742522418,
  "summary_wm_p95": 1047.6190269738436,
  "summary_wm_stdv": 30.088190532387507,
  "tpm_overlap_csf": 0.15247201155100856,
  "tpm_overlap_gm": 0.47361550153430193,
  "tpm_overlap_wm": 0.5136087335406151,
  "wm2max": 0.8572548853376287
}