{
  "aor": 0.00023763358778625953,
  "aqi": 0.019786110905125404,
  "bids_meta": {
    "AcquisitionMatrixPE": 96,
    "AcquisitionNumber": 1,
    "AcquisitionTime": "11:24:44.832500",
    "BandwidthPerPixelPhaseEncode": 31.566,
    "BaseResolution": 96,
    "BodyPartExamined": "HEAD",
    "CogAtlasID": "TODO",
    "ConsistencyInfo": "N4_VE11C_LATEST_20160120",
    "ConversionSoftware": "dcm2niix",
    "ConversionSoftwareVersion": "v1.0.20180622 GCC7.3.0",
    "DerivedVendorReportedEchoSpacing": 0.000659993,
    "DeviceSerialNumber": "45250",
    "DwellTime": 2.9e-06,
    "EchoTime": 0.03,
    "EchoTrainLength": 48,
    "EffectiveEchoSpacing": 0.000329996,
    "FlipAngle": 65,
    "ImageComments": "Unaliased_MB4_PE4_LB_D",
    "ImageOrientationPatientDICOM": [
      0.995441,
      -0.0742985,
      -0.0598142,
      0.039981,
      0.894359,
      -0.44556
    ],
    "ImageType": [
      "ORIGINAL",
      "PRIMARY",
      "M",
      "MB",
      "ND",
      "NORM",
      "MOSAIC"
    ],
    "InPlanePhaseEncodingDirectionDICOM": "COL",
    "InstitutionAddress": "Kopernikusstr._26_Graz_Graz_AT_8010",
    "InstitutionName": "KFU",
    "InstitutionalDepartmentName": "Department",
    "MRAcquisitionType": "2D",
    "MagneticFieldStrength": 3,
    "Manufacturer": "Siemens",
    "ManufacturersModelName": "Skyra",
    "Modality": "MR",
    "MultibandAccelerationFactor": 4,
    "ParallelReductionFactorInPlane": 2,
    "PartialFourier": 1,
    "PatientPosition": "HFS",
    "PercentPhaseFOV": 100,
    "PhaseEncodingDirection": "j",
    "PhaseEncodingSteps": 96,
    "PhaseResolution": 1,
    "PixelBandwidth": 1795,
    "ProcedureStepDescription": "BioPsy_2018",
    "ProtocolName": "func_task-soccer_acq-multiband_soccer",
    "PulseSequenceDetails": "%CustomerSeq%_cmrr_mbep2d_bold",
    "ReceiveCoilActiveElements": "HEA;HEP",
    "ReceiveCoilName": "Head_32",
    "ReconMatrixPE": 96,
    "RepetitionTime": 1.4,
    "SAR": 0.0782497,
    "ScanOptions": "FS_EXT",
    "ScanningSequence": "EP",
    "SequenceName": "epfid2d1_96",
    "SequenceVariant": "SK_SS",
    "SeriesDescription": "func_task-soccer_acq-multiband_soccer",
    "SeriesNumber": 13,
    "ShimSetting": [
      -1116,
      -3049,
      -4340,
      194,
      1079,
      117,
      273,
      -933
    ],
    "SliceThickness": 2.5,
    "SliceTiming": [
      0,
      0.7375,
      0.0925,
      0.83,
      0.185,
      0.92,
      0.2775,
      1.0125,
      0.37,
      1.105,
      0.46,
      1.1975,
      0.5525,
      1.29,
      0.645,
      0,
      0.7375,
      0.0925,
      0.83,
      0.185,
      0.92,
      0.2775,
      1.0125,
      0.37,
      1.105,
      0.46,
      1.1975,
      0.5525,
      1.29,
      0.645,
      0,
      0.7375,
      0.0925,
      0.83,
      0.185,
      0.92,
      0.2775,
      1.0125,
      0.37,
      1.105,
      0.46,
      1.1975,
      0.5525,
      1.29,
      0.645,
      0,
      0.7375,
      0.0925,
      0.83,
      0.185,
      0.92,
      0.2775,
      1.0125,
      0.37,
      1.105,
      0.46,
      1.1975,
      0.5525,
      1.29,
      0.645
    ],
    "SoftwareVersions": "syngo_MR_E11",
    "SpacingBetweenSlices": 2.5,
    "StationName": "FBMTMR1",
    "TaskName": "soccer",
    "TotalReadoutTime": 0.0313497,
    "TxRefAmp": 352.814,
    "acq_id": "multiband",
    "dataset": "ds002878",
    "modality": "bold",
    "session_id": "1",
    "subject_id": "094BPAF1211028",
    "task_id": "soccer"
  },
  "dummy_trs": 0,
  "dvars_nstd": 41.174334975807874,
  "dvars_std": 1.2442960308951967,
  "dvars_vstd": 0.9859058431331876,
  "efc": 0.4296330829305013,
  "fber": 13671.1025390625,
  "fd_mean": 0.21074367652956616,
  "fd_num": 419,
  "fd_perc": 45.69247546346783,
  "fwhm_avg": 1.7400133333333334,
  "fwhm_x": 1.650668,
  "fwhm_y": 1.872868,
  "fwhm_z": 1.6965039999999998,
  "gcor": 0.0120943,
  "gsr_x": -0.012732191942632198,
  "gsr_y": 0.01943114772439003,
  "provenance": {
    "md5sum": "617436718c9c3e8a060eb47a20e88869",
    "settings": {
      "fd_thres": 0.2,
      "testing": false
    },
    "software": "mriqc",
    "version": "22.0.6",
    "webapi_port": null,
    "webapi_url": "https://mriqc.nimh.nih.gov/api/v1"
  },
  "size_t": 917,
  "size_x": 96,
  "size_y": 96,
  "size_z": 60,
  "snr": 6.471361989564958,
  "spacing_tr": 1.399999976158142,
  "spacing_x": 2.5,
  "spacing_y": 2.5,
  "spacing_z": 2.5,
  "summary_bg_k": 47.89113922951324,
  "summary_bg_mad": 33.89451595732645,
  "summary_bg_mean": 175.5138397216797,
  "summary_bg_median": 41.28462219238281,
  "summary_bg_n": 408355.0,
  "summary_bg_p05": 15.061068534851074,
  "summary_bg_p95": 844.2145874023436,
  "summary_bg_stdv": 384.7018127441406,
  "summary_fg_k": 3.594909814783316,
  "summary_fg_mad": 631.8021035084153,
  "summary_fg_mean": 4848.39892578125,
  "summary_fg_median": 4810.1611328125,
  "summary_fg_n": 74673.0,
  "summary_fg_p05": 3849.98369140625,
  "summary_fg_p95": 6031.386132812499,
  "summary_fg_stdv": 743.294677734375,
  "tsnr": 41.46301053382922
}