{
  "bids_meta": {
    "AcquisitionMatrixPE": 256,
    "AcquisitionNumber": 1,
    "AcquisitionTime": "10:07:41.212500",
    "BaseResolution": 256,
    "BodyPartExamined": "HEAD",
    "ConsistencyInfo": "N4_VE11C_LATEST_20160120",
    "ConversionSoftware": "dcm2niix",
    "ConversionSoftwareVersion": "v1.0.20180622 GCC7.3.0",
    "DeviceSerialNumber": "45250",
    "DwellTime": 9.2e-06,
    "EchoTime": 0.00218,
    "FlipAngle": 8,
    "ImageOrientationPatientDICOM": [
      0.054063,
      0.998531,
      -0.00366523,
      0.000320395,
      -0.00368794,
      -0.999993
    ],
    "ImageType": [
      "ORIGINAL",
      "PRIMARY",
      "M",
      "NORM",
      "DIS3D",
      "DIS2D"
    ],
    "InPlanePhaseEncodingDirectionDICOM": "ROW",
    "InstitutionAddress": "Kopernikusstr._26_Graz_Graz_AT_8010",
    "InstitutionName": "KFU",
    "InstitutionalDepartmentName": "Department",
    "InversionTime": 1,
    "MRAcquisitionType": "3D",
    "MagneticFieldStrength": 3,
    "Manufacturer": "Siemens",
    "ManufacturersModelName": "Skyra",
    "Modality": "MR",
    "ParallelReductionFactorInPlane": 2,
    "PartialFourier": 1,
    "PatientPosition": "HFS",
    "PercentPhaseFOV": 100,
    "PhaseEncodingSteps": 294,
    "PhaseOversampling": 0.15,
    "PhaseResolution": 1,
    "PixelBandwidth": 210,
    "ProcedureStepDescription": "BioPsy_2018",
    "ProtocolName": "anat-T1w",
    "PulseSequenceDetails": "%SiemensSeq%_tfl",
    "ReceiveCoilActiveElements": "HEA;HEP",
    "ReceiveCoilName": "Head_32",
    "ReconMatrixPE": 256,
    "RepetitionTime": 2.2,
    "SAR": 0.0563482,
    "ScanOptions": "IR_WE",
    "ScanningSequence": "GR_IR",
    "SequenceName": "_tfl3d1_16ns",
    "SequenceVariant": "SK_SP_MP_OSP",
    "SeriesDescription": "anat-T1w",
    "SeriesNumber": 9,
    "ShimSetting": [
      -1096,
      -3100,
      -4410,
      430,
      1026,
      312,
      -32,
      -836
    ],
    "SliceThickness": 0.88,
    "SoftwareVersions": "syngo_MR_E11",
    "StationName": "FBMTMR1",
    "TxRefAmp": 327.944,
    "dataset": "ds002878",
    "modality": "T1w",
    "session_id": "1",
    "subject_id": "094BPAF1211004"
  },
  "cjv": 0.3321893670624945,
  "cnr": 4.0151227516595975,
  "efc": 0.6084433626667162,
  "fber": 38423.08466395704,
  "fwhm_avg": 4.680648866061497,
  "fwhm_x": 4.596883741041636,
  "fwhm_y": 4.788857142857142,
  "fwhm_z": 4.656205714285714,
  "icvs_csf": 0.15491181298637077,
  "icvs_gm": 0.4288207140812965,
  "icvs_wm": 0.41626747293233274,
  "inu_med": 0.3225531578063965,
  "inu_range": 0.1000473320484161,
  "provenance": {
    "md5sum": "45c4a433779beeba807d2aec9ab4ba7a",
    "settings": {
      "testing": false
    },
    "software": "mriqc",
    "version": "22.0.6",
    "warnings": {
      "large_rot_frame": true,
      "small_air_mask": false
    },
    "webapi_port": null,
    "webapi_url": "https://mriqc.nimh.nih.gov/api/v1"
  },
  "qi_1": 0.0,
  "qi_2": 0.002909368908622705,
  "rpve_csf": 23.79422693411427,
  "rpve_gm": 9.645223621914667,
  "rpve_wm": 11.520409302590766,
  "size_x": 224,
  "size_y": 256,
  "size_z": 256,
  "snr_csf": 2.431356951825352,
  "snr_gm": 13.54398928922789,
  "snr_total": 15.269450309353624,
  "snr_wm": 29.833004687007634,
  "snrd_csf": 63.71237263074163,
  "snrd_gm": 156.29840659614518,
  "snrd_total": 143.56503677451698,
  "snrd_wm": 210.68433109666415,
  "spacing_x": 0.8800026774406433,
  "spacing_y": 0.875,
  "spacing_z": 0.875,
  "summary_bg_k": 12.17782245909205,
  "summary_bg_mad": 0.0,
  "summary_bg_mean": 1.7714115062402347,
  "summary_bg_median": 0.0,
  "summary_bg_n": 2589219.0,
  "summary_bg_p05": 0.0,
  "summary_bg_p95": 7.94613353908062,
  "summary_bg_stdv": 3.1096289543766926,
  "summary_csf_k": 0.6290143160701391,
  "summary_csf_mad": 101.3162148368112,
  "summary_csf_mean": 303.35993498415473,
  "summary_csf_median": 302.41311379522085,
  "summary_csf_n": 47597.0,
  "summary_csf_p05": 76.5965451411903,
  "summary_csf_p95": 511.3211467131971,
  "summary_csf_stdv": 124.37907841666024,
  "summary_gm_k": 0.1259168156977224,
  "summary_gm_mad": 54.03738141388064,
  "summary_gm_mean": 744.7871226890284,
  "summary_gm_median": 741.876120261848,
  "summary_gm_n": 108407.0,
  "summary_gm_p05": 660.8527423042804,
  "summary_gm_p95": 840.6591066792607,
  "summary_gm_stdv": 54.77505059215717,
  "summary_wm_k": 0.6571969826611261,
  "summary_wm_mad": 31.71557153551342,
  "summary_wm_mean": 1000.6035001286136,
  "summary_wm_median": 1000.020905893296,
  "summary_wm_n": 485018.0,
  "summary_wm_p05": 946.9072764478624,
  "summary_wm_p95": 1055.8947711996734,
  "summary_wm_stdv": 33.520588538544004,
  "tpm_overlap_csf": 0.14628159013787465,
  "tpm_overlap_gm": 0.4542525554812268,
  "tpm_overlap_wm": 0.5149796505670079,
  "wm2max": 0.8819043609269585
}