{
  "bids_meta": {
    "AcquisitionMatrixPE": 256,
    "AcquisitionNumber": 1,
    "AcquisitionTime": "10:49:38.167500",
    "BaseResolution": 256,
    "BodyPartExamined": "HEAD",
    "ConsistencyInfo": "N4_VE11C_LATEST_20160120",
    "ConversionSoftware": "dcm2niix",
    "ConversionSoftwareVersion": "v1.0.20180622 GCC7.3.0",
    "DeviceSerialNumber": "45250",
    "DwellTime": 9.2e-06,
    "EchoTime": 0.00218,
    "FlipAngle": 8,
    "ImageOrientationPatientDICOM": [
      -0.0120647,
      0.998976,
      0.0436141,
      -0.0160984,
      0.0434176,
      -0.998927
    ],
    "ImageType": [
      "ORIGINAL",
      "PRIMARY",
      "M",
      "NORM",
      "DIS3D",
      "DIS2D"
    ],
    "InPlanePhaseEncodingDirectionDICOM": "ROW",
    "InstitutionAddress": "Kopernikusstr._26_Graz_Graz_AT_8010",
    "InstitutionName": "KFU",
    "InstitutionalDepartmentName": "Department",
    "InversionTime": 1,
    "MRAcquisitionType": "3D",
    "MagneticFieldStrength": 3,
    "Manufacturer": "Siemens",
    "ManufacturersModelName": "Skyra",
    "Modality": "MR",
    "ParallelReductionFactorInPlane": 2,
    "PartialFourier": 1,
    "PatientPosition": "HFS",
    "PercentPhaseFOV": 100,
    "PhaseEncodingSteps": 294,
    "PhaseOversampling": 0.15,
    "PhaseResolution": 1,
    "PixelBandwidth": 210,
    "ProcedureStepDescription": "BioPsy_2018",
    "ProtocolName": "anat-T1w",
    "PulseSequenceDetails": "%SiemensSeq%_tfl",
    "ReceiveCoilActiveElements": "HEA;HEP",
    "ReceiveCoilName": "Head_32",
    "ReconMatrixPE": 256,
    "RepetitionTime": 2.2,
    "SAR": 0.056797,
    "ScanOptions": "IR_WE",
    "ScanningSequence": "GR_IR",
    "SequenceName": "_tfl3d1_16ns",
    "SequenceVariant": "SK_SP_MP_OSP",
    "SeriesDescription": "anat-T1w",
    "SeriesNumber": 5,
    "ShimSetting": [
      -1122,
      -3157,
      -4359,
      516,
      924,
      60,
      340,
      -910
    ],
    "SliceThickness": 0.88,
    "SoftwareVersions": "syngo_MR_E11",
    "StationName": "FBMTMR1",
    "TxRefAmp": 331.138,
    "dataset": "ds002878",
    "modality": "T1w",
    "session_id": "1",
    "subject_id": "094BPAF1221026"
  },
  "cjv": 0.32179103945492527,
  "cnr": 4.1125081977486015,
  "efc": 0.6117463762354175,
  "fber": 28389.42604787616,
  "fwhm_avg": 4.484835898683397,
  "fwhm_x": 4.51931912462162,
  "fwhm_y": 4.488685714285714,
  "fwhm_z": 4.446502857142858,
  "icvs_csf": 0.16731765441187005,
  "icvs_gm": 0.4889642238523399,
  "icvs_wm": 0.34371812173579,
  "inu_med": 0.4432877004146576,
  "inu_range": 0.16062520444393158,
  "provenance": {
    "md5sum": "050aefca83484f1d42aa24a19f1d8fa2",
    "settings": {
      "testing": false
    },
    "software": "mriqc",
    "version": "22.0.6",
    "warnings": {
      "large_rot_frame": true,
      "small_air_mask": false
    },
    "webapi_port": null,
    "webapi_url": "https://mriqc.nimh.nih.gov/api/v1"
  },
  "qi_1": 0.0,
  "qi_2": 0.002850360263927794,
  "rpve_csf": 28.538708793896117,
  "rpve_gm": 11.30394013234199,
  "rpve_wm": 17.28430827250464,
  "size_x": 224,
  "size_y": 256,
  "size_z": 256,
  "snr_csf": 2.327639248352637,
  "snr_gm": 15.336315158380229,
  "snr_total": 14.113904745009613,
  "snr_wm": 24.677759828295972,
  "snrd_csf": 40.286453925672454,
  "snrd_gm": 100.78123296226048,
  "snrd_total": 92.41353767422068,
  "snrd_wm": 136.17292613472912,
  "spacing_x": 0.8799998164176941,
  "spacing_y": 0.875,
  "spacing_z": 0.875,
  "summary_bg_k": 8.027600238195262,
  "summary_bg_mad": 0.0,
  "summary_bg_mean": 3.0371855467359126,
  "summary_bg_median": 0.0,
  "summary_bg_n": 2345585.0,
  "summary_bg_p05": 0.0,
  "summary_bg_p95": 13.044369215145707,
  "summary_bg_stdv": 4.811171649546817,
  "summary_csf_k": 0.6084277073179432,
  "summary_csf_mad": 111.70059639679423,
  "summary_csf_mean": 296.0243407769035,
  "summary_csf_median": 295.85448921471834,
  "summary_csf_n": 40842.0,
  "summary_csf_p05": 73.69044179655612,
  "summary_csf_p95": 508.0019180383533,
  "summary_csf_stdv": 127.10340206827152,
  "summary_gm_k": 0.30507921183108166,
  "summary_gm_mad": 46.7120789887183,
  "summary_gm_mean": 739.4458920077959,
  "summary_gm_median": 740.1142889242619,
  "summary_gm_n": 107300.0,
  "summary_gm_p05": 659.8208466201089,
  "summary_gm_p95": 817.5609626937658,
  "summary_gm_stdv": 48.25871354784843,
  "summary_wm_k": 0.6799041638316927,
  "summary_wm_mad": 36.92414336246952,
  "summary_wm_mean": 1001.0185602207995,
  "summary_wm_median": 1000.0227764099836,
  "summary_wm_n": 266056.0,
  "summary_wm_p05": 936.4855434615165,
  "summary_wm_p95": 1070.5261122900993,
  "summary_wm_stdv": 40.523163529420785,
  "tpm_overlap_csf": 0.13701415477296527,
  "tpm_overlap_gm": 0.47527788116577663,
  "tpm_overlap_wm": 0.494227293863858,
  "wm2max": 0.8286113102199419
}