{
  "aor": 0.0006443525571273123,
  "aqi": 0.023667959738846573,
  "bids_meta": {
    "AcquisitionMatrixPE": 96,
    "AcquisitionNumber": 1,
    "AcquisitionTime": "14:15:45.682500",
    "BandwidthPerPixelPhaseEncode": 31.566,
    "BaseResolution": 96,
    "BodyPartExamined": "HEAD",
    "CogAtlasID": "TODO",
    "ConsistencyInfo": "N4_VE11C_LATEST_20160120",
    "ConversionSoftware": "dcm2niix",
    "ConversionSoftwareVersion": "v1.0.20180622 GCC7.3.0",
    "DerivedVendorReportedEchoSpacing": 0.000659993,
    "DeviceSerialNumber": "45250",
    "DwellTime": 2.9e-06,
    "EchoTime": 0.03,
    "EchoTrainLength": 48,
    "EffectiveEchoSpacing": 0.000329996,
    "FlipAngle": 65,
    "ImageComments": "Unaliased_MB4_PE4_LB_D",
    "ImageOrientationPatientDICOM": [
      0.998757,
      -0.0498363,
      -0.0012521,
      0.0453532,
      0.918766,
      -0.392188
    ],
    "ImageType": [
      "ORIGINAL",
      "PRIMARY",
      "M",
      "MB",
      "ND",
      "NORM",
      "MOSAIC"
    ],
    "InPlanePhaseEncodingDirectionDICOM": "COL",
    "InstitutionAddress": "Kopernikusstr._26_Graz_Graz_AT_8010",
    "InstitutionName": "KFU",
    "InstitutionalDepartmentName": "Department",
    "MRAcquisitionType": "2D",
    "MagneticFieldStrength": 3,
    "Manufacturer": "Siemens",
    "ManufacturersModelName": "Skyra",
    "Modality": "MR",
    "MultibandAccelerationFactor": 4,
    "ParallelReductionFactorInPlane": 2,
    "PartialFourier": 1,
    "PatientPosition": "HFS",
    "PercentPhaseFOV": 100,
    "PhaseEncodingDirection": "j",
    "PhaseEncodingSteps": 96,
    "PhaseResolution": 1,
    "PixelBandwidth": 1795,
    "ProcedureStepDescription": "BioPsy_2018",
    "ProtocolName": "func_task-soccer_acq-multiband_soccer",
    "PulseSequenceDetails": "%CustomerSeq%_cmrr_mbep2d_bold",
    "ReceiveCoilActiveElements": "HEA;HEP",
    "ReceiveCoilName": "Head_32",
    "ReconMatrixPE": 96,
    "RepetitionTime": 1.4,
    "SAR": 0.0880499,
    "ScanOptions": "FS_EXT",
    "ScanningSequence": "EP",
    "SequenceName": "epfid2d1_96",
    "SequenceVariant": "SK_SS",
    "SeriesDescription": "func_task-soccer_acq-multiband_soccer",
    "SeriesNumber": 13,
    "ShimSetting": [
      -1109,
      -3057,
      -4126,
      677,
      941,
      798,
      -96,
      -862
    ],
    "SliceThickness": 2.5,
    "SliceTiming": [
      0,
      0.735,
      0.0925,
      0.8275,
      0.1825,
      0.92,
      0.275,
      1.0125,
      0.3675,
      1.1025,
      0.46,
      1.195,
      0.5525,
      1.2875,
      0.6425,
      0,
      0.735,
      0.0925,
      0.8275,
      0.1825,
      0.92,
      0.275,
      1.0125,
      0.3675,
      1.1025,
      0.46,
      1.195,
      0.5525,
      1.2875,
      0.6425,
      0,
      0.735,
      0.0925,
      0.8275,
      0.1825,
      0.92,
      0.275,
      1.0125,
      0.3675,
      1.1025,
      0.46,
      1.195,
      0.5525,
      1.2875,
      0.6425,
      0,
      0.735,
      0.0925,
      0.8275,
      0.1825,
      0.92,
      0.275,
      1.0125,
      0.3675,
      1.1025,
      0.46,
      1.195,
      0.5525,
      1.2875,
      0.6425
    ],
    "SoftwareVersions": "syngo_MR_E11",
    "SpacingBetweenSlices": 2.5,
    "StationName": "FBMTMR1",
    "TaskName": "soccer",
    "TotalReadoutTime": 0.0313497,
    "TxRefAmp": 339.973,
    "acq_id": "multiband",
    "dataset": "ds002878",
    "modality": "bold",
    "session_id": "1",
    "subject_id": "094BPAF1211008",
    "task_id": "soccer"
  },
  "dummy_trs": 0,
  "dvars_nstd": 38.90364763684099,
  "dvars_std": 1.2449693070697196,
  "dvars_vstd": 0.9789290112745096,
  "efc": 0.42866052512751374,
  "fber": 23606.220703125,
  "fd_mean": 0.26998588585642,
  "fd_num": 503,
  "fd_perc": 54.73340587595212,
  "fwhm_avg": 1.7908226666666665,
  "fwhm_x": 1.6628399999999999,
  "fwhm_y": 1.9725639999999998,
  "fwhm_z": 1.7370640000000002,
  "gcor": 0.00981202,
  "gsr_x": -0.006028842180967331,
  "gsr_y": 0.02448287419974804,
  "provenance": {
    "md5sum": "d47525bd38c8cb465107f661e97b0376",
    "settings": {
      "fd_thres": 0.2,
      "testing": false
    },
    "software": "mriqc",
    "version": "22.0.6",
    "webapi_port": null,
    "webapi_url": "https://mriqc.nimh.nih.gov/api/v1"
  },
  "size_t": 919,
  "size_x": 96,
  "size_y": 96,
  "size_z": 60,
  "snr": 6.607868549423636,
  "spacing_tr": 1.399999976158142,
  "spacing_x": 2.5,
  "spacing_y": 2.5,
  "spacing_z": 2.5,
  "summary_bg_k": 40.539736699455126,
  "summary_bg_mad": 25.72290586245901,
  "summary_bg_mean": 156.2402801513672,
  "summary_bg_median": 33.73122787475586,
  "summary_bg_n": 400542.0,
  "summary_bg_p05": 13.651795387268066,
  "summary_bg_p95": 768.2522888183582,
  "summary_bg_stdv": 389.8148498535156,
  "summary_fg_k": 4.231364919724015,
  "summary_fg_mad": 660.3610183131252,
  "summary_fg_mean": 5172.84716796875,
  "summary_fg_median": 5115.65380859375,
  "summary_fg_n": 80291.0,
  "summary_fg_p05": 4175.040283203125,
  "summary_fg_p95": 6440.57666015625,
  "summary_fg_stdv": 774.1712646484375,
  "tsnr": 39.245307927485555
}