{
  "aor": 0.0004963831967213115,
  "aqi": 0.027967337909836066,
  "bids_meta": {
    "AcquisitionMatrixPE": 96,
    "AcquisitionNumber": 1,
    "AcquisitionTime": "11:09:38.367500",
    "BandwidthPerPixelPhaseEncode": 31.566,
    "BaseResolution": 96,
    "BodyPartExamined": "HEAD",
    "CogAtlasID": "TODO",
    "ConsistencyInfo": "N4_VE11C_LATEST_20160120",
    "ConversionSoftware": "dcm2niix",
    "ConversionSoftwareVersion": "v1.0.20180622 GCC7.3.0",
    "DerivedVendorReportedEchoSpacing": 0.000659993,
    "DeviceSerialNumber": "45250",
    "DwellTime": 2.9e-06,
    "EchoTime": 0.03,
    "EchoTrainLength": 48,
    "EffectiveEchoSpacing": 0.000329996,
    "FlipAngle": 65,
    "ImageComments": "Unaliased_MB4_PE4_LB_D",
    "ImageOrientationPatientDICOM": [
      0.999859,
      0.0123107,
      -0.0114305,
      -0.015707,
      0.926408,
      -0.376193
    ],
    "ImageType": [
      "ORIGINAL",
      "PRIMARY",
      "M",
      "MB",
      "ND",
      "NORM",
      "MOSAIC"
    ],
    "InPlanePhaseEncodingDirectionDICOM": "COL",
    "InstitutionAddress": "Kopernikusstr._26_Graz_Graz_AT_8010",
    "InstitutionName": "KFU",
    "InstitutionalDepartmentName": "Department",
    "MRAcquisitionType": "2D",
    "MagneticFieldStrength": 3,
    "Manufacturer": "Siemens",
    "ManufacturersModelName": "Skyra",
    "Modality": "MR",
    "MultibandAccelerationFactor": 4,
    "ParallelReductionFactorInPlane": 2,
    "PartialFourier": 1,
    "PatientPosition": "HFS",
    "PercentPhaseFOV": 100,
    "PhaseEncodingDirection": "j",
    "PhaseEncodingSteps": 96,
    "PhaseResolution": 1,
    "PixelBandwidth": 1795,
    "ProcedureStepDescription": "BioPsy_2018",
    "ProtocolName": "func_task-soccer_acq-multiband_soccer",
    "PulseSequenceDetails": "%CustomerSeq%_cmrr_mbep2d_bold",
    "ReceiveCoilActiveElements": "HEA;HEP",
    "ReceiveCoilName": "Head_32",
    "ReconMatrixPE": 96,
    "RepetitionTime": 1.4,
    "SAR": 0.087071,
    "ScanOptions": "FS_EXT",
    "ScanningSequence": "EP",
    "SequenceName": "epfid2d1_96",
    "SequenceVariant": "SK_SS",
    "SeriesDescription": "func_task-soccer_acq-multiband_soccer",
    "SeriesNumber": 13,
    "ShimSetting": [
      -1106,
      -3116,
      -4170,
      778,
      970,
      544,
      328,
      -858
    ],
    "SliceThickness": 2.5,
    "SliceTiming": [
      0,
      0.735,
      0.09,
      0.8275,
      0.1825,
      0.92,
      0.275,
      1.01,
      0.3675,
      1.1025,
      0.46,
      1.195,
      0.55,
      1.2875,
      0.6425,
      0,
      0.735,
      0.09,
      0.8275,
      0.1825,
      0.92,
      0.275,
      1.01,
      0.3675,
      1.1025,
      0.46,
      1.195,
      0.55,
      1.2875,
      0.6425,
      0,
      0.735,
      0.09,
      0.8275,
      0.1825,
      0.92,
      0.275,
      1.01,
      0.3675,
      1.1025,
      0.46,
      1.195,
      0.55,
      1.2875,
      0.6425,
      0,
      0.735,
      0.09,
      0.8275,
      0.1825,
      0.92,
      0.275,
      1.01,
      0.3675,
      1.1025,
      0.46,
      1.195,
      0.55,
      1.2875,
      0.6425
    ],
    "SoftwareVersions": "syngo_MR_E11",
    "SpacingBetweenSlices": 2.5,
    "StationName": "FBMTMR1",
    "TaskName": "soccer",
    "TotalReadoutTime": 0.0313497,
    "TxRefAmp": 336.384,
    "acq_id": "multiband",
    "dataset": "ds002878",
    "modality": "bold",
    "session_id": "1",
    "subject_id": "094BPAF1221026",
    "task_id": "soccer"
  },
  "dummy_trs": 0,
  "dvars_nstd": 33.59516077473846,
  "dvars_std": 1.1467236288102565,
  "dvars_vstd": 0.9606143961641032,
  "efc": 0.4061592569730427,
  "fber": 21572.658203125,
  "fd_mean": 0.24426027649501766,
  "fd_num": 363,
  "fd_perc": 37.192622950819676,
  "fwhm_avg": 1.7997133333333333,
  "fwhm_x": 1.7415479999999999,
  "fwhm_y": 1.91748,
  "fwhm_z": 1.7401119999999999,
  "gcor": 0.0102169,
  "gsr_x": -0.015382598154246807,
  "gsr_y": 0.011566187255084515,
  "provenance": {
    "md5sum": "43968ef9ed077bb5e952ed863dc47e15",
    "settings": {
      "fd_thres": 0.2,
      "testing": false
    },
    "software": "mriqc",
    "version": "22.0.6",
    "webapi_port": null,
    "webapi_url": "https://mriqc.nimh.nih.gov/api/v1"
  },
  "size_t": 976,
  "size_x": 96,
  "size_y": 96,
  "size_z": 60,
  "snr": 7.554875708938839,
  "spacing_tr": 1.399999976158142,
  "spacing_x": 2.5,
  "spacing_y": 2.5,
  "spacing_z": 2.5,
  "summary_bg_k": 21.34102378739588,
  "summary_bg_mad": 25.68881625952306,
  "summary_bg_mean": 187.3356475830078,
  "summary_bg_median": 35.33094024658203,
  "summary_bg_n": 422695.0,
  "summary_bg_p05": 14.59528636932373,
  "summary_bg_p95": 1052.2780029296873,
  "summary_bg_stdv": 446.4732360839844,
  "summary_fg_k": 5.070458073291544,
  "summary_fg_mad": 555.903077289718,
  "summary_fg_mean": 5104.5419921875,
  "summary_fg_median": 5102.92041015625,
  "summary_fg_n": 62462.0,
  "summary_fg_p05": 4144.677587890625,
  "summary_fg_p95": 6129.409545898437,
  "summary_fg_stdv": 675.44189453125,
  "tsnr": 38.307754746987484
}