{
  "bids_meta": {
    "AcquisitionMatrixPE": 256,
    "AcquisitionNumber": 1,
    "AcquisitionTime": "10:54:52.162500",
    "BaseResolution": 256,
    "BodyPartExamined": "HEAD",
    "ConsistencyInfo": "N4_VE11C_LATEST_20160120",
    "ConversionSoftware": "dcm2niix",
    "ConversionSoftwareVersion": "v1.0.20180622 GCC7.3.0",
    "DeviceSerialNumber": "45250",
    "DwellTime": 9.2e-06,
    "EchoTime": 0.00218,
    "FlipAngle": 8,
    "ImageOrientationPatientDICOM": [
      -0.000158963,
      0.999994,
      0.00348807,
      -0.0384596,
      0.00347937,
      -0.999254
    ],
    "ImageType": [
      "ORIGINAL",
      "PRIMARY",
      "M",
      "NORM",
      "DIS3D",
      "DIS2D"
    ],
    "InPlanePhaseEncodingDirectionDICOM": "ROW",
    "InstitutionAddress": "Kopernikusstr._26_Graz_Graz_AT_8010",
    "InstitutionName": "KFU",
    "InstitutionalDepartmentName": "Department",
    "InversionTime": 1,
    "MRAcquisitionType": "3D",
    "MagneticFieldStrength": 3,
    "Manufacturer": "Siemens",
    "ManufacturersModelName": "Skyra",
    "Modality": "MR",
    "ParallelReductionFactorInPlane": 2,
    "PartialFourier": 1,
    "PatientPosition": "HFS",
    "PercentPhaseFOV": 100,
    "PhaseEncodingSteps": 294,
    "PhaseOversampling": 0.15,
    "PhaseResolution": 1,
    "PixelBandwidth": 210,
    "ProcedureStepDescription": "BioPsy_2018",
    "ProtocolName": "anat-T1w",
    "PulseSequenceDetails": "%SiemensSeq%_tfl",
    "ReceiveCoilActiveElements": "HEA;HEP",
    "ReceiveCoilName": "Head_32",
    "ReconMatrixPE": 256,
    "RepetitionTime": 2.2,
    "SAR": 0.0613631,
    "ScanOptions": "IR_WE",
    "ScanningSequence": "GR_IR",
    "SequenceName": "_tfl3d1_16ns",
    "SequenceVariant": "SK_SP_MP_OSP",
    "SeriesDescription": "anat-T1w",
    "SeriesNumber": 5,
    "ShimSetting": [
      -1121,
      -3169,
      -4314,
      472,
      1002,
      155,
      274,
      -866
    ],
    "SliceThickness": 0.88,
    "SoftwareVersions": "syngo_MR_E11",
    "StationName": "FBMTMR1",
    "TxRefAmp": 326.712,
    "dataset": "ds002878",
    "modality": "T1w",
    "session_id": "1",
    "subject_id": "094BPAF1221009"
  },
  "cjv": 0.43904374858163503,
  "cnr": 3.0374227735800767,
  "efc": 0.5658429709422315,
  "fber": 7448.886285658269,
  "fwhm_avg": 4.75545956493793,
  "fwhm_x": 4.637898694813791,
  "fwhm_y": 4.840548571428571,
  "fwhm_z": 4.7879314285714285,
  "icvs_csf": 0.18463004309502462,
  "icvs_gm": 0.404122544964336,
  "icvs_wm": 0.4112474119406394,
  "inu_med": 0.5181335508823395,
  "inu_range": 0.2441422760486603,
  "provenance": {
    "md5sum": "1881e20396c81c68ceb0abe824f050f6",
    "settings": {
      "testing": false
    },
    "software": "mriqc",
    "version": "22.0.6",
    "warnings": {
      "large_rot_frame": true,
      "small_air_mask": false
    },
    "webapi_port": null,
    "webapi_url": "https://mriqc.nimh.nih.gov/api/v1"
  },
  "qi_1": 2.32141111207609e-05,
  "qi_2": 0.0019902232246944117,
  "rpve_csf": 24.813124467903968,
  "rpve_gm": 11.445235025527712,
  "rpve_wm": 13.104024258621576,
  "size_x": 224,
  "size_y": 256,
  "size_z": 256,
  "snr_csf": 2.840707229445652,
  "snr_gm": 13.474461520381679,
  "snr_total": 10.900518066953746,
  "snr_wm": 16.38638545103391,
  "snrd_csf": 15.395015246937264,
  "snrd_gm": 34.32895410146228,
  "snrd_total": 31.913479851999465,
  "snrd_wm": 46.01647020759884,
  "spacing_x": 0.8799998164176941,
  "spacing_y": 0.875,
  "spacing_z": 0.875,
  "summary_bg_k": 16.10481712703046,
  "summary_bg_mad": 0.0,
  "summary_bg_mean": 7.583533934839386,
  "summary_bg_median": 0.0,
  "summary_bg_n": 3393687.0,
  "summary_bg_p05": 0.0,
  "summary_bg_p95": 37.31113159916589,
  "summary_bg_stdv": 14.23807695993515,
  "summary_csf_k": 0.013747889978775074,
  "summary_csf_mad": 117.96235989555373,
  "summary_csf_mean": 335.87315358664426,
  "summary_csf_median": 334.57980946451426,
  "summary_csf_n": 52124.0,
  "summary_csf_p05": 142.579207431525,
  "summary_csf_p95": 531.045012942329,
  "summary_csf_stdv": 117.77933203422273,
  "summary_gm_k": 0.1425641725123974,
  "summary_gm_mad": 54.54213909429223,
  "summary_gm_mean": 747.1759518075179,
  "summary_gm_median": 746.0710326135159,
  "summary_gm_n": 37435.0,
  "summary_gm_p05": 657.4612008817494,
  "summary_gm_p95": 839.3804448135197,
  "summary_gm_stdv": 55.36852560172634,
  "summary_wm_k": 0.8132149006116514,
  "summary_wm_mad": 56.977056018144566,
  "summary_wm_mean": 1005.0612703083087,
  "summary_wm_median": 1000.0757769532502,
  "summary_wm_n": 325343.0,
  "summary_wm_p05": 917.3277875259519,
  "summary_wm_p95": 1116.7062255628407,
  "summary_wm_stdv": 61.03080163617963,
  "tpm_overlap_csf": 0.15855413501282065,
  "tpm_overlap_gm": 0.44684263837819826,
  "tpm_overlap_wm": 0.4981899598681133,
  "wm2max": 0.7830688877458157
}