{
  "bids_meta": {
    "AcquisitionMatrixPE": 256,
    "AcquisitionNumber": 1,
    "AcquisitionTime": "08:44:43.187500",
    "BaseResolution": 256,
    "BodyPartExamined": "HEAD",
    "ConsistencyInfo": "N4_VE11C_LATEST_20160120",
    "ConversionSoftware": "dcm2niix",
    "ConversionSoftwareVersion": "v1.0.20180622 GCC7.3.0",
    "DeviceSerialNumber": "45250",
    "DwellTime": 9.2e-06,
    "EchoTime": 0.00218,
    "FlipAngle": 8,
    "ImageOrientationPatientDICOM": [
      -0.0385394,
      0.998513,
      0.0385617,
      -0.00656376,
      0.0383366,
      -0.999243
    ],
    "ImageType": [
      "ORIGINAL",
      "PRIMARY",
      "M",
      "NORM",
      "DIS3D",
      "DIS2D"
    ],
    "InPlanePhaseEncodingDirectionDICOM": "ROW",
    "InstitutionAddress": "Kopernikusstr._26_Graz_Graz_AT_8010",
    "InstitutionName": "KFU",
    "InstitutionalDepartmentName": "Department",
    "InversionTime": 1,
    "MRAcquisitionType": "3D",
    "MagneticFieldStrength": 3,
    "Manufacturer": "Siemens",
    "ManufacturersModelName": "Skyra",
    "Modality": "MR",
    "ParallelReductionFactorInPlane": 2,
    "PartialFourier": 1,
    "PatientPosition": "HFS",
    "PercentPhaseFOV": 100,
    "PhaseEncodingSteps": 294,
    "PhaseOversampling": 0.15,
    "PhaseResolution": 1,
    "PixelBandwidth": 210,
    "ProcedureStepDescription": "BioPsy_2018",
    "ProtocolName": "anat-T1w",
    "PulseSequenceDetails": "%SiemensSeq%_tfl",
    "ReceiveCoilActiveElements": "HEA;HEP",
    "ReceiveCoilName": "Head_32",
    "ReconMatrixPE": 256,
    "RepetitionTime": 2.2,
    "SAR": 0.0514516,
    "ScanOptions": "IR_WE",
    "ScanningSequence": "GR_IR",
    "SequenceName": "_tfl3d1_16ns",
    "SequenceVariant": "SK_SP_MP_OSP",
    "SeriesDescription": "anat-T1w",
    "SeriesNumber": 5,
    "ShimSetting": [
      -1142,
      -3101,
      -4247,
      456,
      804,
      485,
      37,
      -832
    ],
    "SliceThickness": 0.88,
    "SoftwareVersions": "syngo_MR_E11",
    "StationName": "FBMTMR1",
    "TxRefAmp": 344.503,
    "dataset": "ds002878",
    "modality": "T1w",
    "session_id": "1",
    "subject_id": "094BPAF1211025"
  },
  "cjv": 0.3138066178495453,
  "cnr": 4.239130915922765,
  "efc": 0.6309840060555666,
  "fber": 23532.209316648466,
  "fwhm_avg": 4.6821594454441895,
  "fwhm_x": 4.593609764903997,
  "fwhm_y": 4.825485714285714,
  "fwhm_z": 4.627382857142857,
  "icvs_csf": 0.16988816795413875,
  "icvs_gm": 0.452076600991932,
  "icvs_wm": 0.3780352310539293,
  "inu_med": 0.37486720085144043,
  "inu_range": 0.1372864291071892,
  "provenance": {
    "md5sum": "d4abf055bde6d18029f8f8b5f5a8dede",
    "settings": {
      "testing": false
    },
    "software": "mriqc",
    "version": "22.0.6",
    "warnings": {
      "large_rot_frame": true,
      "small_air_mask": false
    },
    "webapi_port": null,
    "webapi_url": "https://mriqc.nimh.nih.gov/api/v1"
  },
  "qi_1": 0.0,
  "qi_2": 0.00254916424249827,
  "rpve_csf": 19.70459037193074,
  "rpve_gm": 8.418806302289834,
  "rpve_wm": 11.593009694496992,
  "size_x": 224,
  "size_y": 256,
  "size_z": 256,
  "snr_csf": 2.4374481289321106,
  "snr_gm": 13.425281216611669,
  "snr_total": 15.121632332284449,
  "snr_wm": 29.502167651309563,
  "snrd_csf": 52.38886129534933,
  "snrd_gm": 126.55019194362234,
  "snrd_total": 117.56266399344527,
  "snrd_wm": 173.74893874136413,
  "spacing_x": 0.8799985647201538,
  "spacing_y": 0.875,
  "spacing_z": 0.875,
  "summary_bg_k": 13.142483950015198,
  "summary_bg_mad": 0.0,
  "summary_bg_mean": 2.324288640679046,
  "summary_bg_median": 0.0,
  "summary_bg_n": 2397648.0,
  "summary_bg_p05": 0.0,
  "summary_bg_p95": 9.239982459694147,
  "summary_bg_stdv": 3.770680539401646,
  "summary_csf_k": 0.29918426801092,
  "summary_csf_mad": 107.5128540011537,
  "summary_csf_mean": 305.48878084681337,
  "summary_csf_median": 301.5275288745761,
  "summary_csf_n": 53673.0,
  "summary_csf_p05": 84.77391502261162,
  "summary_csf_p95": 517.2050941362977,
  "summary_csf_stdv": 123.70508170050503,
  "summary_gm_k": 0.18105444383288694,
  "summary_gm_mad": 53.23620351347449,
  "summary_gm_mean": 729.2568263119698,
  "summary_gm_median": 728.3679337911308,
  "summary_gm_n": 118431.0,
  "summary_gm_p05": 642.6349319815636,
  "summary_gm_p95": 820.4402653388679,
  "summary_gm_stdv": 54.25322918453528,
  "summary_wm_k": 0.7895122729129449,
  "summary_wm_mad": 32.011085239698346,
  "summary_wm_mean": 1000.839335995952,
  "summary_wm_median": 1000.0234181061387,
  "summary_wm_n": 458434.0,
  "summary_wm_p05": 947.1566830202937,
  "summary_wm_p95": 1056.773285061121,
  "summary_wm_stdv": 33.896571236048565,
  "tpm_overlap_csf": 0.15286408233244497,
  "tpm_overlap_gm": 0.4597381995749108,
  "tpm_overlap_wm": 0.49313492006278986,
  "wm2max": 0.849985620330965
}