{
  "bids_meta": {
    "AcquisitionMatrixPE": 256,
    "AcquisitionNumber": 1,
    "AcquisitionTime": "13:50:36.187500",
    "BaseResolution": 256,
    "BodyPartExamined": "HEAD",
    "ConsistencyInfo": "N4_VE11C_LATEST_20160120",
    "ConversionSoftware": "dcm2niix",
    "ConversionSoftwareVersion": "v1.0.20180622 GCC7.3.0",
    "DeviceSerialNumber": "45250",
    "DwellTime": 9.2e-06,
    "EchoTime": 0.00218,
    "FlipAngle": 8,
    "ImageOrientationPatientDICOM": [
      0.00928826,
      0.987093,
      0.159881,
      0.00245186,
      0.159865,
      -0.987136
    ],
    "ImageType": [
      "ORIGINAL",
      "PRIMARY",
      "M",
      "NORM",
      "DIS3D",
      "DIS2D"
    ],
    "InPlanePhaseEncodingDirectionDICOM": "ROW",
    "InstitutionAddress": "Kopernikusstr._26_Graz_Graz_AT_8010",
    "InstitutionName": "KFU",
    "InstitutionalDepartmentName": "Department",
    "InversionTime": 1,
    "MRAcquisitionType": "3D",
    "MagneticFieldStrength": 3,
    "Manufacturer": "Siemens",
    "ManufacturersModelName": "Skyra",
    "Modality": "MR",
    "ParallelReductionFactorInPlane": 2,
    "PartialFourier": 1,
    "PatientPosition": "HFS",
    "PercentPhaseFOV": 100,
    "PhaseEncodingSteps": 294,
    "PhaseOversampling": 0.15,
    "PhaseResolution": 1,
    "PixelBandwidth": 210,
    "ProcedureStepDescription": "BioPsy_2018",
    "ProtocolName": "anat-T1w",
    "PulseSequenceDetails": "%SiemensSeq%_tfl",
    "ReceiveCoilActiveElements": "HEA;HEP",
    "ReceiveCoilName": "Head_32",
    "ReconMatrixPE": 256,
    "RepetitionTime": 2.2,
    "SAR": 0.0630078,
    "ScanOptions": "IR_WE",
    "ScanningSequence": "GR_IR",
    "SequenceName": "_tfl3d1_16ns",
    "SequenceVariant": "SK_SP_MP_OSP",
    "SeriesDescription": "anat-T1w",
    "SeriesNumber": 5,
    "ShimSetting": [
      -1096,
      -3107,
      -4206,
      475,
      1031,
      625,
      314,
      -834
    ],
    "SliceThickness": 0.88,
    "SoftwareVersions": "syngo_MR_E11",
    "StationName": "FBMTMR1",
    "TxRefAmp": 331.845,
    "dataset": "ds002878",
    "modality": "T1w",
    "session_id": "1",
    "subject_id": "094BPAF1211015"
  },
  "cjv": 0.33869634800575027,
  "cnr": 3.9505193729257138,
  "efc": 0.6000235056229575,
  "fber": 24851.52926410358,
  "fwhm_avg": 4.68606197560786,
  "fwhm_x": 4.615797355395008,
  "fwhm_y": 4.801508571428571,
  "fwhm_z": 4.64088,
  "icvs_csf": 0.22733942862985557,
  "icvs_gm": 0.4268355275235545,
  "icvs_wm": 0.3458250438465899,
  "inu_med": 0.42185620963573456,
  "inu_range": 0.13483568131923673,
  "provenance": {
    "md5sum": "c796ec2b5b24a52b7b288d81d0462c54",
    "settings": {
      "testing": false
    },
    "software": "mriqc",
    "version": "22.0.6",
    "warnings": {
      "large_rot_frame": true,
      "small_air_mask": false
    },
    "webapi_port": null,
    "webapi_url": "https://mriqc.nimh.nih.gov/api/v1"
  },
  "qi_1": 0.0,
  "qi_2": 0.0017672349492206436,
  "rpve_csf": 18.377865088338776,
  "rpve_gm": 9.988400760174605,
  "rpve_wm": 14.313552306890687,
  "size_x": 224,
  "size_y": 256,
  "size_z": 256,
  "snr_csf": 2.6604807739554825,
  "snr_gm": 12.732096506870887,
  "snr_total": 14.872532304263542,
  "snr_wm": 29.22501963196425,
  "snrd_csf": 41.53485998196394,
  "snrd_gm": 111.27105840258739,
  "snrd_total": 101.43397049668003,
  "snrd_wm": 151.49599310548874,
  "spacing_x": 0.8799996376037598,
  "spacing_y": 0.875,
  "spacing_z": 0.875,
  "summary_bg_k": 10.715217908440241,
  "summary_bg_mad": 0.0,
  "summary_bg_mean": 2.774686597719823,
  "summary_bg_median": 0.0,
  "summary_bg_n": 2533711.0,
  "summary_bg_p05": 0.0,
  "summary_bg_p95": 11.608912285417318,
  "summary_bg_stdv": 4.324541151661546,
  "summary_csf_k": 0.770917291026731,
  "summary_csf_mad": 80.17993243366246,
  "summary_csf_mean": 285.7580791905113,
  "summary_csf_median": 274.1707089096308,
  "summary_csf_n": 99891.0,
  "summary_csf_p05": 110.05597331747413,
  "summary_csf_p95": 475.355554651469,
  "summary_csf_stdv": 103.05255322299065,
  "summary_gm_k": 0.08175856111572255,
  "summary_gm_mad": 56.768554659032866,
  "summary_gm_mean": 733.0701872740534,
  "summary_gm_median": 734.4978405274451,
  "summary_gm_n": 72787.0,
  "summary_gm_p05": 636.6889429662376,
  "summary_gm_p95": 826.8464110530913,
  "summary_gm_stdv": 57.68828366834421,
  "summary_wm_k": 0.40665856706762815,
  "summary_wm_mad": 33.16342755109599,
  "summary_wm_mean": 998.9631992889119,
  "summary_wm_median": 1000.0217611119151,
  "summary_wm_n": 331445.0,
  "summary_wm_p05": 941.3891309574246,
  "summary_wm_p95": 1052.7519236691296,
  "summary_wm_stdv": 34.21794972682536,
  "tpm_overlap_csf": 0.15039345433803414,
  "tpm_overlap_gm": 0.4648370330246612,
  "tpm_overlap_wm": 0.49169103322888347,
  "wm2max": 0.8811151193675769
}