{
  "aor": 0.0013103779697624192,
  "aqi": 0.013216427051835854,
  "bids_meta": {
    "AcquisitionMatrixPE": 96,
    "AcquisitionNumber": 1,
    "AcquisitionTime": "13:18:55.817500",
    "BandwidthPerPixelPhaseEncode": 31.566,
    "BaseResolution": 96,
    "BodyPartExamined": "HEAD",
    "CogAtlasID": "TODO",
    "ConsistencyInfo": "N4_VE11C_LATEST_20160120",
    "ConversionSoftware": "dcm2niix",
    "ConversionSoftwareVersion": "v1.0.20180622 GCC7.3.0",
    "DerivedVendorReportedEchoSpacing": 0.000659993,
    "DeviceSerialNumber": "45250",
    "DwellTime": 2.9e-06,
    "EchoTime": 0.03,
    "EchoTrainLength": 48,
    "EffectiveEchoSpacing": 0.000329996,
    "FlipAngle": 65,
    "ImageComments": "Unaliased_MB4_PE4_LB_D",
    "ImageOrientationPatientDICOM": [
      0.999424,
      -0.0310005,
      -0.0138062,
      0.020935,
      0.883408,
      -0.468136
    ],
    "ImageType": [
      "ORIGINAL",
      "PRIMARY",
      "M",
      "MB",
      "ND",
      "NORM",
      "MOSAIC"
    ],
    "InPlanePhaseEncodingDirectionDICOM": "COL",
    "InstitutionAddress": "Kopernikusstr._26_Graz_Graz_AT_8010",
    "InstitutionName": "KFU",
    "InstitutionalDepartmentName": "Department",
    "MRAcquisitionType": "2D",
    "MagneticFieldStrength": 3,
    "Manufacturer": "Siemens",
    "ManufacturersModelName": "Skyra",
    "Modality": "MR",
    "MultibandAccelerationFactor": 4,
    "ParallelReductionFactorInPlane": 2,
    "PartialFourier": 1,
    "PatientPosition": "HFS",
    "PercentPhaseFOV": 100,
    "PhaseEncodingDirection": "j",
    "PhaseEncodingSteps": 96,
    "PhaseResolution": 1,
    "PixelBandwidth": 1795,
    "ProcedureStepDescription": "BioPsy_2018",
    "ProtocolName": "func_task-soccer_acq-multiband_soccer",
    "PulseSequenceDetails": "%CustomerSeq%_cmrr_mbep2d_bold",
    "ReceiveCoilActiveElements": "HEA;HEP",
    "ReceiveCoilName": "Head_32",
    "ReconMatrixPE": 96,
    "RepetitionTime": 1.4,
    "SAR": 0.0951744,
    "ScanOptions": "FS_EXT",
    "ScanningSequence": "EP",
    "SequenceName": "epfid2d1_96",
    "SequenceVariant": "SK_SS",
    "SeriesDescription": "func_task-soccer_acq-multiband_soccer",
    "SeriesNumber": 13,
    "ShimSetting": [
      -1137,
      -3052,
      -4235,
      473,
      790,
      423,
      85,
      -836
    ],
    "SliceThickness": 2.5,
    "SliceTiming": [
      0,
      0.7375,
      0.0925,
      0.8275,
      0.185,
      0.92,
      0.2775,
      1.0125,
      0.3675,
      1.105,
      0.46,
      1.1975,
      0.5525,
      1.2875,
      0.645,
      0,
      0.7375,
      0.0925,
      0.8275,
      0.185,
      0.92,
      0.2775,
      1.0125,
      0.3675,
      1.105,
      0.46,
      1.1975,
      0.5525,
      1.2875,
      0.645,
      0,
      0.7375,
      0.0925,
      0.8275,
      0.185,
      0.92,
      0.2775,
      1.0125,
      0.3675,
      1.105,
      0.46,
      1.1975,
      0.5525,
      1.2875,
      0.645,
      0,
      0.7375,
      0.0925,
      0.8275,
      0.185,
      0.92,
      0.2775,
      1.0125,
      0.3675,
      1.105,
      0.46,
      1.1975,
      0.5525,
      1.2875,
      0.645
    ],
    "SoftwareVersions": "syngo_MR_E11",
    "SpacingBetweenSlices": 2.5,
    "StationName": "FBMTMR1",
    "TaskName": "soccer",
    "TotalReadoutTime": 0.0313497,
    "TxRefAmp": 353.375,
    "acq_id": "multiband",
    "dataset": "ds002878",
    "modality": "bold",
    "session_id": "1",
    "subject_id": "094BPAF1221019",
    "task_id": "soccer"
  },
  "dummy_trs": 0,
  "dvars_nstd": 37.61505961868108,
  "dvars_std": 1.3533245458810796,
  "dvars_vstd": 1.0620581436648637,
  "efc": 0.4471027735087707,
  "fber": 18812.447265625,
  "fd_mean": 0.16152961709506974,
  "fd_num": 245,
  "fd_perc": 26.457883369330453,
  "fwhm_avg": 1.984468,
  "fwhm_x": 1.816008,
  "fwhm_y": 2.120516,
  "fwhm_z": 2.01688,
  "gcor": 0.0108464,
  "gsr_x": -0.01286917645484209,
  "gsr_y": 0.019770275801420212,
  "provenance": {
    "md5sum": "5620b9943cbfe501e5bed82c81d2b915",
    "settings": {
      "fd_thres": 0.2,
      "testing": false
    },
    "software": "mriqc",
    "version": "22.0.6",
    "webapi_port": null,
    "webapi_url": "https://mriqc.nimh.nih.gov/api/v1"
  },
  "size_t": 926,
  "size_x": 96,
  "size_y": 96,
  "size_z": 60,
  "snr": 5.728702125768838,
  "spacing_tr": 1.399999976158142,
  "spacing_x": 2.5,
  "spacing_y": 2.5,
  "spacing_z": 2.5,
  "summary_bg_k": 24.546669827120848,
  "summary_bg_mad": 30.11315750440838,
  "summary_bg_mean": 222.74586486816406,
  "summary_bg_median": 38.6965446472168,
  "summary_bg_n": 399778.0,
  "summary_bg_p05": 15.525917053222656,
  "summary_bg_p95": 1294.0531616210924,
  "summary_bg_stdv": 522.8372192382812,
  "summary_fg_k": 5.24301178843689,
  "summary_fg_mad": 763.3591608142589,
  "summary_fg_mean": 5310.65966796875,
  "summary_fg_median": 5316.4013671875,
  "summary_fg_n": 79883.0,
  "summary_fg_p05": 4078.83701171875,
  "summary_fg_p95": 6656.479882812499,
  "summary_fg_stdv": 928.0231323242188,
  "tsnr": 47.14675915474072
}