{
  "bids_meta": {
    "AcquisitionMatrixPE": 256,
    "AcquisitionNumber": 1,
    "AcquisitionTime": "12:03:56.245000",
    "BaseResolution": 256,
    "BodyPartExamined": "HEAD",
    "ConsistencyInfo": "N4_VE11C_LATEST_20160120",
    "ConversionSoftware": "dcm2niix",
    "ConversionSoftwareVersion": "v1.0.20180622 GCC7.3.0",
    "DeviceSerialNumber": "45250",
    "DwellTime": 9.2e-06,
    "EchoTime": 0.00218,
    "FlipAngle": 8,
    "ImageOrientationPatientDICOM": [
      0.0521992,
      0.997684,
      0.0436105,
      0.0224243,
      0.042488,
      -0.998845
    ],
    "ImageType": [
      "ORIGINAL",
      "PRIMARY",
      "M",
      "NORM",
      "DIS3D",
      "DIS2D"
    ],
    "InPlanePhaseEncodingDirectionDICOM": "ROW",
    "InstitutionAddress": "Kopernikusstr._26_Graz_Graz_AT_8010",
    "InstitutionName": "KFU",
    "InstitutionalDepartmentName": "Department",
    "InversionTime": 1,
    "MRAcquisitionType": "3D",
    "MagneticFieldStrength": 3,
    "Manufacturer": "Siemens",
    "ManufacturersModelName": "Skyra",
    "Modality": "MR",
    "ParallelReductionFactorInPlane": 2,
    "PartialFourier": 1,
    "PatientPosition": "HFS",
    "PercentPhaseFOV": 100,
    "PhaseEncodingSteps": 294,
    "PhaseOversampling": 0.15,
    "PhaseResolution": 1,
    "PixelBandwidth": 210,
    "ProcedureStepDescription": "BioPsy_2018",
    "ProtocolName": "anat-T1w",
    "PulseSequenceDetails": "%SiemensSeq%_tfl",
    "ReceiveCoilActiveElements": "HEA;HEP",
    "ReceiveCoilName": "Head_32",
    "ReconMatrixPE": 256,
    "RepetitionTime": 2.2,
    "SAR": 0.0515492,
    "ScanOptions": "IR_WE",
    "ScanningSequence": "GR_IR",
    "SequenceName": "_tfl3d1_16ns",
    "SequenceVariant": "SK_SP_MP_OSP",
    "SeriesDescription": "anat-T1w",
    "SeriesNumber": 5,
    "ShimSetting": [
      -1130,
      -3078,
      -4326,
      290,
      885,
      317,
      199,
      -887
    ],
    "SliceThickness": 0.88,
    "SoftwareVersions": "syngo_MR_E11",
    "StationName": "FBMTMR1",
    "TxRefAmp": 333.341,
    "dataset": "ds002878",
    "modality": "T1w",
    "session_id": "1",
    "subject_id": "094BPAF1211006"
  },
  "cjv": 0.34950716069043475,
  "cnr": 3.7121651307457992,
  "efc": 0.6309516915199765,
  "fber": 24967.453671354775,
  "fwhm_avg": 4.612698856158528,
  "fwhm_x": 4.4394222827613,
  "fwhm_y": 4.682377142857143,
  "fwhm_z": 4.716297142857143,
  "icvs_csf": 0.22364766131591737,
  "icvs_gm": 0.41405357436684287,
  "icvs_wm": 0.3622987643172398,
  "inu_med": 0.38757097721099854,
  "inu_range": 0.12997667193412782,
  "provenance": {
    "md5sum": "5070c01d1eb418ca4798041058e31eb0",
    "settings": {
      "testing": false
    },
    "software": "mriqc",
    "version": "22.0.6",
    "warnings": {
      "large_rot_frame": true,
      "small_air_mask": false
    },
    "webapi_port": null,
    "webapi_url": "https://mriqc.nimh.nih.gov/api/v1"
  },
  "qi_1": 0.0,
  "qi_2": 0.0013445966551347242,
  "rpve_csf": 17.320828756793333,
  "rpve_gm": 9.60512815387793,
  "rpve_wm": 12.972118405880016,
  "size_x": 224,
  "size_y": 256,
  "size_z": 256,
  "snr_csf": 2.836612801709397,
  "snr_gm": 12.65232258930796,
  "snr_total": 14.929058422471186,
  "snr_wm": 29.298239876396202,
  "snrd_csf": 43.99518010368841,
  "snrd_gm": 113.8889163948915,
  "snrd_total": 103.48426532700829,
  "snrd_wm": 152.56869948244494,
  "spacing_x": 0.8799996376037598,
  "spacing_y": 0.875,
  "spacing_z": 0.875,
  "summary_bg_k": 12.884110887531845,
  "summary_bg_mad": 0.0,
  "summary_bg_mean": 2.443599667615261,
  "summary_bg_median": 0.0,
  "summary_bg_n": 2340036.0,
  "summary_bg_p05": 0.0,
  "summary_bg_p95": 11.056035157293081,
  "summary_bg_stdv": 4.294217253331997,
  "summary_csf_k": 1.6599800012749286,
  "summary_csf_mad": 77.54303426998094,
  "summary_csf_mean": 297.89721203072753,
  "summary_csf_median": 288.37485058791935,
  "summary_csf_n": 84308.0,
  "summary_csf_p05": 124.75878934273499,
  "summary_csf_p95": 483.1670951036734,
  "summary_csf_stdv": 101.66108682968759,
  "summary_gm_k": 0.1843870731980255,
  "summary_gm_mad": 55.889051221109504,
  "summary_gm_mean": 745.3162122260228,
  "summary_gm_median": 746.506757594645,
  "summary_gm_n": 65462.0,
  "summary_gm_p05": 645.7999443662353,
  "summary_gm_p95": 843.3388588707894,
  "summary_gm_stdv": 59.001108331754914,
  "summary_wm_k": 0.553771778323175,
  "summary_wm_mad": 32.722918517987274,
  "summary_wm_mean": 999.3189260164413,
  "summary_wm_median": 1000.0408184248954,
  "summary_wm_n": 393881.0,
  "summary_wm_p05": 942.5779936313629,
  "summary_wm_p95": 1053.423925448209,
  "summary_wm_stdv": 34.13309308587539,
  "tpm_overlap_csf": 0.15157104538583036,
  "tpm_overlap_gm": 0.4510262707377615,
  "tpm_overlap_wm": 0.5169713235770268,
  "wm2max": 0.8843376780243458
}