{
  "aor": 0.0007130444697833523,
  "aqi": 0.02138714903078677,
  "bids_meta": {
    "AcquisitionMatrixPE": 96,
    "AcquisitionNumber": 1,
    "AcquisitionTime": "09:05:37.265000",
    "BandwidthPerPixelPhaseEncode": 31.566,
    "BaseResolution": 96,
    "BodyPartExamined": "HEAD",
    "CogAtlasID": "TODO",
    "ConsistencyInfo": "N4_VE11C_LATEST_20160120",
    "ConversionSoftware": "dcm2niix",
    "ConversionSoftwareVersion": "v1.0.20180622 GCC7.3.0",
    "DerivedVendorReportedEchoSpacing": 0.000659993,
    "DeviceSerialNumber": "45250",
    "DwellTime": 2.9e-06,
    "EchoTime": 0.03,
    "EchoTrainLength": 48,
    "EffectiveEchoSpacing": 0.000329996,
    "FlipAngle": 65,
    "ImageComments": "Unaliased_MB4_PE4_LB_D",
    "ImageOrientationPatientDICOM": [
      0.998629,
      0.0484388,
      -0.0198566,
      -0.0523359,
      0.932789,
      -0.356602
    ],
    "ImageType": [
      "ORIGINAL",
      "PRIMARY",
      "M",
      "MB",
      "ND",
      "NORM",
      "MOSAIC"
    ],
    "InPlanePhaseEncodingDirectionDICOM": "COL",
    "InstitutionAddress": "Kopernikusstr._26_Graz_Graz_AT_8010",
    "InstitutionName": "KFU",
    "InstitutionalDepartmentName": "Department",
    "MRAcquisitionType": "2D",
    "MagneticFieldStrength": 3,
    "Manufacturer": "Siemens",
    "ManufacturersModelName": "Skyra",
    "Modality": "MR",
    "MultibandAccelerationFactor": 4,
    "ParallelReductionFactorInPlane": 2,
    "PartialFourier": 1,
    "PatientPosition": "HFS",
    "PercentPhaseFOV": 100,
    "PhaseEncodingDirection": "j",
    "PhaseEncodingSteps": 96,
    "PhaseResolution": 1,
    "PixelBandwidth": 1795,
    "ProcedureStepDescription": "BioPsy_2018",
    "ProtocolName": "func_task-soccer_acq-multiband_soccer",
    "PulseSequenceDetails": "%CustomerSeq%_cmrr_mbep2d_bold",
    "ReceiveCoilActiveElements": "HEA;HEP",
    "ReceiveCoilName": "Head_32",
    "ReconMatrixPE": 96,
    "RepetitionTime": 1.4,
    "SAR": 0.0772757,
    "ScanOptions": "FS_EXT",
    "ScanningSequence": "EP",
    "SequenceName": "epfid2d1_96",
    "SequenceVariant": "SK_SS",
    "SeriesDescription": "func_task-soccer_acq-multiband_soccer",
    "SeriesNumber": 13,
    "ShimSetting": [
      -1153,
      -3003,
      -4038,
      707,
      767,
      953,
      -42,
      -820
    ],
    "SliceThickness": 2.5,
    "SliceTiming": [
      0,
      0.7375,
      0.0925,
      0.83,
      0.185,
      0.92,
      0.2775,
      1.0125,
      0.37,
      1.105,
      0.46,
      1.1975,
      0.5525,
      1.29,
      0.645,
      0,
      0.7375,
      0.0925,
      0.83,
      0.185,
      0.92,
      0.2775,
      1.0125,
      0.37,
      1.105,
      0.46,
      1.1975,
      0.5525,
      1.29,
      0.645,
      0,
      0.7375,
      0.0925,
      0.83,
      0.185,
      0.92,
      0.2775,
      1.0125,
      0.37,
      1.105,
      0.46,
      1.1975,
      0.5525,
      1.29,
      0.645,
      0,
      0.7375,
      0.0925,
      0.83,
      0.185,
      0.92,
      0.2775,
      1.0125,
      0.37,
      1.105,
      0.46,
      1.1975,
      0.5525,
      1.29,
      0.645
    ],
    "SoftwareVersions": "syngo_MR_E11",
    "SpacingBetweenSlices": 2.5,
    "StationName": "FBMTMR1",
    "TaskName": "soccer",
    "TotalReadoutTime": 0.0313497,
    "TxRefAmp": 346.462,
    "acq_id": "multiband",
    "dataset": "ds002878",
    "modality": "bold",
    "session_id": "1",
    "subject_id": "094BPAF1211025",
    "task_id": "soccer"
  },
  "dummy_trs": 0,
  "dvars_nstd": 33.0930796016781,
  "dvars_std": 1.1938445031392686,
  "dvars_vstd": 0.9788658509817351,
  "efc": 0.45979945727827054,
  "fber": 19894.44921875,
  "fd_mean": 0.16259723426578215,
  "fd_num": 203,
  "fd_perc": 23.14709236031927,
  "fwhm_avg": 1.7571146666666666,
  "fwhm_x": 1.634992,
  "fwhm_y": 1.924316,
  "fwhm_z": 1.7120360000000001,
  "gcor": 0.00719261,
  "gsr_x": -0.008018496446311474,
  "gsr_y": 0.029255244880914688,
  "provenance": {
    "md5sum": "7f4c350d006cc21dcd47f0f858bad199",
    "settings": {
      "fd_thres": 0.2,
      "testing": false
    },
    "software": "mriqc",
    "version": "22.0.6",
    "webapi_port": null,
    "webapi_url": "https://mriqc.nimh.nih.gov/api/v1"
  },
  "size_t": 877,
  "size_x": 96,
  "size_y": 96,
  "size_z": 60,
  "snr": 6.628516693168994,
  "spacing_tr": 1.399999976158142,
  "spacing_x": 2.5,
  "spacing_y": 2.5,
  "spacing_z": 2.5,
  "summary_bg_k": 25.48746483162756,
  "summary_bg_mad": 34.65096438786721,
  "summary_bg_mean": 204.96046447753906,
  "summary_bg_median": 38.38654327392578,
  "summary_bg_n": 388673.0,
  "summary_bg_p05": 11.156213760375977,
  "summary_bg_p95": 1084.8483642578094,
  "summary_bg_stdv": 467.2049560546875,
  "summary_fg_k": 3.6182858410826686,
  "summary_fg_mad": 726.9007560640737,
  "summary_fg_mean": 5387.521484375,
  "summary_fg_median": 5374.37939453125,
  "summary_fg_n": 89795.0,
  "summary_fg_p05": 4279.046826171875,
  "summary_fg_p95": 6648.073046875,
  "summary_fg_stdv": 810.7921752929688,
  "tsnr": 40.122370794415474
}