{
  "bids_meta": {
    "AcquisitionMatrixPE": 256,
    "AcquisitionNumber": 1,
    "AcquisitionTime": "09:53:36.200000",
    "BaseResolution": 256,
    "BodyPartExamined": "HEAD",
    "ConsistencyInfo": "N4_VE11C_LATEST_20160120",
    "ConversionSoftware": "dcm2niix",
    "ConversionSoftwareVersion": "v1.0.20180622 GCC7.3.0",
    "DeviceSerialNumber": "45250",
    "DwellTime": 9.2e-06,
    "EchoTime": 0.00218,
    "FlipAngle": 8,
    "ImageOrientationPatientDICOM": [
      -0.000594609,
      0.999876,
      -0.0157068,
      -0.00832163,
      -0.0157112,
      -0.999842
    ],
    "ImageType": [
      "ORIGINAL",
      "PRIMARY",
      "M",
      "NORM",
      "DIS3D",
      "DIS2D"
    ],
    "InPlanePhaseEncodingDirectionDICOM": "ROW",
    "InstitutionAddress": "Kopernikusstr._26_Graz_Graz_AT_8010",
    "InstitutionName": "KFU",
    "InstitutionalDepartmentName": "Department",
    "InversionTime": 1,
    "MRAcquisitionType": "3D",
    "MagneticFieldStrength": 3,
    "Manufacturer": "Siemens",
    "ManufacturersModelName": "Skyra",
    "Modality": "MR",
    "ParallelReductionFactorInPlane": 2,
    "PartialFourier": 1,
    "PatientPosition": "HFS",
    "PercentPhaseFOV": 100,
    "PhaseEncodingSteps": 294,
    "PhaseOversampling": 0.15,
    "PhaseResolution": 1,
    "PixelBandwidth": 210,
    "ProcedureStepDescription": "BioPsy_2018",
    "ProtocolName": "anat-T1w",
    "PulseSequenceDetails": "%SiemensSeq%_tfl",
    "ReceiveCoilActiveElements": "HEA;HEP",
    "ReceiveCoilName": "Head_32",
    "ReconMatrixPE": 256,
    "RepetitionTime": 2.2,
    "SAR": 0.0598266,
    "ScanOptions": "IR_WE",
    "ScanningSequence": "GR_IR",
    "SequenceName": "_tfl3d1_16ns",
    "SequenceVariant": "SK_SP_MP_OSP",
    "SeriesDescription": "anat-T1w",
    "SeriesNumber": 5,
    "ShimSetting": [
      -1139,
      -3038,
      -4329,
      359,
      796,
      341,
      -492,
      -960
    ],
    "SliceThickness": 0.88,
    "SoftwareVersions": "syngo_MR_E11",
    "StationName": "FBMTMR1",
    "TxRefAmp": 329.607,
    "dataset": "ds002878",
    "modality": "T1w",
    "session_id": "1",
    "subject_id": "094BPAF1221031"
  },
  "cjv": 0.34532951231504,
  "cnr": 3.8703804644366673,
  "efc": 0.6205004364607102,
  "fber": 27916.087655222793,
  "fwhm_avg": 4.530609792564565,
  "fwhm_x": 4.393463663407982,
  "fwhm_y": 4.725302857142857,
  "fwhm_z": 4.473062857142858,
  "icvs_csf": 0.20567550212373562,
  "icvs_gm": 0.445859856780991,
  "icvs_wm": 0.3484646410952734,
  "inu_med": 0.4376659691333771,
  "inu_range": 0.15058193951845167,
  "provenance": {
    "md5sum": "31488c7503ec0ad66240b16c91fb3ed8",
    "settings": {
      "testing": false
    },
    "software": "mriqc",
    "version": "22.0.6",
    "warnings": {
      "large_rot_frame": true,
      "small_air_mask": false
    },
    "webapi_port": null,
    "webapi_url": "https://mriqc.nimh.nih.gov/api/v1"
  },
  "qi_1": 0.0,
  "qi_2": 0.0034995382241243883,
  "rpve_csf": 19.088112703577927,
  "rpve_gm": 9.597515217709818,
  "rpve_wm": 14.209998555093879,
  "size_x": 224,
  "size_y": 256,
  "size_z": 256,
  "snr_csf": 2.6079751048875064,
  "snr_gm": 14.440642449855792,
  "snr_total": 14.86107630771989,
  "snr_wm": 27.534611368416368,
  "snrd_csf": 54.552183962938685,
  "snrd_gm": 135.94508572860607,
  "snrd_total": 123.63556632169362,
  "snrd_wm": 180.4094292735361,
  "spacing_x": 0.8800050020217896,
  "spacing_y": 0.875,
  "spacing_z": 0.875,
  "summary_bg_k": 10.560300879984545,
  "summary_bg_mad": 0.0,
  "summary_bg_mean": 2.171076415853601,
  "summary_bg_median": 0.0,
  "summary_bg_n": 2138678.0,
  "summary_bg_p05": 0.0,
  "summary_bg_p95": 9.163905195891857,
  "summary_bg_stdv": 3.6314675806585375,
  "summary_csf_k": 0.562618315236274,
  "summary_csf_mad": 98.53456652118832,
  "summary_csf_mean": 312.2727845497501,
  "summary_csf_median": 302.38662897609174,
  "summary_csf_n": 56868.0,
  "summary_csf_p05": 110.9010468609631,
  "summary_csf_p95": 515.6175798163748,
  "summary_csf_stdv": 115.9458806667692,
  "summary_gm_k": 0.14577833292929743,
  "summary_gm_mad": 51.212912251474386,
  "summary_gm_mean": 752.3697176818105,
  "summary_gm_median": 753.5532624553889,
  "summary_gm_n": 84185.0,
  "summary_gm_p05": 665.5174936074764,
  "summary_gm_p95": 836.984836217016,
  "summary_gm_stdv": 52.18249738400436,
  "summary_wm_k": 0.7271122690724292,
  "summary_wm_mad": 33.900111908896115,
  "summary_wm_mean": 1000.9842131214206,
  "summary_wm_median": 1000.0222757458687,
  "summary_wm_n": 334555.0,
  "summary_wm_p05": 944.0156901068985,
  "summary_wm_p95": 1062.5236679799855,
  "summary_wm_stdv": 36.31868152444532,
  "tpm_overlap_csf": 0.16272557166923182,
  "tpm_overlap_gm": 0.46845754459416555,
  "tpm_overlap_wm": 0.5014138272899988,
  "wm2max": 0.8708958837772397
}