{
  "aor": 0.0011750695652173915,
  "aqi": 0.022097077826086955,
  "bids_meta": {
    "AcquisitionMatrixPE": 96,
    "AcquisitionNumber": 1,
    "AcquisitionTime": "12:10:45.290000",
    "BandwidthPerPixelPhaseEncode": 31.566,
    "BaseResolution": 96,
    "BodyPartExamined": "HEAD",
    "CogAtlasID": "TODO",
    "ConsistencyInfo": "N4_VE11C_LATEST_20160120",
    "ConversionSoftware": "dcm2niix",
    "ConversionSoftwareVersion": "v1.0.20180622 GCC7.3.0",
    "DerivedVendorReportedEchoSpacing": 0.000659993,
    "DeviceSerialNumber": "45250",
    "DwellTime": 2.9e-06,
    "EchoTime": 0.03,
    "EchoTrainLength": 48,
    "EffectiveEchoSpacing": 0.000329996,
    "FlipAngle": 65,
    "ImageComments": "Unaliased_MB4_PE4_LB_D",
    "ImageOrientationPatientDICOM": [
      0.998267,
      0.0454132,
      -0.0374127,
      -0.0558118,
      0.932168,
      -0.357697
    ],
    "ImageType": [
      "ORIGINAL",
      "PRIMARY",
      "M",
      "MB",
      "ND",
      "NORM",
      "MOSAIC"
    ],
    "InPlanePhaseEncodingDirectionDICOM": "COL",
    "InstitutionAddress": "Kopernikusstr._26_Graz_Graz_AT_8010",
    "InstitutionName": "KFU",
    "InstitutionalDepartmentName": "Department",
    "MRAcquisitionType": "2D",
    "MagneticFieldStrength": 3,
    "Manufacturer": "Siemens",
    "ManufacturersModelName": "Skyra",
    "Modality": "MR",
    "MultibandAccelerationFactor": 4,
    "ParallelReductionFactorInPlane": 2,
    "PartialFourier": 1,
    "PatientPosition": "HFS",
    "PercentPhaseFOV": 100,
    "PhaseEncodingDirection": "j",
    "PhaseEncodingSteps": 96,
    "PhaseResolution": 1,
    "PixelBandwidth": 1795,
    "ProcedureStepDescription": "BioPsy_2018",
    "ProtocolName": "func_task-soccer_acq-multiband_soccer",
    "PulseSequenceDetails": "%CustomerSeq%_cmrr_mbep2d_bold",
    "ReceiveCoilActiveElements": "HEA;HEP",
    "ReceiveCoilName": "Head_32",
    "ReconMatrixPE": 96,
    "RepetitionTime": 1.4,
    "SAR": 0.0944164,
    "ScanOptions": "FS_EXT",
    "ScanningSequence": "EP",
    "SequenceName": "epfid2d1_96",
    "SequenceVariant": "SK_SS",
    "SeriesDescription": "func_task-soccer_acq-multiband_soccer",
    "SeriesNumber": 15,
    "ShimSetting": [
      -1120,
      -3059,
      -4115,
      598,
      917,
      780,
      124,
      -780
    ],
    "SliceThickness": 2.5,
    "SliceTiming": [
      0,
      0.735,
      0.09,
      0.8275,
      0.1825,
      0.92,
      0.275,
      1.01,
      0.3675,
      1.1025,
      0.46,
      1.195,
      0.55,
      1.2875,
      0.6425,
      0,
      0.735,
      0.09,
      0.8275,
      0.1825,
      0.92,
      0.275,
      1.01,
      0.3675,
      1.1025,
      0.46,
      1.195,
      0.55,
      1.2875,
      0.6425,
      0,
      0.735,
      0.09,
      0.8275,
      0.1825,
      0.92,
      0.275,
      1.01,
      0.3675,
      1.1025,
      0.46,
      1.195,
      0.55,
      1.2875,
      0.6425,
      0,
      0.735,
      0.09,
      0.8275,
      0.1825,
      0.92,
      0.275,
      1.01,
      0.3675,
      1.1025,
      0.46,
      1.195,
      0.55,
      1.2875,
      0.6425
    ],
    "SoftwareVersions": "syngo_MR_E11",
    "SpacingBetweenSlices": 2.5,
    "StationName": "FBMTMR1",
    "TaskName": "soccer",
    "TotalReadoutTime": 0.0313497,
    "TxRefAmp": 330.403,
    "acq_id": "multiband",
    "dataset": "ds002878",
    "modality": "bold",
    "session_id": "1",
    "subject_id": "094BPAF1211014",
    "task_id": "soccer"
  },
  "dummy_trs": 0,
  "dvars_nstd": 36.92896198866845,
  "dvars_std": 1.324657706771105,
  "dvars_vstd": 0.9943401500522201,
  "efc": 0.42724119160058044,
  "fber": 25583.322265625,
  "fd_mean": 0.1819655188905523,
  "fd_num": 271,
  "fd_perc": 23.565217391304348,
  "fwhm_avg": 1.7695999999999998,
  "fwhm_x": 1.6701720000000002,
  "fwhm_y": 1.8928439999999997,
  "fwhm_z": 1.745784,
  "gcor": 0.0160847,
  "gsr_x": -0.008007662370800972,
  "gsr_y": 0.010554730892181396,
  "provenance": {
    "md5sum": "48859353545ddfb8aaa7d91bfb69e410",
    "settings": {
      "fd_thres": 0.2,
      "testing": false
    },
    "software": "mriqc",
    "version": "22.0.6",
    "webapi_port": null,
    "webapi_url": "https://mriqc.nimh.nih.gov/api/v1"
  },
  "size_t": 1150,
  "size_x": 96,
  "size_y": 96,
  "size_z": 60,
  "snr": 6.95859196135399,
  "spacing_tr": 1.399999976158142,
  "spacing_x": 2.5,
  "spacing_y": 2.5,
  "spacing_z": 2.5,
  "summary_bg_k": 34.6511393680788,
  "summary_bg_mad": 28.22681052777912,
  "summary_bg_mean": 189.05523681640625,
  "summary_bg_median": 36.58652114868164,
  "summary_bg_n": 404252.0,
  "summary_bg_p05": 14.875652313232422,
  "summary_bg_p95": 1007.6592712402324,
  "summary_bg_stdv": 463.6563415527344,
  "summary_fg_k": 3.5356237072076997,
  "summary_fg_mad": 757.527205993809,
  "summary_fg_mean": 5830.4951171875,
  "summary_fg_median": 5805.91748046875,
  "summary_fg_n": 77914.0,
  "summary_fg_p05": 4704.021459960937,
  "summary_fg_p95": 7150.546362304687,
  "summary_fg_stdv": 834.3469848632812,
  "tsnr": 41.69195059046615
}