{
  "aor": 0.0007154292084726867,
  "aqi": 0.021333639030100333,
  "bids_meta": {
    "AcquisitionMatrixPE": 96,
    "AcquisitionNumber": 1,
    "AcquisitionTime": "09:51:21.565000",
    "BandwidthPerPixelPhaseEncode": 31.566,
    "BaseResolution": 96,
    "BodyPartExamined": "HEAD",
    "CogAtlasID": "TODO",
    "ConsistencyInfo": "N4_VE11C_LATEST_20160120",
    "ConversionSoftware": "dcm2niix",
    "ConversionSoftwareVersion": "v1.0.20180622 GCC7.3.0",
    "DerivedVendorReportedEchoSpacing": 0.000659993,
    "DeviceSerialNumber": "45250",
    "DwellTime": 2.9e-06,
    "EchoTime": 0.03,
    "EchoTrainLength": 48,
    "EffectiveEchoSpacing": 0.000329996,
    "FlipAngle": 65,
    "ImageComments": "Unaliased_MB4_PE4_LB_D",
    "ImageOrientationPatientDICOM": [
      0.998816,
      0.00457738,
      -0.0484416,
      -0.0122034,
      0.987311,
      -0.158329
    ],
    "ImageType": [
      "ORIGINAL",
      "PRIMARY",
      "M",
      "MB",
      "ND",
      "NORM",
      "MOSAIC"
    ],
    "InPlanePhaseEncodingDirectionDICOM": "COL",
    "InstitutionAddress": "Kopernikusstr._26_Graz_Graz_AT_8010",
    "InstitutionName": "KFU",
    "InstitutionalDepartmentName": "Department",
    "MRAcquisitionType": "2D",
    "MagneticFieldStrength": 3,
    "Manufacturer": "Siemens",
    "ManufacturersModelName": "Skyra",
    "Modality": "MR",
    "MultibandAccelerationFactor": 4,
    "ParallelReductionFactorInPlane": 2,
    "PartialFourier": 1,
    "PatientPosition": "HFS",
    "PercentPhaseFOV": 100,
    "PhaseEncodingDirection": "j",
    "PhaseEncodingSteps": 96,
    "PhaseResolution": 1,
    "PixelBandwidth": 1795,
    "ProcedureStepDescription": "BioPsy_2018",
    "ProtocolName": "func_task-soccer_acq-multiband_soccer",
    "PulseSequenceDetails": "%CustomerSeq%_cmrr_mbep2d_bold",
    "ReceiveCoilActiveElements": "HEA;HEP",
    "ReceiveCoilName": "Head_32",
    "ReconMatrixPE": 96,
    "RepetitionTime": 1.4,
    "SAR": 0.0944192,
    "ScanOptions": "FS_EXT",
    "ScanningSequence": "EP",
    "SequenceName": "epfid2d1_96",
    "SequenceVariant": "SK_SS",
    "SeriesDescription": "func_task-soccer_acq-multiband_soccer",
    "SeriesNumber": 16,
    "ShimSetting": [
      -1127,
      -3125,
      -4149,
      541,
      966,
      703,
      476,
      -801
    ],
    "SliceThickness": 2.5,
    "SliceTiming": [
      0,
      0.735,
      0.0925,
      0.8275,
      0.185,
      0.92,
      0.275,
      1.0125,
      0.3675,
      1.1025,
      0.46,
      1.195,
      0.5525,
      1.2875,
      0.6425,
      0,
      0.735,
      0.0925,
      0.8275,
      0.185,
      0.92,
      0.275,
      1.0125,
      0.3675,
      1.1025,
      0.46,
      1.195,
      0.5525,
      1.2875,
      0.6425,
      0,
      0.735,
      0.0925,
      0.8275,
      0.185,
      0.92,
      0.275,
      1.0125,
      0.3675,
      1.1025,
      0.46,
      1.195,
      0.5525,
      1.2875,
      0.6425,
      0,
      0.735,
      0.0925,
      0.8275,
      0.185,
      0.92,
      0.275,
      1.0125,
      0.3675,
      1.1025,
      0.46,
      1.195,
      0.5525,
      1.2875,
      0.6425
    ],
    "SoftwareVersions": "syngo_MR_E11",
    "SpacingBetweenSlices": 2.5,
    "StationName": "FBMTMR1",
    "TaskName": "soccer",
    "TotalReadoutTime": 0.0313497,
    "TxRefAmp": 335.614,
    "acq_id": "multiband",
    "dataset": "ds002878",
    "modality": "bold",
    "session_id": "1",
    "subject_id": "094BPAF1211001",
    "task_id": "soccer"
  },
  "dummy_trs": 0,
  "dvars_nstd": 36.27983908345982,
  "dvars_std": 1.2292188877008932,
  "dvars_vstd": 0.9761651370424123,
  "efc": 0.40291013924158636,
  "fber": 22600.25390625,
  "fd_mean": 0.2078309530820037,
  "fd_num": 329,
  "fd_perc": 36.677814938684506,
  "fwhm_avg": 1.8192240000000002,
  "fwhm_x": 1.7413440000000002,
  "fwhm_y": 1.991872,
  "fwhm_z": 1.724456,
  "gcor": 0.0175033,
  "gsr_x": -0.01765148900449276,
  "gsr_y": 0.012520406395196915,
  "provenance": {
    "md5sum": "c81bc9b0cf61bc3a8cda37b5463eb2b3",
    "settings": {
      "fd_thres": 0.2,
      "testing": false
    },
    "software": "mriqc",
    "version": "22.0.6",
    "webapi_port": null,
    "webapi_url": "https://mriqc.nimh.nih.gov/api/v1"
  },
  "size_t": 897,
  "size_x": 96,
  "size_y": 96,
  "size_z": 60,
  "snr": 6.837760852474475,
  "spacing_tr": 1.399999976158142,
  "spacing_x": 2.5,
  "spacing_y": 2.5,
  "spacing_z": 2.5,
  "summary_bg_k": 22.683398282832353,
  "summary_bg_mad": 30.293350253365816,
  "summary_bg_mean": 213.18960571289062,
  "summary_bg_median": 37.95652389526367,
  "summary_bg_n": 424758.0,
  "summary_bg_p05": 14.007803916931152,
  "summary_bg_p95": 1222.5939147949196,
  "summary_bg_stdv": 505.8932189941406,
  "summary_fg_k": 2.9273920514811307,
  "summary_fg_mad": 731.5794953893676,
  "summary_fg_mean": 5632.1328125,
  "summary_fg_median": 5595.001953125,
  "summary_fg_n": 60438.0,
  "summary_fg_p05": 4500.317309570312,
  "summary_fg_p95": 6944.34619140625,
  "summary_fg_stdv": 818.2438354492188,
  "tsnr": 38.84378353133798
}