{
  "bids_meta": {
    "AcquisitionMatrixPE": 256,
    "AcquisitionNumber": 1,
    "AcquisitionTime": "11:52:31.147500",
    "BaseResolution": 256,
    "BodyPartExamined": "HEAD",
    "ConsistencyInfo": "N4_VE11C_LATEST_20160120",
    "ConversionSoftware": "dcm2niix",
    "ConversionSoftwareVersion": "v1.0.20180622 GCC7.3.0",
    "DeviceSerialNumber": "45250",
    "DwellTime": 9.2e-06,
    "EchoTime": 0.00218,
    "FlipAngle": 8,
    "ImageOrientationPatientDICOM": [
      -0.00768991,
      0.998603,
      -0.0522804,
      0.046554,
      -0.0518677,
      -0.997568
    ],
    "ImageType": [
      "ORIGINAL",
      "PRIMARY",
      "M",
      "NORM",
      "DIS3D",
      "DIS2D"
    ],
    "InPlanePhaseEncodingDirectionDICOM": "ROW",
    "InstitutionAddress": "Kopernikusstr._26_Graz_Graz_AT_8010",
    "InstitutionName": "KFU",
    "InstitutionalDepartmentName": "Department",
    "InversionTime": 1,
    "MRAcquisitionType": "3D",
    "MagneticFieldStrength": 3,
    "Manufacturer": "Siemens",
    "ManufacturersModelName": "Skyra",
    "Modality": "MR",
    "ParallelReductionFactorInPlane": 2,
    "PartialFourier": 1,
    "PatientPosition": "HFS",
    "PercentPhaseFOV": 100,
    "PhaseEncodingSteps": 294,
    "PhaseOversampling": 0.15,
    "PhaseResolution": 1,
    "PixelBandwidth": 210,
    "ProcedureStepDescription": "BioPsy_2018",
    "ProtocolName": "anat-T1w",
    "PulseSequenceDetails": "%SiemensSeq%_tfl",
    "ReceiveCoilActiveElements": "HEA;HEP",
    "ReceiveCoilName": "Head_32",
    "ReconMatrixPE": 256,
    "RepetitionTime": 2.2,
    "SAR": 0.0497138,
    "ScanOptions": "IR_WE",
    "ScanningSequence": "GR_IR",
    "SequenceName": "_tfl3d1_16ns",
    "SequenceVariant": "SK_SP_MP_OSP",
    "SeriesDescription": "anat-T1w",
    "SeriesNumber": 5,
    "ShimSetting": [
      -1122,
      -3151,
      -4389,
      135,
      807,
      -164,
      156,
      -948
    ],
    "SliceThickness": 0.88,
    "SoftwareVersions": "syngo_MR_E11",
    "StationName": "FBMTMR1",
    "TxRefAmp": 345.784,
    "dataset": "ds002878",
    "modality": "T1w",
    "session_id": "1",
    "subject_id": "094BPAF1211010"
  },
  "cjv": 0.32162341223635255,
  "cnr": 4.1158332400495,
  "efc": 0.6218713536409302,
  "fber": 29987.977174211243,
  "fwhm_avg": 4.650640866317345,
  "fwhm_x": 4.612779741809177,
  "fwhm_y": 4.517097142857143,
  "fwhm_z": 4.822045714285714,
  "icvs_csf": 0.18105144590230454,
  "icvs_gm": 0.4480946541396168,
  "icvs_wm": 0.37085389995807866,
  "inu_med": 0.4070572108030319,
  "inu_range": 0.1400925070047378,
  "provenance": {
    "md5sum": "14cc5a3e812736fab7fc21b2ddf1a38d",
    "settings": {
      "testing": false
    },
    "software": "mriqc",
    "version": "22.0.6",
    "warnings": {
      "large_rot_frame": true,
      "small_air_mask": false
    },
    "webapi_port": null,
    "webapi_url": "https://mriqc.nimh.nih.gov/api/v1"
  },
  "qi_1": 0.0,
  "qi_2": 0.0016884363981556543,
  "rpve_csf": 22.616387710071475,
  "rpve_gm": 10.0866185320741,
  "rpve_wm": 13.842200157202965,
  "size_x": 224,
  "size_y": 256,
  "size_z": 256,
  "snr_csf": 2.6795101539787884,
  "snr_gm": 13.274977687183181,
  "snr_total": 14.505567209043567,
  "snr_wm": 27.56221378596873,
  "snrd_csf": 36.56134027837277,
  "snrd_gm": 94.22387855257041,
  "snrd_total": 86.7114627723854,
  "snrd_wm": 129.34916948621301,
  "spacing_x": 0.8800008296966553,
  "spacing_y": 0.875,
  "spacing_z": 0.875,
  "summary_bg_k": 16.24610439644702,
  "summary_bg_mad": 0.0,
  "summary_bg_mean": 2.636635817096293,
  "summary_bg_median": 0.0,
  "summary_bg_n": 2766082.0,
  "summary_bg_p05": 0.0,
  "summary_bg_p95": 12.7094736546278,
  "summary_bg_stdv": 5.064991907154611,
  "summary_csf_k": 0.9951626756054868,
  "summary_csf_mad": 82.52038294951734,
  "summary_csf_mean": 284.0666809881169,
  "summary_csf_median": 282.66311049833894,
  "summary_csf_n": 63340.0,
  "summary_csf_p05": 86.3409995958209,
  "summary_csf_p95": 465.3200836557894,
  "summary_csf_stdv": 105.48975854926825,
  "summary_gm_k": 0.27488591583044464,
  "summary_gm_mad": 52.56422894514109,
  "summary_gm_mean": 728.010778932028,
  "summary_gm_median": 728.4638471156359,
  "summary_gm_n": 100275.0,
  "summary_gm_p05": 638.00085606426,
  "summary_gm_p95": 818.9513738304377,
  "summary_gm_stdv": 54.87468468437213,
  "summary_wm_k": 0.6252365745340547,
  "summary_wm_mad": 34.77605735055701,
  "summary_wm_mean": 1000.6056433426254,
  "summary_wm_median": 1000.0245699137449,
  "summary_wm_n": 386439.0,
  "summary_wm_p05": 942.3412251994014,
  "summary_wm_p95": 1060.063338316977,
  "summary_wm_stdv": 36.28240038269128,
  "tpm_overlap_csf": 0.14991835607106554,
  "tpm_overlap_gm": 0.46318542953537334,
  "tpm_overlap_wm": 0.5163876693461904,
  "wm2max": 0.8351535766243878
}