{
  "aor": 0.000783730407523511,
  "aqi": 0.01579717369905956,
  "bids_meta": {
    "AcquisitionMatrixPE": 96,
    "AcquisitionNumber": 1,
    "AcquisitionTime": "15:27:44.117500",
    "BandwidthPerPixelPhaseEncode": 31.566,
    "BaseResolution": 96,
    "BodyPartExamined": "HEAD",
    "CogAtlasID": "TODO",
    "ConsistencyInfo": "N4_VE11C_LATEST_20160120",
    "ConversionSoftware": "dcm2niix",
    "ConversionSoftwareVersion": "v1.0.20180622 GCC7.3.0",
    "DerivedVendorReportedEchoSpacing": 0.000659993,
    "DeviceSerialNumber": "45250",
    "DwellTime": 2.9e-06,
    "EchoTime": 0.03,
    "EchoTrainLength": 48,
    "EffectiveEchoSpacing": 0.000329996,
    "FlipAngle": 65,
    "ImageComments": "Unaliased_MB4_PE4_LB_D",
    "ImageOrientationPatientDICOM": [
      0.999599,
      0.00544043,
      -0.0277721,
      -0.0158775,
      0.920159,
      -0.391224
    ],
    "ImageType": [
      "ORIGINAL",
      "PRIMARY",
      "M",
      "MB",
      "ND",
      "NORM",
      "MOSAIC"
    ],
    "InPlanePhaseEncodingDirectionDICOM": "COL",
    "InstitutionAddress": "Kopernikusstr._26_Graz_Graz_AT_8010",
    "InstitutionName": "KFU",
    "InstitutionalDepartmentName": "Department",
    "MRAcquisitionType": "2D",
    "MagneticFieldStrength": 3,
    "Manufacturer": "Siemens",
    "ManufacturersModelName": "Skyra",
    "Modality": "MR",
    "MultibandAccelerationFactor": 4,
    "ParallelReductionFactorInPlane": 2,
    "PartialFourier": 1,
    "PatientPosition": "HFS",
    "PercentPhaseFOV": 100,
    "PhaseEncodingDirection": "j",
    "PhaseEncodingSteps": 96,
    "PhaseResolution": 1,
    "PixelBandwidth": 1795,
    "ProcedureStepDescription": "BioPsy_2018",
    "ProtocolName": "func_task-soccer_acq-multiband_soccer",
    "PulseSequenceDetails": "%CustomerSeq%_cmrr_mbep2d_bold",
    "ReceiveCoilActiveElements": "HEA;HEP",
    "ReceiveCoilName": "Head_32",
    "ReconMatrixPE": 96,
    "RepetitionTime": 1.4,
    "SAR": 0.0960185,
    "ScanOptions": "FS_EXT",
    "ScanningSequence": "EP",
    "SequenceName": "epfid2d1_96",
    "SequenceVariant": "SK_SS",
    "SeriesDescription": "func_task-soccer_acq-multiband_soccer",
    "SeriesNumber": 13,
    "ShimSetting": [
      -1108,
      -3010,
      -4153,
      652,
      890,
      715,
      -220,
      -770
    ],
    "SliceThickness": 2.5,
    "SliceTiming": [
      0,
      0.7375,
      0.0925,
      0.83,
      0.185,
      0.92,
      0.2775,
      1.0125,
      0.37,
      1.105,
      0.46,
      1.1975,
      0.5525,
      1.29,
      0.645,
      0,
      0.7375,
      0.0925,
      0.83,
      0.185,
      0.92,
      0.2775,
      1.0125,
      0.37,
      1.105,
      0.46,
      1.1975,
      0.5525,
      1.29,
      0.645,
      0,
      0.7375,
      0.0925,
      0.83,
      0.185,
      0.92,
      0.2775,
      1.0125,
      0.37,
      1.105,
      0.46,
      1.1975,
      0.5525,
      1.29,
      0.645,
      0,
      0.7375,
      0.0925,
      0.83,
      0.185,
      0.92,
      0.2775,
      1.0125,
      0.37,
      1.105,
      0.46,
      1.1975,
      0.5525,
      1.29,
      0.645
    ],
    "SoftwareVersions": "syngo_MR_E11",
    "SpacingBetweenSlices": 2.5,
    "StationName": "FBMTMR1",
    "TaskName": "soccer",
    "TotalReadoutTime": 0.0313497,
    "TxRefAmp": 336.615,
    "acq_id": "multiband",
    "dataset": "ds002878",
    "modality": "bold",
    "session_id": "1",
    "subject_id": "094BPAF1221035",
    "task_id": "soccer"
  },
  "dummy_trs": 0,
  "dvars_nstd": 38.217191586443526,
  "dvars_std": 1.3033157239435147,
  "dvars_vstd": 0.9929696451673647,
  "efc": 0.4238711807380864,
  "fber": 23989.43359375,
  "fd_mean": 0.2094950574663409,
  "fd_num": 308,
  "fd_perc": 32.18390804597701,
  "fwhm_avg": 1.7606413333333333,
  "fwhm_x": 1.666424,
  "fwhm_y": 1.91618,
  "fwhm_z": 1.6993200000000002,
  "gcor": 0.0200814,
  "gsr_x": -0.010488367639482021,
  "gsr_y": 0.01905088685452938,
  "provenance": {
    "md5sum": "a95fe563d64ac5f5973180bf91fc5912",
    "settings": {
      "fd_thres": 0.2,
      "testing": false
    },
    "software": "mriqc",
    "version": "22.0.6",
    "webapi_port": null,
    "webapi_url": "https://mriqc.nimh.nih.gov/api/v1"
  },
  "size_t": 957,
  "size_x": 96,
  "size_y": 96,
  "size_z": 60,
  "snr": 6.879042092681222,
  "spacing_tr": 1.399999976158142,
  "spacing_x": 2.5,
  "spacing_y": 2.5,
  "spacing_z": 2.5,
  "summary_bg_k": 23.480100073850025,
  "summary_bg_mad": 25.9354688880492,
  "summary_bg_mean": 214.82774353027344,
  "summary_bg_median": 36.455589294433594,
  "summary_bg_n": 411563.0,
  "summary_bg_p05": 16.68129539489746,
  "summary_bg_p95": 1192.6707641601547,
  "summary_bg_stdv": 532.5712890625,
  "summary_fg_k": 3.360483390814962,
  "summary_fg_mad": 736.3454679018341,
  "summary_fg_mean": 5638.72021484375,
  "summary_fg_median": 5608.34375,
  "summary_fg_n": 71430.0,
  "summary_fg_p05": 4527.290283203125,
  "summary_fg_p95": 6938.71181640625,
  "summary_fg_stdv": 815.2740478515625,
  "tsnr": 45.82180482544936
}