{
  "bids_meta": {
    "AcquisitionMatrixPE": 256,
    "AcquisitionNumber": 1,
    "AcquisitionTime": "09:58:43.190000",
    "BaseResolution": 256,
    "BodyPartExamined": "HEAD",
    "ConsistencyInfo": "N4_VE11C_LATEST_20160120",
    "ConversionSoftware": "dcm2niix",
    "ConversionSoftwareVersion": "v1.0.20180622 GCC7.3.0",
    "DeviceSerialNumber": "45250",
    "DwellTime": 9.2e-06,
    "EchoTime": 0.00218,
    "FlipAngle": 8,
    "ImageOrientationPatientDICOM": [
      0.0111529,
      0.995992,
      0.0887408,
      -0.0579947,
      0.0892412,
      -0.99432
    ],
    "ImageType": [
      "ORIGINAL",
      "PRIMARY",
      "M",
      "NORM",
      "DIS3D",
      "DIS2D"
    ],
    "InPlanePhaseEncodingDirectionDICOM": "ROW",
    "InstitutionAddress": "Kopernikusstr._26_Graz_Graz_AT_8010",
    "InstitutionName": "KFU",
    "InstitutionalDepartmentName": "Department",
    "InversionTime": 1,
    "MRAcquisitionType": "3D",
    "MagneticFieldStrength": 3,
    "Manufacturer": "Siemens",
    "ManufacturersModelName": "Skyra",
    "Modality": "MR",
    "ParallelReductionFactorInPlane": 2,
    "PartialFourier": 1,
    "PatientPosition": "HFS",
    "PercentPhaseFOV": 100,
    "PhaseEncodingSteps": 294,
    "PhaseOversampling": 0.15,
    "PhaseResolution": 1,
    "PixelBandwidth": 210,
    "ProcedureStepDescription": "BioPsy_2018",
    "ProtocolName": "anat-T1w",
    "PulseSequenceDetails": "%SiemensSeq%_tfl",
    "ReceiveCoilActiveElements": "HEA;HEP",
    "ReceiveCoilName": "Head_32",
    "ReconMatrixPE": 256,
    "RepetitionTime": 2.2,
    "SAR": 0.0627674,
    "ScanOptions": "IR_WE",
    "ScanningSequence": "GR_IR",
    "SequenceName": "_tfl3d1_16ns",
    "SequenceVariant": "SK_SP_MP_OSP",
    "SeriesDescription": "anat-T1w",
    "SeriesNumber": 5,
    "ShimSetting": [
      -1089,
      -3168,
      -4229,
      535,
      1147,
      326,
      490,
      -894
    ],
    "SliceThickness": 0.88,
    "SoftwareVersions": "syngo_MR_E11",
    "StationName": "FBMTMR1",
    "TxRefAmp": 340.298,
    "dataset": "ds002878",
    "modality": "T1w",
    "session_id": "1",
    "subject_id": "094BPAF1221030"
  },
  "cjv": 0.3248353225777186,
  "cnr": 4.082084300012187,
  "efc": 0.6114313253870002,
  "fber": 37953.86541637807,
  "fwhm_avg": 4.617723187764368,
  "fwhm_x": 4.505706706150248,
  "fwhm_y": 4.717097142857143,
  "fwhm_z": 4.630365714285714,
  "icvs_csf": 0.22095995506400132,
  "icvs_gm": 0.44253261186277165,
  "icvs_wm": 0.336507433073227,
  "inu_med": 0.41491076350212097,
  "inu_range": 0.15106297731399537,
  "provenance": {
    "md5sum": "d1587c3e7f4f77df60cf25f2271ca2b1",
    "settings": {
      "testing": false
    },
    "software": "mriqc",
    "version": "22.0.6",
    "warnings": {
      "large_rot_frame": true,
      "small_air_mask": false
    },
    "webapi_port": null,
    "webapi_url": "https://mriqc.nimh.nih.gov/api/v1"
  },
  "qi_1": 0.0,
  "qi_2": 0.0018017454511267854,
  "rpve_csf": 19.17874894717487,
  "rpve_gm": 10.098386093638611,
  "rpve_wm": 15.16960278317388,
  "size_x": 224,
  "size_y": 256,
  "size_z": 256,
  "snr_csf": 2.9027008109567864,
  "snr_gm": 14.370960246526666,
  "snr_total": 15.704838825154964,
  "snr_wm": 29.84085541798144,
  "snrd_csf": 54.72802389230092,
  "snrd_gm": 129.5800064475781,
  "snrd_total": 119.25396420374774,
  "snrd_wm": 173.45386227136422,
  "spacing_x": 0.879999577999115,
  "spacing_y": 0.875,
  "spacing_z": 0.875,
  "summary_bg_k": 14.611242448935588,
  "summary_bg_mad": 0.0,
  "summary_bg_mean": 1.9550373762164202,
  "summary_bg_median": 0.0,
  "summary_bg_n": 2447248.0,
  "summary_bg_p05": 0.0,
  "summary_bg_p95": 9.225385442376137,
  "summary_bg_stdv": 3.777092411596943,
  "summary_csf_k": 0.6483035083000419,
  "summary_csf_mad": 96.31574488695551,
  "summary_csf_mean": 324.5423815627888,
  "summary_csf_median": 315.5263602286577,
  "summary_csf_n": 74921.0,
  "summary_csf_p05": 156.7179393991828,
  "summary_csf_p95": 519.393744930625,
  "summary_csf_stdv": 108.70023300490536,
  "summary_gm_k": 0.23074059205956665,
  "summary_gm_mad": 50.465542441643706,
  "summary_gm_mean": 745.883186230954,
  "summary_gm_median": 747.0744398385286,
  "summary_gm_n": 90605.0,
  "summary_gm_p05": 658.6834315359592,
  "summary_gm_p95": 829.6484563350677,
  "summary_gm_stdv": 51.98471809201917,
  "summary_wm_k": 0.6781679869084747,
  "summary_wm_mad": 31.700984938308896,
  "summary_wm_mean": 1000.1058662725181,
  "summary_wm_median": 1000.0226929038763,
  "summary_wm_n": 321739.0,
  "summary_wm_p05": 946.124628201127,
  "summary_wm_p95": 1055.2613924369216,
  "summary_wm_stdv": 33.5118120712494,
  "tpm_overlap_csf": 0.15127864470119304,
  "tpm_overlap_gm": 0.4731322940042318,
  "tpm_overlap_wm": 0.5148230804359304,
  "wm2max": 0.8730930227944531
}