{
  "aor": 0.005806397849462366,
  "aqi": 0.026766289139784943,
  "bids_meta": {
    "AcquisitionMatrixPE": 96,
    "AcquisitionNumber": 1,
    "AcquisitionTime": "09:19:45.940000",
    "BandwidthPerPixelPhaseEncode": 31.566,
    "BaseResolution": 96,
    "BodyPartExamined": "HEAD",
    "CogAtlasID": "TODO",
    "ConsistencyInfo": "N4_VE11C_LATEST_20160120",
    "ConversionSoftware": "dcm2niix",
    "ConversionSoftwareVersion": "v1.0.20180622 GCC7.3.0",
    "DerivedVendorReportedEchoSpacing": 0.000659993,
    "DeviceSerialNumber": "45250",
    "DwellTime": 2.9e-06,
    "EchoTime": 0.03,
    "EchoTrainLength": 48,
    "EffectiveEchoSpacing": 0.000329996,
    "FlipAngle": 65,
    "ImageComments": "Unaliased_MB4_PE4_LB_D",
    "ImageOrientationPatientDICOM": [
      0.997994,
      -0.0630994,
      0.00518016,
      0.0627884,
      0.97593,
      -0.208851
    ],
    "ImageType": [
      "ORIGINAL",
      "PRIMARY",
      "M",
      "MB",
      "ND",
      "NORM",
      "MOSAIC"
    ],
    "InPlanePhaseEncodingDirectionDICOM": "COL",
    "InstitutionAddress": "Kopernikusstr._26_Graz_Graz_AT_8010",
    "InstitutionName": "KFU",
    "InstitutionalDepartmentName": "Department",
    "MRAcquisitionType": "2D",
    "MagneticFieldStrength": 3,
    "Manufacturer": "Siemens",
    "ManufacturersModelName": "Skyra",
    "Modality": "MR",
    "MultibandAccelerationFactor": 4,
    "ParallelReductionFactorInPlane": 2,
    "PartialFourier": 1,
    "PatientPosition": "HFS",
    "PercentPhaseFOV": 100,
    "PhaseEncodingDirection": "j",
    "PhaseEncodingSteps": 96,
    "PhaseResolution": 1,
    "PixelBandwidth": 1795,
    "ProcedureStepDescription": "BioPsy_2018",
    "ProtocolName": "func_task-soccer_acq-multiband_soccer",
    "PulseSequenceDetails": "%CustomerSeq%_cmrr_mbep2d_bold",
    "ReceiveCoilActiveElements": "HEA;HEP",
    "ReceiveCoilName": "Head_32",
    "ReconMatrixPE": 96,
    "RepetitionTime": 1.4,
    "SAR": 0.0798852,
    "ScanOptions": "FS_EXT",
    "ScanningSequence": "EP",
    "SequenceName": "epfid2d1_96",
    "SequenceVariant": "SK_SS",
    "SeriesDescription": "func_task-soccer_acq-multiband_soccer",
    "SeriesNumber": 13,
    "ShimSetting": [
      -1103,
      -3088,
      -4095,
      776,
      934,
      585,
      -139,
      -785
    ],
    "SliceThickness": 2.5,
    "SliceTiming": [
      0,
      0.735,
      0.0925,
      0.8275,
      0.1825,
      0.92,
      0.275,
      1.0125,
      0.3675,
      1.1025,
      0.46,
      1.195,
      0.5525,
      1.2875,
      0.6425,
      0,
      0.735,
      0.0925,
      0.8275,
      0.1825,
      0.92,
      0.275,
      1.0125,
      0.3675,
      1.1025,
      0.46,
      1.195,
      0.5525,
      1.2875,
      0.6425,
      0,
      0.735,
      0.0925,
      0.8275,
      0.1825,
      0.92,
      0.275,
      1.0125,
      0.3675,
      1.1025,
      0.46,
      1.195,
      0.5525,
      1.2875,
      0.6425,
      0,
      0.735,
      0.0925,
      0.8275,
      0.1825,
      0.92,
      0.275,
      1.0125,
      0.3675,
      1.1025,
      0.46,
      1.195,
      0.5525,
      1.2875,
      0.6425
    ],
    "SoftwareVersions": "syngo_MR_E11",
    "SpacingBetweenSlices": 2.5,
    "StationName": "FBMTMR1",
    "TaskName": "soccer",
    "TotalReadoutTime": 0.0313497,
    "TxRefAmp": 328.348,
    "acq_id": "multiband",
    "dataset": "ds002878",
    "modality": "bold",
    "session_id": "1",
    "subject_id": "094BPAF1211011",
    "task_id": "soccer"
  },
  "dummy_trs": 0,
  "dvars_nstd": 40.925691489547916,
  "dvars_std": 1.217242182282022,
  "dvars_vstd": 0.9974739246178675,
  "efc": 0.40620499226722456,
  "fber": 33205.46484375,
  "fd_mean": 0.3915536319265941,
  "fd_num": 467,
  "fd_perc": 50.215053763440864,
  "fwhm_avg": 1.7747146666666664,
  "fwhm_x": 1.669568,
  "fwhm_y": 1.945948,
  "fwhm_z": 1.7086279999999998,
  "gcor": 0.016405,
  "gsr_x": -0.013863133266568184,
  "gsr_y": 0.015577858313918114,
  "provenance": {
    "md5sum": "ad46389e355119c39bf6427d309c2237",
    "settings": {
      "fd_thres": 0.2,
      "testing": false
    },
    "software": "mriqc",
    "version": "22.0.6",
    "webapi_port": null,
    "webapi_url": "https://mriqc.nimh.nih.gov/api/v1"
  },
  "size_t": 930,
  "size_x": 96,
  "size_y": 96,
  "size_z": 60,
  "snr": 6.770200572162323,
  "spacing_tr": 1.399999976158142,
  "spacing_x": 2.5,
  "spacing_y": 2.5,
  "spacing_z": 2.5,
  "summary_bg_k": 35.34443112958738,
  "summary_bg_mad": 25.7805386416076,
  "summary_bg_mean": 174.02847290039062,
  "summary_bg_median": 33.21559143066406,
  "summary_bg_n": 413542.0,
  "summary_bg_p05": 12.41075325012207,
  "summary_bg_p95": 910.0331665039062,
  "summary_bg_stdv": 455.8669128417969,
  "summary_fg_k": 3.757631917551291,
  "summary_fg_mad": 773.7699530527007,
  "summary_fg_mean": 5985.25537109375,
  "summary_fg_median": 5962.453125,
  "summary_fg_n": 71078.0,
  "summary_fg_p05": 4805.751123046875,
  "summary_fg_p95": 7369.884619140625,
  "summary_fg_stdv": 880.6845703125,
  "tsnr": 35.68576501915231
}