{
  "bids_meta": {
    "AcquisitionMatrixPE": 256,
    "AcquisitionNumber": 1,
    "AcquisitionTime": "11:11:23.182500",
    "BaseResolution": 256,
    "BodyPartExamined": "HEAD",
    "ConsistencyInfo": "N4_VE11C_LATEST_20160120",
    "ConversionSoftware": "dcm2niix",
    "ConversionSoftwareVersion": "v1.0.20180622 GCC7.3.0",
    "DeviceSerialNumber": "45250",
    "DwellTime": 9.2e-06,
    "EchoTime": 0.00218,
    "FlipAngle": 8,
    "ImageOrientationPatientDICOM": [
      0.0215832,
      0.989551,
      -0.142556,
      0.0291963,
      -0.143152,
      -0.98927
    ],
    "ImageType": [
      "ORIGINAL",
      "PRIMARY",
      "M",
      "NORM",
      "DIS3D",
      "DIS2D"
    ],
    "InPlanePhaseEncodingDirectionDICOM": "ROW",
    "InstitutionAddress": "Kopernikusstr._26_Graz_Graz_AT_8010",
    "InstitutionName": "KFU",
    "InstitutionalDepartmentName": "Department",
    "InversionTime": 1,
    "MRAcquisitionType": "3D",
    "MagneticFieldStrength": 3,
    "Manufacturer": "Siemens",
    "ManufacturersModelName": "Skyra",
    "Modality": "MR",
    "ParallelReductionFactorInPlane": 2,
    "PartialFourier": 1,
    "PatientPosition": "HFS",
    "PercentPhaseFOV": 100,
    "PhaseEncodingSteps": 294,
    "PhaseOversampling": 0.15,
    "PhaseResolution": 1,
    "PixelBandwidth": 210,
    "ProcedureStepDescription": "BioPsy_2018",
    "ProtocolName": "anat-T1w",
    "PulseSequenceDetails": "%SiemensSeq%_tfl",
    "ReceiveCoilActiveElements": "HEA;HEP",
    "ReceiveCoilName": "Head_32",
    "ReconMatrixPE": 256,
    "RepetitionTime": 2.2,
    "SAR": 0.055578,
    "ScanOptions": "IR_WE",
    "ScanningSequence": "GR_IR",
    "SequenceName": "_tfl3d1_16ns",
    "SequenceVariant": "SK_SP_MP_OSP",
    "SeriesDescription": "anat-T1w",
    "SeriesNumber": 5,
    "ShimSetting": [
      -1124,
      -3058,
      -4379,
      204,
      917,
      -45,
      438,
      -963
    ],
    "SliceThickness": 0.88,
    "SoftwareVersions": "syngo_MR_E11",
    "StationName": "FBMTMR1",
    "TxRefAmp": 339.137,
    "dataset": "ds002878",
    "modality": "T1w",
    "session_id": "1",
    "subject_id": "094BPAF1221032"
  },
  "cjv": 0.3254327140185105,
  "cnr": 4.136962111288237,
  "efc": 0.6259004756539719,
  "fber": 24139.888403894875,
  "fwhm_avg": 4.531279192805499,
  "fwhm_x": 4.3984204355593555,
  "fwhm_y": 4.620731428571429,
  "fwhm_z": 4.574685714285714,
  "icvs_csf": 0.20359621028167219,
  "icvs_gm": 0.44272356541191876,
  "icvs_wm": 0.35368022430640905,
  "inu_med": 0.38361993432044983,
  "inu_range": 0.11699539422988892,
  "provenance": {
    "md5sum": "4c7a84f1d9ccd492818ee3075d02503e",
    "settings": {
      "testing": false
    },
    "software": "mriqc",
    "version": "22.0.6",
    "warnings": {
      "large_rot_frame": true,
      "small_air_mask": false
    },
    "webapi_port": null,
    "webapi_url": "https://mriqc.nimh.nih.gov/api/v1"
  },
  "qi_1": 0.0,
  "qi_2": 0.002130614957327634,
  "rpve_csf": 21.02041623940265,
  "rpve_gm": 10.495369011464858,
  "rpve_wm": 15.113068480021907,
  "size_x": 224,
  "size_y": 256,
  "size_z": 256,
  "snr_csf": 2.7122237594004415,
  "snr_gm": 13.269596386771983,
  "snr_total": 15.131410494612226,
  "snr_wm": 29.412411337664256,
  "snrd_csf": 44.002587797700016,
  "snrd_gm": 111.82294642824762,
  "snrd_total": 102.89924250191928,
  "snrd_wm": 152.87219327981018,
  "spacing_x": 0.879997730255127,
  "spacing_y": 0.875,
  "spacing_z": 0.875,
  "summary_bg_k": 15.114049105257529,
  "summary_bg_mad": 0.0,
  "summary_bg_mean": 2.4226828236016966,
  "summary_bg_median": 0.0,
  "summary_bg_n": 2396658.0,
  "summary_bg_p05": 0.0,
  "summary_bg_p95": 9.91600065678358,
  "summary_bg_stdv": 4.285692640003019,
  "summary_csf_k": 0.9600036051576435,
  "summary_csf_mad": 80.58479043535282,
  "summary_csf_mean": 302.4796322878955,
  "summary_csf_median": 287.8508455120027,
  "summary_csf_n": 57985.0,
  "summary_csf_p05": 129.87502347826958,
  "summary_csf_p95": 501.0612497165798,
  "summary_csf_stdv": 106.1300205740399,
  "summary_gm_k": 0.11454539435353883,
  "summary_gm_mad": 53.945943389817785,
  "summary_gm_mean": 731.6896604300834,
  "summary_gm_median": 731.5099244844168,
  "summary_gm_n": 89736.0,
  "summary_gm_p05": 641.3798296716996,
  "summary_gm_p95": 822.9051288850605,
  "summary_gm_stdv": 55.12645805129966,
  "summary_wm_k": 0.35593136101251943,
  "summary_wm_mad": 33.44283990551204,
  "summary_wm_mean": 999.6488363062454,
  "summary_wm_median": 1000.0409587994218,
  "summary_wm_n": 334389.0,
  "summary_wm_p05": 943.5156575348228,
  "summary_wm_p95": 1053.6365325972438,
  "summary_wm_stdv": 34.000594238662615,
  "tpm_overlap_csf": 0.16461105057795827,
  "tpm_overlap_gm": 0.47832652354793637,
  "tpm_overlap_wm": 0.5216922478361551,
  "wm2max": 0.9025225284642115
}