{
  "bids_meta": {
    "AcquisitionMatrixPE": 256,
    "AcquisitionNumber": 1,
    "AcquisitionTime": "15:26:0.217500",
    "BaseResolution": 256,
    "BodyPartExamined": "HEAD",
    "ConsistencyInfo": "N4_VE11C_LATEST_20160120",
    "ConversionSoftware": "dcm2niix",
    "ConversionSoftwareVersion": "v1.0.20180622 GCC7.3.0",
    "DeviceSerialNumber": "45250",
    "DwellTime": 9.2e-06,
    "EchoTime": 0.00218,
    "FlipAngle": 8,
    "ImageOrientationPatientDICOM": [
      0.0722801,
      0.992428,
      0.0993077,
      0.0227959,
      0.0978984,
      -0.994935
    ],
    "ImageType": [
      "ORIGINAL",
      "PRIMARY",
      "M",
      "NORM",
      "DIS3D",
      "DIS2D"
    ],
    "InPlanePhaseEncodingDirectionDICOM": "ROW",
    "InstitutionAddress": "Kopernikusstr._26_Graz_Graz_AT_8010",
    "InstitutionName": "KFU",
    "InstitutionalDepartmentName": "Department",
    "InversionTime": 1,
    "MRAcquisitionType": "3D",
    "MagneticFieldStrength": 3,
    "Manufacturer": "Siemens",
    "ManufacturersModelName": "Skyra",
    "Modality": "MR",
    "ParallelReductionFactorInPlane": 2,
    "PartialFourier": 1,
    "PatientPosition": "HFS",
    "PercentPhaseFOV": 100,
    "PhaseEncodingSteps": 294,
    "PhaseOversampling": 0.15,
    "PhaseResolution": 1,
    "PixelBandwidth": 210,
    "ProcedureStepDescription": "BioPsy_2018",
    "ProtocolName": "anat-T1w",
    "PulseSequenceDetails": "%SiemensSeq%_tfl",
    "ReceiveCoilActiveElements": "HEA;HEP",
    "ReceiveCoilName": "Head_32",
    "ReconMatrixPE": 256,
    "RepetitionTime": 2.2,
    "SAR": 0.064071,
    "ScanOptions": "IR_WE",
    "ScanningSequence": "GR_IR",
    "SequenceName": "_tfl3d1_16ns",
    "SequenceVariant": "SK_SP_MP_OSP",
    "SeriesDescription": "anat-T1w",
    "SeriesNumber": 5,
    "ShimSetting": [
      -1090,
      -3163,
      -4334,
      465,
      1065,
      320,
      251,
      -940
    ],
    "SliceThickness": 0.88,
    "SoftwareVersions": "syngo_MR_E11",
    "StationName": "FBMTMR1",
    "TxRefAmp": 334.829,
    "dataset": "ds002878",
    "modality": "T1w",
    "session_id": "1",
    "subject_id": "094BPAF1211003"
  },
  "cjv": 0.3365062748994402,
  "cnr": 3.9450273743804183,
  "efc": 0.605924305685942,
  "fber": 27954.64572704082,
  "fwhm_avg": 4.655383229198436,
  "fwhm_x": 4.567086830452452,
  "fwhm_y": 4.681554285714285,
  "fwhm_z": 4.717508571428572,
  "icvs_csf": 0.2148933904425292,
  "icvs_gm": 0.4294620324651123,
  "icvs_wm": 0.3556445770923585,
  "inu_med": 0.41301074624061584,
  "inu_range": 0.1504057005047798,
  "provenance": {
    "md5sum": "98a71ec99e42b3244cecd4d343b24470",
    "settings": {
      "testing": false
    },
    "software": "mriqc",
    "version": "22.0.6",
    "warnings": {
      "large_rot_frame": true,
      "small_air_mask": false
    },
    "webapi_port": null,
    "webapi_url": "https://mriqc.nimh.nih.gov/api/v1"
  },
  "qi_1": 0.0,
  "qi_2": 0.003024279035390644,
  "rpve_csf": 18.97790613172037,
  "rpve_gm": 10.004222511367766,
  "rpve_wm": 14.04358186033006,
  "size_x": 224,
  "size_y": 256,
  "size_z": 256,
  "snr_csf": 2.948412667235285,
  "snr_gm": 14.50010360515188,
  "snr_total": 15.414760420884143,
  "snr_wm": 28.795764990265265,
  "snrd_csf": 52.873729078501775,
  "snrd_gm": 136.7923171272409,
  "snrd_total": 123.76743997922904,
  "snrd_wm": 181.63627373194447,
  "spacing_x": 0.8800029754638672,
  "spacing_y": 0.875,
  "spacing_z": 0.875,
  "summary_bg_k": 9.559159044744,
  "summary_bg_mad": 0.0,
  "summary_bg_mean": 2.356248743042545,
  "summary_bg_median": 0.0,
  "summary_bg_n": 2550338.0,
  "summary_bg_p05": 0.0,
  "summary_bg_p95": 9.24826456233859,
  "summary_bg_stdv": 3.6069412210246266,
  "summary_csf_k": 1.1417715465292568,
  "summary_csf_mad": 80.71163006656948,
  "summary_csf_mean": 308.0260496161065,
  "summary_csf_median": 291.1033991128206,
  "summary_csf_n": 72861.0,
  "summary_csf_p05": 183.09280311316252,
  "summary_csf_p95": 499.5889681354165,
  "summary_csf_stdv": 98.73156654026458,
  "summary_gm_k": 0.12193006049181854,
  "summary_gm_mad": 50.34320214303223,
  "summary_gm_mean": 751.9069996605026,
  "summary_gm_median": 753.1284284703434,
  "summary_gm_n": 62423.0,
  "summary_gm_p05": 664.7127357322722,
  "summary_gm_p95": 836.7966787330806,
  "summary_gm_stdv": 51.93910447089369,
  "summary_wm_k": 0.7633152945314299,
  "summary_wm_mad": 32.738316390257005,
  "summary_wm_mean": 1000.4622622235913,
  "summary_wm_median": 1000.0228394530714,
  "summary_wm_n": 343735.0,
  "summary_wm_p05": 944.7844395115972,
  "summary_wm_p95": 1057.2707388550043,
  "summary_wm_stdv": 34.72807147675817,
  "tpm_overlap_csf": 0.14784157619673347,
  "tpm_overlap_gm": 0.4583636937561942,
  "tpm_overlap_wm": 0.5090507286445245,
  "wm2max": 0.8613214367796415
}