{
  "bids_meta": {
    "AcquisitionMatrixPE": 256,
    "AcquisitionNumber": 1,
    "AcquisitionTime": "14:47:40.195000",
    "BaseResolution": 256,
    "BodyPartExamined": "HEAD",
    "ConsistencyInfo": "N4_VE11C_LATEST_20160120",
    "ConversionSoftware": "dcm2niix",
    "ConversionSoftwareVersion": "v1.0.20180622 GCC7.3.0",
    "DeviceSerialNumber": "45250",
    "DwellTime": 9.2e-06,
    "EchoTime": 0.00218,
    "FlipAngle": 8,
    "ImageOrientationPatientDICOM": [
      0.0491839,
      0.988556,
      0.142611,
      -0.00892471,
      0.143213,
      -0.989652
    ],
    "ImageType": [
      "ORIGINAL",
      "PRIMARY",
      "M",
      "NORM",
      "DIS3D",
      "DIS2D"
    ],
    "InPlanePhaseEncodingDirectionDICOM": "ROW",
    "InstitutionAddress": "Kopernikusstr._26_Graz_Graz_AT_8010",
    "InstitutionName": "KFU",
    "InstitutionalDepartmentName": "Department",
    "InversionTime": 1,
    "MRAcquisitionType": "3D",
    "MagneticFieldStrength": 3,
    "Manufacturer": "Siemens",
    "ManufacturersModelName": "Skyra",
    "Modality": "MR",
    "ParallelReductionFactorInPlane": 2,
    "PartialFourier": 1,
    "PatientPosition": "HFS",
    "PercentPhaseFOV": 100,
    "PhaseEncodingSteps": 294,
    "PhaseOversampling": 0.15,
    "PhaseResolution": 1,
    "PixelBandwidth": 210,
    "ProcedureStepDescription": "BioPsy_2018",
    "ProtocolName": "anat-T1w",
    "PulseSequenceDetails": "%SiemensSeq%_tfl",
    "ReceiveCoilActiveElements": "HEA;HEP",
    "ReceiveCoilName": "Head_32",
    "ReconMatrixPE": 256,
    "RepetitionTime": 2.2,
    "SAR": 0.0550141,
    "ScanOptions": "IR_WE",
    "ScanningSequence": "GR_IR",
    "SequenceName": "_tfl3d1_16ns",
    "SequenceVariant": "SK_SP_MP_OSP",
    "SeriesDescription": "anat-T1w",
    "SeriesNumber": 5,
    "ShimSetting": [
      -1114,
      -3180,
      -4305,
      357,
      989,
      331,
      322,
      -895
    ],
    "SliceThickness": 0.88,
    "SoftwareVersions": "syngo_MR_E11",
    "StationName": "FBMTMR1",
    "TxRefAmp": 343.599,
    "dataset": "ds002878",
    "modality": "T1w",
    "session_id": "1",
    "subject_id": "094BPAF1221021"
  },
  "cjv": 0.349117586692359,
  "cnr": 3.7153761523162148,
  "efc": 0.6258623594823098,
  "fber": 33262.05659503877,
  "fwhm_avg": 4.642702908146712,
  "fwhm_x": 4.672314438725851,
  "fwhm_y": 4.644377142857143,
  "fwhm_z": 4.611417142857142,
  "icvs_csf": 0.2165238038473309,
  "icvs_gm": 0.4047585069271901,
  "icvs_wm": 0.37871768922547894,
  "inu_med": 0.37340615689754486,
  "inu_range": 0.13968702852725984,
  "provenance": {
    "md5sum": "e7a53b4a0bb6551898e08e50ab306f85",
    "settings": {
      "testing": false
    },
    "software": "mriqc",
    "version": "22.0.6",
    "warnings": {
      "large_rot_frame": true,
      "small_air_mask": false
    },
    "webapi_port": null,
    "webapi_url": "https://mriqc.nimh.nih.gov/api/v1"
  },
  "qi_1": 0.0,
  "qi_2": 0.0036507177066844396,
  "rpve_csf": 16.097949833087288,
  "rpve_gm": 8.81802723902066,
  "rpve_wm": 11.355184696291866,
  "size_x": 224,
  "size_y": 256,
  "size_z": 256,
  "snr_csf": 2.6916876197780977,
  "snr_gm": 12.710492984411252,
  "snr_total": 15.601818648545324,
  "snr_wm": 31.40327534144662,
  "snrd_csf": 72.23075416855173,
  "snrd_gm": 177.68625699716694,
  "snrd_total": 162.22117084790787,
  "snrd_wm": 236.74650137800492,
  "spacing_x": 0.8799985647201538,
  "spacing_y": 0.875,
  "spacing_z": 0.875,
  "summary_bg_k": 14.683646724174498,
  "summary_bg_mad": 0.0,
  "summary_bg_mean": 1.545886028077065,
  "summary_bg_median": 0.0,
  "summary_bg_n": 2422430.0,
  "summary_bg_p05": 0.0,
  "summary_bg_p95": 7.451158583164215,
  "summary_bg_stdv": 2.767374230426876,
  "summary_csf_k": 0.29078284876287963,
  "summary_csf_mad": 98.68297390335496,
  "summary_csf_mean": 323.9246093650016,
  "summary_csf_median": 305.1113138124347,
  "summary_csf_n": 117717.0,
  "summary_csf_p05": 159.78646110445263,
  "summary_csf_p95": 537.0104511559009,
  "summary_csf_stdv": 113.35268461880275,
  "summary_gm_k": 0.10780675823953301,
  "summary_gm_mad": 57.2900131773402,
  "summary_gm_mean": 749.1414004310151,
  "summary_gm_median": 750.5679255723953,
  "summary_gm_n": 83283.0,
  "summary_gm_p05": 649.5025005094707,
  "summary_gm_p95": 845.6815105475484,
  "summary_gm_stdv": 59.05069302584405,
  "summary_wm_k": 0.8131456361635383,
  "summary_wm_mad": 29.8069733462352,
  "summary_wm_mean": 1000.5558849437275,
  "summary_wm_median": 1000.0454364269972,
  "summary_wm_n": 480564.0,
  "summary_wm_p05": 949.6819651499391,
  "summary_wm_p95": 1053.1349413320422,
  "summary_wm_stdv": 31.845225858181742,
  "tpm_overlap_csf": 0.16142249921352336,
  "tpm_overlap_gm": 0.4576870188842622,
  "tpm_overlap_wm": 0.5164641052668915,
  "wm2max": 0.825665360016505
}