{
  "bids_meta": {
    "AcquisitionMatrixPE": 256,
    "AcquisitionNumber": 1,
    "AcquisitionTime": "13:52:36.210000",
    "BaseResolution": 256,
    "BodyPartExamined": "HEAD",
    "ConsistencyInfo": "N4_VE11C_LATEST_20160120",
    "ConversionSoftware": "dcm2niix",
    "ConversionSoftwareVersion": "v1.0.20180622 GCC7.3.0",
    "DeviceSerialNumber": "45250",
    "DwellTime": 9.2e-06,
    "EchoTime": 0.00218,
    "FlipAngle": 8,
    "ImageOrientationPatientDICOM": [
      -0.00225473,
      0.994543,
      0.104299,
      -0.0668805,
      0.103915,
      -0.992335
    ],
    "ImageType": [
      "ORIGINAL",
      "PRIMARY",
      "M",
      "NORM",
      "DIS3D",
      "DIS2D"
    ],
    "InPlanePhaseEncodingDirectionDICOM": "ROW",
    "InstitutionAddress": "Kopernikusstr._26_Graz_Graz_AT_8010",
    "InstitutionName": "KFU",
    "InstitutionalDepartmentName": "Department",
    "InversionTime": 1,
    "MRAcquisitionType": "3D",
    "MagneticFieldStrength": 3,
    "Manufacturer": "Siemens",
    "ManufacturersModelName": "Skyra",
    "Modality": "MR",
    "ParallelReductionFactorInPlane": 2,
    "PartialFourier": 1,
    "PatientPosition": "HFS",
    "PercentPhaseFOV": 100,
    "PhaseEncodingSteps": 294,
    "PhaseOversampling": 0.15,
    "PhaseResolution": 1,
    "PixelBandwidth": 210,
    "ProcedureStepDescription": "BioPsy_2018",
    "ProtocolName": "anat-T1w",
    "PulseSequenceDetails": "%SiemensSeq%_tfl",
    "ReceiveCoilActiveElements": "HEA;HEP",
    "ReceiveCoilName": "Head_32",
    "ReconMatrixPE": 256,
    "RepetitionTime": 2.2,
    "SAR": 0.0552825,
    "ScanOptions": "IR_WE",
    "ScanningSequence": "GR_IR",
    "SequenceName": "_tfl3d1_16ns",
    "SequenceVariant": "SK_SP_MP_OSP",
    "SeriesDescription": "anat-T1w",
    "SeriesNumber": 5,
    "ShimSetting": [
      -1072,
      -3216,
      -4325,
      444,
      1158,
      2,
      205,
      -731
    ],
    "SliceThickness": 0.88,
    "SoftwareVersions": "syngo_MR_E11",
    "StationName": "FBMTMR1",
    "TxRefAmp": 340.351,
    "dataset": "ds002878",
    "modality": "T1w",
    "session_id": "1",
    "subject_id": "094BPAF1221020"
  },
  "cjv": 0.28488753598186106,
  "cnr": 4.588012350175483,
  "efc": 0.6126595465429612,
  "fber": 30160.11111111111,
  "fwhm_avg": 4.6017523668875135,
  "fwhm_x": 4.502777100662539,
  "fwhm_y": 4.677485714285715,
  "fwhm_z": 4.624994285714286,
  "icvs_csf": 0.20214014625645305,
  "icvs_gm": 0.46242626291039945,
  "icvs_wm": 0.3354335908331475,
  "inu_med": 0.44433626532554626,
  "inu_range": 0.16943341493606567,
  "provenance": {
    "md5sum": "070fe205564d0b474e452ba0aa2a3ff8",
    "settings": {
      "testing": false
    },
    "software": "mriqc",
    "version": "22.0.6",
    "warnings": {
      "large_rot_frame": true,
      "small_air_mask": false
    },
    "webapi_port": null,
    "webapi_url": "https://mriqc.nimh.nih.gov/api/v1"
  },
  "qi_1": 0.0,
  "qi_2": 0.003057463361773921,
  "rpve_csf": 20.812396524066465,
  "rpve_gm": 9.946927353138287,
  "rpve_wm": 15.305773119595058,
  "size_x": 224,
  "size_y": 256,
  "size_z": 256,
  "snr_csf": 3.0135655659651803,
  "snr_gm": 14.667424742081481,
  "snr_total": 15.766237754375553,
  "snr_wm": 29.617722955079994,
  "snrd_csf": 60.18997881292005,
  "snrd_gm": 150.35063998678748,
  "snrd_total": 139.30845359016058,
  "snrd_wm": 207.3847419707742,
  "spacing_x": 0.8800013661384583,
  "spacing_y": 0.875,
  "spacing_z": 0.875,
  "summary_bg_k": 12.818181742464347,
  "summary_bg_mad": 0.0,
  "summary_bg_mean": 1.6476585283424712,
  "summary_bg_median": 0.0,
  "summary_bg_n": 2479071.0,
  "summary_bg_p05": 0.0,
  "summary_bg_p95": 8.343120219185948,
  "summary_bg_stdv": 3.159193247161603,
  "summary_csf_k": 1.6297523890187113,
  "summary_csf_mad": 78.02597038981786,
  "summary_csf_mean": 295.7942896925452,
  "summary_csf_median": 290.24761044047773,
  "summary_csf_n": 80248.0,
  "summary_csf_p05": 133.31865710951388,
  "summary_csf_p95": 461.90547395311296,
  "summary_csf_stdv": 96.313086820292,
  "summary_gm_k": 0.39572503838021467,
  "summary_gm_mad": 47.410480380981845,
  "summary_gm_mean": 723.8718210581977,
  "summary_gm_median": 725.0195937100798,
  "summary_gm_n": 107018.0,
  "summary_gm_p05": 641.8575244285166,
  "summary_gm_p95": 803.5819368883967,
  "summary_gm_stdv": 49.43036825339047,
  "summary_wm_k": 1.0552358378694437,
  "summary_wm_mad": 30.941958504190904,
  "summary_wm_mean": 999.6676103625091,
  "summary_wm_median": 1000.048961404711,
  "summary_wm_n": 311997.0,
  "summary_wm_p05": 944.0448494348675,
  "summary_wm_p95": 1052.9213449638337,
  "summary_wm_stdv": 33.76516689896052,
  "tpm_overlap_csf": 0.17408660998688524,
  "tpm_overlap_gm": 0.4825439813893714,
  "tpm_overlap_wm": 0.5164396027052086,
  "wm2max": 0.8335848594852552
}