{
  "bids_meta": {
    "AcquisitionMatrixPE": 256,
    "AcquisitionNumber": 1,
    "AcquisitionTime": "13:42:1.225000",
    "BaseResolution": 256,
    "BodyPartExamined": "HEAD",
    "ConsistencyInfo": "N4_VE11C_LATEST_20160120",
    "ConversionSoftware": "dcm2niix",
    "ConversionSoftwareVersion": "v1.0.20180622 GCC7.3.0",
    "DeviceSerialNumber": "45250",
    "DwellTime": 9.2e-06,
    "EchoTime": 0.00218,
    "FlipAngle": 8,
    "ImageOrientationPatientDICOM": [
      0.0810934,
      0.996522,
      -0.0191973,
      0.00249463,
      -0.0194636,
      -0.999807
    ],
    "ImageType": [
      "ORIGINAL",
      "PRIMARY",
      "M",
      "NORM",
      "DIS3D",
      "DIS2D"
    ],
    "InPlanePhaseEncodingDirectionDICOM": "ROW",
    "InstitutionAddress": "Kopernikusstr._26_Graz_Graz_AT_8010",
    "InstitutionName": "KFU",
    "InstitutionalDepartmentName": "Department",
    "InversionTime": 1,
    "MRAcquisitionType": "3D",
    "MagneticFieldStrength": 3,
    "Manufacturer": "Siemens",
    "ManufacturersModelName": "Skyra",
    "Modality": "MR",
    "ParallelReductionFactorInPlane": 2,
    "PartialFourier": 1,
    "PatientPosition": "HFS",
    "PercentPhaseFOV": 100,
    "PhaseEncodingSteps": 294,
    "PhaseOversampling": 0.15,
    "PhaseResolution": 1,
    "PixelBandwidth": 210,
    "ProcedureStepDescription": "BioPsy_2018",
    "ProtocolName": "anat-T1w",
    "PulseSequenceDetails": "%SiemensSeq%_tfl",
    "ReceiveCoilActiveElements": "HEA;HEP",
    "ReceiveCoilName": "Head_32",
    "ReconMatrixPE": 256,
    "RepetitionTime": 2.2,
    "SAR": 0.0569473,
    "ScanOptions": "IR_WE",
    "ScanningSequence": "GR_IR",
    "SequenceName": "_tfl3d1_16ns",
    "SequenceVariant": "SK_SP_MP_OSP",
    "SeriesDescription": "anat-T1w",
    "SeriesNumber": 5,
    "ShimSetting": [
      -1087,
      -3094,
      -4261,
      282,
      1018,
      102,
      216,
      -862
    ],
    "SliceThickness": 0.88,
    "SoftwareVersions": "syngo_MR_E11",
    "StationName": "FBMTMR1",
    "TxRefAmp": 338.657,
    "dataset": "ds002878",
    "modality": "T1w",
    "session_id": "1",
    "subject_id": "094BPAF1211002"
  },
  "cjv": 0.3359286742006652,
  "cnr": 3.9399844404495887,
  "efc": 0.6256196091072245,
  "fber": 26849.42926782025,
  "fwhm_avg": 4.654895774120724,
  "fwhm_x": 4.600710179505025,
  "fwhm_y": 4.728297142857143,
  "fwhm_z": 4.63568,
  "icvs_csf": 0.21608311669940775,
  "icvs_gm": 0.42613054108097626,
  "icvs_wm": 0.35778634221961597,
  "inu_med": 0.40445366501808167,
  "inu_range": 0.14626113772392274,
  "provenance": {
    "md5sum": "f3840590fc6ab649739cde6d0103db56",
    "settings": {
      "testing": false
    },
    "software": "mriqc",
    "version": "22.0.6",
    "warnings": {
      "large_rot_frame": true,
      "small_air_mask": false
    },
    "webapi_port": null,
    "webapi_url": "https://mriqc.nimh.nih.gov/api/v1"
  },
  "qi_1": 0.0,
  "qi_2": 0.0026491380521142882,
  "rpve_csf": 20.512154619093295,
  "rpve_gm": 10.872119382419658,
  "rpve_wm": 15.026991769644933,
  "size_x": 224,
  "size_y": 256,
  "size_z": 256,
  "snr_csf": 2.578362620545993,
  "snr_gm": 14.105663559073205,
  "snr_total": 15.82373890641964,
  "snr_wm": 30.78719053963972,
  "snrd_csf": 47.392254706134054,
  "snrd_gm": 127.43416450170832,
  "snrd_total": 114.66742602371698,
  "snrd_wm": 169.17585886330858,
  "spacing_x": 0.8799989223480225,
  "spacing_y": 0.875,
  "spacing_z": 0.875,
  "summary_bg_k": 10.77275997775727,
  "summary_bg_mad": 0.0,
  "summary_bg_mean": 2.3857987618514644,
  "summary_bg_median": 0.0,
  "summary_bg_n": 2333390.0,
  "summary_bg_p05": 0.0,
  "summary_bg_p95": 9.426435692235827,
  "summary_bg_stdv": 3.8726795336191295,
  "summary_csf_k": 0.9184696262744221,
  "summary_csf_mad": 87.18442799602616,
  "summary_csf_mean": 291.7003353233377,
  "summary_csf_median": 280.1477903723717,
  "summary_csf_n": 72914.0,
  "summary_csf_p05": 109.40753746759147,
  "summary_csf_p95": 490.47592404121514,
  "summary_csf_stdv": 108.6526259144979,
  "summary_gm_k": 0.11009613791620954,
  "summary_gm_mad": 52.105224014761795,
  "summary_gm_mean": 752.8650691946096,
  "summary_gm_median": 753.296078113839,
  "summary_gm_n": 74369.0,
  "summary_gm_p05": 664.889127779752,
  "summary_gm_p95": 841.430102692917,
  "summary_gm_stdv": 53.40344396831915,
  "summary_wm_k": 0.5322874851805639,
  "summary_wm_mad": 30.783791248864645,
  "summary_wm_mean": 999.8136554057289,
  "summary_wm_median": 1000.0419549308717,
  "summary_wm_n": 342416.0,
  "summary_wm_p05": 946.5695012379438,
  "summary_wm_p95": 1052.5696656256914,
  "summary_wm_stdv": 32.482356367295395,
  "tpm_overlap_csf": 0.14859807392918162,
  "tpm_overlap_gm": 0.4611916068469052,
  "tpm_overlap_wm": 0.5123786017741168,
  "wm2max": 0.8805131428148915
}