{
  "bids_meta": {
    "AcquisitionMatrixPE": 256,
    "AcquisitionNumber": 1,
    "AcquisitionTime": "10:52:35.172500",
    "BaseResolution": 256,
    "BodyPartExamined": "HEAD",
    "ConsistencyInfo": "N4_VE11C_LATEST_20160120",
    "ConversionSoftware": "dcm2niix",
    "ConversionSoftwareVersion": "v1.0.20180622 GCC7.3.0",
    "DeviceSerialNumber": "45250",
    "DwellTime": 9.2e-06,
    "EchoTime": 0.00218,
    "FlipAngle": 8,
    "ImageOrientationPatientDICOM": [
      0.0666424,
      0.997402,
      0.0273677,
      0.0489538,
      0.0241272,
      -0.99851
    ],
    "ImageType": [
      "ORIGINAL",
      "PRIMARY",
      "M",
      "NORM",
      "DIS3D",
      "DIS2D"
    ],
    "InPlanePhaseEncodingDirectionDICOM": "ROW",
    "InstitutionAddress": "Kopernikusstr._26_Graz_Graz_AT_8010",
    "InstitutionName": "KFU",
    "InstitutionalDepartmentName": "Department",
    "InversionTime": 1,
    "MRAcquisitionType": "3D",
    "MagneticFieldStrength": 3,
    "Manufacturer": "Siemens",
    "ManufacturersModelName": "Skyra",
    "Modality": "MR",
    "ParallelReductionFactorInPlane": 2,
    "PartialFourier": 1,
    "PatientPosition": "HFS",
    "PercentPhaseFOV": 100,
    "PhaseEncodingSteps": 294,
    "PhaseOversampling": 0.15,
    "PhaseResolution": 1,
    "PixelBandwidth": 210,
    "ProcedureStepDescription": "BioPsy_2018",
    "ProtocolName": "anat-T1w",
    "PulseSequenceDetails": "%SiemensSeq%_tfl",
    "ReceiveCoilActiveElements": "HEA;HEP",
    "ReceiveCoilName": "Head_32",
    "ReconMatrixPE": 256,
    "RepetitionTime": 2.2,
    "SAR": 0.0495417,
    "ScanOptions": "IR_WE",
    "ScanningSequence": "GR_IR",
    "SequenceName": "_tfl3d1_16ns",
    "SequenceVariant": "SK_SP_MP_OSP",
    "SeriesDescription": "anat-T1w",
    "SeriesNumber": 5,
    "ShimSetting": [
      -1101,
      -3046,
      -4264,
      351,
      804,
      603,
      142,
      -818
    ],
    "SliceThickness": 0.88,
    "SoftwareVersions": "syngo_MR_E11",
    "StationName": "FBMTMR1",
    "TxRefAmp": 342.938,
    "dataset": "ds002878",
    "modality": "T1w",
    "session_id": "1",
    "subject_id": "094BPAF1211024"
  },
  "cjv": 0.3389609885247133,
  "cnr": 3.8568549147110507,
  "efc": 0.6269181861270016,
  "fber": 27293.38608592136,
  "fwhm_avg": 4.670113047193673,
  "fwhm_x": 4.519024855866733,
  "fwhm_y": 4.7576914285714285,
  "fwhm_z": 4.733622857142857,
  "icvs_csf": 0.2021751236909513,
  "icvs_gm": 0.4300510583111364,
  "icvs_wm": 0.3677738179979123,
  "inu_med": 0.3856506943702698,
  "inu_range": 0.1436792761087417,
  "provenance": {
    "md5sum": "f9f14ec354623bdc3ca02fa610ca6c3b",
    "settings": {
      "testing": false
    },
    "software": "mriqc",
    "version": "22.0.6",
    "warnings": {
      "large_rot_frame": true,
      "small_air_mask": false
    },
    "webapi_port": null,
    "webapi_url": "https://mriqc.nimh.nih.gov/api/v1"
  },
  "qi_1": 0.0,
  "qi_2": 0.002497168171448043,
  "rpve_csf": 17.474604312048825,
  "rpve_gm": 8.733069843264447,
  "rpve_wm": 11.885135913595771,
  "size_x": 224,
  "size_y": 256,
  "size_z": 256,
  "snr_csf": 2.8908708164939725,
  "snr_gm": 13.275526979120977,
  "snr_total": 15.072684198268748,
  "snr_wm": 29.051654799191294,
  "snrd_csf": 51.793808211109514,
  "snrd_gm": 138.27192300058093,
  "snrd_total": 125.17370589068055,
  "snrd_wm": 185.45538646035124,
  "spacing_x": 0.8799973726272583,
  "spacing_y": 0.875,
  "spacing_z": 0.875,
  "summary_bg_k": 12.95622736472792,
  "summary_bg_mad": 0.0,
  "summary_bg_mean": 2.0138444296012423,
  "summary_bg_median": 0.0,
  "summary_bg_n": 2436538.0,
  "summary_bg_p05": 0.0,
  "summary_bg_p95": 8.908429753035307,
  "summary_bg_stdv": 3.5327448987023957,
  "summary_csf_k": 1.5937577518558896,
  "summary_csf_mad": 71.9083586719246,
  "summary_csf_mean": 290.2644692502769,
  "summary_csf_median": 279.2919333167374,
  "summary_csf_n": 90619.0,
  "summary_csf_p05": 132.0381216108799,
  "summary_csf_p95": 466.65209426991584,
  "summary_csf_stdv": 96.61116321626908,
  "summary_gm_k": 0.29417791276282834,
  "summary_gm_mad": 53.44494052218032,
  "summary_gm_mean": 745.1697429819067,
  "summary_gm_median": 745.6148530505598,
  "summary_gm_n": 91247.0,
  "summary_gm_p05": 653.107600728795,
  "summary_gm_p95": 838.8587197188288,
  "summary_gm_stdv": 56.16430658585973,
  "summary_wm_k": 0.7891515092117141,
  "summary_wm_mad": 32.79731024381564,
  "summary_wm_mean": 1000.4453247375814,
  "summary_wm_median": 1000.04605217278,
  "summary_wm_n": 439802.0,
  "summary_wm_p05": 945.4675329364836,
  "summary_wm_p95": 1056.4891264736652,
  "summary_wm_stdv": 34.422993187719754,
  "tpm_overlap_csf": 0.160573692201058,
  "tpm_overlap_gm": 0.45557191046273604,
  "tpm_overlap_wm": 0.5207060775469395,
  "wm2max": 0.8444921313078684
}