{
  "bids_meta": {
    "AcquisitionMatrixPE": 256,
    "AcquisitionNumber": 1,
    "AcquisitionTime": "12:58:32.317500",
    "BaseResolution": 256,
    "BodyPartExamined": "HEAD",
    "ConsistencyInfo": "N4_VE11C_LATEST_20160120",
    "ConversionSoftware": "dcm2niix",
    "ConversionSoftwareVersion": "v1.0.20180622 GCC7.3.0",
    "DeviceSerialNumber": "45250",
    "DwellTime": 9.2e-06,
    "EchoTime": 0.00218,
    "FlipAngle": 8,
    "ImageOrientationPatientDICOM": [
      0.0218423,
      0.998391,
      -0.0523353,
      -0.00632627,
      -0.0522087,
      -0.998616
    ],
    "ImageType": [
      "ORIGINAL",
      "PRIMARY",
      "M",
      "NORM",
      "DIS3D",
      "DIS2D"
    ],
    "InPlanePhaseEncodingDirectionDICOM": "ROW",
    "InstitutionAddress": "Kopernikusstr._26_Graz_Graz_AT_8010",
    "InstitutionName": "KFU",
    "InstitutionalDepartmentName": "Department",
    "InversionTime": 1,
    "MRAcquisitionType": "3D",
    "MagneticFieldStrength": 3,
    "Manufacturer": "Siemens",
    "ManufacturersModelName": "Skyra",
    "Modality": "MR",
    "ParallelReductionFactorInPlane": 2,
    "PartialFourier": 1,
    "PatientPosition": "HFS",
    "PercentPhaseFOV": 100,
    "PhaseEncodingSteps": 294,
    "PhaseOversampling": 0.15,
    "PhaseResolution": 1,
    "PixelBandwidth": 210,
    "ProcedureStepDescription": "BioPsy_2018",
    "ProtocolName": "anat-T1w",
    "PulseSequenceDetails": "%SiemensSeq%_tfl",
    "ReceiveCoilActiveElements": "HEA;HEP",
    "ReceiveCoilName": "Head_32",
    "ReconMatrixPE": 256,
    "RepetitionTime": 2.2,
    "SAR": 0.062668,
    "ScanOptions": "IR_WE",
    "ScanningSequence": "GR_IR",
    "SequenceName": "_tfl3d1_16ns",
    "SequenceVariant": "SK_SP_MP_OSP",
    "SeriesDescription": "anat-T1w",
    "SeriesNumber": 5,
    "ShimSetting": [
      -1144,
      -3107,
      -4373,
      267,
      785,
      115,
      124,
      -872
    ],
    "SliceThickness": 0.88,
    "SoftwareVersions": "syngo_MR_E11",
    "StationName": "FBMTMR1",
    "TxRefAmp": 348.656,
    "dataset": "ds002878",
    "modality": "T1w",
    "session_id": "1",
    "subject_id": "094BPAF1221019"
  },
  "cjv": 0.30671877904445305,
  "cnr": 4.311063446561782,
  "efc": 0.6258739949160163,
  "fber": 29130.45761245675,
  "fwhm_avg": 4.5680351125481105,
  "fwhm_x": 4.4992710519300445,
  "fwhm_y": 4.563382857142857,
  "fwhm_z": 4.641451428571429,
  "icvs_csf": 0.18008537341412825,
  "icvs_gm": 0.46273360682674997,
  "icvs_wm": 0.35718101975912175,
  "inu_med": 0.3930232375860214,
  "inu_range": 0.13734254539012908,
  "provenance": {
    "md5sum": "4a847529471a83a4b84524f83a335f7f",
    "settings": {
      "testing": false
    },
    "software": "mriqc",
    "version": "22.0.6",
    "warnings": {
      "large_rot_frame": true,
      "small_air_mask": false
    },
    "webapi_port": null,
    "webapi_url": "https://mriqc.nimh.nih.gov/api/v1"
  },
  "qi_1": 0.0,
  "qi_2": 0.002263721015044819,
  "rpve_csf": 22.225047349713307,
  "rpve_gm": 9.730012318762977,
  "rpve_wm": 14.094285772354183,
  "size_x": 224,
  "size_y": 256,
  "size_z": 256,
  "snr_csf": 2.5114683477738797,
  "snr_gm": 14.071515298703153,
  "snr_total": 14.986397865116166,
  "snr_wm": 28.37620994887146,
  "snrd_csf": 46.341508681425005,
  "snrd_gm": 118.43273280039499,
  "snrd_total": 109.05854959194538,
  "snrd_wm": 162.4014072940161,
  "spacing_x": 0.8799958825111389,
  "spacing_y": 0.875,
  "spacing_z": 0.875,
  "summary_bg_k": 16.218528902484913,
  "summary_bg_mad": 0.0,
  "summary_bg_mean": 2.4192997262064795,
  "summary_bg_median": 0.0,
  "summary_bg_n": 2722985.0,
  "summary_bg_p05": 0.0,
  "summary_bg_p95": 9.545869052410126,
  "summary_bg_stdv": 4.034150452138581,
  "summary_csf_k": 1.805750816939769,
  "summary_csf_mad": 88.50657354988581,
  "summary_csf_mean": 293.4598147187474,
  "summary_csf_median": 285.35831347480416,
  "summary_csf_n": 56686.0,
  "summary_csf_p05": 92.09540945477784,
  "summary_csf_p95": 496.0868823174387,
  "summary_csf_stdv": 113.62110006598728,
  "summary_gm_k": 0.22983543515956084,
  "summary_gm_mad": 50.15892821992353,
  "summary_gm_mean": 729.2235521012128,
  "summary_gm_median": 729.2763195186853,
  "summary_gm_n": 116930.0,
  "summary_gm_p05": 644.6503186300397,
  "summary_gm_p95": 815.0487605631351,
  "summary_gm_stdv": 51.82620248069749,
  "summary_wm_k": 0.897217805330075,
  "summary_wm_mad": 32.88427659231501,
  "summary_wm_mean": 999.5345558258566,
  "summary_wm_median": 1000.0233701914549,
  "summary_wm_n": 360386.0,
  "summary_wm_p05": 941.7654928863049,
  "summary_wm_p95": 1055.6608128547668,
  "summary_wm_stdv": 35.24156272309205,
  "tpm_overlap_csf": 0.15917476218667687,
  "tpm_overlap_gm": 0.4766637349888441,
  "tpm_overlap_wm": 0.5230113296099211,
  "wm2max": 0.855199722659319
}