{
  "bids_meta": {
    "AcquisitionMatrixPE": 256,
    "AcquisitionNumber": 1,
    "AcquisitionTime": "08:57:59.187500",
    "BaseResolution": 256,
    "BodyPartExamined": "HEAD",
    "ConsistencyInfo": "N4_VE11C_LATEST_20160120",
    "ConversionSoftware": "dcm2niix",
    "ConversionSoftwareVersion": "v1.0.20180622 GCC7.3.0",
    "DeviceSerialNumber": "45250",
    "DwellTime": 9.2e-06,
    "EchoTime": 0.00218,
    "FlipAngle": 8,
    "ImageOrientationPatientDICOM": [
      -0.0210759,
      0.999081,
      -0.037334,
      0.0206071,
      -0.0369003,
      -0.999106
    ],
    "ImageType": [
      "ORIGINAL",
      "PRIMARY",
      "M",
      "NORM",
      "DIS3D",
      "DIS2D"
    ],
    "InPlanePhaseEncodingDirectionDICOM": "ROW",
    "InstitutionAddress": "Kopernikusstr._26_Graz_Graz_AT_8010",
    "InstitutionName": "KFU",
    "InstitutionalDepartmentName": "Department",
    "InversionTime": 1,
    "MRAcquisitionType": "3D",
    "MagneticFieldStrength": 3,
    "Manufacturer": "Siemens",
    "ManufacturersModelName": "Skyra",
    "Modality": "MR",
    "ParallelReductionFactorInPlane": 2,
    "PartialFourier": 1,
    "PatientPosition": "HFS",
    "PercentPhaseFOV": 100,
    "PhaseEncodingSteps": 294,
    "PhaseOversampling": 0.15,
    "PhaseResolution": 1,
    "PixelBandwidth": 210,
    "ProcedureStepDescription": "BioPsy_2018",
    "ProtocolName": "anat-T1w",
    "PulseSequenceDetails": "%SiemensSeq%_tfl",
    "ReceiveCoilActiveElements": "HEA;HEP",
    "ReceiveCoilName": "Head_32",
    "ReconMatrixPE": 256,
    "RepetitionTime": 2.2,
    "SAR": 0.0630918,
    "ScanOptions": "IR_WE",
    "ScanningSequence": "GR_IR",
    "SequenceName": "_tfl3d1_16ns",
    "SequenceVariant": "SK_SP_MP_OSP",
    "SeriesDescription": "anat-T1w",
    "SeriesNumber": 5,
    "ShimSetting": [
      -1087,
      -3110,
      -4304,
      212,
      1063,
      54,
      46,
      -995
    ],
    "SliceThickness": 0.88,
    "SoftwareVersions": "syngo_MR_E11",
    "StationName": "FBMTMR1",
    "TxRefAmp": 355.418,
    "dataset": "ds002878",
    "modality": "T1w",
    "session_id": "1",
    "subject_id": "094BPAF1211016"
  },
  "cjv": 0.35351108102685014,
  "cnr": 3.777316911673334,
  "efc": 0.6407933920844241,
  "fber": 19648.40681450618,
  "fwhm_avg": 4.518165286099523,
  "fwhm_x": 4.500838715441427,
  "fwhm_y": 4.548502857142857,
  "fwhm_z": 4.505154285714285,
  "icvs_csf": 0.20083654900838674,
  "icvs_gm": 0.46040039309422415,
  "icvs_wm": 0.3387630578973891,
  "inu_med": 0.46010734140872955,
  "inu_range": 0.19530476927757257,
  "provenance": {
    "md5sum": "82b6a6f228fe27c5fffac14ce75cb9ff",
    "settings": {
      "testing": false
    },
    "software": "mriqc",
    "version": "22.0.6",
    "warnings": {
      "large_rot_frame": true,
      "small_air_mask": false
    },
    "webapi_port": null,
    "webapi_url": "https://mriqc.nimh.nih.gov/api/v1"
  },
  "qi_1": 0.0,
  "qi_2": 0.0014620319333204495,
  "rpve_csf": 19.93506139639837,
  "rpve_gm": 9.439211869572839,
  "rpve_wm": 14.010399474633948,
  "size_x": 224,
  "size_y": 256,
  "size_z": 256,
  "snr_csf": 3.1272986729315004,
  "snr_gm": 15.697179035109313,
  "snr_total": 14.338927128327436,
  "snr_wm": 24.192303676941496,
  "snrd_csf": 32.10728329908497,
  "snrd_gm": 81.93249947030883,
  "snrd_total": 74.01096873351683,
  "snrd_wm": 107.99312343115672,
  "spacing_x": 0.8799982070922852,
  "spacing_y": 0.875,
  "spacing_z": 0.875,
  "summary_bg_k": 10.751902986050098,
  "summary_bg_mad": 0.0,
  "summary_bg_mean": 3.7748976327173924,
  "summary_bg_median": 0.0,
  "summary_bg_n": 2628458.0,
  "summary_bg_p05": 0.0,
  "summary_bg_p95": 15.854288600385189,
  "summary_bg_stdv": 6.066762489735439,
  "summary_csf_k": 1.6379368086797337,
  "summary_csf_mad": 76.69386428562348,
  "summary_csf_mean": 308.21574727881915,
  "summary_csf_median": 297.3232169151306,
  "summary_csf_n": 71628.0,
  "summary_csf_p05": 176.4053844936192,
  "summary_csf_p95": 481.5930659633128,
  "summary_csf_stdv": 95.0728320302609,
  "summary_gm_k": 0.2974710447466915,
  "summary_gm_mad": 46.35523657463201,
  "summary_gm_mean": 757.4796184891876,
  "summary_gm_median": 758.7198856249452,
  "summary_gm_n": 89994.0,
  "summary_gm_p05": 676.2775849029422,
  "summary_gm_p95": 835.0416935384274,
  "summary_gm_stdv": 48.334523580621784,
  "summary_wm_k": 0.7140771185105379,
  "summary_wm_mad": 38.957348976636496,
  "summary_wm_mean": 999.6459340061707,
  "summary_wm_median": 1000.0491964444518,
  "summary_wm_n": 321340.0,
  "summary_wm_p05": 931.9372061938047,
  "summary_wm_p95": 1066.5388873964548,
  "summary_wm_stdv": 41.33742919801208,
  "tpm_overlap_csf": 0.1468536143205959,
  "tpm_overlap_gm": 0.4539092138777555,
  "tpm_overlap_wm": 0.48614365555153843,
  "wm2max": 0.8107973455030989
}