{
  "aor": 0.00030679768786127167,
  "aqi": 0.0244945761849711,
  "bids_meta": {
    "AcquisitionMatrixPE": 96,
    "AcquisitionNumber": 1,
    "AcquisitionTime": "10:07:53.035000",
    "BandwidthPerPixelPhaseEncode": 31.566,
    "BaseResolution": 96,
    "BodyPartExamined": "HEAD",
    "CogAtlasID": "TODO",
    "ConsistencyInfo": "N4_VE11C_LATEST_20160120",
    "ConversionSoftware": "dcm2niix",
    "ConversionSoftwareVersion": "v1.0.20180622 GCC7.3.0",
    "DerivedVendorReportedEchoSpacing": 0.000659993,
    "DeviceSerialNumber": "45250",
    "DwellTime": 2.9e-06,
    "EchoTime": 0.03,
    "EchoTrainLength": 48,
    "EffectiveEchoSpacing": 0.000329996,
    "FlipAngle": 65,
    "ImageComments": "Unaliased_MB4_PE4_LB_D",
    "ImageOrientationPatientDICOM": [
      0.999146,
      -0.00501859,
      -0.041006,
      -0.0120331,
      0.914201,
      -0.405082
    ],
    "ImageType": [
      "ORIGINAL",
      "PRIMARY",
      "M",
      "MB",
      "ND",
      "NORM",
      "MOSAIC"
    ],
    "InPlanePhaseEncodingDirectionDICOM": "COL",
    "InstitutionAddress": "Kopernikusstr._26_Graz_Graz_AT_8010",
    "InstitutionName": "KFU",
    "InstitutionalDepartmentName": "Department",
    "MRAcquisitionType": "2D",
    "MagneticFieldStrength": 3,
    "Manufacturer": "Siemens",
    "ManufacturersModelName": "Skyra",
    "Modality": "MR",
    "MultibandAccelerationFactor": 4,
    "ParallelReductionFactorInPlane": 2,
    "PartialFourier": 1,
    "PatientPosition": "HFS",
    "PercentPhaseFOV": 100,
    "PhaseEncodingDirection": "j",
    "PhaseEncodingSteps": 96,
    "PhaseResolution": 1,
    "PixelBandwidth": 1795,
    "ProcedureStepDescription": "BioPsy_2018",
    "ProtocolName": "func_task-soccer_acq-multiband_soccer",
    "PulseSequenceDetails": "%CustomerSeq%_cmrr_mbep2d_bold",
    "ReceiveCoilActiveElements": "HEA;HEP",
    "ReceiveCoilName": "Head_32",
    "ReconMatrixPE": 96,
    "RepetitionTime": 1.4,
    "SAR": 0.0936327,
    "ScanOptions": "FS_EXT",
    "ScanningSequence": "EP",
    "SequenceName": "epfid2d1_96",
    "SequenceVariant": "SK_SS",
    "SeriesDescription": "func_task-soccer_acq-multiband_soccer",
    "SeriesNumber": 13,
    "ShimSetting": [
      -1097,
      -3037,
      -4107,
      725,
      951,
      913,
      34,
      -961
    ],
    "SliceThickness": 2.5,
    "SliceTiming": [
      0,
      0.7375,
      0.0925,
      0.8275,
      0.185,
      0.92,
      0.2775,
      1.0125,
      0.37,
      1.105,
      0.46,
      1.1975,
      0.5525,
      1.2875,
      0.645,
      0,
      0.7375,
      0.0925,
      0.8275,
      0.185,
      0.92,
      0.2775,
      1.0125,
      0.37,
      1.105,
      0.46,
      1.1975,
      0.5525,
      1.2875,
      0.645,
      0,
      0.7375,
      0.0925,
      0.8275,
      0.185,
      0.92,
      0.2775,
      1.0125,
      0.37,
      1.105,
      0.46,
      1.1975,
      0.5525,
      1.2875,
      0.645,
      0,
      0.7375,
      0.0925,
      0.8275,
      0.185,
      0.92,
      0.2775,
      1.0125,
      0.37,
      1.105,
      0.46,
      1.1975,
      0.5525,
      1.2875,
      0.645
    ],
    "SoftwareVersions": "syngo_MR_E11",
    "SpacingBetweenSlices": 2.5,
    "StationName": "FBMTMR1",
    "TaskName": "soccer",
    "TotalReadoutTime": 0.0313497,
    "TxRefAmp": 340.556,
    "acq_id": "multiband",
    "dataset": "ds002878",
    "modality": "bold",
    "session_id": "1",
    "subject_id": "094BPAF1221027",
    "task_id": "soccer"
  },
  "dummy_trs": 0,
  "dvars_nstd": 37.5690878452083,
  "dvars_std": 1.303491997233796,
  "dvars_vstd": 0.9607550067013891,
  "efc": 0.41249275102613103,
  "fber": 19863.82421875,
  "fd_mean": 0.1205160988618715,
  "fd_num": 67,
  "fd_perc": 7.745664739884393,
  "fwhm_avg": 1.8087586666666666,
  "fwhm_x": 1.716988,
  "fwhm_y": 1.929176,
  "fwhm_z": 1.7801120000000001,
  "gcor": 0.00860455,
  "gsr_x": -0.013343912549316883,
  "gsr_y": 0.01008617877960205,
  "provenance": {
    "md5sum": "fcd1c97f60800681f1c7a2d7198cfe34",
    "settings": {
      "fd_thres": 0.2,
      "testing": false
    },
    "software": "mriqc",
    "version": "22.0.6",
    "webapi_port": null,
    "webapi_url": "https://mriqc.nimh.nih.gov/api/v1"
  },
  "size_t": 865,
  "size_x": 96,
  "size_y": 96,
  "size_z": 60,
  "snr": 7.176631195445545,
  "spacing_tr": 1.399999976158142,
  "spacing_x": 2.5,
  "spacing_y": 2.5,
  "spacing_z": 2.5,
  "summary_bg_k": 35.09125425743188,
  "summary_bg_mad": 28.363126521933214,
  "summary_bg_mean": 168.7536163330078,
  "summary_bg_median": 36.070518493652344,
  "summary_bg_n": 414675.0,
  "summary_bg_p05": 13.478611946105957,
  "summary_bg_p95": 811.0160583496094,
  "summary_bg_stdv": 423.6795349121094,
  "summary_fg_k": 3.844728879124884,
  "summary_fg_mad": 594.0666917692439,
  "summary_fg_mean": 5026.58544921875,
  "summary_fg_median": 4991.01416015625,
  "summary_fg_n": 69354.0,
  "summary_fg_p05": 4084.1738037109376,
  "summary_fg_p95": 6134.975659179687,
  "summary_fg_stdv": 695.4486083984375,
  "tsnr": 41.13995594973676
}