{
  "aor": 0.0014268725868725868,
  "aqi": 0.021182177027027026,
  "bids_meta": {
    "AcquisitionMatrixPE": 96,
    "AcquisitionNumber": 1,
    "AcquisitionTime": "11:12:16.475000",
    "BandwidthPerPixelPhaseEncode": 31.566,
    "BaseResolution": 96,
    "BodyPartExamined": "HEAD",
    "CogAtlasID": "TODO",
    "ConsistencyInfo": "N4_VE11C_LATEST_20160120",
    "ConversionSoftware": "dcm2niix",
    "ConversionSoftwareVersion": "v1.0.20180622 GCC7.3.0",
    "DerivedVendorReportedEchoSpacing": 0.000659993,
    "DeviceSerialNumber": "45250",
    "DwellTime": 2.9e-06,
    "EchoTime": 0.03,
    "EchoTrainLength": 48,
    "EffectiveEchoSpacing": 0.000329996,
    "FlipAngle": 65,
    "ImageComments": "Unaliased_MB4_PE4_LB_D",
    "ImageOrientationPatientDICOM": [
      0.995067,
      -0.0829909,
      0.0543447,
      0.0975672,
      0.917772,
      -0.384936
    ],
    "ImageType": [
      "ORIGINAL",
      "PRIMARY",
      "M",
      "MB",
      "ND",
      "NORM",
      "MOSAIC"
    ],
    "InPlanePhaseEncodingDirectionDICOM": "COL",
    "InstitutionAddress": "Kopernikusstr._26_Graz_Graz_AT_8010",
    "InstitutionName": "KFU",
    "InstitutionalDepartmentName": "Department",
    "MRAcquisitionType": "2D",
    "MagneticFieldStrength": 3,
    "Manufacturer": "Siemens",
    "ManufacturersModelName": "Skyra",
    "Modality": "MR",
    "MultibandAccelerationFactor": 4,
    "ParallelReductionFactorInPlane": 2,
    "PartialFourier": 1,
    "PatientPosition": "HFS",
    "PercentPhaseFOV": 100,
    "PhaseEncodingDirection": "j",
    "PhaseEncodingSteps": 96,
    "PhaseResolution": 1,
    "PixelBandwidth": 1795,
    "ProcedureStepDescription": "BioPsy_2018",
    "ProtocolName": "func_task-soccer_acq-multiband_soccer",
    "PulseSequenceDetails": "%CustomerSeq%_cmrr_mbep2d_bold",
    "ReceiveCoilActiveElements": "HEA;HEP",
    "ReceiveCoilName": "Head_32",
    "ReconMatrixPE": 96,
    "RepetitionTime": 1.4,
    "SAR": 0.0744111,
    "ScanOptions": "FS_EXT",
    "ScanningSequence": "EP",
    "SequenceName": "epfid2d1_96",
    "SequenceVariant": "SK_SS",
    "SeriesDescription": "func_task-soccer_acq-multiband_soccer",
    "SeriesNumber": 13,
    "ShimSetting": [
      -1078,
      -2939,
      -4102,
      528,
      905,
      1102,
      29,
      -694
    ],
    "SliceThickness": 2.5,
    "SliceTiming": [
      0,
      0.735,
      0.09,
      0.8275,
      0.1825,
      0.9175,
      0.275,
      1.01,
      0.3675,
      1.1025,
      0.46,
      1.195,
      0.55,
      1.2875,
      0.6425,
      0,
      0.735,
      0.09,
      0.8275,
      0.1825,
      0.9175,
      0.275,
      1.01,
      0.3675,
      1.1025,
      0.46,
      1.195,
      0.55,
      1.2875,
      0.6425,
      0,
      0.735,
      0.09,
      0.8275,
      0.1825,
      0.9175,
      0.275,
      1.01,
      0.3675,
      1.1025,
      0.46,
      1.195,
      0.55,
      1.2875,
      0.6425,
      0,
      0.735,
      0.09,
      0.8275,
      0.1825,
      0.9175,
      0.275,
      1.01,
      0.3675,
      1.1025,
      0.46,
      1.195,
      0.55,
      1.2875,
      0.6425
    ],
    "SoftwareVersions": "syngo_MR_E11",
    "SpacingBetweenSlices": 2.5,
    "StationName": "FBMTMR1",
    "TaskName": "soccer",
    "TotalReadoutTime": 0.0313497,
    "TxRefAmp": 345.359,
    "acq_id": "multiband",
    "dataset": "ds002878",
    "modality": "bold",
    "session_id": "1",
    "subject_id": "094BPAF1211024",
    "task_id": "soccer"
  },
  "dummy_trs": 0,
  "dvars_nstd": 32.26904193852173,
  "dvars_std": 1.1454023191884077,
  "dvars_vstd": 0.9846580092270538,
  "efc": 0.45398278198109715,
  "fber": 27091.34375,
  "fd_mean": 0.20122919373084622,
  "fd_num": 263,
  "fd_perc": 25.386100386100384,
  "fwhm_avg": 1.7871,
  "fwhm_x": 1.691836,
  "fwhm_y": 1.90284,
  "fwhm_z": 1.7666239999999998,
  "gcor": 0.0113615,
  "gsr_x": -0.010839045979082584,
  "gsr_y": 0.03176198527216911,
  "provenance": {
    "md5sum": "db6292ae32637b884d80a6b1063252e1",
    "settings": {
      "fd_thres": 0.2,
      "testing": false
    },
    "software": "mriqc",
    "version": "22.0.6",
    "webapi_port": null,
    "webapi_url": "https://mriqc.nimh.nih.gov/api/v1"
  },
  "size_t": 1036,
  "size_x": 96,
  "size_y": 96,
  "size_z": 60,
  "snr": 6.633855103347424,
  "spacing_tr": 1.399999976158142,
  "spacing_x": 2.5,
  "spacing_y": 2.5,
  "spacing_z": 2.5,
  "summary_bg_k": 40.64167305614431,
  "summary_bg_mad": 28.076423205196214,
  "summary_bg_mean": 181.1727294921875,
  "summary_bg_median": 36.388031005859375,
  "summary_bg_n": 386126.0,
  "summary_bg_p05": 14.605453491210938,
  "summary_bg_p95": 981.2859344482422,
  "summary_bg_stdv": 430.253173828125,
  "summary_fg_k": 2.7046016686251058,
  "summary_fg_mad": 821.6001629539578,
  "summary_fg_mean": 5955.19677734375,
  "summary_fg_median": 5915.65380859375,
  "summary_fg_n": 94362.0,
  "summary_fg_p05": 4756.0858154296875,
  "summary_fg_p95": 7420.831616210938,
  "summary_fg_stdv": 891.7322387695312,
  "tsnr": 42.80431494861841
}