{
  "aor": 0.0003384735202492212,
  "aqi": 0.015923167601246103,
  "bids_meta": {
    "AcquisitionMatrixPE": 96,
    "AcquisitionNumber": 1,
    "AcquisitionTime": "14:12:37.027500",
    "BandwidthPerPixelPhaseEncode": 31.566,
    "BaseResolution": 96,
    "BodyPartExamined": "HEAD",
    "CogAtlasID": "TODO",
    "ConsistencyInfo": "N4_VE11C_LATEST_20160120",
    "ConversionSoftware": "dcm2niix",
    "ConversionSoftwareVersion": "v1.0.20180622 GCC7.3.0",
    "DerivedVendorReportedEchoSpacing": 0.000659993,
    "DeviceSerialNumber": "45250",
    "DwellTime": 2.9e-06,
    "EchoTime": 0.03,
    "EchoTrainLength": 48,
    "EffectiveEchoSpacing": 0.000329996,
    "FlipAngle": 65,
    "ImageComments": "Unaliased_MB4_PE4_LB_D",
    "ImageOrientationPatientDICOM": [
      0.996784,
      -0.0430561,
      -0.0675839,
      0.0278427,
      0.976931,
      -0.211732
    ],
    "ImageType": [
      "ORIGINAL",
      "PRIMARY",
      "M",
      "MB",
      "ND",
      "NORM",
      "MOSAIC"
    ],
    "InPlanePhaseEncodingDirectionDICOM": "COL",
    "InstitutionAddress": "Kopernikusstr._26_Graz_Graz_AT_8010",
    "InstitutionName": "KFU",
    "InstitutionalDepartmentName": "Department",
    "MRAcquisitionType": "2D",
    "MagneticFieldStrength": 3,
    "Manufacturer": "Siemens",
    "ManufacturersModelName": "Skyra",
    "Modality": "MR",
    "MultibandAccelerationFactor": 4,
    "ParallelReductionFactorInPlane": 2,
    "PartialFourier": 1,
    "PatientPosition": "HFS",
    "PercentPhaseFOV": 100,
    "PhaseEncodingDirection": "j",
    "PhaseEncodingSteps": 96,
    "PhaseResolution": 1,
    "PixelBandwidth": 1795,
    "ProcedureStepDescription": "BioPsy_2018",
    "ProtocolName": "func_task-soccer_acq-multiband_soccer",
    "PulseSequenceDetails": "%CustomerSeq%_cmrr_mbep2d_bold",
    "ReceiveCoilActiveElements": "HEA;HEP",
    "ReceiveCoilName": "Head_32",
    "ReconMatrixPE": 96,
    "RepetitionTime": 1.4,
    "SAR": 0.0827802,
    "ScanOptions": "FS_EXT",
    "ScanningSequence": "EP",
    "SequenceName": "epfid2d1_96",
    "SequenceVariant": "SK_SS",
    "SeriesDescription": "func_task-soccer_acq-multiband_soccer",
    "SeriesNumber": 13,
    "ShimSetting": [
      -1086,
      -3157,
      -4146,
      697,
      1088,
      289,
      308,
      -704
    ],
    "SliceThickness": 2.5,
    "SliceTiming": [
      0,
      0.735,
      0.09,
      0.8275,
      0.1825,
      0.92,
      0.275,
      1.01,
      0.3675,
      1.1025,
      0.46,
      1.195,
      0.55,
      1.2875,
      0.6425,
      0,
      0.735,
      0.09,
      0.8275,
      0.1825,
      0.92,
      0.275,
      1.01,
      0.3675,
      1.1025,
      0.46,
      1.195,
      0.55,
      1.2875,
      0.6425,
      0,
      0.735,
      0.09,
      0.8275,
      0.1825,
      0.92,
      0.275,
      1.01,
      0.3675,
      1.1025,
      0.46,
      1.195,
      0.55,
      1.2875,
      0.6425,
      0,
      0.735,
      0.09,
      0.8275,
      0.1825,
      0.92,
      0.275,
      1.01,
      0.3675,
      1.1025,
      0.46,
      1.195,
      0.55,
      1.2875,
      0.6425
    ],
    "SoftwareVersions": "syngo_MR_E11",
    "SpacingBetweenSlices": 2.5,
    "StationName": "FBMTMR1",
    "TaskName": "soccer",
    "TotalReadoutTime": 0.0313497,
    "TxRefAmp": 342.296,
    "acq_id": "multiband",
    "dataset": "ds002878",
    "modality": "bold",
    "session_id": "1",
    "subject_id": "094BPAF1221020",
    "task_id": "soccer"
  },
  "dummy_trs": 0,
  "dvars_nstd": 37.90434536964659,
  "dvars_std": 1.3962683915384588,
  "dvars_vstd": 0.9735811749168392,
  "efc": 0.42019815492977514,
  "fber": 27041.0234375,
  "fd_mean": 0.14589314741996331,
  "fd_num": 191,
  "fd_perc": 19.833852544132917,
  "fwhm_avg": 1.7963093886465762,
  "fwhm_x": 1.726972,
  "fwhm_y": 1.9219519999999999,
  "fwhm_z": 1.7400041659397285,
  "gcor": 0.0176273,
  "gsr_x": -0.007947947829961777,
  "gsr_y": 0.01632974110543728,
  "provenance": {
    "md5sum": "7e557804ca9eed7b8ffc3de548202e58",
    "settings": {
      "fd_thres": 0.2,
      "testing": false
    },
    "software": "mriqc",
    "version": "22.0.6",
    "webapi_port": null,
    "webapi_url": "https://mriqc.nimh.nih.gov/api/v1"
  },
  "size_t": 963,
  "size_x": 96,
  "size_y": 96,
  "size_z": 60,
  "snr": 6.562972323148602,
  "spacing_tr": 1.399999976158142,
  "spacing_x": 2.5,
  "spacing_y": 2.5,
  "spacing_z": 2.499999761581421,
  "summary_bg_k": 37.56338582936545,
  "summary_bg_mad": 30.056951370193946,
  "summary_bg_mean": 204.0479736328125,
  "summary_bg_median": 37.95534896850586,
  "summary_bg_n": 409090.0,
  "summary_bg_p05": 14.753894805908203,
  "summary_bg_p95": 1115.3801452636717,
  "summary_bg_stdv": 503.6175842285156,
  "summary_fg_k": 2.657438887934865,
  "summary_fg_mad": 893.5045607343181,
  "summary_fg_mean": 6197.55908203125,
  "summary_fg_median": 6188.0087890625,
  "summary_fg_n": 73673.0,
  "summary_fg_p05": 4878.30810546875,
  "summary_fg_p95": 7681.011718749998,
  "summary_fg_stdv": 942.8604125976562,
  "tsnr": 47.21091557480395
}