{
  "bids_meta": {
    "AcquisitionMatrixPE": 256,
    "AcquisitionNumber": 1,
    "AcquisitionTime": "09:50:25.150000",
    "BaseResolution": 256,
    "BodyPartExamined": "HEAD",
    "ConsistencyInfo": "N4_VE11C_LATEST_20160120",
    "ConversionSoftware": "dcm2niix",
    "ConversionSoftwareVersion": "v1.0.20180622 GCC7.3.0",
    "DeviceSerialNumber": "45250",
    "DwellTime": 9.2e-06,
    "EchoTime": 0.00218,
    "FlipAngle": 8,
    "ImageOrientationPatientDICOM": [
      -0.0668363,
      0.996009,
      0.0591489,
      -0.0767454,
      0.053974,
      -0.995589
    ],
    "ImageType": [
      "ORIGINAL",
      "PRIMARY",
      "M",
      "NORM",
      "DIS3D",
      "DIS2D"
    ],
    "InPlanePhaseEncodingDirectionDICOM": "ROW",
    "InstitutionAddress": "Kopernikusstr._26_Graz_Graz_AT_8010",
    "InstitutionName": "KFU",
    "InstitutionalDepartmentName": "Department",
    "InversionTime": 1,
    "MRAcquisitionType": "3D",
    "MagneticFieldStrength": 3,
    "Manufacturer": "Siemens",
    "ManufacturersModelName": "Skyra",
    "Modality": "MR",
    "ParallelReductionFactorInPlane": 2,
    "PartialFourier": 1,
    "PatientPosition": "HFS",
    "PercentPhaseFOV": 100,
    "PhaseEncodingSteps": 294,
    "PhaseOversampling": 0.15,
    "PhaseResolution": 1,
    "PixelBandwidth": 210,
    "ProcedureStepDescription": "BioPsy_2018",
    "ProtocolName": "anat-T1w",
    "PulseSequenceDetails": "%SiemensSeq%_tfl",
    "ReceiveCoilActiveElements": "HEA;HEP",
    "ReceiveCoilName": "Head_32",
    "ReconMatrixPE": 256,
    "RepetitionTime": 2.2,
    "SAR": 0.0605985,
    "ScanOptions": "IR_WE",
    "ScanningSequence": "GR_IR",
    "SequenceName": "_tfl3d1_16ns",
    "SequenceVariant": "SK_SP_MP_OSP",
    "SeriesDescription": "anat-T1w",
    "SeriesNumber": 5,
    "ShimSetting": [
      -1134,
      -3106,
      -4317,
      322,
      964,
      373,
      300,
      -798
    ],
    "SliceThickness": 0.88,
    "SoftwareVersions": "syngo_MR_E11",
    "StationName": "FBMTMR1",
    "TxRefAmp": 325.344,
    "dataset": "ds002878",
    "modality": "T1w",
    "session_id": "1",
    "subject_id": "094BPAF1211017"
  },
  "cjv": 0.34210048659519293,
  "cnr": 3.8770311226898944,
  "efc": 0.6128901782123641,
  "fber": 30525.947275218015,
  "fwhm_avg": 4.4693824439525445,
  "fwhm_x": 4.389255903286207,
  "fwhm_y": 4.603314285714285,
  "fwhm_z": 4.415577142857143,
  "icvs_csf": 0.20232701473679915,
  "icvs_gm": 0.4443450793970914,
  "icvs_wm": 0.35332790586610946,
  "inu_med": 0.4056782126426697,
  "inu_range": 0.1424317628145218,
  "provenance": {
    "md5sum": "64886226c76fb342b2877d0a21fe701d",
    "settings": {
      "testing": false
    },
    "software": "mriqc",
    "version": "22.0.6",
    "warnings": {
      "large_rot_frame": true,
      "small_air_mask": false
    },
    "webapi_port": null,
    "webapi_url": "https://mriqc.nimh.nih.gov/api/v1"
  },
  "qi_1": 0.0,
  "qi_2": 0.0031816890706852577,
  "rpve_csf": 20.605578366133372,
  "rpve_gm": 10.159065472761128,
  "rpve_wm": 14.673455798951158,
  "size_x": 224,
  "size_y": 256,
  "size_z": 256,
  "snr_csf": 3.0608415661847235,
  "snr_gm": 13.586013249702791,
  "snr_total": 15.451162176852336,
  "snr_wm": 29.70663171466949,
  "snrd_csf": 53.51941117453704,
  "snrd_gm": 141.5495461329687,
  "snrd_total": 128.00409037984153,
  "snrd_wm": 188.94331383201893,
  "spacing_x": 0.8799965381622314,
  "spacing_y": 0.875,
  "spacing_z": 0.875,
  "summary_bg_k": 10.948991835529085,
  "summary_bg_mad": 0.0,
  "summary_bg_mean": 2.0133396342899665,
  "summary_bg_median": 0.0,
  "summary_bg_n": 2128359.0,
  "summary_bg_p05": 0.0,
  "summary_bg_p95": 8.930838577449322,
  "summary_bg_stdv": 3.4675167491047905,
  "summary_csf_k": 2.395629816353466,
  "summary_csf_mad": 65.26311057613009,
  "summary_csf_mean": 290.0791625029174,
  "summary_csf_median": 283.26842265203595,
  "summary_csf_n": 73803.0,
  "summary_csf_p05": 138.36450857669115,
  "summary_csf_p95": 457.3710997257378,
  "summary_csf_stdv": 92.54530083825202,
  "summary_gm_k": 0.08092124832658776,
  "summary_gm_mad": 54.24996066640814,
  "summary_gm_mean": 748.4237151598498,
  "summary_gm_median": 749.1957736499608,
  "summary_gm_n": 85951.0,
  "summary_gm_p05": 657.2419973015785,
  "summary_gm_p95": 838.885095667094,
  "summary_gm_stdv": 55.144316555196205,
  "summary_wm_k": 0.6887193084309544,
  "summary_wm_mad": 31.564754442109074,
  "summary_wm_mean": 999.7311012386101,
  "summary_wm_median": 1000.0422894284129,
  "summary_wm_n": 335601.0,
  "summary_wm_p05": 944.4255980029702,
  "summary_wm_p95": 1053.83895213902,
  "summary_wm_stdv": 33.66389057854759,
  "tpm_overlap_csf": 0.1562668212265432,
  "tpm_overlap_gm": 0.45567915479139387,
  "tpm_overlap_wm": 0.5039665515176034,
  "wm2max": 0.8972562422861483
}