{
  "aor": 0.0005926287553648068,
  "aqi": 0.014236193412017166,
  "bids_meta": {
    "AcquisitionMatrixPE": 96,
    "AcquisitionNumber": 1,
    "AcquisitionTime": "14:10:41.342500",
    "BandwidthPerPixelPhaseEncode": 31.566,
    "BaseResolution": 96,
    "BodyPartExamined": "HEAD",
    "CogAtlasID": "TODO",
    "ConsistencyInfo": "N4_VE11C_LATEST_20160120",
    "ConversionSoftware": "dcm2niix",
    "ConversionSoftwareVersion": "v1.0.20180622 GCC7.3.0",
    "DerivedVendorReportedEchoSpacing": 0.000659993,
    "DeviceSerialNumber": "45250",
    "DwellTime": 2.9e-06,
    "EchoTime": 0.03,
    "EchoTrainLength": 48,
    "EffectiveEchoSpacing": 0.000329996,
    "FlipAngle": 65,
    "ImageComments": "Unaliased_MB4_PE4_LB_D",
    "ImageOrientationPatientDICOM": [
      0.999951,
      -0.00492503,
      -0.00860254,
      0.00174522,
      0.941753,
      -0.3363
    ],
    "ImageType": [
      "ORIGINAL",
      "PRIMARY",
      "M",
      "MB",
      "ND",
      "NORM",
      "MOSAIC"
    ],
    "InPlanePhaseEncodingDirectionDICOM": "COL",
    "InstitutionAddress": "Kopernikusstr._26_Graz_Graz_AT_8010",
    "InstitutionName": "KFU",
    "InstitutionalDepartmentName": "Department",
    "MRAcquisitionType": "2D",
    "MagneticFieldStrength": 3,
    "Manufacturer": "Siemens",
    "ManufacturersModelName": "Skyra",
    "Modality": "MR",
    "MultibandAccelerationFactor": 4,
    "ParallelReductionFactorInPlane": 2,
    "PartialFourier": 1,
    "PatientPosition": "HFS",
    "PercentPhaseFOV": 100,
    "PhaseEncodingDirection": "j",
    "PhaseEncodingSteps": 96,
    "PhaseResolution": 1,
    "PixelBandwidth": 1795,
    "ProcedureStepDescription": "BioPsy_2018",
    "ProtocolName": "func_task-soccer_acq-multiband_soccer",
    "PulseSequenceDetails": "%CustomerSeq%_cmrr_mbep2d_bold",
    "ReceiveCoilActiveElements": "HEA;HEP",
    "ReceiveCoilName": "Head_32",
    "ReconMatrixPE": 96,
    "RepetitionTime": 1.4,
    "SAR": 0.0933047,
    "ScanOptions": "FS_EXT",
    "ScanningSequence": "EP",
    "SequenceName": "epfid2d1_96",
    "SequenceVariant": "SK_SS",
    "SeriesDescription": "func_task-soccer_acq-multiband_soccer",
    "SeriesNumber": 13,
    "ShimSetting": [
      -1084,
      -3066,
      -4031,
      700,
      1006,
      994,
      279,
      -780
    ],
    "SliceThickness": 2.5,
    "SliceTiming": [
      0,
      0.735,
      0.09,
      0.8275,
      0.1825,
      0.92,
      0.275,
      1.01,
      0.3675,
      1.1025,
      0.46,
      1.195,
      0.55,
      1.2875,
      0.6425,
      0,
      0.735,
      0.09,
      0.8275,
      0.1825,
      0.92,
      0.275,
      1.01,
      0.3675,
      1.1025,
      0.46,
      1.195,
      0.55,
      1.2875,
      0.6425,
      0,
      0.735,
      0.09,
      0.8275,
      0.1825,
      0.92,
      0.275,
      1.01,
      0.3675,
      1.1025,
      0.46,
      1.195,
      0.55,
      1.2875,
      0.6425,
      0,
      0.735,
      0.09,
      0.8275,
      0.1825,
      0.92,
      0.275,
      1.01,
      0.3675,
      1.1025,
      0.46,
      1.195,
      0.55,
      1.2875,
      0.6425
    ],
    "SoftwareVersions": "syngo_MR_E11",
    "SpacingBetweenSlices": 2.5,
    "StationName": "FBMTMR1",
    "TaskName": "soccer",
    "TotalReadoutTime": 0.0313497,
    "TxRefAmp": 331.898,
    "acq_id": "multiband",
    "dataset": "ds002878",
    "modality": "bold",
    "session_id": "1",
    "subject_id": "094BPAF1211015",
    "task_id": "soccer"
  },
  "dummy_trs": 0,
  "dvars_nstd": 37.79417862784104,
  "dvars_std": 1.251104417658433,
  "dvars_vstd": 0.9934916796670232,
  "efc": 0.4338795627857311,
  "fber": 17547.130859375,
  "fd_mean": 0.18092360792321646,
  "fd_num": 264,
  "fd_perc": 28.326180257510728,
  "fwhm_avg": 1.82384,
  "fwhm_x": 1.746128,
  "fwhm_y": 1.938936,
  "fwhm_z": 1.786456,
  "gcor": 0.0120744,
  "gsr_x": -0.013796738348901272,
  "gsr_y": 0.012387099675834179,
  "provenance": {
    "md5sum": "2e5c0af6ce822ca7797c492e5f2d93c2",
    "settings": {
      "fd_thres": 0.2,
      "testing": false
    },
    "software": "mriqc",
    "version": "22.0.6",
    "webapi_port": null,
    "webapi_url": "https://mriqc.nimh.nih.gov/api/v1"
  },
  "size_t": 932,
  "size_x": 96,
  "size_y": 96,
  "size_z": 60,
  "snr": 5.798153818791844,
  "spacing_tr": 1.399999976158142,
  "spacing_x": 2.5,
  "spacing_y": 2.5,
  "spacing_z": 2.5,
  "summary_bg_k": 34.91708506198287,
  "summary_bg_mad": 30.449025635466782,
  "summary_bg_mean": 181.78302001953125,
  "summary_bg_median": 37.59012985229492,
  "summary_bg_n": 403541.0,
  "summary_bg_p05": 13.097639083862305,
  "summary_bg_p95": 950.0021362304688,
  "summary_bg_stdv": 422.7263488769531,
  "summary_fg_k": 1.841246724813459,
  "summary_fg_mad": 803.3785618109425,
  "summary_fg_mean": 5007.814453125,
  "summary_fg_median": 4941.1220703125,
  "summary_fg_n": 78248.0,
  "summary_fg_p05": 3857.0691650390627,
  "summary_fg_p95": 6438.643994140624,
  "summary_fg_stdv": 852.1834106445312,
  "tsnr": 42.996298568323255
}