{
  "aor": 0.0011188372093023256,
  "aqi": 0.03447695720930233,
  "bids_meta": {
    "AcquisitionMatrixPE": 96,
    "AcquisitionNumber": 1,
    "AcquisitionTime": "09:18:50.672500",
    "BandwidthPerPixelPhaseEncode": 31.566,
    "BaseResolution": 96,
    "BodyPartExamined": "HEAD",
    "CogAtlasID": "TODO",
    "ConsistencyInfo": "N4_VE11C_LATEST_20160120",
    "ConversionSoftware": "dcm2niix",
    "ConversionSoftwareVersion": "v1.0.20180622 GCC7.3.0",
    "DerivedVendorReportedEchoSpacing": 0.000659993,
    "DeviceSerialNumber": "45250",
    "DwellTime": 2.9e-06,
    "EchoTime": 0.03,
    "EchoTrainLength": 48,
    "EffectiveEchoSpacing": 0.000329996,
    "FlipAngle": 65,
    "ImageComments": "Unaliased_MB4_PE4_LB_D",
    "ImageOrientationPatientDICOM": [
      0.999137,
      0.0311101,
      0.0275328,
      -0.0176145,
      0.917455,
      -0.39745
    ],
    "ImageType": [
      "ORIGINAL",
      "PRIMARY",
      "M",
      "MB",
      "ND",
      "NORM",
      "MOSAIC"
    ],
    "InPlanePhaseEncodingDirectionDICOM": "COL",
    "InstitutionAddress": "Kopernikusstr._26_Graz_Graz_AT_8010",
    "InstitutionName": "KFU",
    "InstitutionalDepartmentName": "Department",
    "MRAcquisitionType": "2D",
    "MagneticFieldStrength": 3,
    "Manufacturer": "Siemens",
    "ManufacturersModelName": "Skyra",
    "Modality": "MR",
    "MultibandAccelerationFactor": 4,
    "ParallelReductionFactorInPlane": 2,
    "PartialFourier": 1,
    "PatientPosition": "HFS",
    "PercentPhaseFOV": 100,
    "PhaseEncodingDirection": "j",
    "PhaseEncodingSteps": 96,
    "PhaseResolution": 1,
    "PixelBandwidth": 1795,
    "ProcedureStepDescription": "BioPsy_2018",
    "ProtocolName": "func_task-soccer_acq-multiband_soccer",
    "PulseSequenceDetails": "%CustomerSeq%_cmrr_mbep2d_bold",
    "ReceiveCoilActiveElements": "HEA;HEP",
    "ReceiveCoilName": "Head_32",
    "ReconMatrixPE": 96,
    "RepetitionTime": 1.4,
    "SAR": 0.0956762,
    "ScanOptions": "FS_EXT",
    "ScanningSequence": "EP",
    "SequenceName": "epfid2d1_96",
    "SequenceVariant": "SK_SS",
    "SeriesDescription": "func_task-soccer_acq-multiband_soccer",
    "SeriesNumber": 13,
    "ShimSetting": [
      -1050,
      -3071,
      -4147,
      403,
      1109,
      397,
      -7,
      -926
    ],
    "SliceThickness": 2.5,
    "SliceTiming": [
      0,
      0.7375,
      0.0925,
      0.8275,
      0.185,
      0.92,
      0.2775,
      1.0125,
      0.3675,
      1.105,
      0.46,
      1.1975,
      0.5525,
      1.2875,
      0.645,
      0,
      0.7375,
      0.0925,
      0.8275,
      0.185,
      0.92,
      0.2775,
      1.0125,
      0.3675,
      1.105,
      0.46,
      1.1975,
      0.5525,
      1.2875,
      0.645,
      0,
      0.7375,
      0.0925,
      0.8275,
      0.185,
      0.92,
      0.2775,
      1.0125,
      0.3675,
      1.105,
      0.46,
      1.1975,
      0.5525,
      1.2875,
      0.645,
      0,
      0.7375,
      0.0925,
      0.8275,
      0.185,
      0.92,
      0.2775,
      1.0125,
      0.3675,
      1.105,
      0.46,
      1.1975,
      0.5525,
      1.2875,
      0.645
    ],
    "SoftwareVersions": "syngo_MR_E11",
    "SpacingBetweenSlices": 2.5,
    "StationName": "FBMTMR1",
    "TaskName": "soccer",
    "TotalReadoutTime": 0.0313497,
    "TxRefAmp": 359.633,
    "acq_id": "multiband",
    "dataset": "ds002878",
    "modality": "bold",
    "session_id": "1",
    "subject_id": "094BPAF1211016",
    "task_id": "soccer"
  },
  "dummy_trs": 0,
  "dvars_nstd": 51.73504900240974,
  "dvars_std": 1.2082872769965078,
  "dvars_vstd": 0.9771088185913852,
  "efc": 0.4506159989080948,
  "fber": 15373.3486328125,
  "fd_mean": 0.5670542432477547,
  "fd_num": 739,
  "fd_perc": 85.93023255813954,
  "fwhm_avg": 1.7277106666666668,
  "fwhm_x": 1.6463999999999999,
  "fwhm_y": 1.834836,
  "fwhm_z": 1.701896,
  "gcor": 0.0280029,
  "gsr_x": 0.002220364287495613,
  "gsr_y": 0.012410983443260193,
  "provenance": {
    "md5sum": "38161454c429040106c4fd4d0e48e63d",
    "settings": {
      "fd_thres": 0.2,
      "testing": false
    },
    "software": "mriqc",
    "version": "22.0.6",
    "webapi_port": null,
    "webapi_url": "https://mriqc.nimh.nih.gov/api/v1"
  },
  "size_t": 860,
  "size_x": 96,
  "size_y": 96,
  "size_z": 60,
  "snr": 6.5950029671464465,
  "spacing_tr": 1.399999976158142,
  "spacing_x": 2.5,
  "spacing_y": 2.5,
  "spacing_z": 2.5,
  "summary_bg_k": 26.494321340023646,
  "summary_bg_mad": 39.41222147827695,
  "summary_bg_mean": 207.3805389404297,
  "summary_bg_median": 43.344764709472656,
  "summary_bg_n": 396818.0,
  "summary_bg_p05": 13.655814170837402,
  "summary_bg_p95": 999.4307769775373,
  "summary_bg_stdv": 456.44775390625,
  "summary_fg_k": 3.9805452779526025,
  "summary_fg_mad": 664.7646654299073,
  "summary_fg_mean": 5322.3369140625,
  "summary_fg_median": 5288.22021484375,
  "summary_fg_n": 84382.0,
  "summary_fg_p05": 4243.912280273437,
  "summary_fg_p95": 6589.986376953125,
  "summary_fg_stdv": 801.8478393554688,
  "tsnr": 30.996927683823742
}