{
  "aor": 0.001010298076923077,
  "aqi": 0.024019683653846154,
  "bids_meta": {
    "AcquisitionMatrixPE": 96,
    "AcquisitionNumber": 1,
    "AcquisitionTime": "09:08:57.070000",
    "BandwidthPerPixelPhaseEncode": 31.566,
    "BaseResolution": 96,
    "BodyPartExamined": "HEAD",
    "CogAtlasID": "TODO",
    "ConsistencyInfo": "N4_VE11C_LATEST_20160120",
    "ConversionSoftware": "dcm2niix",
    "ConversionSoftwareVersion": "v1.0.20180622 GCC7.3.0",
    "DerivedVendorReportedEchoSpacing": 0.000659993,
    "DeviceSerialNumber": "45250",
    "DwellTime": 2.9e-06,
    "EchoTime": 0.03,
    "EchoTrainLength": 48,
    "EffectiveEchoSpacing": 0.000329996,
    "FlipAngle": 65,
    "ImageComments": "Unaliased_MB4_PE4_LB_D",
    "ImageOrientationPatientDICOM": [
      0.998899,
      -0.0468106,
      -0.003038,
      0.0453597,
      0.980386,
      -0.191798
    ],
    "ImageType": [
      "ORIGINAL",
      "PRIMARY",
      "M",
      "MB",
      "ND",
      "NORM",
      "MOSAIC"
    ],
    "InPlanePhaseEncodingDirectionDICOM": "COL",
    "InstitutionAddress": "Kopernikusstr._26_Graz_Graz_AT_8010",
    "InstitutionName": "KFU",
    "InstitutionalDepartmentName": "Department",
    "MRAcquisitionType": "2D",
    "MagneticFieldStrength": 3,
    "Manufacturer": "Siemens",
    "ManufacturersModelName": "Skyra",
    "Modality": "MR",
    "MultibandAccelerationFactor": 4,
    "ParallelReductionFactorInPlane": 2,
    "PartialFourier": 1,
    "PatientPosition": "HFS",
    "PercentPhaseFOV": 100,
    "PhaseEncodingDirection": "j",
    "PhaseEncodingSteps": 96,
    "PhaseResolution": 1,
    "PixelBandwidth": 1795,
    "ProcedureStepDescription": "BioPsy_2018",
    "ProtocolName": "func_task-soccer_acq-multiband_soccer",
    "PulseSequenceDetails": "%CustomerSeq%_cmrr_mbep2d_bold",
    "ReceiveCoilActiveElements": "HEA;HEP",
    "ReceiveCoilName": "Head_32",
    "ReconMatrixPE": 96,
    "RepetitionTime": 1.4,
    "SAR": 0.0860811,
    "ScanOptions": "FS_EXT",
    "ScanningSequence": "EP",
    "SequenceName": "epfid2d1_96",
    "SequenceVariant": "SK_SS",
    "SeriesDescription": "func_task-soccer_acq-multiband_soccer",
    "SeriesNumber": 13,
    "ShimSetting": [
      -1168,
      -3053,
      -4129,
      632,
      750,
      656,
      99,
      -822
    ],
    "SliceThickness": 2.5,
    "SliceTiming": [
      0,
      0.735,
      0.0925,
      0.8275,
      0.1825,
      0.92,
      0.275,
      1.01,
      0.3675,
      1.1025,
      0.46,
      1.195,
      0.55,
      1.2875,
      0.6425,
      0,
      0.735,
      0.0925,
      0.8275,
      0.1825,
      0.92,
      0.275,
      1.01,
      0.3675,
      1.1025,
      0.46,
      1.195,
      0.55,
      1.2875,
      0.6425,
      0,
      0.735,
      0.0925,
      0.8275,
      0.1825,
      0.92,
      0.275,
      1.01,
      0.3675,
      1.1025,
      0.46,
      1.195,
      0.55,
      1.2875,
      0.6425,
      0,
      0.735,
      0.0925,
      0.8275,
      0.1825,
      0.92,
      0.275,
      1.01,
      0.3675,
      1.1025,
      0.46,
      1.195,
      0.55,
      1.2875,
      0.6425
    ],
    "SoftwareVersions": "syngo_MR_E11",
    "SpacingBetweenSlices": 2.5,
    "StationName": "FBMTMR1",
    "TaskName": "soccer",
    "TotalReadoutTime": 0.0313497,
    "TxRefAmp": 343.635,
    "acq_id": "multiband",
    "dataset": "ds002878",
    "modality": "bold",
    "session_id": "1",
    "subject_id": "094BPAF1211023",
    "task_id": "soccer"
  },
  "dummy_trs": 0,
  "dvars_nstd": 35.189390224687294,
  "dvars_std": 1.266042226814245,
  "dvars_vstd": 0.9877453775553423,
  "efc": 0.4465058310860128,
  "fber": 24904.76171875,
  "fd_mean": 0.1746251287473084,
  "fd_num": 275,
  "fd_perc": 26.442307692307693,
  "fwhm_avg": 1.7991400000000002,
  "fwhm_x": 1.691176,
  "fwhm_y": 1.9584160000000002,
  "fwhm_z": 1.7478280000000002,
  "gcor": 0.014059,
  "gsr_x": -0.010159780271351337,
  "gsr_y": 0.030734719708561897,
  "provenance": {
    "md5sum": "98da8e2cea37141bcc7a399bc7e95a61",
    "settings": {
      "fd_thres": 0.2,
      "testing": false
    },
    "software": "mriqc",
    "version": "22.0.6",
    "webapi_port": null,
    "webapi_url": "https://mriqc.nimh.nih.gov/api/v1"
  },
  "size_t": 1040,
  "size_x": 96,
  "size_y": 96,
  "size_z": 60,
  "snr": 6.861458101619769,
  "spacing_tr": 1.399999976158142,
  "spacing_x": 2.5,
  "spacing_y": 2.5,
  "spacing_z": 2.5,
  "summary_bg_k": 26.808941821944703,
  "summary_bg_mad": 31.848865480755748,
  "summary_bg_mean": 220.0412139892578,
  "summary_bg_median": 38.0086555480957,
  "summary_bg_n": 396103.0,
  "summary_bg_p05": 13.578845977783203,
  "summary_bg_p95": 1240.6768066406246,
  "summary_bg_stdv": 520.886962890625,
  "summary_fg_k": 4.014561006597925,
  "summary_fg_mad": 718.4887258985292,
  "summary_fg_mean": 5970.47216796875,
  "summary_fg_median": 5931.5009765625,
  "summary_fg_n": 84439.0,
  "summary_fg_p05": 4820.808056640625,
  "summary_fg_p95": 7365.886328124999,
  "summary_fg_stdv": 864.46142578125,
  "tsnr": 39.98624530946836
}