{
  "bids_meta": {
    "AcquisitionMatrixPE": 256,
    "AcquisitionNumber": 1,
    "AcquisitionTime": "13:59:15.187500",
    "BaseResolution": 256,
    "BodyPartExamined": "HEAD",
    "ConsistencyInfo": "N4_VE11C_LATEST_20160120",
    "ConversionSoftware": "dcm2niix",
    "ConversionSoftwareVersion": "v1.0.20180622 GCC7.3.0",
    "DeviceSerialNumber": "45250",
    "DwellTime": 9.2e-06,
    "EchoTime": 0.00218,
    "FlipAngle": 8,
    "ImageOrientationPatientDICOM": [
      -0.0903019,
      0.99463,
      0.0505689,
      -0.0353279,
      0.0475452,
      -0.998244
    ],
    "ImageType": [
      "ORIGINAL",
      "PRIMARY",
      "M",
      "NORM",
      "DIS3D",
      "DIS2D"
    ],
    "InPlanePhaseEncodingDirectionDICOM": "ROW",
    "InstitutionAddress": "Kopernikusstr._26_Graz_Graz_AT_8010",
    "InstitutionName": "KFU",
    "InstitutionalDepartmentName": "Department",
    "InversionTime": 1,
    "MRAcquisitionType": "3D",
    "MagneticFieldStrength": 3,
    "Manufacturer": "Siemens",
    "ManufacturersModelName": "Skyra",
    "Modality": "MR",
    "ParallelReductionFactorInPlane": 2,
    "PartialFourier": 1,
    "PatientPosition": "HFS",
    "PercentPhaseFOV": 100,
    "PhaseEncodingSteps": 294,
    "PhaseOversampling": 0.15,
    "PhaseResolution": 1,
    "PixelBandwidth": 210,
    "ProcedureStepDescription": "BioPsy_2018",
    "ProtocolName": "anat-T1w",
    "PulseSequenceDetails": "%SiemensSeq%_tfl",
    "ReceiveCoilActiveElements": "HEA;HEP",
    "ReceiveCoilName": "Head_32",
    "ReconMatrixPE": 256,
    "RepetitionTime": 2.2,
    "SAR": 0.0616939,
    "ScanOptions": "IR_WE",
    "ScanningSequence": "GR_IR",
    "SequenceName": "_tfl3d1_16ns",
    "SequenceVariant": "SK_SP_MP_OSP",
    "SeriesDescription": "anat-T1w",
    "SeriesNumber": 5,
    "ShimSetting": [
      -1119,
      -3137,
      -4291,
      284,
      948,
      145,
      -89,
      -759
    ],
    "SliceThickness": 0.88,
    "SoftwareVersions": "syngo_MR_E11",
    "StationName": "FBMTMR1",
    "TxRefAmp": 340.972,
    "dataset": "ds002878",
    "modality": "T1w",
    "session_id": "1",
    "subject_id": "094BPAF1221034"
  },
  "cjv": 0.32724665648565093,
  "cnr": 4.109215965886037,
  "efc": 0.6244911088031547,
  "fber": 25244.876549586774,
  "fwhm_avg": 4.499090068633504,
  "fwhm_x": 4.484755920186227,
  "fwhm_y": 4.513051428571429,
  "fwhm_z": 4.499462857142857,
  "icvs_csf": 0.16739128469737485,
  "icvs_gm": 0.4802395390004143,
  "icvs_wm": 0.3523691763022108,
  "inu_med": 0.4247598499059677,
  "inu_range": 0.17118319869041443,
  "provenance": {
    "md5sum": "a8265ca8c6b18235322c4322a3d14da4",
    "settings": {
      "testing": false
    },
    "software": "mriqc",
    "version": "22.0.6",
    "warnings": {
      "large_rot_frame": true,
      "small_air_mask": false
    },
    "webapi_port": null,
    "webapi_url": "https://mriqc.nimh.nih.gov/api/v1"
  },
  "qi_1": 0.0,
  "qi_2": 0.002176936386733031,
  "rpve_csf": 22.26076953201488,
  "rpve_gm": 9.066926578967227,
  "rpve_wm": 13.709372414274055,
  "size_x": 224,
  "size_y": 256,
  "size_z": 256,
  "snr_csf": 2.295284124286122,
  "snr_gm": 14.751704795642093,
  "snr_total": 14.848708068420216,
  "snr_wm": 27.49913528533243,
  "snrd_csf": 43.13968381670348,
  "snrd_gm": 105.9401624190911,
  "snrd_total": 97.16788029191365,
  "snrd_wm": 142.42379463994635,
  "spacing_x": 0.8800010681152344,
  "spacing_y": 0.875,
  "spacing_z": 0.875,
  "summary_bg_k": 13.24784074832651,
  "summary_bg_mad": 0.0,
  "summary_bg_mean": 2.9221478692222074,
  "summary_bg_median": 0.0,
  "summary_bg_n": 2470621.0,
  "summary_bg_p05": 0.0,
  "summary_bg_p95": 11.174256011843681,
  "summary_bg_stdv": 4.600018620966423,
  "summary_csf_k": 1.6210029109225657,
  "summary_csf_mad": 107.86310615781011,
  "summary_csf_mean": 309.5916186317989,
  "summary_csf_median": 302.90386682748795,
  "summary_csf_n": 32527.0,
  "summary_csf_p05": 77.78816846013069,
  "summary_csf_p95": 536.1988328464328,
  "summary_csf_stdv": 131.9658892750973,
  "summary_gm_k": 0.12419811661200608,
  "summary_gm_mad": 50.37640785287308,
  "summary_gm_mean": 742.5114089740681,
  "summary_gm_median": 743.8553556725383,
  "summary_gm_n": 108755.0,
  "summary_gm_p05": 658.2020456418395,
  "summary_gm_p95": 822.6986040994525,
  "summary_gm_stdv": 50.42481164733143,
  "summary_wm_k": 0.8702228913614616,
  "summary_wm_mad": 33.45391657696088,
  "summary_wm_mean": 999.6070190908677,
  "summary_wm_median": 1000.023975789547,
  "summary_wm_n": 340205.0,
  "summary_wm_p05": 939.8364595025778,
  "summary_wm_p95": 1058.0485781446096,
  "summary_wm_stdv": 36.36559825153969,
  "tpm_overlap_csf": 0.13472261566903593,
  "tpm_overlap_gm": 0.46808067316700264,
  "tpm_overlap_wm": 0.4994280390596341,
  "wm2max": 0.841994750656168
}