{
  "aor": 0.003151980074719801,
  "aqi": 0.01726439545454545,
  "bids_meta": {
    "AcquisitionMatrixPE": 96,
    "AcquisitionNumber": 1,
    "AcquisitionTime": "13:07:42.532500",
    "BandwidthPerPixelPhaseEncode": 31.566,
    "BaseResolution": 96,
    "BodyPartExamined": "HEAD",
    "CogAtlasID": "TODO",
    "ConsistencyInfo": "N4_VE11C_LATEST_20160120",
    "ConversionSoftware": "dcm2niix",
    "ConversionSoftwareVersion": "v1.0.20180622 GCC7.3.0",
    "DerivedVendorReportedEchoSpacing": 0.000659993,
    "DeviceSerialNumber": "45250",
    "DwellTime": 2.9e-06,
    "EchoTime": 0.03,
    "EchoTrainLength": 48,
    "EffectiveEchoSpacing": 0.000329996,
    "FlipAngle": 65,
    "ImageComments": "Unaliased_MB4_PE4_LB_D",
    "ImageOrientationPatientDICOM": [
      0.998772,
      -0.0151479,
      -0.0471785,
      2.05754e-09,
      0.952126,
      -0.305705
    ],
    "ImageType": [
      "ORIGINAL",
      "PRIMARY",
      "M",
      "MB",
      "ND",
      "NORM",
      "MOSAIC"
    ],
    "InPlanePhaseEncodingDirectionDICOM": "COL",
    "InstitutionAddress": "Kopernikusstr._26_Graz_Graz_AT_8010",
    "InstitutionName": "KFU",
    "InstitutionalDepartmentName": "Department",
    "MRAcquisitionType": "2D",
    "MagneticFieldStrength": 3,
    "Manufacturer": "Siemens",
    "ManufacturersModelName": "Skyra",
    "Modality": "MR",
    "MultibandAccelerationFactor": 4,
    "ParallelReductionFactorInPlane": 2,
    "PartialFourier": 1,
    "PatientPosition": "HFS",
    "PercentPhaseFOV": 100,
    "PhaseEncodingDirection": "j",
    "PhaseEncodingSteps": 96,
    "PhaseResolution": 1,
    "PixelBandwidth": 1795,
    "ProcedureStepDescription": "BioPsy_2018",
    "ProtocolName": "func_task-soccer_acq-multiband_soccer",
    "PulseSequenceDetails": "%CustomerSeq%_cmrr_mbep2d_bold",
    "ReceiveCoilActiveElements": "HEA;HEP",
    "ReceiveCoilName": "Head_32",
    "ReconMatrixPE": 96,
    "RepetitionTime": 1.4,
    "SAR": 0.0793179,
    "ScanOptions": "FS_EXT",
    "ScanningSequence": "EP",
    "SequenceName": "epfid2d1_96",
    "SequenceVariant": "SK_SS",
    "SeriesDescription": "func_task-soccer_acq-multiband_soccer",
    "SeriesNumber": 13,
    "ShimSetting": [
      -1136,
      -3111,
      -4069,
      668,
      915,
      796,
      484,
      -970
    ],
    "SliceThickness": 2.5,
    "SliceTiming": [
      0,
      0.735,
      0.0925,
      0.8275,
      0.1825,
      0.92,
      0.275,
      1.0125,
      0.3675,
      1.1025,
      0.46,
      1.195,
      0.5525,
      1.2875,
      0.6425,
      0,
      0.735,
      0.0925,
      0.8275,
      0.1825,
      0.92,
      0.275,
      1.0125,
      0.3675,
      1.1025,
      0.46,
      1.195,
      0.5525,
      1.2875,
      0.6425,
      0,
      0.735,
      0.0925,
      0.8275,
      0.1825,
      0.92,
      0.275,
      1.0125,
      0.3675,
      1.1025,
      0.46,
      1.195,
      0.5525,
      1.2875,
      0.6425,
      0,
      0.735,
      0.0925,
      0.8275,
      0.1825,
      0.92,
      0.275,
      1.0125,
      0.3675,
      1.1025,
      0.46,
      1.195,
      0.5525,
      1.2875,
      0.6425
    ],
    "SoftwareVersions": "syngo_MR_E11",
    "SpacingBetweenSlices": 2.5,
    "StationName": "FBMTMR1",
    "TaskName": "soccer",
    "TotalReadoutTime": 0.0313497,
    "TxRefAmp": 341.339,
    "acq_id": "multiband",
    "dataset": "ds002878",
    "modality": "bold",
    "session_id": "1",
    "subject_id": "094BPAF1211007",
    "task_id": "soccer"
  },
  "dummy_trs": 0,
  "dvars_nstd": 38.452334285112165,
  "dvars_std": 1.2518989501995026,
  "dvars_vstd": 1.0162602998877805,
  "efc": 0.43143523229114566,
  "fber": 21446.2734375,
  "fd_mean": 0.19126098158309107,
  "fd_num": 187,
  "fd_perc": 23.28767123287671,
  "fwhm_avg": 1.790476,
  "fwhm_x": 1.691076,
  "fwhm_y": 1.914236,
  "fwhm_z": 1.7661159999999998,
  "gcor": 0.0150885,
  "gsr_x": -0.001605361932888627,
  "gsr_y": 0.019437244161963463,
  "provenance": {
    "md5sum": "6271984cc5a6ebe6ca48215b01299160",
    "settings": {
      "fd_thres": 0.2,
      "testing": false
    },
    "software": "mriqc",
    "version": "22.0.6",
    "webapi_port": null,
    "webapi_url": "https://mriqc.nimh.nih.gov/api/v1"
  },
  "size_t": 803,
  "size_x": 96,
  "size_y": 96,
  "size_z": 60,
  "snr": 5.889529743657079,
  "spacing_tr": 1.399999976158142,
  "spacing_x": 2.5,
  "spacing_y": 2.5,
  "spacing_z": 2.5,
  "summary_bg_k": 29.613720340947566,
  "summary_bg_mad": 29.707431844844933,
  "summary_bg_mean": 186.2697296142578,
  "summary_bg_median": 35.987545013427734,
  "summary_bg_n": 403720.0,
  "summary_bg_p05": 12.816936492919922,
  "summary_bg_p95": 981.4962524414058,
  "summary_bg_stdv": 441.6695556640625,
  "summary_fg_k": 1.4331459173164403,
  "summary_fg_mad": 885.4313283413619,
  "summary_fg_mean": 5223.8037109375,
  "summary_fg_median": 5197.73974609375,
  "summary_fg_n": 78473.0,
  "summary_fg_p05": 3990.548095703125,
  "summary_fg_p95": 6649.253222656249,
  "summary_fg_stdv": 882.5333862304688,
  "tsnr": 38.645573949906975
}