{
  "bids_meta": {
    "AcquisitionMatrixPE": 256,
    "AcquisitionNumber": 1,
    "AcquisitionTime": "10:46:53.170000",
    "BaseResolution": 256,
    "BodyPartExamined": "HEAD",
    "ConsistencyInfo": "N4_VE11C_LATEST_20160120",
    "ConversionSoftware": "dcm2niix",
    "ConversionSoftwareVersion": "v1.0.20180622 GCC7.3.0",
    "DeviceSerialNumber": "45250",
    "DwellTime": 9.2e-06,
    "EchoTime": 0.00218,
    "FlipAngle": 8,
    "ImageOrientationPatientDICOM": [
      -0.0624678,
      0.994678,
      0.0819338,
      0.00561139,
      0.0824429,
      -0.99658
    ],
    "ImageType": [
      "ORIGINAL",
      "PRIMARY",
      "M",
      "NORM",
      "DIS3D",
      "DIS2D"
    ],
    "InPlanePhaseEncodingDirectionDICOM": "ROW",
    "InstitutionAddress": "Kopernikusstr._26_Graz_Graz_AT_8010",
    "InstitutionName": "KFU",
    "InstitutionalDepartmentName": "Department",
    "InversionTime": 1,
    "MRAcquisitionType": "3D",
    "MagneticFieldStrength": 3,
    "Manufacturer": "Siemens",
    "ManufacturersModelName": "Skyra",
    "Modality": "MR",
    "ParallelReductionFactorInPlane": 2,
    "PartialFourier": 1,
    "PatientPosition": "HFS",
    "PercentPhaseFOV": 100,
    "PhaseEncodingSteps": 294,
    "PhaseOversampling": 0.15,
    "PhaseResolution": 1,
    "PixelBandwidth": 210,
    "ProcedureStepDescription": "BioPsy_2018",
    "ProtocolName": "anat-T1w",
    "PulseSequenceDetails": "%SiemensSeq%_tfl",
    "ReceiveCoilActiveElements": "HEA;HEP",
    "ReceiveCoilName": "Head_32",
    "ReconMatrixPE": 256,
    "RepetitionTime": 2.2,
    "SAR": 0.0583617,
    "ScanOptions": "IR_WE",
    "ScanningSequence": "GR_IR",
    "SequenceName": "_tfl3d1_16ns",
    "SequenceVariant": "SK_SP_MP_OSP",
    "SeriesDescription": "anat-T1w",
    "SeriesNumber": 5,
    "ShimSetting": [
      -1136,
      -3132,
      -4233,
      476,
      758,
      605,
      343,
      -806
    ],
    "SliceThickness": 0.88,
    "SoftwareVersions": "syngo_MR_E11",
    "StationName": "FBMTMR1",
    "TxRefAmp": 336.774,
    "dataset": "ds002878",
    "modality": "T1w",
    "session_id": "1",
    "subject_id": "094BPAF1211018"
  },
  "cjv": 0.33801054033415623,
  "cnr": 3.9306975142178278,
  "efc": 0.6067702104671575,
  "fber": 28619.24077160494,
  "fwhm_avg": 4.723503377690281,
  "fwhm_x": 4.628441561642271,
  "fwhm_y": 4.7797600000000005,
  "fwhm_z": 4.762308571428571,
  "icvs_csf": 0.20590210410104443,
  "icvs_gm": 0.43992043576552875,
  "icvs_wm": 0.3541774601334268,
  "inu_med": 0.40225905179977417,
  "inu_range": 0.12875359058380126,
  "provenance": {
    "md5sum": "046502e3b58bf72d726999810b714bfa",
    "settings": {
      "testing": false
    },
    "software": "mriqc",
    "version": "22.0.6",
    "warnings": {
      "large_rot_frame": true,
      "small_air_mask": false
    },
    "webapi_port": null,
    "webapi_url": "https://mriqc.nimh.nih.gov/api/v1"
  },
  "qi_1": 0.0,
  "qi_2": 0.0024779855648147417,
  "rpve_csf": 21.430173794962254,
  "rpve_gm": 10.628688420910196,
  "rpve_wm": 14.99397729261238,
  "size_x": 224,
  "size_y": 256,
  "size_z": 256,
  "snr_csf": 2.9845772126428445,
  "snr_gm": 13.048065058045296,
  "snr_total": 14.98367253076482,
  "snr_wm": 28.918375321606323,
  "snrd_csf": 48.55271175394821,
  "snrd_gm": 129.1408890135879,
  "snrd_total": 117.49725864687325,
  "snrd_wm": 174.79817517308365,
  "spacing_x": 0.8799981474876404,
  "spacing_y": 0.875,
  "spacing_z": 0.875,
  "summary_bg_k": 13.157610323717712,
  "summary_bg_mad": 0.0,
  "summary_bg_mean": 2.275119394575633,
  "summary_bg_median": 0.0,
  "summary_bg_n": 2389155.0,
  "summary_bg_p05": 0.0,
  "summary_bg_p95": 9.004311844706535,
  "summary_bg_stdv": 3.7480342820661043,
  "summary_csf_k": 1.384354041759316,
  "summary_csf_mad": 74.42000274130663,
  "summary_csf_mean": 289.9633646680203,
  "summary_csf_median": 277.76998521387577,
  "summary_csf_n": 75527.0,
  "summary_csf_p05": 152.7323808670044,
  "summary_csf_p95": 462.42255129963155,
  "summary_csf_stdv": 93.06783726433112,
  "summary_gm_k": 0.09327615169344483,
  "summary_gm_mad": 55.79270281424766,
  "summary_gm_mean": 739.4002842974459,
  "summary_gm_median": 738.8148166388273,
  "summary_gm_n": 93602.0,
  "summary_gm_p05": 648.3505611121655,
  "summary_gm_p95": 834.2725546807051,
  "summary_gm_stdv": 56.622255235976674,
  "summary_wm_k": 0.6347093652948259,
  "summary_wm_mad": 32.49742828455779,
  "summary_wm_mean": 999.3318717137596,
  "summary_wm_median": 1000.0200767219067,
  "summary_wm_n": 327489.0,
  "summary_wm_p05": 942.2841885238886,
  "summary_wm_p95": 1054.8280595093966,
  "summary_wm_stdv": 34.580730722243864,
  "tpm_overlap_csf": 0.14761481450298028,
  "tpm_overlap_gm": 0.4671130302381891,
  "tpm_overlap_wm": 0.5050563638769124,
  "wm2max": 0.9070178720772262
}