{
  "bids_meta": {
    "AcquisitionMatrixPE": 256,
    "AcquisitionNumber": 1,
    "AcquisitionTime": "12:05:4.237500",
    "BaseResolution": 256,
    "BodyPartExamined": "HEAD",
    "ConsistencyInfo": "N4_VE11C_LATEST_20160120",
    "ConversionSoftware": "dcm2niix",
    "ConversionSoftwareVersion": "v1.0.20180622 GCC7.3.0",
    "DeviceSerialNumber": "45250",
    "DwellTime": 9.2e-06,
    "EchoTime": 0.00218,
    "FlipAngle": 8,
    "ImageOrientationPatientDICOM": [
      0.0307934,
      0.998418,
      0.0470547,
      -0.045441,
      0.0484267,
      -0.997793
    ],
    "ImageType": [
      "ORIGINAL",
      "PRIMARY",
      "M",
      "NORM",
      "DIS3D",
      "DIS2D"
    ],
    "InPlanePhaseEncodingDirectionDICOM": "ROW",
    "InstitutionAddress": "Kopernikusstr._26_Graz_Graz_AT_8010",
    "InstitutionName": "KFU",
    "InstitutionalDepartmentName": "Department",
    "InversionTime": 1,
    "MRAcquisitionType": "3D",
    "MagneticFieldStrength": 3,
    "Manufacturer": "Siemens",
    "ManufacturersModelName": "Skyra",
    "Modality": "MR",
    "ParallelReductionFactorInPlane": 2,
    "PartialFourier": 1,
    "PatientPosition": "HFS",
    "PercentPhaseFOV": 100,
    "PhaseEncodingSteps": 294,
    "PhaseOversampling": 0.15,
    "PhaseResolution": 1,
    "PixelBandwidth": 210,
    "ProcedureStepDescription": "BioPsy_2018",
    "ProtocolName": "anat-T1w",
    "PulseSequenceDetails": "%SiemensSeq%_tfl",
    "ReceiveCoilActiveElements": "HEA;HEP",
    "ReceiveCoilName": "Head_32",
    "ReconMatrixPE": 256,
    "RepetitionTime": 2.2,
    "SAR": 0.0655851,
    "ScanOptions": "IR_WE",
    "ScanningSequence": "GR_IR",
    "SequenceName": "_tfl3d1_16ns",
    "SequenceVariant": "SK_SP_MP_OSP",
    "SeriesDescription": "anat-T1w",
    "SeriesNumber": 5,
    "ShimSetting": [
      -1135,
      -3130,
      -4221,
      407,
      1034,
      578,
      184,
      -927
    ],
    "SliceThickness": 0.88,
    "SoftwareVersions": "syngo_MR_E11",
    "StationName": "FBMTMR1",
    "TxRefAmp": 334.895,
    "dataset": "ds002878",
    "modality": "T1w",
    "session_id": "1",
    "subject_id": "094BPAF1221033"
  },
  "cjv": 0.3135291249867829,
  "cnr": 4.186547853036103,
  "efc": 0.6191410979146728,
  "fber": 34642.515625,
  "fwhm_avg": 4.510949608461752,
  "fwhm_x": 4.4346316825281145,
  "fwhm_y": 4.556548571428571,
  "fwhm_z": 4.541668571428572,
  "icvs_csf": 0.20505861944188555,
  "icvs_gm": 0.4566137925156701,
  "icvs_wm": 0.33832758804244434,
  "inu_med": 0.4451974779367447,
  "inu_range": 0.15814261287450793,
  "provenance": {
    "md5sum": "a6ac422850de31a5916ea8c57bb0fd59",
    "settings": {
      "testing": false
    },
    "software": "mriqc",
    "version": "22.0.6",
    "warnings": {
      "large_rot_frame": true,
      "small_air_mask": false
    },
    "webapi_port": null,
    "webapi_url": "https://mriqc.nimh.nih.gov/api/v1"
  },
  "qi_1": 0.0,
  "qi_2": 0.002004255261357921,
  "rpve_csf": 19.666723442911486,
  "rpve_gm": 9.621542224071348,
  "rpve_wm": 14.581331373183264,
  "size_x": 224,
  "size_y": 256,
  "size_z": 256,
  "snr_csf": 2.7393900006065417,
  "snr_gm": 14.312499490079754,
  "snr_total": 14.902585758323099,
  "snr_wm": 27.655867784283004,
  "snrd_csf": 50.39832635224085,
  "snrd_gm": 126.02359886095064,
  "snrd_total": 115.86243684814679,
  "snrd_wm": 171.16538533124884,
  "spacing_x": 0.8799964189529419,
  "spacing_y": 0.875,
  "spacing_z": 0.875,
  "summary_bg_k": 18.965397064615722,
  "summary_bg_mad": 0.0,
  "summary_bg_mean": 1.9376617602051827,
  "summary_bg_median": 0.0,
  "summary_bg_n": 2351029.0,
  "summary_bg_p05": 0.0,
  "summary_bg_p95": 9.241424081847072,
  "summary_bg_stdv": 3.827588020682705,
  "summary_csf_k": 1.1408838998032493,
  "summary_csf_mad": 80.21871104155483,
  "summary_csf_mean": 306.19787032815003,
  "summary_csf_median": 294.4486525375396,
  "summary_csf_n": 66378.0,
  "summary_csf_p05": 118.50881930906327,
  "summary_csf_p95": 503.73336183838546,
  "summary_csf_stdv": 107.48613176484278,
  "summary_gm_k": 0.29170486084160885,
  "summary_gm_mad": 48.99758870418169,
  "summary_gm_mean": 735.6779833493052,
  "summary_gm_median": 736.2839514389634,
  "summary_gm_n": 102861.0,
  "summary_gm_p05": 649.1721670608968,
  "summary_gm_p95": 819.6515522897243,
  "summary_gm_stdv": 51.44317195726084,
  "summary_wm_k": 0.6701455410182047,
  "summary_wm_mad": 33.691858637453024,
  "summary_wm_mean": 998.8331718802868,
  "summary_wm_median": 1000.0216419808567,
  "summary_wm_n": 318957.0,
  "summary_wm_p05": 937.6041547395289,
  "summary_wm_p95": 1055.838112020865,
  "summary_wm_stdv": 36.15941767354674,
  "tpm_overlap_csf": 0.15448309420246903,
  "tpm_overlap_gm": 0.47808192048263903,
  "tpm_overlap_wm": 0.5074702156048172,
  "wm2max": 0.8670512340191158
}