{
  "bids_meta": {
    "AcquisitionMatrixPE": 256,
    "AcquisitionNumber": 1,
    "AcquisitionTime": "10:47:2.195000",
    "BaseResolution": 256,
    "BodyPartExamined": "HEAD",
    "ConsistencyInfo": "N4_VE11C_LATEST_20160120",
    "ConversionSoftware": "dcm2niix",
    "ConversionSoftwareVersion": "v1.0.20180622 GCC7.3.0",
    "DeviceSerialNumber": "45250",
    "DwellTime": 9.2e-06,
    "EchoTime": 0.00218,
    "FlipAngle": 8,
    "ImageOrientationPatientDICOM": [
      -0.0588783,
      0.989471,
      0.132213,
      -0.0337683,
      0.130392,
      -0.990887
    ],
    "ImageType": [
      "ORIGINAL",
      "PRIMARY",
      "M",
      "NORM",
      "DIS3D",
      "DIS2D"
    ],
    "InPlanePhaseEncodingDirectionDICOM": "ROW",
    "InstitutionAddress": "Kopernikusstr._26_Graz_Graz_AT_8010",
    "InstitutionName": "KFU",
    "InstitutionalDepartmentName": "Department",
    "InversionTime": 1,
    "MRAcquisitionType": "3D",
    "MagneticFieldStrength": 3,
    "Manufacturer": "Siemens",
    "ManufacturersModelName": "Skyra",
    "Modality": "MR",
    "ParallelReductionFactorInPlane": 2,
    "PartialFourier": 1,
    "PatientPosition": "HFS",
    "PercentPhaseFOV": 100,
    "PhaseEncodingSteps": 294,
    "PhaseOversampling": 0.15,
    "PhaseResolution": 1,
    "PixelBandwidth": 210,
    "ProcedureStepDescription": "BioPsy_2018",
    "ProtocolName": "anat-T1w",
    "PulseSequenceDetails": "%SiemensSeq%_tfl",
    "ReceiveCoilActiveElements": "HEA;HEP",
    "ReceiveCoilName": "Head_32",
    "ReconMatrixPE": 256,
    "RepetitionTime": 2.2,
    "SAR": 0.0661546,
    "ScanOptions": "IR_WE",
    "ScanningSequence": "GR_IR",
    "SequenceName": "_tfl3d1_16ns",
    "SequenceVariant": "SK_SP_MP_OSP",
    "SeriesDescription": "anat-T1w",
    "SeriesNumber": 5,
    "ShimSetting": [
      -1106,
      -3182,
      -4322,
      412,
      896,
      170,
      -25,
      -880
    ],
    "SliceThickness": 0.88,
    "SoftwareVersions": "syngo_MR_E11",
    "StationName": "FBMTMR1",
    "TxRefAmp": 346.139,
    "dataset": "ds002878",
    "modality": "T1w",
    "session_id": "1",
    "subject_id": "094BPAF1211013"
  },
  "cjv": 0.32149410584300503,
  "cnr": 4.06810330484674,
  "efc": 0.6205629194917692,
  "fber": 32849.93452615727,
  "fwhm_avg": 4.529454286019983,
  "fwhm_x": 4.478180000917094,
  "fwhm_y": 4.5790628571428575,
  "fwhm_z": 4.53112,
  "icvs_csf": 0.20903167919667692,
  "icvs_gm": 0.44379082243477713,
  "icvs_wm": 0.34717749836854594,
  "inu_med": 0.4174869954586029,
  "inu_range": 0.14634970873594288,
  "provenance": {
    "md5sum": "67d547365e872d1b7d21f632ec017435",
    "settings": {
      "testing": false
    },
    "software": "mriqc",
    "version": "22.0.6",
    "warnings": {
      "large_rot_frame": true,
      "small_air_mask": false
    },
    "webapi_port": null,
    "webapi_url": "https://mriqc.nimh.nih.gov/api/v1"
  },
  "qi_1": 2.8953148166043672e-05,
  "qi_2": 0.002607695966473948,
  "rpve_csf": 18.744426780312594,
  "rpve_gm": 9.438644494518465,
  "rpve_wm": 13.627841132520645,
  "size_x": 224,
  "size_y": 256,
  "size_z": 256,
  "snr_csf": 2.90455174193825,
  "snr_gm": 14.787159750738589,
  "snr_total": 15.02721047912498,
  "snr_wm": 27.389919944698104,
  "snrd_csf": 58.37081421820402,
  "snrd_gm": 140.572628280973,
  "snrd_total": 129.10773481709364,
  "snrd_wm": 188.37976195210388,
  "spacing_x": 0.8800048232078552,
  "spacing_y": 0.875,
  "spacing_z": 0.875,
  "summary_bg_k": 16.440198876855302,
  "summary_bg_mad": 0.0,
  "summary_bg_mean": 1.8053627121727278,
  "summary_bg_median": 0.0,
  "summary_bg_n": 2409493.0,
  "summary_bg_p05": 0.0,
  "summary_bg_p95": 8.717282697558403,
  "summary_bg_stdv": 3.477896131276116,
  "summary_csf_k": 1.0481716527955962,
  "summary_csf_mad": 90.19242393822628,
  "summary_csf_mean": 318.91019946304425,
  "summary_csf_median": 309.8707825560123,
  "summary_csf_n": 76158.0,
  "summary_csf_p05": 143.43232038505377,
  "summary_csf_p95": 508.9043974801898,
  "summary_csf_stdv": 106.68384511146049,
  "summary_gm_k": 0.3397941204923778,
  "summary_gm_mad": 47.454237165254575,
  "summary_gm_mean": 745.7465300028679,
  "summary_gm_median": 746.2522309273481,
  "summary_gm_n": 89376.0,
  "summary_gm_p05": 661.6109380684793,
  "summary_gm_p95": 828.8462831526995,
  "summary_gm_stdv": 50.46594942530815,
  "summary_wm_k": 0.8762191130996766,
  "summary_wm_mad": 34.13833017527943,
  "summary_wm_mean": 1000.2688572883741,
  "summary_wm_median": 1000.0440294630826,
  "summary_wm_n": 351633.0,
  "summary_wm_p05": 941.5545846968889,
  "summary_wm_p95": 1059.8102479577065,
  "summary_wm_stdv": 36.51133736358244,
  "tpm_overlap_csf": 0.154229916204024,
  "tpm_overlap_gm": 0.46479677813288567,
  "tpm_overlap_wm": 0.4974766677581213,
  "wm2max": 0.8686565451833722
}