{
  "bids_meta": {
    "AcquisitionMatrixPE": 256,
    "AcquisitionNumber": 1,
    "AcquisitionTime": "13:55:55.142500",
    "BaseResolution": 256,
    "BodyPartExamined": "HEAD",
    "ConsistencyInfo": "N4_VE11C_LATEST_20160120",
    "ConversionSoftware": "dcm2niix",
    "ConversionSoftwareVersion": "v1.0.20180622 GCC7.3.0",
    "DeviceSerialNumber": "45250",
    "DwellTime": 9.2e-06,
    "EchoTime": 0.00218,
    "FlipAngle": 8,
    "ImageOrientationPatientDICOM": [
      0.0575201,
      0.998001,
      0.0261755,
      0.012036,
      0.0255238,
      -0.999602
    ],
    "ImageType": [
      "ORIGINAL",
      "PRIMARY",
      "M",
      "NORM",
      "DIS3D",
      "DIS2D"
    ],
    "InPlanePhaseEncodingDirectionDICOM": "ROW",
    "InstitutionAddress": "Kopernikusstr._26_Graz_Graz_AT_8010",
    "InstitutionName": "KFU",
    "InstitutionalDepartmentName": "Department",
    "InversionTime": 1,
    "MRAcquisitionType": "3D",
    "MagneticFieldStrength": 3,
    "Manufacturer": "Siemens",
    "ManufacturersModelName": "Skyra",
    "Modality": "MR",
    "ParallelReductionFactorInPlane": 2,
    "PartialFourier": 1,
    "PatientPosition": "HFS",
    "PercentPhaseFOV": 100,
    "PhaseEncodingSteps": 294,
    "PhaseOversampling": 0.15,
    "PhaseResolution": 1,
    "PixelBandwidth": 210,
    "ProcedureStepDescription": "BioPsy_2018",
    "ProtocolName": "anat-T1w",
    "PulseSequenceDetails": "%SiemensSeq%_tfl",
    "ReceiveCoilActiveElements": "HEA;HEP",
    "ReceiveCoilName": "Head_32",
    "ReconMatrixPE": 256,
    "RepetitionTime": 2.2,
    "SAR": 0.0591959,
    "ScanOptions": "IR_WE",
    "ScanningSequence": "GR_IR",
    "SequenceName": "_tfl3d1_16ns",
    "SequenceVariant": "SK_SP_MP_OSP",
    "SeriesDescription": "anat-T1w",
    "SeriesNumber": 5,
    "ShimSetting": [
      -1108,
      -3087,
      -4303,
      449,
      933,
      404,
      29,
      -854
    ],
    "SliceThickness": 0.88,
    "SoftwareVersions": "syngo_MR_E11",
    "StationName": "FBMTMR1",
    "TxRefAmp": 337.972,
    "dataset": "ds002878",
    "modality": "T1w",
    "session_id": "1",
    "subject_id": "094BPAF1211008"
  },
  "cjv": 0.33396541978145866,
  "cnr": 3.9915560685284763,
  "efc": 0.6343255231033683,
  "fber": 23350.51198901132,
  "fwhm_avg": 4.756424293082461,
  "fwhm_x": 4.593524307818812,
  "fwhm_y": 4.8824,
  "fwhm_z": 4.793348571428572,
  "icvs_csf": 0.23155118946275152,
  "icvs_gm": 0.425358806669036,
  "icvs_wm": 0.3430900038682125,
  "inu_med": 0.45290833711624146,
  "inu_range": 0.16454677581787108,
  "provenance": {
    "md5sum": "a30971094ba53952a62f2a35084f9b43",
    "settings": {
      "testing": false
    },
    "software": "mriqc",
    "version": "22.0.6",
    "warnings": {
      "large_rot_frame": true,
      "small_air_mask": false
    },
    "webapi_port": null,
    "webapi_url": "https://mriqc.nimh.nih.gov/api/v1"
  },
  "qi_1": 0.0,
  "qi_2": 0.0018551716920417033,
  "rpve_csf": 18.23506080411516,
  "rpve_gm": 10.122287029349728,
  "rpve_wm": 14.274032008361432,
  "size_x": 224,
  "size_y": 256,
  "size_z": 256,
  "snr_csf": 2.894892971336741,
  "snr_gm": 14.229858634159866,
  "snr_total": 14.649553904534239,
  "snr_wm": 26.82391010810611,
  "snrd_csf": 31.67315344789396,
  "snrd_gm": 83.94636389946893,
  "snrd_total": 76.20615513284933,
  "snrd_wm": 112.99894805118512,
  "spacing_x": 0.8799996972084045,
  "spacing_y": 0.875,
  "spacing_z": 0.875,
  "summary_bg_k": 15.371100435816182,
  "summary_bg_mad": 0.0,
  "summary_bg_mean": 3.3359627227460984,
  "summary_bg_median": 0.0,
  "summary_bg_n": 2371730.0,
  "summary_bg_p05": 0.0,
  "summary_bg_p95": 14.16824734210968,
  "summary_bg_stdv": 5.797965457667443,
  "summary_csf_k": 1.2474444262963464,
  "summary_csf_mad": 74.08321966062879,
  "summary_csf_mean": 292.2573485291713,
  "summary_csf_median": 280.307810138911,
  "summary_csf_n": 116176.0,
  "summary_csf_p05": 139.953609906137,
  "summary_csf_p95": 472.3592462092638,
  "summary_csf_stdv": 96.82796791411282,
  "summary_gm_k": 0.18283038577912736,
  "summary_gm_mad": 50.54538657858091,
  "summary_gm_mean": 741.5750829628405,
  "summary_gm_median": 742.9263863004744,
  "summary_gm_n": 73581.0,
  "summary_gm_p05": 653.8477478772402,
  "summary_gm_p95": 825.9961698241532,
  "summary_gm_stdv": 52.20862392423092,
  "summary_wm_k": 0.572775117267172,
  "summary_wm_mad": 35.32237899430824,
  "summary_wm_mean": 999.600166343594,
  "summary_wm_median": 1000.0421248972416,
  "summary_wm_n": 338162.0,
  "summary_wm_p05": 937.8873731642962,
  "summary_wm_p95": 1059.4138280451298,
  "summary_wm_stdv": 37.2816879501241,
  "tpm_overlap_csf": 0.1531562004014911,
  "tpm_overlap_gm": 0.454951612834775,
  "tpm_overlap_wm": 0.49920371307143174,
  "wm2max": 0.8525879757791254
}