{
  "aor": 0.0038441816009557946,
  "aqi": 0.03194346666666666,
  "bids_meta": {
    "AcquisitionMatrixPE": 96,
    "AcquisitionNumber": 1,
    "AcquisitionTime": "11:16:29.642500",
    "BandwidthPerPixelPhaseEncode": 31.566,
    "BaseResolution": 96,
    "BodyPartExamined": "HEAD",
    "CogAtlasID": "TODO",
    "ConsistencyInfo": "N4_VE11C_LATEST_20160120",
    "ConversionSoftware": "dcm2niix",
    "ConversionSoftwareVersion": "v1.0.20180622 GCC7.3.0",
    "DerivedVendorReportedEchoSpacing": 0.000659993,
    "DeviceSerialNumber": "45250",
    "DwellTime": 2.9e-06,
    "EchoTime": 0.03,
    "EchoTrainLength": 48,
    "EffectiveEchoSpacing": 0.000329996,
    "FlipAngle": 65,
    "ImageComments": "Unaliased_MB4_PE4_LB_D",
    "ImageOrientationPatientDICOM": [
      0.998738,
      -0.0183773,
      -0.046745,
      0.00348627,
      0.953781,
      -0.300482
    ],
    "ImageType": [
      "ORIGINAL",
      "PRIMARY",
      "M",
      "MB",
      "ND",
      "NORM",
      "MOSAIC"
    ],
    "InPlanePhaseEncodingDirectionDICOM": "COL",
    "InstitutionAddress": "Kopernikusstr._26_Graz_Graz_AT_8010",
    "InstitutionName": "KFU",
    "InstitutionalDepartmentName": "Department",
    "MRAcquisitionType": "2D",
    "MagneticFieldStrength": 3,
    "Manufacturer": "Siemens",
    "ManufacturersModelName": "Skyra",
    "Modality": "MR",
    "MultibandAccelerationFactor": 4,
    "ParallelReductionFactorInPlane": 2,
    "PartialFourier": 1,
    "PatientPosition": "HFS",
    "PercentPhaseFOV": 100,
    "PhaseEncodingDirection": "j",
    "PhaseEncodingSteps": 96,
    "PhaseResolution": 1,
    "PixelBandwidth": 1795,
    "ProcedureStepDescription": "BioPsy_2018",
    "ProtocolName": "func_task-soccer_acq-multiband_soccer",
    "PulseSequenceDetails": "%CustomerSeq%_cmrr_mbep2d_bold",
    "ReceiveCoilActiveElements": "HEA;HEP",
    "ReceiveCoilName": "Head_32",
    "ReconMatrixPE": 96,
    "RepetitionTime": 1.4,
    "SAR": 0.0909152,
    "ScanOptions": "FS_EXT",
    "ScanningSequence": "EP",
    "SequenceName": "epfid2d1_96",
    "SequenceVariant": "SK_SS",
    "SeriesDescription": "func_task-soccer_acq-multiband_soccer",
    "SeriesNumber": 13,
    "ShimSetting": [
      -1099,
      -3122,
      -4122,
      799,
      974,
      558,
      250,
      -821
    ],
    "SliceThickness": 2.5,
    "SliceTiming": [
      0,
      0.735,
      0.0925,
      0.8275,
      0.1825,
      0.92,
      0.275,
      1.0125,
      0.3675,
      1.1025,
      0.46,
      1.195,
      0.5525,
      1.2875,
      0.6425,
      0,
      0.735,
      0.0925,
      0.8275,
      0.1825,
      0.92,
      0.275,
      1.0125,
      0.3675,
      1.1025,
      0.46,
      1.195,
      0.5525,
      1.2875,
      0.6425,
      0,
      0.735,
      0.0925,
      0.8275,
      0.1825,
      0.92,
      0.275,
      1.0125,
      0.3675,
      1.1025,
      0.46,
      1.195,
      0.5525,
      1.2875,
      0.6425,
      0,
      0.735,
      0.0925,
      0.8275,
      0.1825,
      0.92,
      0.275,
      1.0125,
      0.3675,
      1.1025,
      0.46,
      1.195,
      0.5525,
      1.2875,
      0.6425
    ],
    "SoftwareVersions": "syngo_MR_E11",
    "SpacingBetweenSlices": 2.5,
    "StationName": "FBMTMR1",
    "TaskName": "soccer",
    "TotalReadoutTime": 0.0313497,
    "TxRefAmp": 326.745,
    "acq_id": "multiband",
    "dataset": "ds002878",
    "modality": "bold",
    "session_id": "1",
    "subject_id": "094BPAF1221009",
    "task_id": "soccer"
  },
  "dummy_trs": 0,
  "dvars_nstd": 39.368202467272695,
  "dvars_std": 1.1084487740310984,
  "dvars_vstd": 0.9710596224043071,
  "efc": 0.39899224835660774,
  "fber": 31266.84765625,
  "fd_mean": 0.3774980986545643,
  "fd_num": 393,
  "fd_perc": 46.95340501792115,
  "fwhm_avg": 1.8071533333333332,
  "fwhm_x": 1.667332,
  "fwhm_y": 1.963384,
  "fwhm_z": 1.7907440000000001,
  "gcor": 0.0333216,
  "gsr_x": -0.007068018428981304,
  "gsr_y": 0.01821518875658512,
  "provenance": {
    "md5sum": "aad1764e3d04233e1c32c88dddf1d624",
    "settings": {
      "fd_thres": 0.2,
      "testing": false
    },
    "software": "mriqc",
    "version": "22.0.6",
    "webapi_port": null,
    "webapi_url": "https://mriqc.nimh.nih.gov/api/v1"
  },
  "size_t": 837,
  "size_x": 96,
  "size_y": 96,
  "size_z": 60,
  "snr": 7.249887339617363,
  "spacing_tr": 1.399999976158142,
  "spacing_x": 2.5,
  "spacing_y": 2.5,
  "spacing_z": 2.5,
  "summary_bg_k": 49.62574335563066,
  "summary_bg_mad": 20.784768836848745,
  "summary_bg_mean": 143.63238525390625,
  "summary_bg_median": 30.38351058959961,
  "summary_bg_n": 415342.0,
  "summary_bg_p05": 13.218637466430664,
  "summary_bg_p95": 728.2535583496085,
  "summary_bg_stdv": 404.4881896972656,
  "summary_fg_k": 3.637942463738863,
  "summary_fg_mad": 658.9080970960644,
  "summary_fg_mean": 5326.36181640625,
  "summary_fg_median": 5312.4658203125,
  "summary_fg_n": 69349.0,
  "summary_fg_p05": 4299.01474609375,
  "summary_fg_p95": 6473.9810546875,
  "summary_fg_stdv": 732.760009765625,
  "tsnr": 32.964782031136565
}