{
  "aor": 0.0011474327354260088,
  "aqi": 0.030832663677130043,
  "bids_meta": {
    "AcquisitionMatrixPE": 96,
    "AcquisitionNumber": 1,
    "AcquisitionTime": "16:15:49.972500",
    "BandwidthPerPixelPhaseEncode": 31.566,
    "BaseResolution": 96,
    "BodyPartExamined": "HEAD",
    "CogAtlasID": "TODO",
    "ConsistencyInfo": "N4_VE11C_LATEST_20160120",
    "ConversionSoftware": "dcm2niix",
    "ConversionSoftwareVersion": "v1.0.20180622 GCC7.3.0",
    "DerivedVendorReportedEchoSpacing": 0.000659993,
    "DeviceSerialNumber": "45250",
    "DwellTime": 2.9e-06,
    "EchoTime": 0.03,
    "EchoTrainLength": 48,
    "EffectiveEchoSpacing": 0.000329996,
    "FlipAngle": 65,
    "ImageComments": "Unaliased_MB4_PE4_LB_D",
    "ImageOrientationPatientDICOM": [
      0.999655,
      -0.002852,
      -0.026101,
      -0.00523428,
      0.952483,
      -0.304546
    ],
    "ImageType": [
      "ORIGINAL",
      "PRIMARY",
      "M",
      "MB",
      "ND",
      "NORM",
      "MOSAIC"
    ],
    "InPlanePhaseEncodingDirectionDICOM": "COL",
    "InstitutionAddress": "Kopernikusstr._26_Graz_Graz_AT_8010",
    "InstitutionName": "KFU",
    "InstitutionalDepartmentName": "Department",
    "MRAcquisitionType": "2D",
    "MagneticFieldStrength": 3,
    "Manufacturer": "Siemens",
    "ManufacturersModelName": "Skyra",
    "Modality": "MR",
    "MultibandAccelerationFactor": 4,
    "ParallelReductionFactorInPlane": 2,
    "PartialFourier": 1,
    "PatientPosition": "HFS",
    "PercentPhaseFOV": 100,
    "PhaseEncodingDirection": "j",
    "PhaseEncodingSteps": 96,
    "PhaseResolution": 1,
    "PixelBandwidth": 1795,
    "ProcedureStepDescription": "BioPsy_2018",
    "ProtocolName": "func_task-soccer_acq-multiband_soccer",
    "PulseSequenceDetails": "%CustomerSeq%_cmrr_mbep2d_bold",
    "ReceiveCoilActiveElements": "HEA;HEP",
    "ReceiveCoilName": "Head_32",
    "ReconMatrixPE": 96,
    "RepetitionTime": 1.4,
    "SAR": 0.0858082,
    "ScanOptions": "FS_EXT",
    "ScanningSequence": "EP",
    "SequenceName": "epfid2d1_96",
    "SequenceVariant": "SK_SS",
    "SeriesDescription": "func_task-soccer_acq-multiband_soccer",
    "SeriesNumber": 13,
    "ShimSetting": [
      -1081,
      -3122,
      -4152,
      624,
      974,
      545,
      163,
      -907
    ],
    "SliceThickness": 2.5,
    "SliceTiming": [
      0,
      0.735,
      0.0925,
      0.8275,
      0.1825,
      0.92,
      0.275,
      1.0125,
      0.3675,
      1.1025,
      0.46,
      1.195,
      0.5525,
      1.2875,
      0.6425,
      0,
      0.735,
      0.0925,
      0.8275,
      0.1825,
      0.92,
      0.275,
      1.0125,
      0.3675,
      1.1025,
      0.46,
      1.195,
      0.5525,
      1.2875,
      0.6425,
      0,
      0.735,
      0.0925,
      0.8275,
      0.1825,
      0.92,
      0.275,
      1.0125,
      0.3675,
      1.1025,
      0.46,
      1.195,
      0.5525,
      1.2875,
      0.6425,
      0,
      0.735,
      0.0925,
      0.8275,
      0.1825,
      0.92,
      0.275,
      1.0125,
      0.3675,
      1.1025,
      0.46,
      1.195,
      0.5525,
      1.2875,
      0.6425
    ],
    "SoftwareVersions": "syngo_MR_E11",
    "SpacingBetweenSlices": 2.5,
    "StationName": "FBMTMR1",
    "TaskName": "soccer",
    "TotalReadoutTime": 0.0313497,
    "TxRefAmp": 357.622,
    "acq_id": "multiband",
    "dataset": "ds002878",
    "modality": "bold",
    "session_id": "1",
    "subject_id": "094BPAF1211022",
    "task_id": "soccer"
  },
  "dummy_trs": 0,
  "dvars_nstd": 42.61895740185194,
  "dvars_std": 1.1503421916722782,
  "dvars_vstd": 0.9515118290909083,
  "efc": 0.4372448561097373,
  "fber": 16905.166015625,
  "fd_mean": 0.36573435188033127,
  "fd_num": 511,
  "fd_perc": 57.28699551569507,
  "fwhm_avg": 1.789737388634496,
  "fwhm_x": 1.7084199999999998,
  "fwhm_y": 1.9211680000000002,
  "fwhm_z": 1.7396241659034886,
  "gcor": 0.00821423,
  "gsr_x": -0.013942040503025055,
  "gsr_y": 0.01956789195537567,
  "provenance": {
    "md5sum": "e1488a2277921eb287bab17024e40308",
    "settings": {
      "fd_thres": 0.2,
      "testing": false
    },
    "software": "mriqc",
    "version": "22.0.6",
    "webapi_port": null,
    "webapi_url": "https://mriqc.nimh.nih.gov/api/v1"
  },
  "size_t": 892,
  "size_x": 96,
  "size_y": 96,
  "size_z": 60,
  "snr": 6.897058455331881,
  "spacing_tr": 1.399999976158142,
  "spacing_x": 2.5,
  "spacing_y": 2.5,
  "spacing_z": 2.499999761581421,
  "summary_bg_k": 19.377454795044454,
  "summary_bg_mad": 33.981842463196635,
  "summary_bg_mean": 207.35113525390625,
  "summary_bg_median": 40.639015197753906,
  "summary_bg_n": 406495.0,
  "summary_bg_p05": 14.297085762023926,
  "summary_bg_p95": 1145.8938842773437,
  "summary_bg_stdv": 455.3142395019531,
  "summary_fg_k": 2.7419074951097375,
  "summary_fg_mad": 681.7353209510584,
  "summary_fg_mean": 5256.4453125,
  "summary_fg_median": 5213.62353515625,
  "summary_fg_n": 76300.0,
  "summary_fg_p05": 4221.010522460938,
  "summary_fg_p95": 6494.482080078125,
  "summary_fg_stdv": 755.9149169921875,
  "tsnr": 32.96432260016445
}