{
  "aor": 0.002008526785714286,
  "aqi": 0.016292931060267857,
  "bids_meta": {
    "AcquisitionMatrixPE": 96,
    "AcquisitionNumber": 1,
    "AcquisitionTime": "14:05:28.357500",
    "BandwidthPerPixelPhaseEncode": 31.566,
    "BaseResolution": 96,
    "BodyPartExamined": "HEAD",
    "CogAtlasID": "TODO",
    "ConsistencyInfo": "N4_VE11C_LATEST_20160120",
    "ConversionSoftware": "dcm2niix",
    "ConversionSoftwareVersion": "v1.0.20180622 GCC7.3.0",
    "DerivedVendorReportedEchoSpacing": 0.000659993,
    "DeviceSerialNumber": "45250",
    "DwellTime": 2.9e-06,
    "EchoTime": 0.03,
    "EchoTrainLength": 48,
    "EffectiveEchoSpacing": 0.000329996,
    "FlipAngle": 65,
    "ImageComments": "Unaliased_MB4_PE4_LB_D",
    "ImageOrientationPatientDICOM": [
      0.995646,
      -0.0930582,
      -0.00535223,
      0.0836068,
      0.916962,
      -0.390117
    ],
    "ImageType": [
      "ORIGINAL",
      "PRIMARY",
      "M",
      "MB",
      "ND",
      "NORM",
      "MOSAIC"
    ],
    "InPlanePhaseEncodingDirectionDICOM": "COL",
    "InstitutionAddress": "Kopernikusstr._26_Graz_Graz_AT_8010",
    "InstitutionName": "KFU",
    "InstitutionalDepartmentName": "Department",
    "MRAcquisitionType": "2D",
    "MagneticFieldStrength": 3,
    "Manufacturer": "Siemens",
    "ManufacturersModelName": "Skyra",
    "Modality": "MR",
    "MultibandAccelerationFactor": 4,
    "ParallelReductionFactorInPlane": 2,
    "PartialFourier": 1,
    "PatientPosition": "HFS",
    "PercentPhaseFOV": 100,
    "PhaseEncodingDirection": "j",
    "PhaseEncodingSteps": 96,
    "PhaseResolution": 1,
    "PixelBandwidth": 1795,
    "ProcedureStepDescription": "BioPsy_2018",
    "ProtocolName": "func_task-soccer_acq-multiband_soccer",
    "PulseSequenceDetails": "%CustomerSeq%_cmrr_mbep2d_bold",
    "ReceiveCoilActiveElements": "HEA;HEP",
    "ReceiveCoilName": "Head_32",
    "ReconMatrixPE": 96,
    "RepetitionTime": 1.4,
    "SAR": 0.0859202,
    "ScanOptions": "FS_EXT",
    "ScanningSequence": "EP",
    "SequenceName": "epfid2d1_96",
    "SequenceVariant": "SK_SS",
    "SeriesDescription": "func_task-soccer_acq-multiband_soccer",
    "SeriesNumber": 15,
    "ShimSetting": [
      -1063,
      -2999,
      -4033,
      555,
      1030,
      644,
      121,
      -817
    ],
    "SliceThickness": 2.5,
    "SliceTiming": [
      0,
      0.735,
      0.0925,
      0.8275,
      0.1825,
      0.92,
      0.275,
      1.01,
      0.3675,
      1.1025,
      0.46,
      1.195,
      0.55,
      1.2875,
      0.6425,
      0,
      0.735,
      0.0925,
      0.8275,
      0.1825,
      0.92,
      0.275,
      1.01,
      0.3675,
      1.1025,
      0.46,
      1.195,
      0.55,
      1.2875,
      0.6425,
      0,
      0.735,
      0.0925,
      0.8275,
      0.1825,
      0.92,
      0.275,
      1.01,
      0.3675,
      1.1025,
      0.46,
      1.195,
      0.55,
      1.2875,
      0.6425,
      0,
      0.735,
      0.0925,
      0.8275,
      0.1825,
      0.92,
      0.275,
      1.01,
      0.3675,
      1.1025,
      0.46,
      1.195,
      0.55,
      1.2875,
      0.6425
    ],
    "SoftwareVersions": "syngo_MR_E11",
    "SpacingBetweenSlices": 2.5,
    "StationName": "FBMTMR1",
    "TaskName": "soccer",
    "TotalReadoutTime": 0.0313497,
    "TxRefAmp": 341.548,
    "acq_id": "multiband",
    "dataset": "ds002878",
    "modality": "bold",
    "session_id": "1",
    "subject_id": "094BPAF1211002",
    "task_id": "soccer"
  },
  "dummy_trs": 0,
  "dvars_nstd": 38.2152064337654,
  "dvars_std": 1.3473510363128485,
  "dvars_vstd": 1.0071934934860325,
  "efc": 0.41645890977858496,
  "fber": 29138.58203125,
  "fd_mean": 0.2485872839494497,
  "fd_num": 385,
  "fd_perc": 42.96875,
  "fwhm_avg": 1.7467386666666667,
  "fwhm_x": 1.643628,
  "fwhm_y": 1.8700320000000001,
  "fwhm_z": 1.726556,
  "gcor": 0.0124155,
  "gsr_x": -0.010839137248694897,
  "gsr_y": 0.01879894733428955,
  "provenance": {
    "md5sum": "e6262c49d9d4099b1a5ca61e61dea4e0",
    "settings": {
      "fd_thres": 0.2,
      "testing": false
    },
    "software": "mriqc",
    "version": "22.0.6",
    "webapi_port": null,
    "webapi_url": "https://mriqc.nimh.nih.gov/api/v1"
  },
  "size_t": 896,
  "size_x": 96,
  "size_y": 96,
  "size_z": 60,
  "snr": 6.796843463052817,
  "spacing_tr": 1.399999976158142,
  "spacing_x": 2.5,
  "spacing_y": 2.5,
  "spacing_z": 2.5,
  "summary_bg_k": 35.06452025320809,
  "summary_bg_mad": 25.689062281543418,
  "summary_bg_mean": 173.7766876220703,
  "summary_bg_median": 33.39174270629883,
  "summary_bg_n": 408811.0,
  "summary_bg_p05": 13.316406726837158,
  "summary_bg_p95": 923.7176818847656,
  "summary_bg_stdv": 435.6163330078125,
  "summary_fg_k": 3.894234440134399,
  "summary_fg_mad": 718.4503577747105,
  "summary_fg_mean": 5652.41650390625,
  "summary_fg_median": 5618.3544921875,
  "summary_fg_n": 74310.0,
  "summary_fg_p05": 4555.944555664062,
  "summary_fg_p95": 6963.216503906251,
  "summary_fg_stdv": 826.6067504882812,
  "tsnr": 48.77648105844855
}