{
  "bids_meta": {
    "AcquisitionMatrixPE": 256,
    "AcquisitionNumber": 1,
    "AcquisitionTime": "11:04:26.137500",
    "BaseResolution": 256,
    "BodyPartExamined": "HEAD",
    "ConsistencyInfo": "N4_VE11C_LATEST_20160120",
    "ConversionSoftware": "dcm2niix",
    "ConversionSoftwareVersion": "v1.0.20180622 GCC7.3.0",
    "DeviceSerialNumber": "45250",
    "DwellTime": 9.2e-06,
    "EchoTime": 0.00218,
    "FlipAngle": 8,
    "ImageOrientationPatientDICOM": [
      0.0681375,
      0.987227,
      -0.144012,
      -0.0795096,
      -0.138515,
      -0.987164
    ],
    "ImageType": [
      "ORIGINAL",
      "PRIMARY",
      "M",
      "NORM",
      "DIS3D",
      "DIS2D"
    ],
    "InPlanePhaseEncodingDirectionDICOM": "ROW",
    "InstitutionAddress": "Kopernikusstr._26_Graz_Graz_AT_8010",
    "InstitutionName": "KFU",
    "InstitutionalDepartmentName": "Department",
    "InversionTime": 1,
    "MRAcquisitionType": "3D",
    "MagneticFieldStrength": 3,
    "Manufacturer": "Siemens",
    "ManufacturersModelName": "Skyra",
    "Modality": "MR",
    "ParallelReductionFactorInPlane": 2,
    "PartialFourier": 1,
    "PatientPosition": "HFS",
    "PercentPhaseFOV": 100,
    "PhaseEncodingSteps": 294,
    "PhaseOversampling": 0.15,
    "PhaseResolution": 1,
    "PixelBandwidth": 210,
    "ProcedureStepDescription": "BioPsy_2018",
    "ProtocolName": "anat-T1w",
    "PulseSequenceDetails": "%SiemensSeq%_tfl",
    "ReceiveCoilActiveElements": "HEA;HEP",
    "ReceiveCoilName": "Head_32",
    "ReconMatrixPE": 256,
    "RepetitionTime": 2.2,
    "SAR": 0.0514598,
    "ScanOptions": "IR_WE",
    "ScanningSequence": "GR_IR",
    "SequenceName": "_tfl3d1_16ns",
    "SequenceVariant": "SK_SP_MP_OSP",
    "SeriesDescription": "anat-T1w",
    "SeriesNumber": 5,
    "ShimSetting": [
      -1111,
      -3088,
      -4421,
      72,
      1154,
      -134,
      393,
      -844
    ],
    "SliceThickness": 0.88,
    "SoftwareVersions": "syngo_MR_E11",
    "StationName": "FBMTMR1",
    "TxRefAmp": 348.229,
    "dataset": "ds002878",
    "modality": "T1w",
    "session_id": "1",
    "subject_id": "094BPAF1211028"
  },
  "cjv": 0.35548004935214744,
  "cnr": 3.832580235596444,
  "efc": 0.6546581635025641,
  "fber": 18105.537319214876,
  "fwhm_avg": 4.736205723072906,
  "fwhm_x": 4.716080026361576,
  "fwhm_y": 4.799954285714286,
  "fwhm_z": 4.692582857142858,
  "icvs_csf": 0.19501219200062153,
  "icvs_gm": 0.4468673060087159,
  "icvs_wm": 0.3581205019906626,
  "inu_med": 0.44269225001335144,
  "inu_range": 0.15064390450716014,
  "provenance": {
    "md5sum": "f306e8e3e3fb4a4984977cd40237bb25",
    "settings": {
      "testing": false
    },
    "software": "mriqc",
    "version": "22.0.6",
    "warnings": {
      "large_rot_frame": true,
      "small_air_mask": false
    },
    "webapi_port": null,
    "webapi_url": "https://mriqc.nimh.nih.gov/api/v1"
  },
  "qi_1": 0.0,
  "qi_2": 0.0011925050061812779,
  "rpve_csf": 22.821568025751745,
  "rpve_gm": 10.660551182437539,
  "rpve_wm": 14.757783531533905,
  "size_x": 224,
  "size_y": 256,
  "size_z": 256,
  "snr_csf": 2.5535911844052204,
  "snr_gm": 13.388533531973618,
  "snr_total": 13.413532409575522,
  "snr_wm": 24.298472512347725,
  "snrd_csf": 30.73230679947357,
  "snrd_gm": 79.20818145422908,
  "snrd_total": 72.52871842840563,
  "snrd_wm": 107.64566703151422,
  "spacing_x": 0.8799977898597717,
  "spacing_y": 0.875,
  "spacing_z": 0.875,
  "summary_bg_k": 11.928220914956121,
  "summary_bg_mad": 0.0,
  "summary_bg_mean": 3.9209653228833345,
  "summary_bg_median": 0.0,
  "summary_bg_n": 2564288.0,
  "summary_bg_p05": 0.0,
  "summary_bg_p95": 15.6294263638556,
  "summary_bg_stdv": 6.086332465318051,
  "summary_csf_k": 0.5551300997601203,
  "summary_csf_mad": 87.82342220901033,
  "summary_csf_mean": 292.62295503872645,
  "summary_csf_median": 285.5085393022746,
  "summary_csf_n": 75538.0,
  "summary_csf_p05": 84.6361768889241,
  "summary_csf_p95": 489.0959833347237,
  "summary_csf_stdv": 111.80593479714177,
  "summary_gm_k": 0.028573937670388183,
  "summary_gm_mad": 55.02527688822808,
  "summary_gm_mean": 736.1572536024455,
  "summary_gm_median": 735.8579469919205,
  "summary_gm_n": 90483.0,
  "summary_gm_p05": 646.8032698854804,
  "summary_gm_p95": 826.754157718271,
  "summary_gm_stdv": 54.96149962548304,
  "summary_wm_k": 0.9153831865210953,
  "summary_wm_mad": 38.8887294038304,
  "summary_wm_mean": 1000.6180758830684,
  "summary_wm_median": 1000.0471932329237,
  "summary_wm_n": 327554.0,
  "summary_wm_p05": 934.6255309153348,
  "summary_wm_p95": 1067.8297960888594,
  "summary_wm_stdv": 41.156729756805184,
  "tpm_overlap_csf": 0.14578417709680005,
  "tpm_overlap_gm": 0.4725017458682538,
  "tpm_overlap_wm": 0.5178453986805294,
  "wm2max": 0.8416221264082339
}