{
  "bids_meta": {
    "AcquisitionMatrixPE": 256,
    "AcquisitionNumber": 1,
    "AcquisitionTime": "08:48:58.167500",
    "BaseResolution": 256,
    "BodyPartExamined": "HEAD",
    "ConsistencyInfo": "N4_VE11C_LATEST_20160120",
    "ConversionSoftware": "dcm2niix",
    "ConversionSoftwareVersion": "v1.0.20180622 GCC7.3.0",
    "DeviceSerialNumber": "45250",
    "DwellTime": 9.2e-06,
    "EchoTime": 0.00218,
    "FlipAngle": 8,
    "ImageOrientationPatientDICOM": [
      0.0265737,
      0.997988,
      0.0575636,
      0.00564388,
      0.0574332,
      -0.998333
    ],
    "ImageType": [
      "ORIGINAL",
      "PRIMARY",
      "M",
      "NORM",
      "DIS3D",
      "DIS2D"
    ],
    "InPlanePhaseEncodingDirectionDICOM": "ROW",
    "InstitutionAddress": "Kopernikusstr._26_Graz_Graz_AT_8010",
    "InstitutionName": "KFU",
    "InstitutionalDepartmentName": "Department",
    "InversionTime": 1,
    "MRAcquisitionType": "3D",
    "MagneticFieldStrength": 3,
    "Manufacturer": "Siemens",
    "ManufacturersModelName": "Skyra",
    "Modality": "MR",
    "ParallelReductionFactorInPlane": 2,
    "PartialFourier": 1,
    "PatientPosition": "HFS",
    "PercentPhaseFOV": 100,
    "PhaseEncodingSteps": 294,
    "PhaseOversampling": 0.15,
    "PhaseResolution": 1,
    "PixelBandwidth": 210,
    "ProcedureStepDescription": "BioPsy_2018",
    "ProtocolName": "anat-T1w",
    "PulseSequenceDetails": "%SiemensSeq%_tfl",
    "ReceiveCoilActiveElements": "HEA;HEP",
    "ReceiveCoilName": "Head_32",
    "ReconMatrixPE": 256,
    "RepetitionTime": 2.2,
    "SAR": 0.0613514,
    "ScanOptions": "IR_WE",
    "ScanningSequence": "GR_IR",
    "SequenceName": "_tfl3d1_16ns",
    "SequenceVariant": "SK_SP_MP_OSP",
    "SeriesDescription": "anat-T1w",
    "SeriesNumber": 5,
    "ShimSetting": [
      -1154,
      -3142,
      -4301,
      410,
      818,
      266,
      135,
      -835
    ],
    "SliceThickness": 0.88,
    "SoftwareVersions": "syngo_MR_E11",
    "StationName": "FBMTMR1",
    "TxRefAmp": 353.21,
    "dataset": "ds002878",
    "modality": "T1w",
    "session_id": "1",
    "subject_id": "094BPAF1211023"
  },
  "cjv": 0.3273330885815927,
  "cnr": 4.091061481654105,
  "efc": 0.6303601044409491,
  "fber": 22552.135429362883,
  "fwhm_avg": 4.523380677222657,
  "fwhm_x": 4.427776317382255,
  "fwhm_y": 4.601828571428571,
  "fwhm_z": 4.540537142857143,
  "icvs_csf": 0.20703732485926707,
  "icvs_gm": 0.4499127158445943,
  "icvs_wm": 0.34304995929613863,
  "inu_med": 0.446608304977417,
  "inu_range": 0.17752900421619416,
  "provenance": {
    "md5sum": "867dfd2c26154c358222a9b6f0205eab",
    "settings": {
      "testing": false
    },
    "software": "mriqc",
    "version": "22.0.6",
    "warnings": {
      "large_rot_frame": true,
      "small_air_mask": false
    },
    "webapi_port": null,
    "webapi_url": "https://mriqc.nimh.nih.gov/api/v1"
  },
  "qi_1": 0.0,
  "qi_2": 0.0024853491437216175,
  "rpve_csf": 18.368514643162502,
  "rpve_gm": 9.02394688991709,
  "rpve_wm": 13.235488592588277,
  "size_x": 224,
  "size_y": 256,
  "size_z": 256,
  "snr_csf": 2.8249323610905313,
  "snr_gm": 14.539670530767678,
  "snr_total": 14.701798109667324,
  "snr_wm": 26.740791437143763,
  "snrd_csf": 47.31297818289837,
  "snrd_gm": 116.3204499299976,
  "snrd_total": 106.87998770376356,
  "snrd_wm": 157.0065349983947,
  "spacing_x": 0.8800015449523926,
  "spacing_y": 0.875,
  "spacing_z": 0.875,
  "summary_bg_k": 13.657997915893123,
  "summary_bg_mad": 0.0,
  "summary_bg_mean": 2.627309957879416,
  "summary_bg_median": 0.0,
  "summary_bg_n": 2735207.0,
  "summary_bg_p05": 0.0,
  "summary_bg_p95": 10.083390958607197,
  "summary_bg_stdv": 4.172819133215841,
  "summary_csf_k": 0.9816158437123876,
  "summary_csf_mad": 87.18272004459614,
  "summary_csf_mean": 309.7814428032959,
  "summary_csf_median": 301.35480277240276,
  "summary_csf_n": 83966.0,
  "summary_csf_p05": 127.59551592171192,
  "summary_csf_p95": 498.9128038287163,
  "summary_csf_stdv": 106.67618538866215,
  "summary_gm_k": 0.2018128434906017,
  "summary_gm_mad": 50.446238660505855,
  "summary_gm_mean": 739.2619188469552,
  "summary_gm_median": 740.8902925439179,
  "summary_gm_n": 83190.0,
  "summary_gm_p05": 654.6557949855924,
  "summary_gm_p95": 820.1846931735055,
  "summary_gm_stdv": 50.956164237822044,
  "summary_wm_k": 1.1131246625663058,
  "summary_wm_mad": 34.380670379228185,
  "summary_wm_mean": 999.8200688218141,
  "summary_wm_median": 1000.03582960926,
  "summary_wm_n": 337026.0,
  "summary_wm_p05": 939.1651223413646,
  "summary_wm_p95": 1059.8790823481977,
  "summary_wm_stdv": 37.39733539078652,
  "tpm_overlap_csf": 0.16981514240516224,
  "tpm_overlap_gm": 0.468327844649094,
  "tpm_overlap_wm": 0.5030391221453093,
  "wm2max": 0.8118034249210898
}