{
  "bids_meta": {
    "AcquisitionMatrixPE": 256,
    "AcquisitionNumber": 1,
    "AcquisitionTime": "15:06:57.195000",
    "BaseResolution": 256,
    "BodyPartExamined": "HEAD",
    "ConsistencyInfo": "N4_VE11C_LATEST_20160120",
    "ConversionSoftware": "dcm2niix",
    "ConversionSoftwareVersion": "v1.0.20180622 GCC7.3.0",
    "DeviceSerialNumber": "45250",
    "DwellTime": 9.2e-06,
    "EchoTime": 0.00218,
    "FlipAngle": 8,
    "ImageOrientationPatientDICOM": [
      -0.0109513,
      0.999385,
      -0.0333121,
      -0.0320961,
      -0.0336482,
      -0.998918
    ],
    "ImageType": [
      "ORIGINAL",
      "PRIMARY",
      "M",
      "NORM",
      "DIS3D",
      "DIS2D"
    ],
    "InPlanePhaseEncodingDirectionDICOM": "ROW",
    "InstitutionAddress": "Kopernikusstr._26_Graz_Graz_AT_8010",
    "InstitutionName": "KFU",
    "InstitutionalDepartmentName": "Department",
    "InversionTime": 1,
    "MRAcquisitionType": "3D",
    "MagneticFieldStrength": 3,
    "Manufacturer": "Siemens",
    "ManufacturersModelName": "Skyra",
    "Modality": "MR",
    "ParallelReductionFactorInPlane": 2,
    "PartialFourier": 1,
    "PatientPosition": "HFS",
    "PercentPhaseFOV": 100,
    "PhaseEncodingSteps": 294,
    "PhaseOversampling": 0.15,
    "PhaseResolution": 1,
    "PixelBandwidth": 210,
    "ProcedureStepDescription": "BioPsy_2018",
    "ProtocolName": "anat-T1w",
    "PulseSequenceDetails": "%SiemensSeq%_tfl",
    "ReceiveCoilActiveElements": "HEA;HEP",
    "ReceiveCoilName": "Head_32",
    "ReconMatrixPE": 256,
    "RepetitionTime": 2.2,
    "SAR": 0.0635826,
    "ScanOptions": "IR_WE",
    "ScanningSequence": "GR_IR",
    "SequenceName": "_tfl3d1_16ns",
    "SequenceVariant": "SK_SP_MP_OSP",
    "SeriesDescription": "anat-T1w",
    "SeriesNumber": 5,
    "ShimSetting": [
      -1104,
      -3078,
      -4366,
      357,
      932,
      204,
      -127,
      -825
    ],
    "SliceThickness": 0.88,
    "SoftwareVersions": "syngo_MR_E11",
    "StationName": "FBMTMR1",
    "TxRefAmp": 333.611,
    "dataset": "ds002878",
    "modality": "T1w",
    "session_id": "1",
    "subject_id": "094BPAF1221035"
  },
  "cjv": 0.3195697246269712,
  "cnr": 4.075197278137429,
  "efc": 0.6165967813065338,
  "fber": 27300.480816326533,
  "fwhm_avg": 4.364253824297024,
  "fwhm_x": 4.2588986157482145,
  "fwhm_y": 4.455222857142857,
  "fwhm_z": 4.37864,
  "icvs_csf": 0.1951340333200064,
  "icvs_gm": 0.4590279140133647,
  "icvs_wm": 0.3458380526666289,
  "inu_med": 0.42173975706100464,
  "inu_range": 0.14970045089721673,
  "provenance": {
    "md5sum": "ed074b34bf0c3e41c0348f4b4d9b4e20",
    "settings": {
      "testing": false
    },
    "software": "mriqc",
    "version": "22.0.6",
    "warnings": {
      "large_rot_frame": true,
      "small_air_mask": false
    },
    "webapi_port": null,
    "webapi_url": "https://mriqc.nimh.nih.gov/api/v1"
  },
  "qi_1": 0.0,
  "qi_2": 0.002553459551932235,
  "rpve_csf": 22.091101225606963,
  "rpve_gm": 10.420586616816713,
  "rpve_wm": 15.631693813171957,
  "size_x": 224,
  "size_y": 256,
  "size_z": 256,
  "snr_csf": 2.514413989568667,
  "snr_gm": 14.25179017480508,
  "snr_total": 15.201873214951783,
  "snr_wm": 28.839415480481602,
  "snrd_csf": 50.752423201584406,
  "snrd_gm": 129.9973683156511,
  "snrd_total": 118.48301583107009,
  "snrd_wm": 174.69925597597478,
  "spacing_x": 0.8799998164176941,
  "spacing_y": 0.875,
  "spacing_z": 0.875,
  "summary_bg_k": 11.138051057811118,
  "summary_bg_mad": 0.0,
  "summary_bg_mean": 2.437570019211084,
  "summary_bg_median": 0.0,
  "summary_bg_n": 2493731.0,
  "summary_bg_p05": 0.0,
  "summary_bg_p95": 9.358985289931297,
  "summary_bg_stdv": 3.750162575236222,
  "summary_csf_k": 0.9854903780164088,
  "summary_csf_mad": 90.94830139100453,
  "summary_csf_mean": 302.430762923049,
  "summary_csf_median": 290.5194064825773,
  "summary_csf_n": 43518.0,
  "summary_csf_p05": 106.7890621997416,
  "summary_csf_p95": 512.6194189958275,
  "summary_csf_stdv": 115.54026892402247,
  "summary_gm_k": 0.2570709692523252,
  "summary_gm_mad": 49.93303202033559,
  "summary_gm_mean": 742.2880411342187,
  "summary_gm_median": 744.1370461732149,
  "summary_gm_n": 83002.0,
  "summary_gm_p05": 653.6317497946322,
  "summary_gm_p95": 826.1095971465111,
  "summary_gm_stdv": 52.21326965856877,
  "summary_wm_k": 1.130345895915159,
  "summary_wm_mad": 31.83995400909858,
  "summary_wm_mean": 1000.1728546011063,
  "summary_wm_median": 1000.0216927081347,
  "summary_wm_n": 299775.0,
  "summary_wm_p05": 944.410645544529,
  "summary_wm_p95": 1056.4361794441938,
  "summary_wm_stdv": 34.67546093053677,
  "tpm_overlap_csf": 0.15410149453147184,
  "tpm_overlap_gm": 0.4757624512473732,
  "tpm_overlap_wm": 0.5164816047086402,
  "wm2max": 0.8728942454589274
}