{
  "aor": 0.0004438407494145199,
  "aqi": 0.022741969320843092,
  "bids_meta": {
    "AcquisitionMatrixPE": 96,
    "AcquisitionNumber": 1,
    "AcquisitionTime": "15:46:12.342500",
    "BandwidthPerPixelPhaseEncode": 31.566,
    "BaseResolution": 96,
    "BodyPartExamined": "HEAD",
    "CogAtlasID": "TODO",
    "ConsistencyInfo": "N4_VE11C_LATEST_20160120",
    "ConversionSoftware": "dcm2niix",
    "ConversionSoftwareVersion": "v1.0.20180622 GCC7.3.0",
    "DerivedVendorReportedEchoSpacing": 0.000659993,
    "DeviceSerialNumber": "45250",
    "DwellTime": 2.9e-06,
    "EchoTime": 0.03,
    "EchoTrainLength": 48,
    "EffectiveEchoSpacing": 0.000329996,
    "FlipAngle": 65,
    "ImageComments": "Unaliased_MB4_PE4_LB_D",
    "ImageOrientationPatientDICOM": [
      0.996311,
      -0.0856188,
      0.0058373,
      0.0819116,
      0.928475,
      -0.36225
    ],
    "ImageType": [
      "ORIGINAL",
      "PRIMARY",
      "M",
      "MB",
      "ND",
      "NORM",
      "MOSAIC"
    ],
    "InPlanePhaseEncodingDirectionDICOM": "COL",
    "InstitutionAddress": "Kopernikusstr._26_Graz_Graz_AT_8010",
    "InstitutionName": "KFU",
    "InstitutionalDepartmentName": "Department",
    "MRAcquisitionType": "2D",
    "MagneticFieldStrength": 3,
    "Manufacturer": "Siemens",
    "ManufacturersModelName": "Skyra",
    "Modality": "MR",
    "MultibandAccelerationFactor": 4,
    "ParallelReductionFactorInPlane": 2,
    "PartialFourier": 1,
    "PatientPosition": "HFS",
    "PercentPhaseFOV": 100,
    "PhaseEncodingDirection": "j",
    "PhaseEncodingSteps": 96,
    "PhaseResolution": 1,
    "PixelBandwidth": 1795,
    "ProcedureStepDescription": "BioPsy_2018",
    "ProtocolName": "func_task-soccer_acq-multiband_soccer",
    "PulseSequenceDetails": "%CustomerSeq%_cmrr_mbep2d_bold",
    "ReceiveCoilActiveElements": "HEA;HEP",
    "ReceiveCoilName": "Head_32",
    "ReconMatrixPE": 96,
    "RepetitionTime": 1.4,
    "SAR": 0.0972042,
    "ScanOptions": "FS_EXT",
    "ScanningSequence": "EP",
    "SequenceName": "epfid2d1_96",
    "SequenceVariant": "SK_SS",
    "SeriesDescription": "func_task-soccer_acq-multiband_soccer",
    "SeriesNumber": 13,
    "ShimSetting": [
      -1080,
      -3104,
      -4144,
      674,
      1007,
      726,
      217,
      -971
    ],
    "SliceThickness": 2.5,
    "SliceTiming": [
      0,
      0.735,
      0.09,
      0.8275,
      0.1825,
      0.92,
      0.275,
      1.01,
      0.3675,
      1.1025,
      0.46,
      1.195,
      0.55,
      1.2875,
      0.6425,
      0,
      0.735,
      0.09,
      0.8275,
      0.1825,
      0.92,
      0.275,
      1.01,
      0.3675,
      1.1025,
      0.46,
      1.195,
      0.55,
      1.2875,
      0.6425,
      0,
      0.735,
      0.09,
      0.8275,
      0.1825,
      0.92,
      0.275,
      1.01,
      0.3675,
      1.1025,
      0.46,
      1.195,
      0.55,
      1.2875,
      0.6425,
      0,
      0.735,
      0.09,
      0.8275,
      0.1825,
      0.92,
      0.275,
      1.01,
      0.3675,
      1.1025,
      0.46,
      1.195,
      0.55,
      1.2875,
      0.6425
    ],
    "SoftwareVersions": "syngo_MR_E11",
    "SpacingBetweenSlices": 2.5,
    "StationName": "FBMTMR1",
    "TaskName": "soccer",
    "TotalReadoutTime": 0.0313497,
    "TxRefAmp": 339.184,
    "acq_id": "multiband",
    "dataset": "ds002878",
    "modality": "bold",
    "session_id": "1",
    "subject_id": "094BPAF1211003",
    "task_id": "soccer"
  },
  "dummy_trs": 0,
  "dvars_nstd": 36.737978985767896,
  "dvars_std": 1.2837723647362256,
  "dvars_vstd": 0.9673583478429073,
  "efc": 0.42329132077048437,
  "fber": 25389.728515625,
  "fd_mean": 0.16734740868297973,
  "fd_num": 220,
  "fd_perc": 25.761124121779858,
  "fwhm_avg": 1.7332413333333336,
  "fwhm_x": 1.6512920000000002,
  "fwhm_y": 1.830728,
  "fwhm_z": 1.7177040000000001,
  "gcor": 0.0226992,
  "gsr_x": -0.013233835808932781,
  "gsr_y": 0.0167828481644392,
  "provenance": {
    "md5sum": "c1af5efc78023f5c400ab4a9561dff6b",
    "settings": {
      "fd_thres": 0.2,
      "testing": false
    },
    "software": "mriqc",
    "version": "22.0.6",
    "webapi_port": null,
    "webapi_url": "https://mriqc.nimh.nih.gov/api/v1"
  },
  "size_t": 854,
  "size_x": 96,
  "size_y": 96,
  "size_z": 60,
  "snr": 6.802673451793309,
  "spacing_tr": 1.399999976158142,
  "spacing_x": 2.5,
  "spacing_y": 2.5,
  "spacing_z": 2.5,
  "summary_bg_k": 47.83336334686359,
  "summary_bg_mad": 25.634779078062824,
  "summary_bg_mean": 147.01072692871094,
  "summary_bg_median": 34.68032455444336,
  "summary_bg_n": 401723.0,
  "summary_bg_p05": 14.533957481384277,
  "summary_bg_p95": 728.9174316406244,
  "summary_bg_stdv": 359.88348388671875,
  "summary_fg_k": 3.501171571085819,
  "summary_fg_mad": 704.0463849516607,
  "summary_fg_mean": 5519.7216796875,
  "summary_fg_median": 5486.748046875,
  "summary_fg_n": 80679.0,
  "summary_fg_p05": 4413.045703125,
  "summary_fg_p95": 6815.744726562499,
  "summary_fg_stdv": 806.5526123046875,
  "tsnr": 42.61790225375444
}