{
  "aor": 0.0005327826941986233,
  "aqi": 0.01823037669616519,
  "bids_meta": {
    "AcquisitionMatrixPE": 96,
    "AcquisitionNumber": 1,
    "AcquisitionTime": "15:07:53.622500",
    "BandwidthPerPixelPhaseEncode": 31.566,
    "BaseResolution": 96,
    "BodyPartExamined": "HEAD",
    "CogAtlasID": "TODO",
    "ConsistencyInfo": "N4_VE11C_LATEST_20160120",
    "ConversionSoftware": "dcm2niix",
    "ConversionSoftwareVersion": "v1.0.20180622 GCC7.3.0",
    "DerivedVendorReportedEchoSpacing": 0.000659993,
    "DeviceSerialNumber": "45250",
    "DwellTime": 2.9e-06,
    "EchoTime": 0.03,
    "EchoTrainLength": 48,
    "EffectiveEchoSpacing": 0.000329996,
    "FlipAngle": 65,
    "ImageComments": "Unaliased_MB4_PE4_LB_D",
    "ImageOrientationPatientDICOM": [
      0.998803,
      -0.0398384,
      -0.0283706,
      0.0331337,
      0.977858,
      -0.20663
    ],
    "ImageType": [
      "ORIGINAL",
      "PRIMARY",
      "M",
      "MB",
      "ND",
      "NORM",
      "MOSAIC"
    ],
    "InPlanePhaseEncodingDirectionDICOM": "COL",
    "InstitutionAddress": "Kopernikusstr._26_Graz_Graz_AT_8010",
    "InstitutionName": "KFU",
    "InstitutionalDepartmentName": "Department",
    "MRAcquisitionType": "2D",
    "MagneticFieldStrength": 3,
    "Manufacturer": "Siemens",
    "ManufacturersModelName": "Skyra",
    "Modality": "MR",
    "MultibandAccelerationFactor": 4,
    "ParallelReductionFactorInPlane": 2,
    "PartialFourier": 1,
    "PatientPosition": "HFS",
    "PercentPhaseFOV": 100,
    "PhaseEncodingDirection": "j",
    "PhaseEncodingSteps": 96,
    "PhaseResolution": 1,
    "PixelBandwidth": 1795,
    "ProcedureStepDescription": "BioPsy_2018",
    "ProtocolName": "func_task-soccer_acq-multiband_soccer",
    "PulseSequenceDetails": "%CustomerSeq%_cmrr_mbep2d_bold",
    "ReceiveCoilActiveElements": "HEA;HEP",
    "ReceiveCoilName": "Head_32",
    "ReconMatrixPE": 96,
    "RepetitionTime": 1.4,
    "SAR": 0.0822142,
    "ScanOptions": "FS_EXT",
    "ScanningSequence": "EP",
    "SequenceName": "epfid2d1_96",
    "SequenceVariant": "SK_SS",
    "SeriesDescription": "func_task-soccer_acq-multiband_soccer",
    "SeriesNumber": 13,
    "ShimSetting": [
      -1099,
      -3127,
      -4147,
      568,
      980,
      677,
      382,
      -839
    ],
    "SliceThickness": 2.5,
    "SliceTiming": [
      0,
      0.735,
      0.0925,
      0.8275,
      0.185,
      0.92,
      0.275,
      1.0125,
      0.3675,
      1.105,
      0.46,
      1.195,
      0.5525,
      1.2875,
      0.645,
      0,
      0.735,
      0.0925,
      0.8275,
      0.185,
      0.92,
      0.275,
      1.0125,
      0.3675,
      1.105,
      0.46,
      1.195,
      0.5525,
      1.2875,
      0.645,
      0,
      0.735,
      0.0925,
      0.8275,
      0.185,
      0.92,
      0.275,
      1.0125,
      0.3675,
      1.105,
      0.46,
      1.195,
      0.5525,
      1.2875,
      0.645,
      0,
      0.735,
      0.0925,
      0.8275,
      0.185,
      0.92,
      0.275,
      1.0125,
      0.3675,
      1.105,
      0.46,
      1.195,
      0.5525,
      1.2875,
      0.645
    ],
    "SoftwareVersions": "syngo_MR_E11",
    "SpacingBetweenSlices": 2.5,
    "StationName": "FBMTMR1",
    "TaskName": "soccer",
    "TotalReadoutTime": 0.0313497,
    "TxRefAmp": 345.015,
    "acq_id": "multiband",
    "dataset": "ds002878",
    "modality": "bold",
    "session_id": "1",
    "subject_id": "094BPAF1221021",
    "task_id": "soccer"
  },
  "dummy_trs": 0,
  "dvars_nstd": 39.07730841441933,
  "dvars_std": 1.3124233926574815,
  "dvars_vstd": 0.9560225292224411,
  "efc": 0.46058788210533375,
  "fber": 21775.849609375,
  "fd_mean": 0.13567584170673144,
  "fd_num": 143,
  "fd_perc": 14.060963618485742,
  "fwhm_avg": 1.8688453333333335,
  "fwhm_x": 1.803836,
  "fwhm_y": 2.00418,
  "fwhm_z": 1.79852,
  "gcor": 0.0152763,
  "gsr_x": -0.0010840001050382853,
  "gsr_y": 0.023982489481568336,
  "provenance": {
    "md5sum": "e370b8c044c638281867cacef346e0e3",
    "settings": {
      "fd_thres": 0.2,
      "testing": false
    },
    "software": "mriqc",
    "version": "22.0.6",
    "webapi_port": null,
    "webapi_url": "https://mriqc.nimh.nih.gov/api/v1"
  },
  "size_t": 1017,
  "size_x": 96,
  "size_y": 96,
  "size_z": 60,
  "snr": 5.736025131393228,
  "spacing_tr": 1.399999976158142,
  "spacing_x": 2.5,
  "spacing_y": 2.5,
  "spacing_z": 2.5,
  "summary_bg_k": 33.4511246163174,
  "summary_bg_mad": 37.18605587906697,
  "summary_bg_mean": 218.0040740966797,
  "summary_bg_median": 43.09636306762695,
  "summary_bg_n": 383352.0,
  "summary_bg_p05": 14.585054397583008,
  "summary_bg_p95": 1104.1728027343752,
  "summary_bg_stdv": 516.0475463867188,
  "summary_fg_k": 2.0747511058929886,
  "summary_fg_mad": 1033.9984951824722,
  "summary_fg_mean": 6366.76318359375,
  "summary_fg_median": 6286.4072265625,
  "summary_fg_n": 94760.0,
  "summary_fg_p05": 4900.3587646484375,
  "summary_fg_p95": 8185.226879882814,
  "summary_fg_stdv": 1095.946044921875,
  "tsnr": 41.82505469303578
}